{
  "aor": 0.003023263157894737,
  "aqi": 0.0063966406315789474,
  "bids_meta": {
    "AcquisitionDateTime": "2017-05-31T10:56:4.312500",
    "ConversionSoftware": "dcm2niix",
    "ConversionSoftwareVersion": "v1.0.20170314",
    "EchoTime": 0.026,
    "EffectiveEchoSpacing": 0.000489996,
    "FlipAngle": 80,
    "ImageType": [
      "ORIGINAL",
      "PRIMARY",
      "M",
      "ND",
      "NORM",
      "MOSAIC"
    ],
    "MagneticFieldStrength": 3,
    "Manufacturer": "Siemens",
    "ManufacturersModelName": "Prisma_fit",
    "PhaseEncodingDirection": "j-",
    "ProcedureStepDescription": "Head_64ch_Mosra",
    "ProtocolName": "bold_TR2_32_190_4",
    "RepetitionTime": 2,
    "SequenceName": "_epfid2d1_64",
    "SliceTiming": [
      0,
      0.06,
      0.12,
      0.18,
      0.24,
      0.3,
      0.36,
      0.42,
      0.48,
      0.54,
      0.6,
      0.66,
      0.72,
      0.78,
      0.84,
      0.9,
      0.96,
      1.02,
      1.08,
      1.14,
      1.2,
      1.26,
      1.32,
      1.38,
      1.44,
      1.5,
      1.56,
      1.62,
      1.68,
      1.74,
      1.8,
      1.86,
      1.92
    ],
    "TaskName": "d2-adaptive_tcontrol",
    "dataset": "ds002596",
    "modality": "bold",
    "run_id": 4,
    "subject_id": "19",
    "task_id": "d2"
  },
  "dummy_trs": 0,
  "dvars_nstd": 19.144714925661383,
  "dvars_std": 1.2751327255026448,
  "dvars_vstd": 1.0140464337566142,
  "efc": 0.547704125619241,
  "fber": 2969.27978515625,
  "fd_mean": 0.17924298247675743,
  "fd_num": 42,
  "fd_perc": 22.105263157894736,
  "fwhm_avg": 1.6364300539949397,
  "fwhm_x": 1.6029414944494196,
  "fwhm_y": 1.8198886675353991,
  "fwhm_z": 1.48646,
  "gcor": 0.0812995,
  "gsr_x": 0.007920700125396252,
  "gsr_y": 0.03199205547571182,
  "provenance": {
    "md5sum": "ac60c7a47096b827d84e2540cf431232",
    "settings": {
      "fd_thres": 0.2,
      "testing": false
    },
    "software": "mriqc",
    "version": "22.0.1",
    "webapi_port": null,
    "webapi_url": "https://mriqc.nimh.nih.gov/api/v1"
  },
  "size_t": 190,
  "size_x": 64,
  "size_y": 64,
  "size_z": 33,
  "snr": 6.9154552784220025,
  "spacing_tr": 2.0,
  "spacing_x": 3.203130006790161,
  "spacing_y": 3.203130006790161,
  "spacing_z": 4.0,
  "summary_bg_k": 12.705580435391896,
  "summary_bg_mad": 24.377102845150365,
  "summary_bg_mean": 71.05458068847656,
  "summary_bg_median": 18.905263900756836,
  "summary_bg_n": 78317.0,
  "summary_bg_p05": 1.721052646636963,
  "summary_bg_p95": 325.23264770507814,
  "summary_bg_stdv": 124.12532043457031,
  "summary_fg_k": 2.9429925429065804,
  "summary_fg_mad": 136.41895012785702,
  "summary_fg_mean": 1054.1668701171875,
  "summary_fg_median": 1043.7763671875,
  "summary_fg_n": 26234.0,
  "summary_fg_p05": 848.2168640136719,
  "summary_fg_p95": 1302.3516540527344,
  "summary_fg_stdv": 150.9309844970703,
  "tsnr": 76.76347813103348
}