{
  "aor": 0.0008647872340425532,
  "aqi": 0.0046933439361702125,
  "bids_meta": {
    "AcquisitionDateTime": "2017-05-31T10:34:39.875000",
    "ConversionSoftware": "dcm2niix",
    "ConversionSoftwareVersion": "v1.0.20170314",
    "EchoTime": 0.026,
    "EffectiveEchoSpacing": 0.000489996,
    "FlipAngle": 80,
    "ImageType": [
      "ORIGINAL",
      "PRIMARY",
      "M",
      "ND",
      "NORM",
      "MOSAIC"
    ],
    "MagneticFieldStrength": 3,
    "Manufacturer": "Siemens",
    "ManufacturersModelName": "Prisma_fit",
    "PhaseEncodingDirection": "j-",
    "ProcedureStepDescription": "Head_64ch_Mosra",
    "ProtocolName": "bold_TR2_32_190_1",
    "RepetitionTime": 2,
    "SequenceName": "_epfid2d1_64",
    "SliceTiming": [
      0,
      0.06,
      0.12,
      0.18,
      0.24,
      0.3,
      0.36,
      0.42,
      0.48,
      0.54,
      0.6,
      0.66,
      0.72,
      0.78,
      0.84,
      0.9,
      0.96,
      1.02,
      1.08,
      1.14,
      1.2,
      1.26,
      1.32,
      1.38,
      1.44,
      1.5,
      1.56,
      1.62,
      1.68,
      1.74,
      1.8,
      1.86,
      1.92
    ],
    "TaskName": "d2-adaptive_tcontrol",
    "dataset": "ds002596",
    "modality": "bold",
    "run_id": 1,
    "subject_id": "19",
    "task_id": "d2"
  },
  "dummy_trs": 2,
  "dvars_nstd": 16.693815022085566,
  "dvars_std": 1.1976734299465237,
  "dvars_vstd": 0.9691695803208555,
  "efc": 0.5443407672166325,
  "fber": 3324.741943359375,
  "fd_mean": 0.12126094566684331,
  "fd_num": 12,
  "fd_perc": 6.382978723404255,
  "fwhm_avg": 1.6218483209030221,
  "fwhm_x": 1.5881278590679602,
  "fwhm_y": 1.806152103641106,
  "fwhm_z": 1.471265,
  "gcor": 0.042495,
  "gsr_x": 0.008423554711043835,
  "gsr_y": 0.031000560149550438,
  "provenance": {
    "md5sum": "2369684cfdd259bdcf55c2fafa0907a2",
    "settings": {
      "fd_thres": 0.2,
      "testing": false
    },
    "software": "mriqc",
    "version": "22.0.1",
    "webapi_port": null,
    "webapi_url": "https://mriqc.nimh.nih.gov/api/v1"
  },
  "size_t": 188,
  "size_x": 64,
  "size_y": 64,
  "size_z": 33,
  "snr": 6.961268923780954,
  "spacing_tr": 2.0,
  "spacing_x": 3.203130006790161,
  "spacing_y": 3.203130006790161,
  "spacing_z": 4.0,
  "summary_bg_k": 13.38373266027276,
  "summary_bg_mad": 23.35887143183138,
  "summary_bg_mean": 68.85723876953125,
  "summary_bg_median": 18.04787254333496,
  "summary_bg_n": 78338.0,
  "summary_bg_p05": 1.6170212030410767,
  "summary_bg_p95": 316.3180786132809,
  "summary_bg_stdv": 121.7649917602539,
  "summary_fg_k": 3.2648296931942395,
  "summary_fg_mad": 135.72126561219062,
  "summary_fg_mean": 1062.4244384765625,
  "summary_fg_median": 1052.2286376953125,
  "summary_fg_n": 26267.0,
  "summary_fg_p05": 859.5648620605468,
  "summary_fg_p95": 1305.507934570312,
  "summary_fg_stdv": 151.15184020996094,
  "tsnr": 93.96390852285549
}