{
  "aor": 0.005283244680851064,
  "aqi": 0.0039943639361702124,
  "bids_meta": {
    "AcquisitionDateTime": "2017-05-30T11:21:9.937500",
    "ConversionSoftware": "dcm2niix",
    "ConversionSoftwareVersion": "v1.0.20170314",
    "EchoTime": 0.026,
    "EffectiveEchoSpacing": 0.000489996,
    "FlipAngle": 80,
    "ImageType": [
      "ORIGINAL",
      "PRIMARY",
      "M",
      "ND",
      "NORM",
      "MOSAIC"
    ],
    "MagneticFieldStrength": 3,
    "Manufacturer": "Siemens",
    "ManufacturersModelName": "Prisma_fit",
    "PhaseEncodingDirection": "j-",
    "ProcedureStepDescription": "Head_64ch_Mosra",
    "ProtocolName": "bold_TR2_32_190_6",
    "RepetitionTime": 2,
    "SequenceName": "_epfid2d1_64",
    "SliceTiming": [
      0,
      0.06,
      0.12,
      0.18,
      0.24,
      0.3,
      0.36,
      0.42,
      0.48,
      0.54,
      0.6,
      0.66,
      0.72,
      0.78,
      0.84,
      0.9,
      0.96,
      1.02,
      1.08,
      1.14,
      1.2,
      1.26,
      1.32,
      1.38,
      1.44,
      1.5,
      1.56,
      1.62,
      1.68,
      1.74,
      1.8,
      1.86,
      1.92
    ],
    "TaskName": "d1-decoder_construction",
    "dataset": "ds002596",
    "modality": "bold",
    "run_id": 6,
    "subject_id": "19",
    "task_id": "d1"
  },
  "dummy_trs": 2,
  "dvars_nstd": 20.590260255989307,
  "dvars_std": 1.403702995828877,
  "dvars_vstd": 1.0434049821390368,
  "efc": 0.5486871988914364,
  "fber": 2907.779296875,
  "fd_mean": 0.13328143296898862,
  "fd_num": 18,
  "fd_perc": 9.574468085106384,
  "fwhm_avg": 1.6470525867073753,
  "fwhm_x": 1.6107463602984498,
  "fwhm_y": 1.8273188998236756,
  "fwhm_z": 1.5030925,
  "gcor": 0.0614391,
  "gsr_x": 0.009577573277056217,
  "gsr_y": 0.030352715402841568,
  "provenance": {
    "md5sum": "211f3dc88c20d5958ae4052d60ccb386",
    "settings": {
      "fd_thres": 0.2,
      "testing": false
    },
    "software": "mriqc",
    "version": "22.0.1",
    "webapi_port": null,
    "webapi_url": "https://mriqc.nimh.nih.gov/api/v1"
  },
  "size_t": 188,
  "size_x": 64,
  "size_y": 64,
  "size_z": 33,
  "snr": 6.8879807358550025,
  "spacing_tr": 2.0,
  "spacing_x": 3.203130006790161,
  "spacing_y": 3.203130006790161,
  "spacing_z": 4.0,
  "summary_bg_k": 12.304031537798048,
  "summary_bg_mad": 24.89667625507469,
  "summary_bg_mean": 72.01168823242188,
  "summary_bg_median": 19.20212745666504,
  "summary_bg_n": 78179.0,
  "summary_bg_p05": 1.6436169147491455,
  "summary_bg_p95": 330.79147338867057,
  "summary_bg_stdv": 125.15135192871094,
  "summary_fg_k": 2.8118128941468177,
  "summary_fg_mad": 141.52937609154077,
  "summary_fg_mean": 1063.6807861328125,
  "summary_fg_median": 1054.94140625,
  "summary_fg_n": 26404.0,
  "summary_fg_p05": 853.1470245361328,
  "summary_fg_p95": 1314.5539306640624,
  "summary_fg_stdv": 153.15394592285156,
  "tsnr": 96.7333736945875
}