{
  "aor": 0.004653670212765958,
  "aqi": 0.004366076595744682,
  "bids_meta": {
    "AcquisitionDateTime": "2017-05-30T11:13:58.359375",
    "ConversionSoftware": "dcm2niix",
    "ConversionSoftwareVersion": "v1.0.20170314",
    "EchoTime": 0.026,
    "EffectiveEchoSpacing": 0.000489996,
    "FlipAngle": 80,
    "ImageType": [
      "ORIGINAL",
      "PRIMARY",
      "M",
      "ND",
      "NORM",
      "MOSAIC"
    ],
    "MagneticFieldStrength": 3,
    "Manufacturer": "Siemens",
    "ManufacturersModelName": "Prisma_fit",
    "PhaseEncodingDirection": "j-",
    "ProcedureStepDescription": "Head_64ch_Mosra",
    "ProtocolName": "bold_TR2_32_190_5",
    "RepetitionTime": 2,
    "SequenceName": "_epfid2d1_64",
    "SliceTiming": [
      0,
      0.06,
      0.12,
      0.18,
      0.24,
      0.3,
      0.36,
      0.42,
      0.48,
      0.54,
      0.6,
      0.66,
      0.72,
      0.78,
      0.84,
      0.9,
      0.96,
      1.02,
      1.08,
      1.14,
      1.2,
      1.26,
      1.32,
      1.38,
      1.44,
      1.5,
      1.56,
      1.62,
      1.68,
      1.74,
      1.8,
      1.86,
      1.92
    ],
    "TaskName": "d1-decoder_construction",
    "dataset": "ds002596",
    "modality": "bold",
    "run_id": 5,
    "subject_id": "19",
    "task_id": "d1"
  },
  "dummy_trs": 2,
  "dvars_nstd": 20.621338717005354,
  "dvars_std": 1.3902319586096255,
  "dvars_vstd": 1.0427493522994649,
  "efc": 0.5481955498398702,
  "fber": 2953.82470703125,
  "fd_mean": 0.14384894470314716,
  "fd_num": 19,
  "fd_perc": 10.106382978723405,
  "fwhm_avg": 1.6447445720251306,
  "fwhm_x": 1.6092509480017754,
  "fwhm_y": 1.8335877680736166,
  "fwhm_z": 1.491395,
  "gcor": 0.0627283,
  "gsr_x": 0.009046023711562157,
  "gsr_y": 0.03110945038497448,
  "provenance": {
    "md5sum": "f05bea4037121c2c475380227078bb48",
    "settings": {
      "fd_thres": 0.2,
      "testing": false
    },
    "software": "mriqc",
    "version": "22.0.1",
    "webapi_port": null,
    "webapi_url": "https://mriqc.nimh.nih.gov/api/v1"
  },
  "size_t": 188,
  "size_x": 64,
  "size_y": 64,
  "size_z": 33,
  "snr": 6.905794693468486,
  "spacing_tr": 2.0,
  "spacing_x": 3.203130006790161,
  "spacing_y": 3.203130006790161,
  "spacing_z": 4.0,
  "summary_bg_k": 12.401574638228132,
  "summary_bg_mad": 24.778381727391807,
  "summary_bg_mean": 71.620849609375,
  "summary_bg_median": 19.09574317932129,
  "summary_bg_n": 78190.0,
  "summary_bg_p05": 1.6223403215408325,
  "summary_bg_p95": 329.57818145752003,
  "summary_bg_stdv": 124.63426971435547,
  "summary_fg_k": 2.739315117160494,
  "summary_fg_mad": 140.29910763074406,
  "summary_fg_mean": 1064.4244384765625,
  "summary_fg_median": 1055.779296875,
  "summary_fg_n": 26394.0,
  "summary_fg_p05": 854.9262908935547,
  "summary_fg_p95": 1314.8281616210936,
  "summary_fg_stdv": 152.8802032470703,
  "tsnr": 93.95671591162682
}