{
  "aor": 0.003816473684210526,
  "aqi": 0.0058723043157894745,
  "bids_meta": {
    "AcquisitionDateTime": "2017-05-31T11:10:15.062500",
    "ConversionSoftware": "dcm2niix",
    "ConversionSoftwareVersion": "v1.0.20170314",
    "EchoTime": 0.026,
    "EffectiveEchoSpacing": 0.000489996,
    "FlipAngle": 80,
    "ImageType": [
      "ORIGINAL",
      "PRIMARY",
      "M",
      "ND",
      "NORM",
      "MOSAIC"
    ],
    "MagneticFieldStrength": 3,
    "Manufacturer": "Siemens",
    "ManufacturersModelName": "Prisma_fit",
    "PhaseEncodingDirection": "j-",
    "ProcedureStepDescription": "Head_64ch_Mosra",
    "ProtocolName": "bold_TR2_32_190_6",
    "RepetitionTime": 2,
    "SequenceName": "_epfid2d1_64",
    "SliceTiming": [
      0,
      0.06,
      0.12,
      0.18,
      0.24,
      0.3,
      0.36,
      0.42,
      0.48,
      0.54,
      0.6,
      0.66,
      0.72,
      0.78,
      0.84,
      0.9,
      0.96,
      1.02,
      1.08,
      1.14,
      1.2,
      1.26,
      1.32,
      1.38,
      1.44,
      1.5,
      1.56,
      1.62,
      1.68,
      1.74,
      1.8,
      1.86,
      1.92
    ],
    "TaskName": "d2-adaptive_tcontrol",
    "dataset": "ds002596",
    "modality": "bold",
    "run_id": 6,
    "subject_id": "19",
    "task_id": "d2"
  },
  "dummy_trs": 0,
  "dvars_nstd": 18.773525202433856,
  "dvars_std": 1.265813153121693,
  "dvars_vstd": 1.0119985853968254,
  "efc": 0.5487678007823642,
  "fber": 2851.53662109375,
  "fd_mean": 0.17431984514525348,
  "fd_num": 40,
  "fd_perc": 21.05263157894737,
  "fwhm_avg": 1.6397803050269966,
  "fwhm_x": 1.5963916510289136,
  "fwhm_y": 1.8205567640520761,
  "fwhm_z": 1.5023925,
  "gcor": 0.0588941,
  "gsr_x": 0.008685063570737839,
  "gsr_y": 0.028565792366862297,
  "provenance": {
    "md5sum": "d54bda628f88b63e516808eaa5a50d47",
    "settings": {
      "fd_thres": 0.2,
      "testing": false
    },
    "software": "mriqc",
    "version": "22.0.1",
    "webapi_port": null,
    "webapi_url": "https://mriqc.nimh.nih.gov/api/v1"
  },
  "size_t": 190,
  "size_x": 64,
  "size_y": 64,
  "size_z": 33,
  "snr": 6.914236398609325,
  "spacing_tr": 2.0,
  "spacing_x": 3.203130006790161,
  "spacing_y": 3.203130006790161,
  "spacing_z": 4.0,
  "summary_bg_k": 12.417735192223201,
  "summary_bg_mad": 25.274466750490216,
  "summary_bg_mean": 71.73648071289062,
  "summary_bg_median": 19.278947830200195,
  "summary_bg_n": 78321.0,
  "summary_bg_p05": 1.352631688117981,
  "summary_bg_p95": 324.8526306152344,
  "summary_bg_stdv": 124.0324478149414,
  "summary_fg_k": 2.9247818601965365,
  "summary_fg_mad": 136.9065148711009,
  "summary_fg_mean": 1052.1353759765625,
  "summary_fg_median": 1042.1158447265625,
  "summary_fg_n": 26249.0,
  "summary_fg_p05": 846.636865234375,
  "summary_fg_p95": 1297.9642089843749,
  "summary_fg_stdv": 150.71743774414062,
  "tsnr": 82.98023095820099
}