{
  "aor": 0.0012387765957446808,
  "aqi": 0.00303876164893617,
  "bids_meta": {
    "AcquisitionDateTime": "2017-05-26T14:02:45.953125",
    "ConversionSoftware": "dcm2niix",
    "ConversionSoftwareVersion": "v1.0.20170314",
    "EchoTime": 0.026,
    "EffectiveEchoSpacing": 0.000489996,
    "FlipAngle": 80,
    "ImageType": [
      "ORIGINAL",
      "PRIMARY",
      "M",
      "ND",
      "NORM",
      "MOSAIC"
    ],
    "MagneticFieldStrength": 3,
    "Manufacturer": "Siemens",
    "ManufacturersModelName": "Prisma_fit",
    "PhaseEncodingDirection": "j-",
    "ProcedureStepDescription": "Head_64ch_Mosra",
    "ProtocolName": "bold_TR2_32_190_2",
    "RepetitionTime": 2,
    "SequenceName": "_epfid2d1_64",
    "SliceTiming": [
      0,
      0.06,
      0.12,
      0.18,
      0.24,
      0.3,
      0.36,
      0.42,
      0.48,
      0.54,
      0.6,
      0.66,
      0.72,
      0.78,
      0.84,
      0.9,
      0.96,
      1.02,
      1.08,
      1.14,
      1.2,
      1.26,
      1.32,
      1.38,
      1.44,
      1.5,
      1.56,
      1.62,
      1.68,
      1.74,
      1.8,
      1.86,
      1.92
    ],
    "TaskName": "d1-decoder_construction",
    "dataset": "ds002596",
    "modality": "bold",
    "run_id": 2,
    "subject_id": "15",
    "task_id": "d1"
  },
  "dummy_trs": 2,
  "dvars_nstd": 18.512930615080226,
  "dvars_std": 1.3211189995187163,
  "dvars_vstd": 0.9993700827272733,
  "efc": 0.5246117400761463,
  "fber": 5961.0595703125,
  "fd_mean": 0.09989103488162547,
  "fd_num": 10,
  "fd_perc": 5.319148936170213,
  "fwhm_avg": 1.7521197164200666,
  "fwhm_x": 1.717129803767069,
  "fwhm_y": 1.9322943454931303,
  "fwhm_z": 1.606935,
  "gcor": 0.0527662,
  "gsr_x": -0.013992267660796642,
  "gsr_y": 0.03127313777804375,
  "provenance": {
    "md5sum": "d7d7720f135de99825a5e0ae6168ab52",
    "settings": {
      "fd_thres": 0.2,
      "testing": false
    },
    "software": "mriqc",
    "version": "22.0.1",
    "webapi_port": null,
    "webapi_url": "https://mriqc.nimh.nih.gov/api/v1"
  },
  "size_t": 188,
  "size_x": 64,
  "size_y": 64,
  "size_z": 33,
  "snr": 6.783367173365885,
  "spacing_tr": 2.0,
  "spacing_x": 3.203130006790161,
  "spacing_y": 3.203130006790161,
  "spacing_z": 4.0,
  "summary_bg_k": 12.15395870158509,
  "summary_bg_mad": 14.02163145047749,
  "summary_bg_mean": 54.607879638671875,
  "summary_bg_median": 10.781914710998535,
  "summary_bg_n": 81280.0,
  "summary_bg_p05": 0.8936169743537903,
  "summary_bg_p95": 280.53003845214863,
  "summary_bg_stdv": 102.476318359375,
  "summary_fg_k": 1.5518346864243364,
  "summary_fg_mad": 121.93222341510852,
  "summary_fg_mean": 847.0729370117188,
  "summary_fg_median": 842.646240234375,
  "summary_fg_n": 23384.0,
  "summary_fg_p05": 666.4382995605469,
  "summary_fg_p95": 1048.4656372070312,
  "summary_fg_stdv": 124.21975708007812,
  "tsnr": 108.59985945606604
}