{
  "aor": 0.001634148936170213,
  "aqi": 0.004170333829787235,
  "bids_meta": {
    "AcquisitionDateTime": "2017-05-29T13:31:34.609375",
    "ConversionSoftware": "dcm2niix",
    "ConversionSoftwareVersion": "v1.0.20170314",
    "EchoTime": 0.026,
    "EffectiveEchoSpacing": 0.000489996,
    "FlipAngle": 80,
    "ImageType": [
      "ORIGINAL",
      "PRIMARY",
      "M",
      "ND",
      "NORM",
      "MOSAIC"
    ],
    "MagneticFieldStrength": 3,
    "Manufacturer": "Siemens",
    "ManufacturersModelName": "Prisma_fit",
    "PhaseEncodingDirection": "j-",
    "ProcedureStepDescription": "Head_64ch_Mosra",
    "ProtocolName": "bold_TR2_32_190_2",
    "RepetitionTime": 2,
    "SequenceName": "_epfid2d1_64",
    "SliceTiming": [
      0,
      0.06,
      0.12,
      0.18,
      0.24,
      0.3,
      0.36,
      0.42,
      0.48,
      0.54,
      0.6,
      0.66,
      0.72,
      0.78,
      0.84,
      0.9,
      0.96,
      1.02,
      1.08,
      1.1375,
      1.1975,
      1.2575,
      1.3175,
      1.3775,
      1.4375,
      1.4975,
      1.5575,
      1.6175,
      1.6775,
      1.7375,
      1.7975,
      1.8575,
      1.9175
    ],
    "TaskName": "d2-adaptive_tcontrol",
    "dataset": "ds002596",
    "modality": "bold",
    "run_id": 2,
    "subject_id": "15",
    "task_id": "d2"
  },
  "dummy_trs": 2,
  "dvars_nstd": 20.153683586042767,
  "dvars_std": 1.3988936105882364,
  "dvars_vstd": 1.0083173040106952,
  "efc": 0.5233434687603192,
  "fber": 5767.0390625,
  "fd_mean": 0.10728444002569074,
  "fd_num": 10,
  "fd_perc": 5.319148936170213,
  "fwhm_avg": 1.7344517958935832,
  "fwhm_x": 1.6771969881370916,
  "fwhm_y": 1.9211208995436586,
  "fwhm_z": 1.6050375,
  "gcor": 0.0358633,
  "gsr_x": -0.013445170596241951,
  "gsr_y": 0.031700797379016876,
  "provenance": {
    "md5sum": "cb290b72040de180b2c7fa0ff4f4e8c7",
    "settings": {
      "fd_thres": 0.2,
      "testing": false
    },
    "software": "mriqc",
    "version": "22.0.1",
    "webapi_port": null,
    "webapi_url": "https://mriqc.nimh.nih.gov/api/v1"
  },
  "size_t": 188,
  "size_x": 64,
  "size_y": 64,
  "size_z": 33,
  "snr": 6.905844312554554,
  "spacing_tr": 2.0,
  "spacing_x": 3.203130006790161,
  "spacing_y": 3.203130006790161,
  "spacing_z": 4.0,
  "summary_bg_k": 13.394574069715379,
  "summary_bg_mad": 15.898542457534232,
  "summary_bg_mean": 60.98553466796875,
  "summary_bg_median": 12.404254913330078,
  "summary_bg_n": 81497.0,
  "summary_bg_p05": 1.164893627166748,
  "summary_bg_p95": 308.5627563476562,
  "summary_bg_stdv": 114.05134582519531,
  "summary_fg_k": 1.6200656425290951,
  "summary_fg_mad": 133.19765656252727,
  "summary_fg_mean": 949.2425537109375,
  "summary_fg_median": 944.14892578125,
  "summary_fg_n": 23204.0,
  "summary_fg_p05": 750.2978515625,
  "summary_fg_p95": 1170.990637207031,
  "summary_fg_stdv": 136.7144317626953,
  "tsnr": 104.65780150331557
}