{
  "aor": 0.0016876719576719575,
  "aqi": 0.0033570929629629636,
  "bids_meta": {
    "AcquisitionDateTime": "2017-05-26T14:17:18.796875",
    "ConversionSoftware": "dcm2niix",
    "ConversionSoftwareVersion": "v1.0.20170314",
    "EchoTime": 0.026,
    "EffectiveEchoSpacing": 0.000489996,
    "FlipAngle": 80,
    "ImageType": [
      "ORIGINAL",
      "PRIMARY",
      "M",
      "ND",
      "NORM",
      "MOSAIC"
    ],
    "MagneticFieldStrength": 3,
    "Manufacturer": "Siemens",
    "ManufacturersModelName": "Prisma_fit",
    "PhaseEncodingDirection": "j-",
    "ProcedureStepDescription": "Head_64ch_Mosra",
    "ProtocolName": "bold_TR2_32_190_4",
    "RepetitionTime": 2,
    "SequenceName": "_epfid2d1_64",
    "SliceTiming": [
      0,
      0.06,
      0.12,
      0.18,
      0.24,
      0.3,
      0.36,
      0.42,
      0.48,
      0.54,
      0.6,
      0.66,
      0.72,
      0.78,
      0.84,
      0.9,
      0.96,
      1.02,
      1.08,
      1.14,
      1.2,
      1.26,
      1.32,
      1.38,
      1.44,
      1.5,
      1.56,
      1.62,
      1.68,
      1.74,
      1.8,
      1.86,
      1.92
    ],
    "TaskName": "d1-decoder_construction",
    "dataset": "ds002596",
    "modality": "bold",
    "run_id": 4,
    "subject_id": "15",
    "task_id": "d1"
  },
  "dummy_trs": 1,
  "dvars_nstd": 19.38476202813831,
  "dvars_std": 1.3756090084042552,
  "dvars_vstd": 1.02104365569149,
  "efc": 0.5265408457236601,
  "fber": 5532.03076171875,
  "fd_mean": 0.11282814580032216,
  "fd_num": 10,
  "fd_perc": 5.291005291005291,
  "fwhm_avg": 1.7451885781074978,
  "fwhm_x": 1.700826999981615,
  "fwhm_y": 1.9175837343408781,
  "fwhm_z": 1.617155,
  "gcor": 0.04313,
  "gsr_x": -0.014821789227426052,
  "gsr_y": 0.031323324888944626,
  "provenance": {
    "md5sum": "72521146acae8998992a08cfdab409ea",
    "settings": {
      "fd_thres": 0.2,
      "testing": false
    },
    "software": "mriqc",
    "version": "22.0.1",
    "webapi_port": null,
    "webapi_url": "https://mriqc.nimh.nih.gov/api/v1"
  },
  "size_t": 189,
  "size_x": 64,
  "size_y": 64,
  "size_z": 33,
  "snr": 6.763967153180804,
  "spacing_tr": 2.0,
  "spacing_x": 3.203130006790161,
  "spacing_y": 3.203130006790161,
  "spacing_z": 4.0,
  "summary_bg_k": 11.832014327478502,
  "summary_bg_mad": 14.410265472484314,
  "summary_bg_mean": 55.55917739868164,
  "summary_bg_median": 11.095237731933594,
  "summary_bg_n": 81288.0,
  "summary_bg_p05": 0.9312168955802917,
  "summary_bg_p95": 284.12088012695284,
  "summary_bg_stdv": 103.16041564941406,
  "summary_fg_k": 1.5015481687989487,
  "summary_fg_mad": 122.42055733064598,
  "summary_fg_mean": 842.3701782226562,
  "summary_fg_median": 837.6401977539062,
  "summary_fg_n": 23423.0,
  "summary_fg_p05": 662.03173828125,
  "summary_fg_p95": 1045.1201171875,
  "summary_fg_stdv": 123.83595275878906,
  "tsnr": 108.66082096006721
}