{
  "aor": 0.009457513227513228,
  "aqi": 0.005572420423280423,
  "bids_meta": {
    "AcquisitionDateTime": "2017-05-22T10:10:20.789062",
    "ConversionSoftware": "dcm2niix",
    "ConversionSoftwareVersion": "v1.0.20170314",
    "EchoTime": 0.026,
    "EffectiveEchoSpacing": 0.000489996,
    "FlipAngle": 80,
    "ImageType": [
      "ORIGINAL",
      "PRIMARY",
      "M",
      "ND",
      "NORM",
      "MOSAIC"
    ],
    "MagneticFieldStrength": 3,
    "Manufacturer": "Siemens",
    "ManufacturersModelName": "Prisma_fit",
    "PhaseEncodingDirection": "j-",
    "ProcedureStepDescription": "Head_64ch_Mosra",
    "ProtocolName": "bold_TR2_32_190_5",
    "RepetitionTime": 2,
    "SequenceName": "_epfid2d1_64",
    "SliceTiming": [
      0,
      0.06,
      0.12,
      0.18,
      0.24,
      0.3,
      0.36,
      0.42,
      0.48,
      0.54,
      0.6,
      0.66,
      0.72,
      0.78,
      0.84,
      0.9,
      0.96,
      1.02,
      1.08,
      1.14,
      1.2,
      1.26,
      1.32,
      1.38,
      1.44,
      1.5,
      1.56,
      1.62,
      1.68,
      1.74,
      1.8,
      1.86,
      1.92
    ],
    "TaskName": "d1-decoder_construction",
    "dataset": "ds002596",
    "modality": "bold",
    "run_id": 5,
    "subject_id": "04",
    "task_id": "d1"
  },
  "dummy_trs": 1,
  "dvars_nstd": 21.20116658882979,
  "dvars_std": 1.3656694135638294,
  "dvars_vstd": 1.058763448882978,
  "efc": 0.5643350386550883,
  "fber": 5209.17724609375,
  "fd_mean": 0.15450937535035,
  "fd_num": 44,
  "fd_perc": 23.280423280423282,
  "fwhm_avg": 1.7411448173850832,
  "fwhm_x": 1.6861319985610612,
  "fwhm_y": 1.9099474535941874,
  "fwhm_z": 1.627355,
  "gcor": 0.047566,
  "gsr_x": -0.009358805604279041,
  "gsr_y": 0.04846532642841339,
  "provenance": {
    "md5sum": "666ec8c7919b4669b981b880f2236113",
    "settings": {
      "fd_thres": 0.2,
      "testing": false
    },
    "software": "mriqc",
    "version": "22.0.1",
    "webapi_port": null,
    "webapi_url": "https://mriqc.nimh.nih.gov/api/v1"
  },
  "size_t": 189,
  "size_x": 64,
  "size_y": 64,
  "size_z": 33,
  "snr": 6.263064699409558,
  "spacing_tr": 2.0,
  "spacing_x": 3.203130006790161,
  "spacing_y": 3.203130006790161,
  "spacing_z": 4.0,
  "summary_bg_k": 13.434069822541222,
  "summary_bg_mad": 15.390822996536256,
  "summary_bg_mean": 69.30870056152344,
  "summary_bg_median": 12.285714149475098,
  "summary_bg_n": 75032.0,
  "summary_bg_p05": 1.2645502090454102,
  "summary_bg_p95": 360.75607757568355,
  "summary_bg_stdv": 131.88951110839844,
  "summary_fg_k": 1.2276635291739577,
  "summary_fg_mad": 151.35876456692733,
  "summary_fg_mean": 948.496826171875,
  "summary_fg_median": 942.947021484375,
  "summary_fg_n": 28372.0,
  "summary_fg_p05": 728.9674591064453,
  "summary_fg_p95": 1196.0999938964844,
  "summary_fg_stdv": 150.5541534423828,
  "tsnr": 77.97086991858669
}