{
  "aor": 0.006835661375661375,
  "aqi": 0.0042093991005291015,
  "bids_meta": {
    "AcquisitionDateTime": "2017-05-22T10:18:8.421875",
    "ConversionSoftware": "dcm2niix",
    "ConversionSoftwareVersion": "v1.0.20170314",
    "EchoTime": 0.026,
    "EffectiveEchoSpacing": 0.000489996,
    "FlipAngle": 80,
    "ImageType": [
      "ORIGINAL",
      "PRIMARY",
      "M",
      "ND",
      "NORM",
      "MOSAIC"
    ],
    "MagneticFieldStrength": 3,
    "Manufacturer": "Siemens",
    "ManufacturersModelName": "Prisma_fit",
    "PhaseEncodingDirection": "j-",
    "ProcedureStepDescription": "Head_64ch_Mosra",
    "ProtocolName": "bold_TR2_32_190_6",
    "RepetitionTime": 2,
    "SequenceName": "_epfid2d1_64",
    "SliceTiming": [
      0,
      0.06,
      0.12,
      0.18,
      0.24,
      0.3,
      0.36,
      0.42,
      0.48,
      0.54,
      0.6,
      0.66,
      0.72,
      0.78,
      0.84,
      0.9,
      0.96,
      1.02,
      1.08,
      1.14,
      1.2,
      1.26,
      1.32,
      1.38,
      1.44,
      1.5,
      1.56,
      1.62,
      1.68,
      1.74,
      1.8,
      1.86,
      1.92
    ],
    "TaskName": "d1-decoder_construction",
    "dataset": "ds002596",
    "modality": "bold",
    "run_id": 6,
    "subject_id": "04",
    "task_id": "d1"
  },
  "dummy_trs": 1,
  "dvars_nstd": 20.40419885446808,
  "dvars_std": 1.4326030362234043,
  "dvars_vstd": 1.0615182690957445,
  "efc": 0.5645588016451746,
  "fber": 5254.56787109375,
  "fd_mean": 0.12567928768086548,
  "fd_num": 36,
  "fd_perc": 19.047619047619047,
  "fwhm_avg": 1.739081566413044,
  "fwhm_x": 1.6853171705664225,
  "fwhm_y": 1.9009250286727086,
  "fwhm_z": 1.6310025,
  "gcor": 0.0437065,
  "gsr_x": -0.00917387567460537,
  "gsr_y": 0.0481412298977375,
  "provenance": {
    "md5sum": "a9bae54a617a485ca409cb1ec3f82637",
    "settings": {
      "fd_thres": 0.2,
      "testing": false
    },
    "software": "mriqc",
    "version": "22.0.1",
    "webapi_port": null,
    "webapi_url": "https://mriqc.nimh.nih.gov/api/v1"
  },
  "size_t": 189,
  "size_x": 64,
  "size_y": 64,
  "size_z": 33,
  "snr": 6.234447045694949,
  "spacing_tr": 2.0,
  "spacing_x": 3.203130006790161,
  "spacing_y": 3.203130006790161,
  "spacing_z": 4.0,
  "summary_bg_k": 13.138408521756265,
  "summary_bg_mad": 15.453578760082921,
  "summary_bg_mean": 69.69784545898438,
  "summary_bg_median": 12.248677253723145,
  "summary_bg_n": 75064.0,
  "summary_bg_p05": 1.1746031045913696,
  "summary_bg_p95": 362.8108444213856,
  "summary_bg_stdv": 132.5244140625,
  "summary_fg_k": 1.2376544615215428,
  "summary_fg_mad": 152.2020941186463,
  "summary_fg_mean": 946.6270141601562,
  "summary_fg_median": 940.5,
  "summary_fg_n": 28334.0,
  "summary_fg_p05": 726.6039489746094,
  "summary_fg_p95": 1195.9034362792968,
  "summary_fg_stdv": 150.8527374267578,
  "tsnr": 94.7059355136007
}