{
  "aor": 0.0073775132275132275,
  "aqi": 0.005672701322751322,
  "bids_meta": {
    "AcquisitionDateTime": "2017-05-22T95:32:1.390625",
    "ConversionSoftware": "dcm2niix",
    "ConversionSoftwareVersion": "v1.0.20170314",
    "EchoTime": 0.026,
    "EffectiveEchoSpacing": 0.000489996,
    "FlipAngle": 80,
    "ImageType": [
      "ORIGINAL",
      "PRIMARY",
      "M",
      "ND",
      "NORM",
      "MOSAIC"
    ],
    "MagneticFieldStrength": 3,
    "Manufacturer": "Siemens",
    "ManufacturersModelName": "Prisma_fit",
    "PhaseEncodingDirection": "j-",
    "ProcedureStepDescription": "Head_64ch_Mosra",
    "ProtocolName": "bold_TR2_32_190_3",
    "RepetitionTime": 2,
    "SequenceName": "_epfid2d1_64",
    "SliceTiming": [
      0,
      0.06,
      0.12,
      0.18,
      0.24,
      0.3,
      0.36,
      0.42,
      0.48,
      0.54,
      0.6,
      0.66,
      0.72,
      0.78,
      0.84,
      0.9,
      0.96,
      1.02,
      1.08,
      1.14,
      1.2,
      1.26,
      1.32,
      1.38,
      1.44,
      1.5,
      1.56,
      1.62,
      1.68,
      1.74,
      1.8,
      1.86,
      1.92
    ],
    "TaskName": "d1-decoder_construction",
    "dataset": "ds002596",
    "modality": "bold",
    "run_id": 3,
    "subject_id": "04",
    "task_id": "d1"
  },
  "dummy_trs": 1,
  "dvars_nstd": 21.623530570585107,
  "dvars_std": 1.4119801806382983,
  "dvars_vstd": 1.0397235928191486,
  "efc": 0.563288675474117,
  "fber": 5409.166015625,
  "fd_mean": 0.13144130640977628,
  "fd_num": 31,
  "fd_perc": 16.402116402116402,
  "fwhm_avg": 1.7321395338339922,
  "fwhm_x": 1.672938653329861,
  "fwhm_y": 1.8978124481721155,
  "fwhm_z": 1.6256675,
  "gcor": 0.0455569,
  "gsr_x": -0.009282532148063183,
  "gsr_y": 0.04911719262599945,
  "provenance": {
    "md5sum": "979d1a8c6b652326b2a949dd0339167d",
    "settings": {
      "fd_thres": 0.2,
      "testing": false
    },
    "software": "mriqc",
    "version": "22.0.1",
    "webapi_port": null,
    "webapi_url": "https://mriqc.nimh.nih.gov/api/v1"
  },
  "size_t": 189,
  "size_x": 64,
  "size_y": 64,
  "size_z": 33,
  "snr": 6.30514200717223,
  "spacing_tr": 2.0,
  "spacing_x": 3.203130006790161,
  "spacing_y": 3.203130006790161,
  "spacing_z": 4.0,
  "summary_bg_k": 14.090646490614787,
  "summary_bg_mad": 15.155488087906457,
  "summary_bg_mean": 68.24238586425781,
  "summary_bg_median": 12.100528717041016,
  "summary_bg_n": 74957.0,
  "summary_bg_p05": 1.2592592239379883,
  "summary_bg_p95": 354.8730102539061,
  "summary_bg_stdv": 130.82766723632812,
  "summary_fg_k": 1.2333419353972452,
  "summary_fg_mad": 151.51567571480876,
  "summary_fg_mean": 951.7099609375,
  "summary_fg_median": 946.2195434570312,
  "summary_fg_n": 28416.0,
  "summary_fg_p05": 732.152099609375,
  "summary_fg_p95": 1196.9761657714844,
  "summary_fg_stdv": 150.06845092773438,
  "tsnr": 79.54314059228636
}