{
  "aor": 0.013953968253968255,
  "aqi": 0.010269126613756613,
  "bids_meta": {
    "AcquisitionDateTime": "2017-05-23T91:54:5.500000",
    "ConversionSoftware": "dcm2niix",
    "ConversionSoftwareVersion": "v1.0.20170314",
    "EchoTime": 0.026,
    "EffectiveEchoSpacing": 0.000489996,
    "FlipAngle": 80,
    "ImageType": [
      "ORIGINAL",
      "PRIMARY",
      "M",
      "ND",
      "NORM",
      "MOSAIC"
    ],
    "MagneticFieldStrength": 3,
    "Manufacturer": "Siemens",
    "ManufacturersModelName": "Prisma_fit",
    "PhaseEncodingDirection": "j-",
    "ProcedureStepDescription": "Head_64ch_Mosra",
    "ProtocolName": "bold_TR2_32_190_2",
    "RepetitionTime": 2,
    "SequenceName": "_epfid2d1_64",
    "SliceTiming": [
      0,
      0.06,
      0.12,
      0.18,
      0.24,
      0.3,
      0.36,
      0.42,
      0.48,
      0.54,
      0.6,
      0.66,
      0.72,
      0.78,
      0.84,
      0.9,
      0.96,
      1.02,
      1.08,
      1.14,
      1.2,
      1.26,
      1.32,
      1.38,
      1.44,
      1.5,
      1.56,
      1.62,
      1.68,
      1.74,
      1.8,
      1.86,
      1.92
    ],
    "TaskName": "d2-adaptive_tcontrol",
    "dataset": "ds002596",
    "modality": "bold",
    "run_id": 2,
    "subject_id": "04",
    "task_id": "d2"
  },
  "dummy_trs": 1,
  "dvars_nstd": 21.550033624734038,
  "dvars_std": 1.3253431060638299,
  "dvars_vstd": 1.0472290331914889,
  "efc": 0.5547467298909955,
  "fber": 6419.38134765625,
  "fd_mean": 0.13829472127064846,
  "fd_num": 23,
  "fd_perc": 12.16931216931217,
  "fwhm_avg": 1.699969601823142,
  "fwhm_x": 1.653342196156116,
  "fwhm_y": 1.8571366093133101,
  "fwhm_z": 1.58943,
  "gcor": 0.0319156,
  "gsr_x": -0.0077760303393006325,
  "gsr_y": 0.05482007935643196,
  "provenance": {
    "md5sum": "acecbc58a9ae8cb3b181a410ea3f3523",
    "settings": {
      "fd_thres": 0.2,
      "testing": false
    },
    "software": "mriqc",
    "version": "22.0.1",
    "webapi_port": null,
    "webapi_url": "https://mriqc.nimh.nih.gov/api/v1"
  },
  "size_t": 189,
  "size_x": 64,
  "size_y": 64,
  "size_z": 33,
  "snr": 6.527093804667829,
  "spacing_tr": 2.0,
  "spacing_x": 3.203130006790161,
  "spacing_y": 3.203130006790161,
  "spacing_z": 4.0,
  "summary_bg_k": 17.572933813585163,
  "summary_bg_mad": 15.033899304162173,
  "summary_bg_mean": 66.03165435791016,
  "summary_bg_median": 11.93386173248291,
  "summary_bg_n": 75676.0,
  "summary_bg_p05": 1.1626983880996704,
  "summary_bg_p95": 336.6084442138672,
  "summary_bg_stdv": 127.1511001586914,
  "summary_fg_k": 1.4306300868453956,
  "summary_fg_mad": 151.3274094846085,
  "summary_fg_mean": 995.9342651367188,
  "summary_fg_median": 990.6295776367188,
  "summary_fg_n": 27981.0,
  "summary_fg_p05": 773.544921875,
  "summary_fg_p95": 1243.25390625,
  "summary_fg_stdv": 151.7692108154297,
  "tsnr": 63.71734081476461
}