{
  "aor": 0.016145608465608467,
  "aqi": 0.010773834338624338,
  "bids_meta": {
    "AcquisitionDateTime": "2017-05-23T93:74:9.085938",
    "ConversionSoftware": "dcm2niix",
    "ConversionSoftwareVersion": "v1.0.20170314",
    "EchoTime": 0.026,
    "EffectiveEchoSpacing": 0.000489996,
    "FlipAngle": 80,
    "ImageType": [
      "ORIGINAL",
      "PRIMARY",
      "M",
      "ND",
      "NORM",
      "MOSAIC"
    ],
    "MagneticFieldStrength": 3,
    "Manufacturer": "Siemens",
    "ManufacturersModelName": "Prisma_fit",
    "PhaseEncodingDirection": "j-",
    "ProcedureStepDescription": "Head_64ch_Mosra",
    "ProtocolName": "bold_TR2_32_190_5",
    "RepetitionTime": 2,
    "SequenceName": "_epfid2d1_64",
    "SliceTiming": [
      0,
      0.06,
      0.12,
      0.18,
      0.24,
      0.3,
      0.36,
      0.42,
      0.48,
      0.54,
      0.6,
      0.66,
      0.72,
      0.78,
      0.84,
      0.9,
      0.96,
      1.02,
      1.08,
      1.14,
      1.2,
      1.26,
      1.32,
      1.38,
      1.44,
      1.5,
      1.56,
      1.62,
      1.68,
      1.74,
      1.8,
      1.86,
      1.92
    ],
    "TaskName": "d2-adaptive_tcontrol",
    "dataset": "ds002596",
    "modality": "bold",
    "run_id": 5,
    "subject_id": "04",
    "task_id": "d2"
  },
  "dummy_trs": 1,
  "dvars_nstd": 23.466353269414896,
  "dvars_std": 1.3230463862765955,
  "dvars_vstd": 1.0510061288829782,
  "efc": 0.5566160305092573,
  "fber": 5972.85009765625,
  "fd_mean": 0.2110022958434944,
  "fd_num": 35,
  "fd_perc": 18.51851851851852,
  "fwhm_avg": 1.700833370812024,
  "fwhm_x": 1.6487279594661695,
  "fwhm_y": 1.8604146529699028,
  "fwhm_z": 1.5933575,
  "gcor": 0.0623203,
  "gsr_x": -0.00786725152283907,
  "gsr_y": 0.05488261580467224,
  "provenance": {
    "md5sum": "7a249c5f125340faacf545acd2ebdf20",
    "settings": {
      "fd_thres": 0.2,
      "testing": false
    },
    "software": "mriqc",
    "version": "22.0.1",
    "webapi_port": null,
    "webapi_url": "https://mriqc.nimh.nih.gov/api/v1"
  },
  "size_t": 189,
  "size_x": 64,
  "size_y": 64,
  "size_z": 33,
  "snr": 6.499236175771672,
  "spacing_tr": 2.0,
  "spacing_x": 3.203130006790161,
  "spacing_y": 3.203130006790161,
  "spacing_z": 4.0,
  "summary_bg_k": 17.160692940197055,
  "summary_bg_mad": 15.51633417014967,
  "summary_bg_mean": 67.43524169921875,
  "summary_bg_median": 12.280423164367676,
  "summary_bg_n": 75610.0,
  "summary_bg_p05": 1.0952380895614624,
  "summary_bg_p95": 343.7227340698244,
  "summary_bg_stdv": 130.0142059326172,
  "summary_fg_k": 1.4438102295458313,
  "summary_fg_mad": 151.2803542384157,
  "summary_fg_mean": 993.3104858398438,
  "summary_fg_median": 987.7671508789062,
  "summary_fg_n": 28017.0,
  "summary_fg_p05": 771.0221923828125,
  "summary_fg_p95": 1239.8560302734375,
  "summary_fg_stdv": 151.9793243408203,
  "tsnr": 61.641553116962314
}