{
  "aor": 0.0016873157894736841,
  "aqi": 0.005982837631578947,
  "bids_meta": {
    "AcquisitionDateTime": "2017-05-29T14:56:1.531250",
    "ConversionSoftware": "dcm2niix",
    "ConversionSoftwareVersion": "v1.0.20170314",
    "EchoTime": 0.026,
    "EffectiveEchoSpacing": 0.000489996,
    "FlipAngle": 80,
    "ImageType": [
      "ORIGINAL",
      "PRIMARY",
      "M",
      "ND",
      "NORM",
      "MOSAIC"
    ],
    "MagneticFieldStrength": 3,
    "Manufacturer": "Siemens",
    "ManufacturersModelName": "Prisma_fit",
    "PhaseEncodingDirection": "j-",
    "ProcedureStepDescription": "Head_64ch_Mosra",
    "ProtocolName": "bold_TR2_32_190_3",
    "RepetitionTime": 2,
    "SequenceName": "_epfid2d1_64",
    "SliceTiming": [
      0,
      0.06,
      0.12,
      0.18,
      0.24,
      0.3,
      0.36,
      0.42,
      0.48,
      0.54,
      0.6,
      0.66,
      0.72,
      0.78,
      0.84,
      0.9,
      0.96,
      1.02,
      1.08,
      1.14,
      1.2,
      1.26,
      1.32,
      1.38,
      1.44,
      1.5,
      1.56,
      1.62,
      1.68,
      1.74,
      1.8,
      1.86,
      1.92
    ],
    "TaskName": "d2-adaptive_tcontrol",
    "dataset": "ds002596",
    "modality": "bold",
    "run_id": 3,
    "subject_id": "16",
    "task_id": "d2"
  },
  "dummy_trs": 0,
  "dvars_nstd": 28.299020323121695,
  "dvars_std": 1.567132381798943,
  "dvars_vstd": 1.0172891875132273,
  "efc": 0.5565997864740564,
  "fber": 4202.2998046875,
  "fd_mean": 0.19617658831928925,
  "fd_num": 78,
  "fd_perc": 41.05263157894737,
  "fwhm_avg": 1.7738112403191508,
  "fwhm_x": 1.7271450076245443,
  "fwhm_y": 1.931023713332908,
  "fwhm_z": 1.663265,
  "gcor": 0.0727051,
  "gsr_x": -0.003491317620500922,
  "gsr_y": 0.04269549995660782,
  "provenance": {
    "md5sum": "54acdfbe8834790b500279b46c3bb58d",
    "settings": {
      "fd_thres": 0.2,
      "testing": false
    },
    "software": "mriqc",
    "version": "22.0.1",
    "webapi_port": null,
    "webapi_url": "https://mriqc.nimh.nih.gov/api/v1"
  },
  "size_t": 190,
  "size_x": 64,
  "size_y": 64,
  "size_z": 33,
  "snr": 6.362298547641436,
  "spacing_tr": 2.0,
  "spacing_x": 3.203130006790161,
  "spacing_y": 3.203130006790161,
  "spacing_z": 4.0,
  "summary_bg_k": 12.646202767185908,
  "summary_bg_mad": 17.50250988373832,
  "summary_bg_mean": 64.36996459960938,
  "summary_bg_median": 13.715789794921875,
  "summary_bg_n": 76510.0,
  "summary_bg_p05": 1.2736842632293701,
  "summary_bg_p95": 314.4163269042969,
  "summary_bg_stdv": 116.86543273925781,
  "summary_fg_k": 1.8799767100139482,
  "summary_fg_mad": 132.10769417715738,
  "summary_fg_mean": 926.3800659179688,
  "summary_fg_median": 915.2263793945312,
  "summary_fg_n": 27428.0,
  "summary_fg_p05": 724.8608001708984,
  "summary_fg_p95": 1168.5163513183593,
  "summary_fg_stdv": 143.84890747070312,
  "tsnr": 78.05115851946175
}