{
  "aor": 0.0038516842105263157,
  "aqi": 0.008554297526315788,
  "bids_meta": {
    "AcquisitionDateTime": "2017-05-26T15:13:53.640625",
    "ConversionSoftware": "dcm2niix",
    "ConversionSoftwareVersion": "v1.0.20170314",
    "EchoTime": 0.026,
    "EffectiveEchoSpacing": 0.000489996,
    "FlipAngle": 80,
    "ImageType": [
      "ORIGINAL",
      "PRIMARY",
      "M",
      "ND",
      "NORM",
      "MOSAIC"
    ],
    "MagneticFieldStrength": 3,
    "Manufacturer": "Siemens",
    "ManufacturersModelName": "Prisma_fit",
    "PhaseEncodingDirection": "j-",
    "ProcedureStepDescription": "Head_64ch_Mosra",
    "ProtocolName": "bold_TR2_32_190_2",
    "RepetitionTime": 2,
    "SequenceName": "_epfid2d1_64",
    "SliceTiming": [
      0,
      0.06,
      0.12,
      0.18,
      0.24,
      0.3,
      0.36,
      0.42,
      0.48,
      0.54,
      0.6,
      0.66,
      0.72,
      0.78,
      0.84,
      0.9,
      0.96,
      1.02,
      1.08,
      1.14,
      1.2,
      1.26,
      1.32,
      1.38,
      1.44,
      1.5,
      1.56,
      1.62,
      1.68,
      1.74,
      1.8,
      1.86,
      1.92
    ],
    "TaskName": "d1-decoder_construction",
    "dataset": "ds002596",
    "modality": "bold",
    "run_id": 2,
    "subject_id": "16",
    "task_id": "d1"
  },
  "dummy_trs": 0,
  "dvars_nstd": 25.62480906333334,
  "dvars_std": 1.4056328222751329,
  "dvars_vstd": 0.9993945156613754,
  "efc": 0.5514586898522944,
  "fber": 4913.30322265625,
  "fd_mean": 0.16866434109432304,
  "fd_num": 46,
  "fd_perc": 24.210526315789473,
  "fwhm_avg": 1.764280548099932,
  "fwhm_x": 1.7106299114879968,
  "fwhm_y": 1.9420941350531724,
  "fwhm_z": 1.6401175977586266,
  "gcor": 0.0588017,
  "gsr_x": -0.0008914679638110101,
  "gsr_y": 0.03941154107451439,
  "provenance": {
    "md5sum": "d877934562c44440b88e6db208a3285b",
    "settings": {
      "fd_thres": 0.2,
      "testing": false
    },
    "software": "mriqc",
    "version": "22.0.1",
    "webapi_port": null,
    "webapi_url": "https://mriqc.nimh.nih.gov/api/v1"
  },
  "size_t": 190,
  "size_x": 64,
  "size_y": 64,
  "size_z": 33,
  "snr": 6.5363342291203415,
  "spacing_tr": 2.0,
  "spacing_x": 3.203130006790161,
  "spacing_y": 3.203130006790161,
  "spacing_z": 3.999999761581421,
  "summary_bg_k": 13.811663822627704,
  "summary_bg_mad": 17.9628976772505,
  "summary_bg_mean": 67.49658966064453,
  "summary_bg_median": 14.05789566040039,
  "summary_bg_n": 76755.0,
  "summary_bg_p05": 1.2421053647994995,
  "summary_bg_p95": 328.88212585449224,
  "summary_bg_stdv": 125.21134185791016,
  "summary_fg_k": 2.3556708056817683,
  "summary_fg_mad": 139.80937110690667,
  "summary_fg_mean": 1027.552490234375,
  "summary_fg_median": 1016.060546875,
  "summary_fg_n": 27272.0,
  "summary_fg_p05": 813.3473968505859,
  "summary_fg_p95": 1285.8837524414062,
  "summary_fg_stdv": 155.44522094726562,
  "tsnr": 66.74092823872343
}