{
  "aor": 0.00332010582010582,
  "aqi": 0.004168588042328042,
  "bids_meta": {
    "AcquisitionDateTime": "2017-05-26T15:21:6.140625",
    "ConversionSoftware": "dcm2niix",
    "ConversionSoftwareVersion": "v1.0.20170314",
    "EchoTime": 0.026,
    "EffectiveEchoSpacing": 0.000489996,
    "FlipAngle": 80,
    "ImageType": [
      "ORIGINAL",
      "PRIMARY",
      "M",
      "ND",
      "NORM",
      "MOSAIC"
    ],
    "MagneticFieldStrength": 3,
    "Manufacturer": "Siemens",
    "ManufacturersModelName": "Prisma_fit",
    "PhaseEncodingDirection": "j-",
    "ProcedureStepDescription": "Head_64ch_Mosra",
    "ProtocolName": "bold_TR2_32_190_3",
    "RepetitionTime": 2,
    "SequenceName": "_epfid2d1_64",
    "SliceTiming": [
      0,
      0.06,
      0.12,
      0.18,
      0.24,
      0.3,
      0.36,
      0.42,
      0.48,
      0.54,
      0.6,
      0.66,
      0.72,
      0.78,
      0.84,
      0.9,
      0.96,
      1.02,
      1.08,
      1.14,
      1.2,
      1.26,
      1.32,
      1.38,
      1.44,
      1.5,
      1.56,
      1.62,
      1.68,
      1.74,
      1.8,
      1.86,
      1.92
    ],
    "TaskName": "d1-decoder_construction",
    "dataset": "ds002596",
    "modality": "bold",
    "run_id": 3,
    "subject_id": "16",
    "task_id": "d1"
  },
  "dummy_trs": 1,
  "dvars_nstd": 21.12810518914894,
  "dvars_std": 1.5300814413297883,
  "dvars_vstd": 1.0413595060638297,
  "efc": 0.5513318852038054,
  "fber": 4963.7568359375,
  "fd_mean": 0.12316389391111408,
  "fd_num": 19,
  "fd_perc": 10.052910052910052,
  "fwhm_avg": 1.7661539106575341,
  "fwhm_x": 1.7170860965183146,
  "fwhm_y": 1.9419380377361917,
  "fwhm_z": 1.6394375977180957,
  "gcor": 0.0662806,
  "gsr_x": -0.0007850615074858069,
  "gsr_y": 0.03892667964100838,
  "provenance": {
    "md5sum": "d8b906106ac419aba5ab20ca2f7445c8",
    "settings": {
      "fd_thres": 0.2,
      "testing": false
    },
    "software": "mriqc",
    "version": "22.0.1",
    "webapi_port": null,
    "webapi_url": "https://mriqc.nimh.nih.gov/api/v1"
  },
  "size_t": 189,
  "size_x": 64,
  "size_y": 64,
  "size_z": 33,
  "snr": 6.483293938251686,
  "spacing_tr": 2.0,
  "spacing_x": 3.203130006790161,
  "spacing_y": 3.203130006790161,
  "spacing_z": 3.999999761581421,
  "summary_bg_k": 13.330557198820493,
  "summary_bg_mad": 17.98733780874569,
  "summary_bg_mean": 68.07530975341797,
  "summary_bg_median": 14.042327880859375,
  "summary_bg_n": 76779.0,
  "summary_bg_p05": 1.2380951642990112,
  "summary_bg_p95": 333.4634735107419,
  "summary_bg_stdv": 125.97887420654297,
  "summary_fg_k": 2.334695100831789,
  "summary_fg_mad": 141.8669522375451,
  "summary_fg_mean": 1028.75146484375,
  "summary_fg_median": 1017.2803955078125,
  "summary_fg_n": 27239.0,
  "summary_fg_p05": 812.1571044921875,
  "summary_fg_p95": 1288.9433227539062,
  "summary_fg_stdv": 156.9050750732422,
  "tsnr": 98.39714350551367
}