{
  "aor": 0.0024586772486772483,
  "aqi": 0.005310287460317462,
  "bids_meta": {
    "AcquisitionDateTime": "2017-05-26T15:06:32.734375",
    "ConversionSoftware": "dcm2niix",
    "ConversionSoftwareVersion": "v1.0.20170314",
    "EchoTime": 0.026,
    "EffectiveEchoSpacing": 0.000489996,
    "FlipAngle": 80,
    "ImageType": [
      "ORIGINAL",
      "PRIMARY",
      "M",
      "ND",
      "NORM",
      "MOSAIC"
    ],
    "MagneticFieldStrength": 3,
    "Manufacturer": "Siemens",
    "ManufacturersModelName": "Prisma_fit",
    "PhaseEncodingDirection": "j-",
    "ProcedureStepDescription": "Head_64ch_Mosra",
    "ProtocolName": "bold_TR2_32_190_1",
    "RepetitionTime": 2,
    "SequenceName": "_epfid2d1_64",
    "SliceTiming": [
      0,
      0.06,
      0.12,
      0.18,
      0.24,
      0.3,
      0.36,
      0.42,
      0.48,
      0.54,
      0.6,
      0.66,
      0.72,
      0.78,
      0.84,
      0.9,
      0.96,
      1.02,
      1.08,
      1.14,
      1.2,
      1.26,
      1.32,
      1.38,
      1.44,
      1.5,
      1.56,
      1.62,
      1.68,
      1.74,
      1.8,
      1.86,
      1.92
    ],
    "TaskName": "d1-decoder_construction",
    "dataset": "ds002596",
    "modality": "bold",
    "run_id": 1,
    "subject_id": "16",
    "task_id": "d1"
  },
  "dummy_trs": 1,
  "dvars_nstd": 24.481791511648932,
  "dvars_std": 1.5187354976595737,
  "dvars_vstd": 0.9923071128723409,
  "efc": 0.5501547266252127,
  "fber": 5122.26904296875,
  "fd_mean": 0.12430389867626429,
  "fd_num": 20,
  "fd_perc": 10.582010582010582,
  "fwhm_avg": 1.755956008573591,
  "fwhm_x": 1.7083384028747217,
  "fwhm_y": 1.9263595255015276,
  "fwhm_z": 1.6331700973445236,
  "gcor": 0.0855764,
  "gsr_x": -0.001173954689875245,
  "gsr_y": 0.03903020918369293,
  "provenance": {
    "md5sum": "171812638cd90def95c2b3d23fe064c4",
    "settings": {
      "fd_thres": 0.2,
      "testing": false
    },
    "software": "mriqc",
    "version": "22.0.1",
    "webapi_port": null,
    "webapi_url": "https://mriqc.nimh.nih.gov/api/v1"
  },
  "size_t": 189,
  "size_x": 64,
  "size_y": 64,
  "size_z": 33,
  "snr": 6.511724988971939,
  "spacing_tr": 2.0,
  "spacing_x": 3.203130006790161,
  "spacing_y": 3.203130006790161,
  "spacing_z": 3.999999761581421,
  "summary_bg_k": 14.30457803186027,
  "summary_bg_mad": 17.744159180817373,
  "summary_bg_mean": 66.95608520507812,
  "summary_bg_median": 13.87830638885498,
  "summary_bg_n": 76816.0,
  "summary_bg_p05": 1.2328041791915894,
  "summary_bg_p95": 327.89151763916016,
  "summary_bg_stdv": 125.10271453857422,
  "summary_fg_k": 2.378001811207378,
  "summary_fg_mad": 141.16492416069167,
  "summary_fg_mean": 1030.793701171875,
  "summary_fg_median": 1019.0819702148438,
  "summary_fg_n": 27292.0,
  "summary_fg_p05": 815.153921508789,
  "summary_fg_p95": 1291.714251708984,
  "summary_fg_stdv": 156.49667358398438,
  "tsnr": 86.04252976924181
}