{
  "aor": 0.001768835978835979,
  "aqi": 0.005439198095238095,
  "bids_meta": {
    "AcquisitionDateTime": "2017-05-29T14:48:50.375000",
    "ConversionSoftware": "dcm2niix",
    "ConversionSoftwareVersion": "v1.0.20170314",
    "EchoTime": 0.026,
    "EffectiveEchoSpacing": 0.000489996,
    "FlipAngle": 80,
    "ImageType": [
      "ORIGINAL",
      "PRIMARY",
      "M",
      "ND",
      "NORM",
      "MOSAIC"
    ],
    "MagneticFieldStrength": 3,
    "Manufacturer": "Siemens",
    "ManufacturersModelName": "Prisma_fit",
    "PhaseEncodingDirection": "j-",
    "ProcedureStepDescription": "Head_64ch_Mosra",
    "ProtocolName": "bold_TR2_32_190_2",
    "RepetitionTime": 2,
    "SequenceName": "_epfid2d1_64",
    "SliceTiming": [
      0,
      0.06,
      0.12,
      0.18,
      0.24,
      0.3,
      0.36,
      0.42,
      0.48,
      0.54,
      0.6,
      0.66,
      0.72,
      0.78,
      0.84,
      0.9,
      0.96,
      1.02,
      1.08,
      1.14,
      1.2,
      1.26,
      1.32,
      1.38,
      1.44,
      1.5,
      1.56,
      1.62,
      1.68,
      1.74,
      1.8,
      1.86,
      1.92
    ],
    "TaskName": "d2-adaptive_tcontrol",
    "dataset": "ds002596",
    "modality": "bold",
    "run_id": 2,
    "subject_id": "16",
    "task_id": "d2"
  },
  "dummy_trs": 1,
  "dvars_nstd": 27.08311190473404,
  "dvars_std": 1.5430396869148932,
  "dvars_vstd": 1.0018257299468087,
  "efc": 0.5555920380065212,
  "fber": 4342.29052734375,
  "fd_mean": 0.17392007709237822,
  "fd_num": 56,
  "fd_perc": 29.62962962962963,
  "fwhm_avg": 1.7804467860465314,
  "fwhm_x": 1.7334357294988627,
  "fwhm_y": 1.9383946286407319,
  "fwhm_z": 1.66951,
  "gcor": 0.0570081,
  "gsr_x": -0.003327467478811741,
  "gsr_y": 0.04259970039129257,
  "provenance": {
    "md5sum": "bf0b0c25c14aae392fbc16286313f8bc",
    "settings": {
      "fd_thres": 0.2,
      "testing": false
    },
    "software": "mriqc",
    "version": "22.0.1",
    "webapi_port": null,
    "webapi_url": "https://mriqc.nimh.nih.gov/api/v1"
  },
  "size_t": 189,
  "size_x": 64,
  "size_y": 64,
  "size_z": 33,
  "snr": 6.346458451131331,
  "spacing_tr": 2.0,
  "spacing_x": 3.203130006790161,
  "spacing_y": 3.203130006790161,
  "spacing_z": 4.0,
  "summary_bg_k": 13.032681576226466,
  "summary_bg_mad": 17.29702564691208,
  "summary_bg_mean": 63.777122497558594,
  "summary_bg_median": 13.544973373413086,
  "summary_bg_n": 76511.0,
  "summary_bg_p05": 1.2222222089767456,
  "summary_bg_p95": 312.4232635498047,
  "summary_bg_stdv": 116.44090270996094,
  "summary_fg_k": 1.9528599368370907,
  "summary_fg_mad": 132.12416351332487,
  "summary_fg_mean": 930.0930786132812,
  "summary_fg_median": 918.9523315429688,
  "summary_fg_n": 27517.0,
  "summary_fg_p05": 727.214794921875,
  "summary_fg_p95": 1173.4031494140625,
  "summary_fg_stdv": 144.79502868652344,
  "tsnr": 83.95109508931637
}