{
  "bids_meta": {
    "AcquisitionDateTime": "2017-05-24T14:54:19.531250",
    "ConversionSoftware": "dcm2niix",
    "ConversionSoftwareVersion": "v1.0.20170314",
    "EchoTime": 0.00306,
    "FlipAngle": 9,
    "ImageType": [
      "ORIGINAL",
      "PRIMARY",
      "M",
      "ND",
      "NORM"
    ],
    "MagneticFieldStrength": 3,
    "Manufacturer": "Siemens",
    "ManufacturersModelName": "Prisma_fit",
    "PhaseEncodingDirection": "i-",
    "ProcedureStepDescription": "Head_64ch_Mosra",
    "ProtocolName": "MPRAGE_iPAT2",
    "RepetitionTime": 2.25,
    "SequenceName": "_tfl3d1_16ns",
    "dataset": "ds002596",
    "modality": "T1w",
    "subject_id": "11"
  },
  "cjv": 0.36298268335194456,
  "cnr": 3.6940551790443967,
  "efc": 0.5349211339245783,
  "fber": 21243.0625,
  "fwhm_avg": 4.036690837409471,
  "fwhm_x": 4.183322512228413,
  "fwhm_y": 4.11253,
  "fwhm_z": 3.81422,
  "icvs_csf": 0.2003759096772156,
  "icvs_gm": 0.43847525839510576,
  "icvs_wm": 0.3611488319276786,
  "inu_med": 0.47586697340011597,
  "inu_range": 0.22821637988090515,
  "provenance": {
    "md5sum": "7e0f7d726602c68ed508aba56ba7bcba",
    "settings": {
      "testing": false
    },
    "software": "mriqc",
    "version": "22.0.1",
    "warnings": {
      "large_rot_frame": true,
      "small_air_mask": false
    },
    "webapi_port": null,
    "webapi_url": "https://mriqc.nimh.nih.gov/api/v1"
  },
  "qi_1": 2.2339643726334743e-05,
  "qi_2": 0.01810334837446965,
  "rpve_csf": 27.62468892734199,
  "rpve_gm": 13.410502559487426,
  "rpve_wm": 18.265723743199423,
  "size_x": 208,
  "size_y": 256,
  "size_z": 256,
  "snr_csf": 2.4810202140735353,
  "snr_gm": 12.99051310942387,
  "snr_total": 13.162481520930035,
  "snr_wm": 24.015911239292695,
  "snrd_csf": 31.977050341545695,
  "snrd_gm": 81.7038366292325,
  "snrd_total": 74.76078104509862,
  "snrd_wm": 110.6014561645177,
  "spacing_x": 1.0002743005752563,
  "spacing_y": 1.0,
  "spacing_z": 1.0,
  "summary_bg_k": 11.043595895299887,
  "summary_bg_mad": 0.0,
  "summary_bg_mean": 3.924123467942003,
  "summary_bg_median": 0.0,
  "summary_bg_n": 3645431.0,
  "summary_bg_p05": 0.0,
  "summary_bg_p95": 15.632899604737759,
  "summary_bg_stdv": 5.9236281444485295,
  "summary_csf_k": 2.2725223751795083,
  "summary_csf_mad": 106.31610272675674,
  "summary_csf_mean": 289.85920823291053,
  "summary_csf_median": 289.13086706772447,
  "summary_csf_n": 41410.0,
  "summary_csf_p05": 100.5424882663414,
  "summary_csf_p95": 485.6912469113244,
  "summary_csf_stdv": 116.53567928675045,
  "summary_gm_k": 0.15288921244783138,
  "summary_gm_mad": 54.88770596305445,
  "summary_gm_mean": 738.5085127914265,
  "summary_gm_median": 738.7517258487642,
  "summary_gm_n": 44453.0,
  "summary_gm_p05": 644.1221290871501,
  "summary_gm_p95": 832.3935722373426,
  "summary_gm_stdv": 56.86791662669215,
  "summary_wm_k": 0.4012071665649706,
  "summary_wm_mad": 39.95502125251758,
  "summary_wm_mean": 999.5886110820448,
  "summary_wm_median": 1000.0389209836721,
  "summary_wm_n": 237855.0,
  "summary_wm_p05": 930.4686289615929,
  "summary_wm_p95": 1066.964841928333,
  "summary_wm_stdv": 41.64059438820855,
  "tpm_overlap_csf": 0.15339541664617412,
  "tpm_overlap_gm": 0.46548951946966655,
  "tpm_overlap_wm": 0.5026512113583578,
  "wm2max": 0.528244525697383
}