{
  "aor": 0.0013113227513227514,
  "aqi": 0.00584738365079365,
  "bids_meta": {
    "AcquisitionDateTime": "2017-05-29T15:03:15.250000",
    "ConversionSoftware": "dcm2niix",
    "ConversionSoftwareVersion": "v1.0.20170314",
    "EchoTime": 0.026,
    "EffectiveEchoSpacing": 0.000489996,
    "FlipAngle": 80,
    "ImageType": [
      "ORIGINAL",
      "PRIMARY",
      "M",
      "ND",
      "NORM",
      "MOSAIC"
    ],
    "MagneticFieldStrength": 3,
    "Manufacturer": "Siemens",
    "ManufacturersModelName": "Prisma_fit",
    "PhaseEncodingDirection": "j-",
    "ProcedureStepDescription": "Head_64ch_Mosra",
    "ProtocolName": "bold_TR2_32_190_4",
    "RepetitionTime": 2,
    "SequenceName": "_epfid2d1_64",
    "SliceTiming": [
      0,
      0.06,
      0.12,
      0.18,
      0.24,
      0.3,
      0.36,
      0.42,
      0.48,
      0.54,
      0.6,
      0.66,
      0.72,
      0.78,
      0.84,
      0.9,
      0.96,
      1.02,
      1.08,
      1.14,
      1.2,
      1.26,
      1.32,
      1.38,
      1.44,
      1.5,
      1.56,
      1.62,
      1.68,
      1.74,
      1.8,
      1.86,
      1.92
    ],
    "TaskName": "d2-adaptive_tcontrol",
    "dataset": "ds002596",
    "modality": "bold",
    "run_id": 4,
    "subject_id": "16",
    "task_id": "d2"
  },
  "dummy_trs": 1,
  "dvars_nstd": 28.30446963622341,
  "dvars_std": 1.5114850581382995,
  "dvars_vstd": 0.9998012844680847,
  "efc": 0.557817245998113,
  "fber": 4122.5849609375,
  "fd_mean": 0.1922990723296146,
  "fd_num": 80,
  "fd_perc": 42.32804232804233,
  "fwhm_avg": 1.7691263529186034,
  "fwhm_x": 1.721806479383808,
  "fwhm_y": 1.9309050793720028,
  "fwhm_z": 1.6546675,
  "gcor": 0.100275,
  "gsr_x": -0.004127293359488249,
  "gsr_y": 0.042838286608457565,
  "provenance": {
    "md5sum": "8849dfe258641d37285beacb9e725127",
    "settings": {
      "fd_thres": 0.2,
      "testing": false
    },
    "software": "mriqc",
    "version": "22.0.1",
    "webapi_port": null,
    "webapi_url": "https://mriqc.nimh.nih.gov/api/v1"
  },
  "size_t": 189,
  "size_x": 64,
  "size_y": 64,
  "size_z": 33,
  "snr": 6.327514151344344,
  "spacing_tr": 2.0,
  "spacing_x": 3.203130006790161,
  "spacing_y": 3.203130006790161,
  "spacing_z": 4.0,
  "summary_bg_k": 12.274639319780148,
  "summary_bg_mad": 17.79906963440591,
  "summary_bg_mean": 65.18910217285156,
  "summary_bg_median": 13.873015403747559,
  "summary_bg_n": 76509.0,
  "summary_bg_p05": 1.2328041791915894,
  "summary_bg_p95": 317.06983032226555,
  "summary_bg_stdv": 117.55362701416016,
  "summary_fg_k": 2.0014645237725537,
  "summary_fg_mad": 131.48095449421245,
  "summary_fg_mean": 922.3441162109375,
  "summary_fg_median": 911.8412475585938,
  "summary_fg_n": 27489.0,
  "summary_fg_p05": 721.4560668945312,
  "summary_fg_p95": 1162.9047119140623,
  "summary_fg_stdv": 144.10472106933594,
  "tsnr": 79.56094746361487
}