{
  "aor": 0.004336421052631579,
  "aqi": 0.006756879473684209,
  "bids_meta": {
    "AcquisitionDateTime": "2017-05-26T15:28:18.578125",
    "ConversionSoftware": "dcm2niix",
    "ConversionSoftwareVersion": "v1.0.20170314",
    "EchoTime": 0.026,
    "EffectiveEchoSpacing": 0.000489996,
    "FlipAngle": 80,
    "ImageType": [
      "ORIGINAL",
      "PRIMARY",
      "M",
      "ND",
      "NORM",
      "MOSAIC"
    ],
    "MagneticFieldStrength": 3,
    "Manufacturer": "Siemens",
    "ManufacturersModelName": "Prisma_fit",
    "PhaseEncodingDirection": "j-",
    "ProcedureStepDescription": "Head_64ch_Mosra",
    "ProtocolName": "bold_TR2_32_190_4",
    "RepetitionTime": 2,
    "SequenceName": "_epfid2d1_64",
    "SliceTiming": [
      0,
      0.06,
      0.12,
      0.18,
      0.24,
      0.3,
      0.36,
      0.42,
      0.48,
      0.54,
      0.6,
      0.66,
      0.72,
      0.78,
      0.84,
      0.9,
      0.96,
      1.02,
      1.08,
      1.14,
      1.2,
      1.26,
      1.32,
      1.38,
      1.44,
      1.5,
      1.56,
      1.62,
      1.68,
      1.74,
      1.8,
      1.86,
      1.92
    ],
    "TaskName": "d1-decoder_construction",
    "dataset": "ds002596",
    "modality": "bold",
    "run_id": 4,
    "subject_id": "16",
    "task_id": "d1"
  },
  "dummy_trs": 0,
  "dvars_nstd": 23.116485408518532,
  "dvars_std": 1.4503965896296303,
  "dvars_vstd": 1.0180176752380952,
  "efc": 0.552449632207286,
  "fber": 4813.7705078125,
  "fd_mean": 0.1456024873257088,
  "fd_num": 33,
  "fd_perc": 17.36842105263158,
  "fwhm_avg": 1.7650060251532638,
  "fwhm_x": 1.7195149707705328,
  "fwhm_y": 1.9381355070945443,
  "fwhm_z": 1.6373675975947142,
  "gcor": 0.065872,
  "gsr_x": -0.0001650158519623801,
  "gsr_y": 0.03922785073518753,
  "provenance": {
    "md5sum": "394bb0b7b9580840d50586b453e20c24",
    "settings": {
      "fd_thres": 0.2,
      "testing": false
    },
    "software": "mriqc",
    "version": "22.0.1",
    "webapi_port": null,
    "webapi_url": "https://mriqc.nimh.nih.gov/api/v1"
  },
  "size_t": 190,
  "size_x": 64,
  "size_y": 64,
  "size_z": 33,
  "snr": 6.50057686014586,
  "spacing_tr": 2.0,
  "spacing_x": 3.203130006790161,
  "spacing_y": 3.203130006790161,
  "spacing_z": 3.999999761581421,
  "summary_bg_k": 13.12522330758345,
  "summary_bg_mad": 18.22040178566601,
  "summary_bg_mean": 68.51505279541016,
  "summary_bg_median": 14.226316452026367,
  "summary_bg_n": 76759.0,
  "summary_bg_p05": 1.252631664276123,
  "summary_bg_p95": 335.63844909667955,
  "summary_bg_stdv": 126.10014343261719,
  "summary_fg_k": 2.397551121121116,
  "summary_fg_mad": 140.2853530203185,
  "summary_fg_mean": 1024.8995361328125,
  "summary_fg_median": 1013.6052856445312,
  "summary_fg_n": 27262.0,
  "summary_fg_p05": 809.6453094482422,
  "summary_fg_p95": 1283.5444702148436,
  "summary_fg_stdv": 155.92257690429688,
  "tsnr": 75.20323342795018
}