{
  "aor": 0.0017622105263157895,
  "aqi": 0.004596135368421053,
  "bids_meta": {
    "AcquisitionDateTime": "2017-05-29T14:41:39.750000",
    "ConversionSoftware": "dcm2niix",
    "ConversionSoftwareVersion": "v1.0.20170314",
    "EchoTime": 0.026,
    "EffectiveEchoSpacing": 0.000489996,
    "FlipAngle": 80,
    "ImageType": [
      "ORIGINAL",
      "PRIMARY",
      "M",
      "ND",
      "NORM",
      "MOSAIC"
    ],
    "MagneticFieldStrength": 3,
    "Manufacturer": "Siemens",
    "ManufacturersModelName": "Prisma_fit",
    "PhaseEncodingDirection": "j-",
    "ProcedureStepDescription": "Head_64ch_Mosra",
    "ProtocolName": "bold_TR2_32_190_1",
    "RepetitionTime": 2,
    "SequenceName": "_epfid2d1_64",
    "SliceTiming": [
      0,
      0.06,
      0.12,
      0.18,
      0.24,
      0.3,
      0.36,
      0.42,
      0.48,
      0.54,
      0.6,
      0.66,
      0.72,
      0.78,
      0.84,
      0.9,
      0.96,
      1.02,
      1.08,
      1.14,
      1.2,
      1.26,
      1.32,
      1.38,
      1.44,
      1.5,
      1.56,
      1.62,
      1.68,
      1.74,
      1.8,
      1.86,
      1.92
    ],
    "TaskName": "d2-adaptive_tcontrol",
    "dataset": "ds002596",
    "modality": "bold",
    "run_id": 1,
    "subject_id": "16",
    "task_id": "d2"
  },
  "dummy_trs": 0,
  "dvars_nstd": 24.950584209735453,
  "dvars_std": 1.5620380926455038,
  "dvars_vstd": 1.01477498037037,
  "efc": 0.5536951955984722,
  "fber": 4680.15478515625,
  "fd_mean": 0.13581026497236762,
  "fd_num": 36,
  "fd_perc": 18.94736842105263,
  "fwhm_avg": 1.7733961498147621,
  "fwhm_x": 1.7369166996675303,
  "fwhm_y": 1.9311142497767566,
  "fwhm_z": 1.6521575,
  "gcor": 0.0658581,
  "gsr_x": -0.003142962232232094,
  "gsr_y": 0.04285195842385292,
  "provenance": {
    "md5sum": "8eed4b9f76a4e89d6ea4b7fd418fd3b6",
    "settings": {
      "fd_thres": 0.2,
      "testing": false
    },
    "software": "mriqc",
    "version": "22.0.1",
    "webapi_port": null,
    "webapi_url": "https://mriqc.nimh.nih.gov/api/v1"
  },
  "size_t": 190,
  "size_x": 64,
  "size_y": 64,
  "size_z": 33,
  "snr": 6.388897286643114,
  "spacing_tr": 2.0,
  "spacing_x": 3.203130006790161,
  "spacing_y": 3.203130006790161,
  "spacing_z": 4.0,
  "summary_bg_k": 14.121548507237534,
  "summary_bg_mad": 16.761209481445345,
  "summary_bg_mean": 62.722049713134766,
  "summary_bg_median": 13.115790367126465,
  "summary_bg_n": 76517.0,
  "summary_bg_p05": 1.1778948068618784,
  "summary_bg_p95": 305.28526611328124,
  "summary_bg_stdv": 116.07814025878906,
  "summary_fg_k": 2.0281440560719863,
  "summary_fg_mad": 132.00231757294296,
  "summary_fg_mean": 934.0159912109375,
  "summary_fg_median": 922.7474365234375,
  "summary_fg_n": 27478.0,
  "summary_fg_p05": 732.102914428711,
  "summary_fg_p95": 1176.2434509277339,
  "summary_fg_stdv": 144.42721557617188,
  "tsnr": 92.15946383890696
}