{
  "aor": 0.0013281052631578946,
  "aqi": 0.006552198789473683,
  "bids_meta": {
    "AcquisitionDateTime": "2017-05-29T15:10:25.687500",
    "ConversionSoftware": "dcm2niix",
    "ConversionSoftwareVersion": "v1.0.20170314",
    "EchoTime": 0.026,
    "EffectiveEchoSpacing": 0.000489996,
    "FlipAngle": 80,
    "ImageType": [
      "ORIGINAL",
      "PRIMARY",
      "M",
      "ND",
      "NORM",
      "MOSAIC"
    ],
    "MagneticFieldStrength": 3,
    "Manufacturer": "Siemens",
    "ManufacturersModelName": "Prisma_fit",
    "PhaseEncodingDirection": "j-",
    "ProcedureStepDescription": "Head_64ch_Mosra",
    "ProtocolName": "bold_TR2_32_190_5",
    "RepetitionTime": 2,
    "SequenceName": "_epfid2d1_64",
    "SliceTiming": [
      0,
      0.06,
      0.12,
      0.18,
      0.24,
      0.3,
      0.36,
      0.42,
      0.48,
      0.54,
      0.6,
      0.66,
      0.72,
      0.78,
      0.84,
      0.9,
      0.96,
      1.02,
      1.08,
      1.14,
      1.2,
      1.26,
      1.32,
      1.38,
      1.44,
      1.5,
      1.56,
      1.62,
      1.68,
      1.74,
      1.8,
      1.86,
      1.92
    ],
    "TaskName": "d2-adaptive_tcontrol",
    "dataset": "ds002596",
    "modality": "bold",
    "run_id": 5,
    "subject_id": "16",
    "task_id": "d2"
  },
  "dummy_trs": 0,
  "dvars_nstd": 26.49027082671956,
  "dvars_std": 1.512094727301587,
  "dvars_vstd": 0.9934490079894179,
  "efc": 0.5577526071037148,
  "fber": 4175.560546875,
  "fd_mean": 0.15726883491412166,
  "fd_num": 50,
  "fd_perc": 26.31578947368421,
  "fwhm_avg": 1.7700858674041091,
  "fwhm_x": 1.7239169151093856,
  "fwhm_y": 1.9322006871029418,
  "fwhm_z": 1.65414,
  "gcor": 0.0531852,
  "gsr_x": -0.003546768566593528,
  "gsr_y": 0.04221826419234276,
  "provenance": {
    "md5sum": "ed1ded15abc9ea4b7ae8d1b3cc495488",
    "settings": {
      "fd_thres": 0.2,
      "testing": false
    },
    "software": "mriqc",
    "version": "22.0.1",
    "webapi_port": null,
    "webapi_url": "https://mriqc.nimh.nih.gov/api/v1"
  },
  "size_t": 190,
  "size_x": 64,
  "size_y": 64,
  "size_z": 33,
  "snr": 6.315888048267278,
  "spacing_tr": 2.0,
  "spacing_x": 3.203130006790161,
  "spacing_y": 3.203130006790161,
  "spacing_z": 4.0,
  "summary_bg_k": 12.363868229078781,
  "summary_bg_mad": 17.68198294759022,
  "summary_bg_mean": 65.12826538085938,
  "summary_bg_median": 13.810526847839355,
  "summary_bg_n": 76497.0,
  "summary_bg_p05": 1.252631664276123,
  "summary_bg_p95": 318.2010742187499,
  "summary_bg_stdv": 117.65940856933594,
  "summary_fg_k": 1.9592607642424413,
  "summary_fg_mad": 132.31835689472825,
  "summary_fg_mean": 923.0431518554688,
  "summary_fg_median": 912.2158203125,
  "summary_fg_n": 27495.0,
  "summary_fg_p05": 721.6831970214844,
  "summary_fg_p95": 1166.5968994140624,
  "summary_fg_stdv": 144.42929077148438,
  "tsnr": 76.09740033978596
}