{
  "aor": 0.0016333157894736841,
  "aqi": 0.003371477157894737,
  "bids_meta": {
    "AcquisitionDateTime": "2017-05-17T15:45:39.781250",
    "ConversionSoftware": "dcm2niix",
    "ConversionSoftwareVersion": "v1.0.20170314",
    "EchoTime": 0.026,
    "EffectiveEchoSpacing": 0.000489996,
    "FlipAngle": 80,
    "ImageType": [
      "ORIGINAL",
      "PRIMARY",
      "M",
      "ND",
      "NORM",
      "MOSAIC"
    ],
    "MagneticFieldStrength": 3,
    "Manufacturer": "Siemens",
    "ManufacturersModelName": "Prisma_fit",
    "PhaseEncodingDirection": "j-",
    "ProcedureStepDescription": "Head_64ch_Mosra",
    "ProtocolName": "bold_TR2_32_190_6",
    "RepetitionTime": 2,
    "SequenceName": "_epfid2d1_64",
    "SliceTiming": [
      0,
      0.06,
      0.12,
      0.18,
      0.24,
      0.3,
      0.36,
      0.42,
      0.48,
      0.54,
      0.6,
      0.66,
      0.72,
      0.78,
      0.84,
      0.9,
      0.96,
      1.02,
      1.08,
      1.14,
      1.2,
      1.26,
      1.32,
      1.38,
      1.44,
      1.5,
      1.56,
      1.62,
      1.68,
      1.74,
      1.8,
      1.86,
      1.92
    ],
    "TaskName": "d1-decoder_construction",
    "dataset": "ds002596",
    "modality": "bold",
    "run_id": 6,
    "subject_id": "02",
    "task_id": "d1"
  },
  "dummy_trs": 0,
  "dvars_nstd": 16.338749012539687,
  "dvars_std": 1.1998844167195766,
  "dvars_vstd": 0.9932473109523808,
  "efc": 0.5593929174126042,
  "fber": 4312.45458984375,
  "fd_mean": 0.09561007320817591,
  "fd_num": 6,
  "fd_perc": 3.1578947368421053,
  "fwhm_avg": 1.5689723542122989,
  "fwhm_x": 1.543487148357848,
  "fwhm_y": 1.7010424142790483,
  "fwhm_z": 1.4623875,
  "gcor": 0.0524708,
  "gsr_x": 0.013425782322883606,
  "gsr_y": 0.031445473432540894,
  "provenance": {
    "md5sum": "10fa2b41043ade25413e30ec603f771a",
    "settings": {
      "fd_thres": 0.2,
      "testing": false
    },
    "software": "mriqc",
    "version": "22.0.1",
    "webapi_port": null,
    "webapi_url": "https://mriqc.nimh.nih.gov/api/v1"
  },
  "size_t": 190,
  "size_x": 64,
  "size_y": 64,
  "size_z": 33,
  "snr": 6.2904264748228425,
  "spacing_tr": 2.0,
  "spacing_x": 3.203130006790161,
  "spacing_y": 3.203130006790161,
  "spacing_z": 4.0,
  "summary_bg_k": 8.998292026635113,
  "summary_bg_mad": 19.80444549324003,
  "summary_bg_mean": 76.7280044555664,
  "summary_bg_median": 15.321053504943848,
  "summary_bg_n": 75914.0,
  "summary_bg_p05": 1.2894737720489502,
  "summary_bg_p95": 395.68948822021395,
  "summary_bg_stdv": 139.34030151367188,
  "summary_fg_k": 1.896705065820342,
  "summary_fg_mad": 158.950585594988,
  "summary_fg_mean": 1025.9310302734375,
  "summary_fg_median": 1017.62109375,
  "summary_fg_n": 27810.0,
  "summary_fg_p05": 795.6621246337891,
  "summary_fg_p95": 1293.4650634765624,
  "summary_fg_stdv": 161.77008056640625,
  "tsnr": 95.67140127997845
}