{
  "aor": 0.0005956382978723404,
  "aqi": 0.003469719361702127,
  "bids_meta": {
    "AcquisitionDateTime": "2017-05-19T14:50:57.125000",
    "ConversionSoftware": "dcm2niix",
    "ConversionSoftwareVersion": "v1.0.20170314",
    "EchoTime": 0.026,
    "EffectiveEchoSpacing": 0.000489996,
    "FlipAngle": 80,
    "ImageType": [
      "ORIGINAL",
      "PRIMARY",
      "M",
      "ND",
      "NORM",
      "MOSAIC"
    ],
    "MagneticFieldStrength": 3,
    "Manufacturer": "Siemens",
    "ManufacturersModelName": "Prisma_fit",
    "PhaseEncodingDirection": "j-",
    "ProcedureStepDescription": "Head_64ch_Mosra",
    "ProtocolName": "bold_TR2_32_190_1",
    "RepetitionTime": 2,
    "SequenceName": "_epfid2d1_64",
    "SliceTiming": [
      0,
      0.06,
      0.12,
      0.18,
      0.24,
      0.3,
      0.36,
      0.42,
      0.48,
      0.54,
      0.6,
      0.66,
      0.72,
      0.78,
      0.84,
      0.9,
      0.96,
      1.02,
      1.08,
      1.14,
      1.2,
      1.26,
      1.32,
      1.38,
      1.44,
      1.5,
      1.56,
      1.62,
      1.68,
      1.74,
      1.8,
      1.86,
      1.92
    ],
    "TaskName": "d2-adaptive_tcontrol",
    "dataset": "ds002596",
    "modality": "bold",
    "run_id": 1,
    "subject_id": "02",
    "task_id": "d2"
  },
  "dummy_trs": 2,
  "dvars_nstd": 19.127983552245993,
  "dvars_std": 1.2860131428877,
  "dvars_vstd": 0.9708501883957228,
  "efc": 0.5544817104239628,
  "fber": 5252.2314453125,
  "fd_mean": 0.10195724079480321,
  "fd_num": 3,
  "fd_perc": 1.5957446808510638,
  "fwhm_avg": 1.5824761956287088,
  "fwhm_x": 1.5459753395905187,
  "fwhm_y": 1.7142482472956073,
  "fwhm_z": 1.487205,
  "gcor": 0.0706083,
  "gsr_x": 0.01522456482052803,
  "gsr_y": 0.032466333359479904,
  "provenance": {
    "md5sum": "d26817ccbf98663b8ed2611e633fce4f",
    "settings": {
      "fd_thres": 0.2,
      "testing": false
    },
    "software": "mriqc",
    "version": "22.0.1",
    "webapi_port": null,
    "webapi_url": "https://mriqc.nimh.nih.gov/api/v1"
  },
  "size_t": 188,
  "size_x": 64,
  "size_y": 64,
  "size_z": 33,
  "snr": 6.3403975936185635,
  "spacing_tr": 2.0,
  "spacing_x": 3.203130006790161,
  "spacing_y": 3.203130006790161,
  "spacing_z": 4.0,
  "summary_bg_k": 9.640865345322194,
  "summary_bg_mad": 17.68870525186059,
  "summary_bg_mean": 71.16300201416016,
  "summary_bg_median": 13.797871589660645,
  "summary_bg_n": 75777.0,
  "summary_bg_p05": 1.228723406791687,
  "summary_bg_p95": 367.0638183593747,
  "summary_bg_stdv": 132.2066192626953,
  "summary_fg_k": 1.7222332941623861,
  "summary_fg_mad": 159.0012152300743,
  "summary_fg_mean": 1030.4287109375,
  "summary_fg_median": 1020.1276245117188,
  "summary_fg_n": 27943.0,
  "summary_fg_p05": 801.9478393554688,
  "summary_fg_p95": 1292.5813598632812,
  "summary_fg_stdv": 160.89044189453125,
  "tsnr": 96.85180283570662
}