{
  "aor": 0.001265079365079365,
  "aqi": 0.0033546823809523815,
  "bids_meta": {
    "AcquisitionDateTime": "2017-05-19T15:20:0.421875",
    "ConversionSoftware": "dcm2niix",
    "ConversionSoftwareVersion": "v1.0.20170314",
    "EchoTime": 0.026,
    "EffectiveEchoSpacing": 0.000489996,
    "FlipAngle": 80,
    "ImageType": [
      "ORIGINAL",
      "PRIMARY",
      "M",
      "ND",
      "NORM",
      "MOSAIC"
    ],
    "MagneticFieldStrength": 3,
    "Manufacturer": "Siemens",
    "ManufacturersModelName": "Prisma_fit",
    "PhaseEncodingDirection": "j-",
    "ProcedureStepDescription": "Head_64ch_Mosra",
    "ProtocolName": "bold_TR2_32_190_5",
    "RepetitionTime": 2,
    "SequenceName": "_epfid2d1_64",
    "SliceTiming": [
      0,
      0.06,
      0.12,
      0.18,
      0.24,
      0.3,
      0.36,
      0.42,
      0.48,
      0.54,
      0.6,
      0.66,
      0.72,
      0.78,
      0.84,
      0.9,
      0.96,
      1.02,
      1.08,
      1.14,
      1.2,
      1.26,
      1.32,
      1.38,
      1.44,
      1.5,
      1.56,
      1.62,
      1.68,
      1.74,
      1.8,
      1.86,
      1.92
    ],
    "TaskName": "d2-adaptive_tcontrol",
    "dataset": "ds002596",
    "modality": "bold",
    "run_id": 5,
    "subject_id": "02",
    "task_id": "d2"
  },
  "dummy_trs": 1,
  "dvars_nstd": 18.094689232446804,
  "dvars_std": 1.2630703339361704,
  "dvars_vstd": 0.9931861585638301,
  "efc": 0.5589199855365464,
  "fber": 4652.859375,
  "fd_mean": 0.11017220439824048,
  "fd_num": 6,
  "fd_perc": 3.1746031746031744,
  "fwhm_avg": 1.5849668691713223,
  "fwhm_x": 1.5469462649021382,
  "fwhm_y": 1.7156843426118287,
  "fwhm_z": 1.49227,
  "gcor": 0.0326638,
  "gsr_x": 0.01719818077981472,
  "gsr_y": 0.03168981522321701,
  "provenance": {
    "md5sum": "1bc0dc79ed7343f23d7c4b24dbae37db",
    "settings": {
      "fd_thres": 0.2,
      "testing": false
    },
    "software": "mriqc",
    "version": "22.0.1",
    "webapi_port": null,
    "webapi_url": "https://mriqc.nimh.nih.gov/api/v1"
  },
  "size_t": 189,
  "size_x": 64,
  "size_y": 64,
  "size_z": 33,
  "snr": 6.2662392635543425,
  "spacing_tr": 2.0,
  "spacing_x": 3.203130006790161,
  "spacing_y": 3.203130006790161,
  "spacing_z": 4.0,
  "summary_bg_k": 9.168921982643107,
  "summary_bg_mad": 18.74824998364435,
  "summary_bg_mean": 74.90715026855469,
  "summary_bg_median": 14.566137313842773,
  "summary_bg_n": 75770.0,
  "summary_bg_p05": 1.2275131940841675,
  "summary_bg_p95": 387.787013244629,
  "summary_bg_stdv": 137.5879364013672,
  "summary_fg_k": 1.7252245462982687,
  "summary_fg_mad": 157.54413143354253,
  "summary_fg_mean": 1017.447021484375,
  "summary_fg_median": 1008.2010498046875,
  "summary_fg_n": 28040.0,
  "summary_fg_p05": 789.5523681640625,
  "summary_fg_p95": 1283.0594299316406,
  "summary_fg_stdv": 160.89125061035156,
  "tsnr": 98.88038952369243
}