{
  "aor": 0.0013493650793650793,
  "aqi": 0.003780600264550265,
  "bids_meta": {
    "AcquisitionDateTime": "2017-05-17T15:08:30.515625",
    "ConversionSoftware": "dcm2niix",
    "ConversionSoftwareVersion": "v1.0.20170314",
    "EchoTime": 0.026,
    "EffectiveEchoSpacing": 0.000489996,
    "FlipAngle": 80,
    "ImageType": [
      "ORIGINAL",
      "PRIMARY",
      "M",
      "ND",
      "NORM",
      "MOSAIC"
    ],
    "MagneticFieldStrength": 3,
    "Manufacturer": "Siemens",
    "ManufacturersModelName": "Prisma_fit",
    "PhaseEncodingDirection": "j-",
    "ProcedureStepDescription": "Head_64ch_Mosra",
    "ProtocolName": "bold_TR2_32_190_1",
    "RepetitionTime": 2,
    "SequenceName": "_epfid2d1_64",
    "SliceTiming": [
      0,
      0.06,
      0.12,
      0.18,
      0.24,
      0.3,
      0.36,
      0.42,
      0.48,
      0.54,
      0.6,
      0.66,
      0.72,
      0.78,
      0.84,
      0.9,
      0.96,
      1.02,
      1.08,
      1.14,
      1.2,
      1.26,
      1.32,
      1.38,
      1.44,
      1.5,
      1.56,
      1.62,
      1.68,
      1.74,
      1.8,
      1.86,
      1.92
    ],
    "TaskName": "d1-decoder_construction",
    "dataset": "ds002596",
    "modality": "bold",
    "run_id": 1,
    "subject_id": "02",
    "task_id": "d1"
  },
  "dummy_trs": 1,
  "dvars_nstd": 21.45694637260639,
  "dvars_std": 1.3422585794680848,
  "dvars_vstd": 0.9994888031914897,
  "efc": 0.5533422672350581,
  "fber": 5193.23486328125,
  "fd_mean": 0.12476273400431125,
  "fd_num": 15,
  "fd_perc": 7.936507936507937,
  "fwhm_avg": 1.56517751326607,
  "fwhm_x": 1.5355261851918374,
  "fwhm_y": 1.7002088546063718,
  "fwhm_z": 1.4597975,
  "gcor": 0.075455,
  "gsr_x": 0.012360668741166592,
  "gsr_y": 0.031187959015369415,
  "provenance": {
    "md5sum": "22a82f891432f330fdc2dc687ea7d8b7",
    "settings": {
      "fd_thres": 0.2,
      "testing": false
    },
    "software": "mriqc",
    "version": "22.0.1",
    "webapi_port": null,
    "webapi_url": "https://mriqc.nimh.nih.gov/api/v1"
  },
  "size_t": 189,
  "size_x": 64,
  "size_y": 64,
  "size_z": 33,
  "snr": 6.37405184687412,
  "spacing_tr": 2.0,
  "spacing_x": 3.203130006790161,
  "spacing_y": 3.203130006790161,
  "spacing_z": 4.0,
  "summary_bg_k": 9.928168046084963,
  "summary_bg_mad": 18.301115389299312,
  "summary_bg_mean": 71.65757751464844,
  "summary_bg_median": 14.185184478759766,
  "summary_bg_n": 75961.0,
  "summary_bg_p05": 1.158730149269104,
  "summary_bg_p95": 372.3544921875,
  "summary_bg_stdv": 133.3218231201172,
  "summary_fg_k": 1.959353260889741,
  "summary_fg_mad": 158.54437213314282,
  "summary_fg_mean": 1042.265869140625,
  "summary_fg_median": 1033.452392578125,
  "summary_fg_n": 27808.0,
  "summary_fg_p05": 813.2788024902344,
  "summary_fg_p95": 1308.045715332031,
  "summary_fg_stdv": 162.13137817382812,
  "tsnr": 94.80622267350554
}