{
  "aor": 0.005298412698412697,
  "aqi": 0.004333539735449736,
  "bids_meta": {
    "AcquisitionDateTime": "2017-05-30T11:06:42.835938",
    "ConversionSoftware": "dcm2niix",
    "ConversionSoftwareVersion": "v1.0.20170314",
    "EchoTime": 0.026,
    "EffectiveEchoSpacing": 0.000489996,
    "FlipAngle": 80,
    "ImageType": [
      "ORIGINAL",
      "PRIMARY",
      "M",
      "ND",
      "NORM",
      "MOSAIC"
    ],
    "MagneticFieldStrength": 3,
    "Manufacturer": "Siemens",
    "ManufacturersModelName": "Prisma_fit",
    "PhaseEncodingDirection": "j-",
    "ProcedureStepDescription": "Head_64ch_Mosra",
    "ProtocolName": "bold_TR2_32_190_4",
    "RepetitionTime": 2,
    "SequenceName": "_epfid2d1_64",
    "SliceTiming": [
      0,
      0.06,
      0.12,
      0.18,
      0.24,
      0.3,
      0.36,
      0.42,
      0.48,
      0.54,
      0.6,
      0.66,
      0.72,
      0.78,
      0.84,
      0.9,
      0.96,
      1.02,
      1.08,
      1.14,
      1.2,
      1.26,
      1.32,
      1.38,
      1.44,
      1.5,
      1.56,
      1.62,
      1.68,
      1.74,
      1.8,
      1.86,
      1.92
    ],
    "TaskName": "d1-decoder_construction",
    "dataset": "ds002596",
    "modality": "bold",
    "run_id": 4,
    "subject_id": "19",
    "task_id": "d1"
  },
  "dummy_trs": 1,
  "dvars_nstd": 20.563598622606378,
  "dvars_std": 1.3998811906914896,
  "dvars_vstd": 1.0494318285106383,
  "efc": 0.547551971282601,
  "fber": 3012.681396484375,
  "fd_mean": 0.13532067626901326,
  "fd_num": 14,
  "fd_perc": 7.407407407407407,
  "fwhm_avg": 1.6382422130553846,
  "fwhm_x": 1.5987487205153206,
  "fwhm_y": 1.8308779186508333,
  "fwhm_z": 1.4851,
  "gcor": 0.0355933,
  "gsr_x": 0.009502962231636047,
  "gsr_y": 0.031098490580916405,
  "provenance": {
    "md5sum": "c4b11f9841e1f58ac09288522149c5a9",
    "settings": {
      "fd_thres": 0.2,
      "testing": false
    },
    "software": "mriqc",
    "version": "22.0.1",
    "webapi_port": null,
    "webapi_url": "https://mriqc.nimh.nih.gov/api/v1"
  },
  "size_t": 189,
  "size_x": 64,
  "size_y": 64,
  "size_z": 33,
  "snr": 6.9085364551745725,
  "spacing_tr": 2.0,
  "spacing_x": 3.203130006790161,
  "spacing_y": 3.203130006790161,
  "spacing_z": 4.0,
  "summary_bg_k": 12.56842651157349,
  "summary_bg_mad": 24.843392692791763,
  "summary_bg_mean": 71.3393325805664,
  "summary_bg_median": 19.005290985107422,
  "summary_bg_n": 78215.0,
  "summary_bg_p05": 1.4074074029922485,
  "summary_bg_p95": 327.80368957519534,
  "summary_bg_stdv": 124.24102020263672,
  "summary_fg_k": 2.67052610844946,
  "summary_fg_mad": 140.6550081755062,
  "summary_fg_mean": 1066.570556640625,
  "summary_fg_median": 1057.2486572265625,
  "summary_fg_n": 26370.0,
  "summary_fg_p05": 856.5277709960938,
  "summary_fg_p95": 1319.636474609375,
  "summary_fg_stdv": 153.03221130371094,
  "tsnr": 92.71084951423109
}