{
  "aor": 0.004351375661375662,
  "aqi": 0.004974040793650793,
  "bids_meta": {
    "AcquisitionDateTime": "2017-05-31T11:03:12.882812",
    "ConversionSoftware": "dcm2niix",
    "ConversionSoftwareVersion": "v1.0.20170314",
    "EchoTime": 0.026,
    "EffectiveEchoSpacing": 0.000489996,
    "FlipAngle": 80,
    "ImageType": [
      "ORIGINAL",
      "PRIMARY",
      "M",
      "ND",
      "NORM",
      "MOSAIC"
    ],
    "MagneticFieldStrength": 3,
    "Manufacturer": "Siemens",
    "ManufacturersModelName": "Prisma_fit",
    "PhaseEncodingDirection": "j-",
    "ProcedureStepDescription": "Head_64ch_Mosra",
    "ProtocolName": "bold_TR2_32_190_5",
    "RepetitionTime": 2,
    "SequenceName": "_epfid2d1_64",
    "SliceTiming": [
      0,
      0.06,
      0.12,
      0.18,
      0.24,
      0.3,
      0.36,
      0.42,
      0.48,
      0.54,
      0.6,
      0.66,
      0.72,
      0.78,
      0.84,
      0.9,
      0.96,
      1.02,
      1.08,
      1.14,
      1.2,
      1.26,
      1.32,
      1.3775,
      1.4375,
      1.4975,
      1.5575,
      1.6175,
      1.6775,
      1.7375,
      1.7975,
      1.8575,
      1.9175
    ],
    "TaskName": "d2-adaptive_tcontrol",
    "dataset": "ds002596",
    "modality": "bold",
    "run_id": 5,
    "subject_id": "19",
    "task_id": "d2"
  },
  "dummy_trs": 1,
  "dvars_nstd": 18.8084288100532,
  "dvars_std": 1.2890779161702122,
  "dvars_vstd": 1.0245674254787234,
  "efc": 0.5486698869092844,
  "fber": 2863.682861328125,
  "fd_mean": 0.1602359705285054,
  "fd_num": 25,
  "fd_perc": 13.227513227513228,
  "fwhm_avg": 1.6402854221715142,
  "fwhm_x": 1.6026698851178733,
  "fwhm_y": 1.8235038813966697,
  "fwhm_z": 1.4946825,
  "gcor": 0.0595724,
  "gsr_x": 0.007033060304820538,
  "gsr_y": 0.031675033271312714,
  "provenance": {
    "md5sum": "f3ed0b97a53074e98338e7d7109b4ef2",
    "settings": {
      "fd_thres": 0.2,
      "testing": false
    },
    "software": "mriqc",
    "version": "22.0.1",
    "webapi_port": null,
    "webapi_url": "https://mriqc.nimh.nih.gov/api/v1"
  },
  "size_t": 189,
  "size_x": 64,
  "size_y": 64,
  "size_z": 33,
  "snr": 6.930336169441193,
  "spacing_tr": 2.0,
  "spacing_x": 3.203130006790161,
  "spacing_y": 3.203130006790161,
  "spacing_z": 4.0,
  "summary_bg_k": 12.791434735091814,
  "summary_bg_mad": 24.984592011962036,
  "summary_bg_mean": 71.30609130859375,
  "summary_bg_median": 19.158729553222656,
  "summary_bg_n": 78268.0,
  "summary_bg_p05": 1.449735403060913,
  "summary_bg_p95": 324.51797485351545,
  "summary_bg_stdv": 123.89511108398438,
  "summary_fg_k": 2.8281417454192663,
  "summary_fg_mad": 136.72888131672306,
  "summary_fg_mean": 1053.69140625,
  "summary_fg_median": 1043.5396728515625,
  "summary_fg_n": 26259.0,
  "summary_fg_p05": 847.58994140625,
  "summary_fg_p95": 1299.587841796875,
  "summary_fg_stdv": 150.57275390625,
  "tsnr": 87.66873045824468
}