{
  "aor": 0.0012243915343915343,
  "aqi": 0.003946422328042328,
  "bids_meta": {
    "AcquisitionDateTime": "2017-05-30T10:44:37.265625",
    "ConversionSoftware": "dcm2niix",
    "ConversionSoftwareVersion": "v1.0.20170314",
    "EchoTime": 0.026,
    "EffectiveEchoSpacing": 0.000489996,
    "FlipAngle": 80,
    "ImageType": [
      "ORIGINAL",
      "PRIMARY",
      "M",
      "ND",
      "NORM",
      "MOSAIC"
    ],
    "MagneticFieldStrength": 3,
    "Manufacturer": "Siemens",
    "ManufacturersModelName": "Prisma_fit",
    "PhaseEncodingDirection": "j-",
    "ProcedureStepDescription": "Head_64ch_Mosra",
    "ProtocolName": "bold_TR2_32_190_1",
    "RepetitionTime": 2,
    "SequenceName": "_epfid2d1_64",
    "SliceTiming": [
      0,
      0.06,
      0.12,
      0.18,
      0.24,
      0.3,
      0.36,
      0.42,
      0.48,
      0.54,
      0.6,
      0.66,
      0.72,
      0.78,
      0.84,
      0.9,
      0.96,
      1.02,
      1.08,
      1.14,
      1.2,
      1.26,
      1.32,
      1.38,
      1.44,
      1.5,
      1.56,
      1.62,
      1.68,
      1.74,
      1.8,
      1.86,
      1.92
    ],
    "TaskName": "d1-decoder_construction",
    "dataset": "ds002596",
    "modality": "bold",
    "run_id": 1,
    "subject_id": "19",
    "task_id": "d1"
  },
  "dummy_trs": 1,
  "dvars_nstd": 19.93428148106382,
  "dvars_std": 1.321531550744681,
  "dvars_vstd": 0.9949950125,
  "efc": 0.5452181137406861,
  "fber": 3269.90185546875,
  "fd_mean": 0.13461296350718427,
  "fd_num": 15,
  "fd_perc": 7.936507936507937,
  "fwhm_avg": 1.6322053280524111,
  "fwhm_x": 1.5923861938751913,
  "fwhm_y": 1.819379790282042,
  "fwhm_z": 1.48485,
  "gcor": 0.0456663,
  "gsr_x": 0.009225141257047653,
  "gsr_y": 0.031001456081867218,
  "provenance": {
    "md5sum": "9d1ff029106d94d9fbd2d4a2a6158440",
    "settings": {
      "fd_thres": 0.2,
      "testing": false
    },
    "software": "mriqc",
    "version": "22.0.1",
    "webapi_port": null,
    "webapi_url": "https://mriqc.nimh.nih.gov/api/v1"
  },
  "size_t": 189,
  "size_x": 64,
  "size_y": 64,
  "size_z": 33,
  "snr": 6.949076013200146,
  "spacing_tr": 2.0,
  "spacing_x": 3.203130006790161,
  "spacing_y": 3.203130006790161,
  "spacing_z": 4.0,
  "summary_bg_k": 12.84356616355363,
  "summary_bg_mad": 23.949122797141857,
  "summary_bg_mean": 70.0895004272461,
  "summary_bg_median": 18.37036895751953,
  "summary_bg_n": 78275.0,
  "summary_bg_p05": 1.4074074029922485,
  "summary_bg_p95": 322.11480712890636,
  "summary_bg_stdv": 123.4847183227539,
  "summary_fg_k": 2.6994062052018215,
  "summary_fg_mad": 141.3727816616626,
  "summary_fg_mean": 1072.3681640625,
  "summary_fg_median": 1062.41796875,
  "summary_fg_n": 26318.0,
  "summary_fg_p05": 860.8978759765625,
  "summary_fg_p95": 1322.0245849609373,
  "summary_fg_stdv": 152.88331604003906,
  "tsnr": 99.28785228356719
}