{
  "aor": 0.003417287234042553,
  "aqi": 0.004560566755319149,
  "bids_meta": {
    "AcquisitionDateTime": "2017-05-31T10:48:54.156250",
    "ConversionSoftware": "dcm2niix",
    "ConversionSoftwareVersion": "v1.0.20170314",
    "EchoTime": 0.026,
    "EffectiveEchoSpacing": 0.000489996,
    "FlipAngle": 80,
    "ImageType": [
      "ORIGINAL",
      "PRIMARY",
      "M",
      "ND",
      "NORM",
      "MOSAIC"
    ],
    "MagneticFieldStrength": 3,
    "Manufacturer": "Siemens",
    "ManufacturersModelName": "Prisma_fit",
    "PhaseEncodingDirection": "j-",
    "ProcedureStepDescription": "Head_64ch_Mosra",
    "ProtocolName": "bold_TR2_32_190_3",
    "RepetitionTime": 2,
    "SequenceName": "_epfid2d1_64",
    "SliceTiming": [
      0,
      0.06,
      0.12,
      0.18,
      0.24,
      0.3,
      0.36,
      0.42,
      0.48,
      0.54,
      0.6,
      0.66,
      0.72,
      0.78,
      0.84,
      0.9,
      0.96,
      1.02,
      1.08,
      1.14,
      1.2,
      1.26,
      1.32,
      1.38,
      1.44,
      1.5,
      1.56,
      1.62,
      1.68,
      1.74,
      1.8,
      1.86,
      1.92
    ],
    "TaskName": "d2-adaptive_tcontrol",
    "dataset": "ds002596",
    "modality": "bold",
    "run_id": 3,
    "subject_id": "19",
    "task_id": "d2"
  },
  "dummy_trs": 2,
  "dvars_nstd": 18.28918914454545,
  "dvars_std": 1.2654592571122993,
  "dvars_vstd": 1.013033609090909,
  "efc": 0.5465452345542826,
  "fber": 3048.15625,
  "fd_mean": 0.15905264966408825,
  "fd_num": 34,
  "fd_perc": 18.085106382978722,
  "fwhm_avg": 1.6246515802815864,
  "fwhm_x": 1.5910094155394223,
  "fwhm_y": 1.8047753253053371,
  "fwhm_z": 1.47817,
  "gcor": 0.0522746,
  "gsr_x": 0.007920579053461552,
  "gsr_y": 0.03139039874076843,
  "provenance": {
    "md5sum": "e728ae9ea790aefcdb24dbe535278415",
    "settings": {
      "fd_thres": 0.2,
      "testing": false
    },
    "software": "mriqc",
    "version": "22.0.1",
    "webapi_port": null,
    "webapi_url": "https://mriqc.nimh.nih.gov/api/v1"
  },
  "size_t": 188,
  "size_x": 64,
  "size_y": 64,
  "size_z": 33,
  "snr": 6.902973277967552,
  "spacing_tr": 2.0,
  "spacing_x": 3.203130006790161,
  "spacing_y": 3.203130006790161,
  "spacing_z": 4.0,
  "summary_bg_k": 12.718071106848837,
  "summary_bg_mad": 23.973993997392547,
  "summary_bg_mean": 70.57839965820312,
  "summary_bg_median": 18.617021560668945,
  "summary_bg_n": 78346.0,
  "summary_bg_p05": 1.7393616437911987,
  "summary_bg_p95": 324.96541595458984,
  "summary_bg_stdv": 124.00797271728516,
  "summary_fg_k": 3.0274173906313786,
  "summary_fg_mad": 136.9751069415127,
  "summary_fg_mean": 1056.762939453125,
  "summary_fg_median": 1047.1356201171875,
  "summary_fg_n": 26310.0,
  "summary_fg_p05": 851.3842895507812,
  "summary_fg_p95": 1303.9667358398438,
  "summary_fg_stdv": 151.69053649902344,
  "tsnr": 90.79291905090213
}