{
  "aor": 0.009981587301587302,
  "aqi": 0.011312406931216932,
  "bids_meta": {
    "AcquisitionDateTime": "2017-05-24T11:29:20.867188",
    "ConversionSoftware": "dcm2niix",
    "ConversionSoftwareVersion": "v1.0.20170314",
    "EchoTime": 0.026,
    "EffectiveEchoSpacing": 0.000489996,
    "FlipAngle": 80,
    "ImageType": [
      "ORIGINAL",
      "PRIMARY",
      "M",
      "ND",
      "NORM",
      "MOSAIC"
    ],
    "MagneticFieldStrength": 3,
    "Manufacturer": "Siemens",
    "ManufacturersModelName": "Prisma_fit",
    "PhaseEncodingDirection": "j-",
    "ProcedureStepDescription": "Head_64ch_Mosra",
    "ProtocolName": "bold_TR2_32_190_4",
    "RepetitionTime": 2,
    "SequenceName": "_epfid2d1_64",
    "SliceTiming": [
      0,
      0.06,
      0.12,
      0.18,
      0.24,
      0.3,
      0.36,
      0.42,
      0.48,
      0.54,
      0.6,
      0.66,
      0.72,
      0.78,
      0.84,
      0.9,
      0.96,
      1.02,
      1.08,
      1.14,
      1.2,
      1.26,
      1.32,
      1.38,
      1.44,
      1.5,
      1.56,
      1.62,
      1.68,
      1.74,
      1.8,
      1.86,
      1.92
    ],
    "TaskName": "d1-decoder_construction",
    "dataset": "ds002596",
    "modality": "bold",
    "run_id": 4,
    "subject_id": "09",
    "task_id": "d1"
  },
  "dummy_trs": 1,
  "dvars_nstd": 25.786810392765958,
  "dvars_std": 1.1933293613829783,
  "dvars_vstd": 0.9354030938297873,
  "efc": 0.5542392302583682,
  "fber": 4633.1259765625,
  "fd_mean": 0.20059431129582792,
  "fd_num": 42,
  "fd_perc": 22.22222222222222,
  "fwhm_avg": 1.8235259504123504,
  "fwhm_x": 1.787420425603434,
  "fwhm_y": 1.9668449256336167,
  "fwhm_z": 1.7163125,
  "gcor": 0.0435169,
  "gsr_x": 0.004278084728866816,
  "gsr_y": 0.02989107184112072,
  "provenance": {
    "md5sum": "d891dcea49025e0b6c386b403e26652d",
    "settings": {
      "fd_thres": 0.2,
      "testing": false
    },
    "software": "mriqc",
    "version": "22.0.1",
    "webapi_port": null,
    "webapi_url": "https://mriqc.nimh.nih.gov/api/v1"
  },
  "size_t": 189,
  "size_x": 64,
  "size_y": 64,
  "size_z": 33,
  "snr": 6.46705725175982,
  "spacing_tr": 2.0,
  "spacing_x": 3.203130006790161,
  "spacing_y": 3.203130006790161,
  "spacing_z": 4.0,
  "summary_bg_k": 11.482341465512876,
  "summary_bg_mad": 17.70101501313644,
  "summary_bg_mean": 68.71587371826172,
  "summary_bg_median": 14.097883224487305,
  "summary_bg_n": 76826.0,
  "summary_bg_p05": 1.3809523582458496,
  "summary_bg_p95": 372.6891326904297,
  "summary_bg_stdv": 131.4984130859375,
  "summary_fg_k": 2.4535895590523733,
  "summary_fg_mad": 140.4549328883287,
  "summary_fg_mean": 994.5355834960938,
  "summary_fg_median": 984.9205932617188,
  "summary_fg_n": 27137.0,
  "summary_fg_p05": 778.8634643554688,
  "summary_fg_p95": 1241.9872558593747,
  "summary_fg_stdv": 152.29530334472656,
  "tsnr": 54.25860986113548
}