{
  "aor": 0.0006082539682539682,
  "aqi": 0.007655065343915343,
  "bids_meta": {
    "AcquisitionDateTime": "2017-05-29T16:51:24.406250",
    "ConversionSoftware": "dcm2niix",
    "ConversionSoftwareVersion": "v1.0.20170314",
    "EchoTime": 0.026,
    "EffectiveEchoSpacing": 0.000489996,
    "FlipAngle": 80,
    "ImageType": [
      "ORIGINAL",
      "PRIMARY",
      "M",
      "ND",
      "NORM",
      "MOSAIC"
    ],
    "MagneticFieldStrength": 3,
    "Manufacturer": "Siemens",
    "ManufacturersModelName": "Prisma_fit",
    "PhaseEncodingDirection": "j-",
    "ProcedureStepDescription": "Head_64ch_Mosra",
    "ProtocolName": "bold_TR2_32_190_5",
    "RepetitionTime": 2,
    "SequenceName": "_epfid2d1_64",
    "SliceTiming": [
      0,
      0.06,
      0.12,
      0.18,
      0.24,
      0.3,
      0.36,
      0.42,
      0.48,
      0.54,
      0.6,
      0.66,
      0.72,
      0.78,
      0.84,
      0.9,
      0.96,
      1.02,
      1.08,
      1.14,
      1.2,
      1.26,
      1.32,
      1.38,
      1.44,
      1.5,
      1.56,
      1.62,
      1.68,
      1.74,
      1.8,
      1.86,
      1.92
    ],
    "TaskName": "d2-adaptive_tcontrol",
    "dataset": "ds002596",
    "modality": "bold",
    "run_id": 5,
    "subject_id": "17",
    "task_id": "d2"
  },
  "dummy_trs": 1,
  "dvars_nstd": 21.298593363563818,
  "dvars_std": 1.3042865221276598,
  "dvars_vstd": 0.9513729103723405,
  "efc": 0.49481905536293636,
  "fber": 10581.3193359375,
  "fd_mean": 0.15171957501847,
  "fd_num": 48,
  "fd_perc": 25.396825396825395,
  "fwhm_avg": 1.6269355413001059,
  "fwhm_x": 1.6177520078845389,
  "fwhm_y": 1.7748296160157786,
  "fwhm_z": 1.488225,
  "gcor": 0.0336231,
  "gsr_x": -0.007509734947234392,
  "gsr_y": 0.022379763424396515,
  "provenance": {
    "md5sum": "96a517075f5205b2445fce1e69f4459f",
    "settings": {
      "fd_thres": 0.2,
      "testing": false
    },
    "software": "mriqc",
    "version": "22.0.1",
    "webapi_port": null,
    "webapi_url": "https://mriqc.nimh.nih.gov/api/v1"
  },
  "size_t": 189,
  "size_x": 64,
  "size_y": 64,
  "size_z": 33,
  "snr": 7.01741398696196,
  "spacing_tr": 2.0,
  "spacing_x": 3.203130006790161,
  "spacing_y": 3.203130006790161,
  "spacing_z": 4.0,
  "summary_bg_k": 24.36662809718402,
  "summary_bg_mad": 11.735306397691444,
  "summary_bg_mean": 44.9858283996582,
  "summary_bg_median": 9.772486686706543,
  "summary_bg_n": 82536.0,
  "summary_bg_p05": 1.296296238899231,
  "summary_bg_p95": 223.3412628173828,
  "summary_bg_stdv": 94.21991729736328,
  "summary_fg_k": 2.307575787586728,
  "summary_fg_mad": 138.16442828903587,
  "summary_fg_mean": 1015.0321044921875,
  "summary_fg_median": 1011.3333129882812,
  "summary_fg_n": 22787.0,
  "summary_fg_p05": 803.6931213378906,
  "summary_fg_p95": 1242.017431640625,
  "summary_fg_stdv": 144.114501953125,
  "tsnr": 79.58897641859949
}