{
  "aor": 0.0027231578947368427,
  "aqi": 0.007362253894736841,
  "bids_meta": {
    "AcquisitionDateTime": "2017-05-26T16:57:14.531250",
    "ConversionSoftware": "dcm2niix",
    "ConversionSoftwareVersion": "v1.0.20170314",
    "EchoTime": 0.026,
    "EffectiveEchoSpacing": 0.000489996,
    "FlipAngle": 80,
    "ImageType": [
      "ORIGINAL",
      "PRIMARY",
      "M",
      "ND",
      "NORM",
      "MOSAIC"
    ],
    "MagneticFieldStrength": 3,
    "Manufacturer": "Siemens",
    "ManufacturersModelName": "Prisma_fit",
    "PhaseEncodingDirection": "j-",
    "ProcedureStepDescription": "Head_64ch_Mosra",
    "ProtocolName": "bold_TR2_32_190_5",
    "RepetitionTime": 2,
    "SequenceName": "_epfid2d1_64",
    "SliceTiming": [
      0,
      0.06,
      0.12,
      0.18,
      0.24,
      0.3,
      0.36,
      0.42,
      0.48,
      0.54,
      0.6,
      0.66,
      0.72,
      0.78,
      0.84,
      0.9,
      0.96,
      1.02,
      1.08,
      1.14,
      1.2,
      1.26,
      1.32,
      1.38,
      1.44,
      1.5,
      1.56,
      1.62,
      1.68,
      1.74,
      1.8,
      1.86,
      1.92
    ],
    "TaskName": "d1-decoder_construction",
    "dataset": "ds002596",
    "modality": "bold",
    "run_id": 5,
    "subject_id": "17",
    "task_id": "d1"
  },
  "dummy_trs": 0,
  "dvars_nstd": 22.997122618518517,
  "dvars_std": 1.4647549178835981,
  "dvars_vstd": 1.0171142812169318,
  "efc": 0.49622076383989505,
  "fber": 10976.4892578125,
  "fd_mean": 0.1795248595689515,
  "fd_num": 66,
  "fd_perc": 34.73684210526316,
  "fwhm_avg": 1.6549806146746697,
  "fwhm_x": 1.6408731424757057,
  "fwhm_y": 1.7981287015483032,
  "fwhm_z": 1.52594,
  "gcor": 0.0517042,
  "gsr_x": -0.009380966424942017,
  "gsr_y": 0.02214471809566021,
  "provenance": {
    "md5sum": "bbf7c93a2b4cca4d58dd5582af5b76a1",
    "settings": {
      "fd_thres": 0.2,
      "testing": false
    },
    "software": "mriqc",
    "version": "22.0.1",
    "webapi_port": null,
    "webapi_url": "https://mriqc.nimh.nih.gov/api/v1"
  },
  "size_t": 190,
  "size_x": 64,
  "size_y": 64,
  "size_z": 33,
  "snr": 6.808766877734384,
  "spacing_tr": 2.0,
  "spacing_x": 3.203130006790161,
  "spacing_y": 3.203130006790161,
  "spacing_z": 4.0,
  "summary_bg_k": 26.77540895075849,
  "summary_bg_mad": 11.579904255564237,
  "summary_bg_mean": 45.20356369018555,
  "summary_bg_median": 9.457895278930664,
  "summary_bg_n": 82322.0,
  "summary_bg_p05": 1.0684211254119873,
  "summary_bg_p95": 225.44395141601544,
  "summary_bg_stdv": 95.35552978515625,
  "summary_fg_k": 1.8284583510743202,
  "summary_fg_mad": 143.1178978594092,
  "summary_fg_mean": 1001.0509643554688,
  "summary_fg_median": 997.7894897460938,
  "summary_fg_n": 22969.0,
  "summary_fg_p05": 786.6958374023437,
  "summary_fg_p95": 1236.8179687499999,
  "summary_fg_stdv": 146.5416259765625,
  "tsnr": 77.81697836518288
}