{
  "aor": 0.007052473684210526,
  "aqi": 0.009703109421052628,
  "bids_meta": {
    "AcquisitionDateTime": "2017-05-26T16:33:53.250000",
    "ConversionSoftware": "dcm2niix",
    "ConversionSoftwareVersion": "v1.0.20170314",
    "EchoTime": 0.026,
    "EffectiveEchoSpacing": 0.000489996,
    "FlipAngle": 80,
    "ImageType": [
      "ORIGINAL",
      "PRIMARY",
      "M",
      "ND",
      "NORM",
      "MOSAIC"
    ],
    "MagneticFieldStrength": 3,
    "Manufacturer": "Siemens",
    "ManufacturersModelName": "Prisma_fit",
    "PhaseEncodingDirection": "j-",
    "ProcedureStepDescription": "Head_64ch_Mosra",
    "ProtocolName": "bold_TR2_32_190_2",
    "RepetitionTime": 2,
    "SequenceName": "_epfid2d1_64",
    "SliceTiming": [
      0,
      0.06,
      0.12,
      0.18,
      0.24,
      0.3,
      0.36,
      0.42,
      0.48,
      0.54,
      0.6,
      0.66,
      0.72,
      0.78,
      0.84,
      0.9,
      0.96,
      1.02,
      1.08,
      1.14,
      1.2,
      1.26,
      1.32,
      1.38,
      1.44,
      1.5,
      1.56,
      1.62,
      1.68,
      1.74,
      1.8,
      1.86,
      1.92
    ],
    "TaskName": "d1-decoder_construction",
    "dataset": "ds002596",
    "modality": "bold",
    "run_id": 2,
    "subject_id": "17",
    "task_id": "d1"
  },
  "dummy_trs": 0,
  "dvars_nstd": 23.623948415185176,
  "dvars_std": 1.445193079417989,
  "dvars_vstd": 1.0095379172486771,
  "efc": 0.49474536702332245,
  "fber": 11950.51171875,
  "fd_mean": 0.18011213061528034,
  "fd_num": 56,
  "fd_perc": 29.473684210526315,
  "fwhm_avg": 1.6560904027608145,
  "fwhm_x": 1.6543505848238107,
  "fwhm_y": 1.8012756234586322,
  "fwhm_z": 1.512645,
  "gcor": 0.0263232,
  "gsr_x": -0.009256668388843536,
  "gsr_y": 0.022493066266179085,
  "provenance": {
    "md5sum": "be392905667966d2af3ec865c9a64403",
    "settings": {
      "fd_thres": 0.2,
      "testing": false
    },
    "software": "mriqc",
    "version": "22.0.1",
    "webapi_port": null,
    "webapi_url": "https://mriqc.nimh.nih.gov/api/v1"
  },
  "size_t": 190,
  "size_x": 64,
  "size_y": 64,
  "size_z": 33,
  "snr": 6.8002279559915975,
  "spacing_tr": 2.0,
  "spacing_x": 3.203130006790161,
  "spacing_y": 3.203130006790161,
  "spacing_z": 4.0,
  "summary_bg_k": 28.348776334655636,
  "summary_bg_mad": 11.166335583662104,
  "summary_bg_mean": 43.82024002075195,
  "summary_bg_median": 9.089473724365234,
  "summary_bg_n": 82229.0,
  "summary_bg_p05": 0.9789474010467529,
  "summary_bg_p95": 217.2842254638672,
  "summary_bg_stdv": 92.54316711425781,
  "summary_fg_k": 1.623848393546817,
  "summary_fg_mad": 144.7488145942802,
  "summary_fg_mean": 1005.6666870117188,
  "summary_fg_median": 1001.5579223632812,
  "summary_fg_n": 23071.0,
  "summary_fg_p05": 789.1131896972656,
  "summary_fg_p95": 1244.9974365234375,
  "summary_fg_stdv": 147.27980041503906,
  "tsnr": 69.83726819045842
}