{
  "aor": 0.0029116315789473684,
  "aqi": 0.01672639421052632,
  "bids_meta": {
    "AcquisitionDateTime": "2017-05-26T16:26:39.250000",
    "ConversionSoftware": "dcm2niix",
    "ConversionSoftwareVersion": "v1.0.20170314",
    "EchoTime": 0.026,
    "EffectiveEchoSpacing": 0.000489996,
    "FlipAngle": 80,
    "ImageType": [
      "ORIGINAL",
      "PRIMARY",
      "M",
      "ND",
      "NORM",
      "MOSAIC"
    ],
    "MagneticFieldStrength": 3,
    "Manufacturer": "Siemens",
    "ManufacturersModelName": "Prisma_fit",
    "PhaseEncodingDirection": "j-",
    "ProcedureStepDescription": "Head_64ch_Mosra",
    "ProtocolName": "bold_TR2_32_190_1",
    "RepetitionTime": 2,
    "SequenceName": "_epfid2d1_64",
    "SliceTiming": [
      0,
      0.06,
      0.12,
      0.18,
      0.24,
      0.3,
      0.36,
      0.42,
      0.48,
      0.54,
      0.6,
      0.66,
      0.72,
      0.78,
      0.84,
      0.9,
      0.96,
      1.02,
      1.08,
      1.14,
      1.2,
      1.26,
      1.32,
      1.38,
      1.44,
      1.5,
      1.56,
      1.62,
      1.6775,
      1.7375,
      1.7975,
      1.8575,
      1.9175
    ],
    "TaskName": "d1-decoder_construction",
    "dataset": "ds002596",
    "modality": "bold",
    "run_id": 1,
    "subject_id": "17",
    "task_id": "d1"
  },
  "dummy_trs": 0,
  "dvars_nstd": 23.147327130264564,
  "dvars_std": 1.3420026883068779,
  "dvars_vstd": 0.9410432027513225,
  "efc": 0.49387869996877815,
  "fber": 12258.4521484375,
  "fd_mean": 0.1686898982246562,
  "fd_num": 59,
  "fd_perc": 31.05263157894737,
  "fwhm_avg": 1.6863569033177097,
  "fwhm_x": 1.6682370021424051,
  "fwhm_y": 1.8409337078107237,
  "fwhm_z": 1.5499,
  "gcor": 0.0266283,
  "gsr_x": -0.008474341593682766,
  "gsr_y": 0.022132935002446175,
  "provenance": {
    "md5sum": "97e1eea62d6a3b47af2db5096b64ae65",
    "settings": {
      "fd_thres": 0.2,
      "testing": false
    },
    "software": "mriqc",
    "version": "22.0.1",
    "webapi_port": null,
    "webapi_url": "https://mriqc.nimh.nih.gov/api/v1"
  },
  "size_t": 190,
  "size_x": 64,
  "size_y": 64,
  "size_z": 33,
  "snr": 6.863804888056279,
  "spacing_tr": 2.0,
  "spacing_x": 3.203130006790161,
  "spacing_y": 3.203130006790161,
  "spacing_z": 4.0,
  "summary_bg_k": 29.75642031172397,
  "summary_bg_mad": 10.90102858287818,
  "summary_bg_mean": 42.66666793823242,
  "summary_bg_median": 8.957895278930664,
  "summary_bg_n": 82162.0,
  "summary_bg_p05": 1.0526316165924072,
  "summary_bg_p95": 209.41185455322244,
  "summary_bg_stdv": 90.46856689453125,
  "summary_fg_k": 1.5977683310161535,
  "summary_fg_mad": 143.3052139355998,
  "summary_fg_mean": 1007.1276245117188,
  "summary_fg_median": 1002.8737182617188,
  "summary_fg_n": 23087.0,
  "summary_fg_p05": 790.1263366699219,
  "summary_fg_p95": 1244.5800415039064,
  "summary_fg_stdv": 146.1072998046875,
  "tsnr": 54.24143012613058
}