{
  "aor": 0.000898835978835979,
  "aqi": 0.005618022857142858,
  "bids_meta": {
    "AcquisitionDateTime": "2017-05-29T16:37:9.265625",
    "ConversionSoftware": "dcm2niix",
    "ConversionSoftwareVersion": "v1.0.20170314",
    "EchoTime": 0.026,
    "EffectiveEchoSpacing": 0.000489996,
    "FlipAngle": 80,
    "ImageType": [
      "ORIGINAL",
      "PRIMARY",
      "M",
      "ND",
      "NORM",
      "MOSAIC"
    ],
    "MagneticFieldStrength": 3,
    "Manufacturer": "Siemens",
    "ManufacturersModelName": "Prisma_fit",
    "PhaseEncodingDirection": "j-",
    "ProcedureStepDescription": "Head_64ch_Mosra",
    "ProtocolName": "bold_TR2_32_190_3",
    "RepetitionTime": 2,
    "SequenceName": "_epfid2d1_64",
    "SliceTiming": [
      0,
      0.06,
      0.12,
      0.18,
      0.24,
      0.3,
      0.36,
      0.42,
      0.48,
      0.54,
      0.6,
      0.66,
      0.72,
      0.78,
      0.84,
      0.9,
      0.96,
      1.02,
      1.08,
      1.14,
      1.2,
      1.26,
      1.32,
      1.38,
      1.44,
      1.5,
      1.56,
      1.62,
      1.68,
      1.74,
      1.8,
      1.86,
      1.92
    ],
    "TaskName": "d2-adaptive_tcontrol",
    "dataset": "ds002596",
    "modality": "bold",
    "run_id": 3,
    "subject_id": "17",
    "task_id": "d2"
  },
  "dummy_trs": 1,
  "dvars_nstd": 21.60945962340427,
  "dvars_std": 1.3721926995744695,
  "dvars_vstd": 0.9786504415957451,
  "efc": 0.49396621541101987,
  "fber": 11139.8369140625,
  "fd_mean": 0.1498301006561479,
  "fd_num": 45,
  "fd_perc": 23.80952380952381,
  "fwhm_avg": 1.6322770544584462,
  "fwhm_x": 1.6331244716607887,
  "fwhm_y": 1.7810141917145499,
  "fwhm_z": 1.4826925,
  "gcor": 0.0428814,
  "gsr_x": -0.00690314220264554,
  "gsr_y": 0.02191189117729664,
  "provenance": {
    "md5sum": "2093af238d99aab0cea3502e833074c8",
    "settings": {
      "fd_thres": 0.2,
      "testing": false
    },
    "software": "mriqc",
    "version": "22.0.1",
    "webapi_port": null,
    "webapi_url": "https://mriqc.nimh.nih.gov/api/v1"
  },
  "size_t": 189,
  "size_x": 64,
  "size_y": 64,
  "size_z": 33,
  "snr": 6.986117925608812,
  "spacing_tr": 2.0,
  "spacing_x": 3.203130006790161,
  "spacing_y": 3.203130006790161,
  "spacing_z": 4.0,
  "summary_bg_k": 24.937593894018566,
  "summary_bg_mad": 11.37446155262793,
  "summary_bg_mean": 44.16443634033203,
  "summary_bg_median": 9.507936477661133,
  "summary_bg_n": 82417.0,
  "summary_bg_p05": 1.2857142686843872,
  "summary_bg_p95": 219.5957611083983,
  "summary_bg_stdv": 93.22203063964844,
  "summary_fg_k": 2.4681339298385554,
  "summary_fg_mad": 139.23113452388353,
  "summary_fg_mean": 1017.1653442382812,
  "summary_fg_median": 1014.6243286132812,
  "summary_fg_n": 22807.0,
  "summary_fg_p05": 803.9539367675782,
  "summary_fg_p95": 1244.6650512695312,
  "summary_fg_stdv": 145.23117065429688,
  "tsnr": 88.96695670299232
}