{
  "bids_meta": {
    "AcquisitionDateTime": "2017-05-30T10:36:58.921875",
    "ConversionSoftware": "dcm2niix",
    "ConversionSoftwareVersion": "v1.0.20170314",
    "EchoTime": 0.00306,
    "FlipAngle": 9,
    "ImageType": [
      "ORIGINAL",
      "PRIMARY",
      "M",
      "ND",
      "NORM"
    ],
    "MagneticFieldStrength": 3,
    "Manufacturer": "Siemens",
    "ManufacturersModelName": "Prisma_fit",
    "PhaseEncodingDirection": "i-",
    "ProcedureStepDescription": "Head_64ch_Mosra",
    "ProtocolName": "MPRAGE_iPAT2",
    "RepetitionTime": 2.25,
    "SequenceName": "_tfl3d1_16ns",
    "dataset": "ds002596",
    "modality": "T1w",
    "subject_id": "19"
  },
  "cjv": 0.38649973634148016,
  "cnr": 3.525780928130071,
  "efc": 0.5381634405558331,
  "fber": -1.0,
  "fwhm_avg": 3.8356195616060007,
  "fwhm_x": 4.0326186848180035,
  "fwhm_y": 3.88676,
  "fwhm_z": 3.58748,
  "icvs_csf": 0.21231245014226272,
  "icvs_gm": 0.43613572653465305,
  "icvs_wm": 0.3515518233230842,
  "inu_med": 0.5118867754936218,
  "inu_range": 0.21782015115022657,
  "provenance": {
    "md5sum": "0000f900a6690d79802fc6d42ae3ae45",
    "settings": {
      "testing": false
    },
    "software": "mriqc",
    "version": "22.0.1",
    "warnings": {
      "large_rot_frame": true,
      "small_air_mask": false
    },
    "webapi_port": null,
    "webapi_url": "https://mriqc.nimh.nih.gov/api/v1"
  },
  "qi_1": 0.0,
  "qi_2": 0.0032416690662767627,
  "rpve_csf": 28.36838162517551,
  "rpve_gm": 14.245585689799743,
  "rpve_wm": 19.498918118173457,
  "size_x": 208,
  "size_y": 256,
  "size_z": 256,
  "snr_csf": 2.686049341568346,
  "snr_gm": 13.607858462332958,
  "snr_total": 12.673675370647146,
  "snr_wm": 21.727118308040136,
  "snrd_csf": 27.58086372682112,
  "snrd_gm": 64.37342502553112,
  "snrd_total": 59.40845982456538,
  "snrd_wm": 86.27109072134388,
  "spacing_x": 1.000084638595581,
  "spacing_y": 1.0,
  "spacing_z": 1.0,
  "summary_bg_k": 19.886800825650404,
  "summary_bg_mad": 0.0,
  "summary_bg_mean": 3.763504139280138,
  "summary_bg_median": 0.0,
  "summary_bg_n": 3848217.0,
  "summary_bg_p05": 0.0,
  "summary_bg_p95": 18.355543948709965,
  "summary_bg_stdv": 7.594245469006771,
  "summary_csf_k": 1.1449932764929294,
  "summary_csf_mad": 100.49907937563756,
  "summary_csf_mean": 328.3619669137542,
  "summary_csf_median": 319.71334425732493,
  "summary_csf_n": 47716.0,
  "summary_csf_p05": 137.20559563487768,
  "summary_csf_p95": 538.9740884117782,
  "summary_csf_stdv": 119.02610615631045,
  "summary_gm_k": 0.1856960206482925,
  "summary_gm_mad": 53.744484488362595,
  "summary_gm_mean": 745.6614315325216,
  "summary_gm_median": 746.207341440022,
  "summary_gm_n": 28186.0,
  "summary_gm_p05": 654.2619911581278,
  "summary_gm_p95": 835.3029725700617,
  "summary_gm_stdv": 54.835528028882926,
  "summary_wm_k": 0.34696059737566376,
  "summary_wm_mad": 44.362499334902765,
  "summary_wm_mean": 1000.0393516918505,
  "summary_wm_median": 1000.0418841280043,
  "summary_wm_n": 190819.0,
  "summary_wm_p05": 924.3147884309292,
  "summary_wm_p95": 1075.098457671702,
  "summary_wm_stdv": 46.02723884283421,
  "tpm_overlap_csf": 0.15092021572878125,
  "tpm_overlap_gm": 0.4511615780588191,
  "tpm_overlap_wm": 0.48525723208303145,
  "wm2max": 0.48149717514124296
}