{
  "aor": 0.01191185185185185,
  "aqi": 0.02303536994708994,
  "bids_meta": {
    "AcquisitionDateTime": "2017-05-25T16:24:19.046875",
    "ConversionSoftware": "dcm2niix",
    "ConversionSoftwareVersion": "v1.0.20170314",
    "EchoTime": 0.026,
    "EffectiveEchoSpacing": 0.000489996,
    "FlipAngle": 80,
    "ImageType": [
      "ORIGINAL",
      "PRIMARY",
      "M",
      "ND",
      "NORM",
      "MOSAIC"
    ],
    "MagneticFieldStrength": 3,
    "Manufacturer": "Siemens",
    "ManufacturersModelName": "Prisma_fit",
    "PhaseEncodingDirection": "j-",
    "ProcedureStepDescription": "Head_64ch_Mosra",
    "ProtocolName": "bold_TR2_32_190_2",
    "RepetitionTime": 2,
    "SequenceName": "_epfid2d1_64",
    "SliceTiming": [
      0,
      0.06,
      0.12,
      0.18,
      0.24,
      0.3,
      0.36,
      0.42,
      0.48,
      0.54,
      0.6,
      0.66,
      0.72,
      0.78,
      0.84,
      0.9,
      0.96,
      1.02,
      1.08,
      1.14,
      1.1975,
      1.2575,
      1.3175,
      1.3775,
      1.4375,
      1.4975,
      1.5575,
      1.6175,
      1.6775,
      1.7375,
      1.7975,
      1.8575,
      1.9175
    ],
    "TaskName": "d2-adaptive_tcontrol",
    "dataset": "ds002596",
    "modality": "bold",
    "run_id": 2,
    "subject_id": "09",
    "task_id": "d2"
  },
  "dummy_trs": 1,
  "dvars_nstd": 26.25530390015957,
  "dvars_std": 1.1662060197340425,
  "dvars_vstd": 0.9783162073936167,
  "efc": 0.5479298558800264,
  "fber": 5069.146484375,
  "fd_mean": 0.27462572072890495,
  "fd_num": 71,
  "fd_perc": 37.56613756613756,
  "fwhm_avg": 1.7942923210498538,
  "fwhm_x": 1.7871925235206423,
  "fwhm_y": 1.9500894396289188,
  "fwhm_z": 1.645595,
  "gcor": 0.0245138,
  "gsr_x": 0.005800279323011637,
  "gsr_y": 0.03204628825187683,
  "provenance": {
    "md5sum": "3f5fa35fe13d2b2aa93424627eb0d644",
    "settings": {
      "fd_thres": 0.2,
      "testing": false
    },
    "software": "mriqc",
    "version": "22.0.1",
    "webapi_port": null,
    "webapi_url": "https://mriqc.nimh.nih.gov/api/v1"
  },
  "size_t": 189,
  "size_x": 64,
  "size_y": 64,
  "size_z": 33,
  "snr": 6.663148447107803,
  "spacing_tr": 2.0,
  "spacing_x": 3.203130006790161,
  "spacing_y": 3.203130006790161,
  "spacing_z": 4.0,
  "summary_bg_k": 11.587494491581271,
  "summary_bg_mad": 17.540203567880564,
  "summary_bg_mean": 67.52812194824219,
  "summary_bg_median": 14.11111068725586,
  "summary_bg_n": 77436.0,
  "summary_bg_p05": 1.4126983880996704,
  "summary_bg_p95": 365.9801559448242,
  "summary_bg_stdv": 128.52098083496094,
  "summary_fg_k": 3.5339563099171105,
  "summary_fg_mad": 126.21723701696985,
  "summary_fg_mean": 1007.2896118164062,
  "summary_fg_median": 998.4523315429688,
  "summary_fg_n": 26638.0,
  "summary_fg_p05": 792.2793518066406,
  "summary_fg_p95": 1246.985412597656,
  "summary_fg_stdv": 149.8441162109375,
  "tsnr": 40.1643348664511
}