{
  "aor": 0.0018487765957446811,
  "aqi": 0.00432448909574468,
  "bids_meta": {
    "AcquisitionDateTime": "2017-05-24T11:07:59.296875",
    "ConversionSoftware": "dcm2niix",
    "ConversionSoftwareVersion": "v1.0.20170314",
    "EchoTime": 0.026,
    "EffectiveEchoSpacing": 0.000489996,
    "FlipAngle": 80,
    "ImageType": [
      "ORIGINAL",
      "PRIMARY",
      "M",
      "ND",
      "NORM",
      "MOSAIC"
    ],
    "MagneticFieldStrength": 3,
    "Manufacturer": "Siemens",
    "ManufacturersModelName": "Prisma_fit",
    "PhaseEncodingDirection": "j-",
    "ProcedureStepDescription": "Head_64ch_Mosra",
    "ProtocolName": "bold_TR2_32_190_1",
    "RepetitionTime": 2,
    "SequenceName": "_epfid2d1_64",
    "SliceTiming": [
      0,
      0.06,
      0.12,
      0.18,
      0.24,
      0.3,
      0.36,
      0.42,
      0.48,
      0.54,
      0.6,
      0.66,
      0.72,
      0.78,
      0.84,
      0.9,
      0.96,
      1.02,
      1.08,
      1.14,
      1.2,
      1.26,
      1.32,
      1.38,
      1.44,
      1.5,
      1.56,
      1.62,
      1.68,
      1.74,
      1.8,
      1.86,
      1.92
    ],
    "TaskName": "d1-decoder_construction",
    "dataset": "ds002596",
    "modality": "bold",
    "run_id": 1,
    "subject_id": "09",
    "task_id": "d1"
  },
  "dummy_trs": 2,
  "dvars_nstd": 22.6513430755615,
  "dvars_std": 1.4030610642780748,
  "dvars_vstd": 0.9747119418181815,
  "efc": 0.5499450155686911,
  "fber": 5445.0947265625,
  "fd_mean": 0.10147343098792376,
  "fd_num": 13,
  "fd_perc": 6.914893617021277,
  "fwhm_avg": 1.7918428224303626,
  "fwhm_x": 1.7606434918485816,
  "fwhm_y": 1.9271774754425062,
  "fwhm_z": 1.6877075,
  "gcor": 0.0531422,
  "gsr_x": 0.00357605773024261,
  "gsr_y": 0.02967139706015587,
  "provenance": {
    "md5sum": "b28255ae52a225162995bb3220575778",
    "settings": {
      "fd_thres": 0.2,
      "testing": false
    },
    "software": "mriqc",
    "version": "22.0.1",
    "webapi_port": null,
    "webapi_url": "https://mriqc.nimh.nih.gov/api/v1"
  },
  "size_t": 188,
  "size_x": 64,
  "size_y": 64,
  "size_z": 33,
  "snr": 6.489753152112705,
  "spacing_tr": 2.0,
  "spacing_x": 3.203130006790161,
  "spacing_y": 3.203130006790161,
  "spacing_z": 4.0,
  "summary_bg_k": 12.823179163755908,
  "summary_bg_mad": 16.45057504428976,
  "summary_bg_mean": 64.80386352539062,
  "summary_bg_median": 13.085105895996094,
  "summary_bg_n": 76814.0,
  "summary_bg_p05": 1.2606382369995117,
  "summary_bg_p95": 352.50531005859375,
  "summary_bg_stdv": 126.65348815917969,
  "summary_fg_k": 2.572881772756963,
  "summary_fg_mad": 139.9994923996972,
  "summary_fg_mean": 1001.5798950195312,
  "summary_fg_median": 992.0345458984375,
  "summary_fg_n": 27102.0,
  "summary_fg_p05": 786.9794952392579,
  "summary_fg_p95": 1248.9869812011718,
  "summary_fg_stdv": 152.85885620117188,
  "tsnr": 89.58901909412816
}