{
  "aor": 0.003759086021505376,
  "aqi": 0.006714475913978495,
  "bids_meta": {
    "AcquisitionDateTime": "2017-05-24T11:15:9.359375",
    "ConversionSoftware": "dcm2niix",
    "ConversionSoftwareVersion": "v1.0.20170314",
    "EchoTime": 0.026,
    "EffectiveEchoSpacing": 0.000489996,
    "FlipAngle": 80,
    "ImageType": [
      "ORIGINAL",
      "PRIMARY",
      "M",
      "ND",
      "NORM",
      "MOSAIC"
    ],
    "MagneticFieldStrength": 3,
    "Manufacturer": "Siemens",
    "ManufacturersModelName": "Prisma_fit",
    "PhaseEncodingDirection": "j-",
    "ProcedureStepDescription": "Head_64ch_Mosra",
    "ProtocolName": "bold_TR2_32_190_2",
    "RepetitionTime": 2,
    "SequenceName": "_epfid2d1_64",
    "SliceTiming": [
      0,
      0.06,
      0.12,
      0.18,
      0.24,
      0.3,
      0.36,
      0.42,
      0.48,
      0.54,
      0.6,
      0.66,
      0.72,
      0.78,
      0.84,
      0.9,
      0.96,
      1.02,
      1.08,
      1.14,
      1.2,
      1.26,
      1.32,
      1.38,
      1.44,
      1.5,
      1.56,
      1.62,
      1.68,
      1.74,
      1.8,
      1.86,
      1.92
    ],
    "TaskName": "d1-decoder_construction",
    "dataset": "ds002596",
    "modality": "bold",
    "run_id": 2,
    "subject_id": "09",
    "task_id": "d1"
  },
  "dummy_trs": 4,
  "dvars_nstd": 23.527228061783777,
  "dvars_std": 1.3646133872972976,
  "dvars_vstd": 0.9896549421621628,
  "efc": 0.5509532699058347,
  "fber": 5177.8779296875,
  "fd_mean": 0.13179070132646195,
  "fd_num": 21,
  "fd_perc": 11.290322580645162,
  "fwhm_avg": 1.8140022450242965,
  "fwhm_x": 1.7815386786996048,
  "fwhm_y": 1.9534205563732847,
  "fwhm_z": 1.7070475,
  "gcor": 0.035872,
  "gsr_x": 0.0038057623896747828,
  "gsr_y": 0.03043222241103649,
  "provenance": {
    "md5sum": "1c4233a257a41191d1ee6ebb6e27bc36",
    "settings": {
      "fd_thres": 0.2,
      "testing": false
    },
    "software": "mriqc",
    "version": "22.0.1",
    "webapi_port": null,
    "webapi_url": "https://mriqc.nimh.nih.gov/api/v1"
  },
  "size_t": 186,
  "size_x": 64,
  "size_y": 64,
  "size_z": 33,
  "snr": 6.467501755124564,
  "spacing_tr": 2.0,
  "spacing_x": 3.203130006790161,
  "spacing_y": 3.203130006790161,
  "spacing_z": 4.0,
  "summary_bg_k": 12.471338798269894,
  "summary_bg_mad": 16.715143979012606,
  "summary_bg_mean": 65.60051727294922,
  "summary_bg_median": 13.354838371276855,
  "summary_bg_n": 76839.0,
  "summary_bg_p05": 1.3225806951522827,
  "summary_bg_p95": 356.41827392578085,
  "summary_bg_stdv": 127.5196304321289,
  "summary_fg_k": 2.4857889583661237,
  "summary_fg_mad": 140.40878255071652,
  "summary_fg_mean": 997.5353393554688,
  "summary_fg_median": 988.4247436523438,
  "summary_fg_n": 27083.0,
  "summary_fg_p05": 782.5913696289062,
  "summary_fg_p95": 1243.8650634765625,
  "summary_fg_stdv": 152.82662963867188,
  "tsnr": 71.79964176937938
}