{
  "aor": 0.006903227513227515,
  "aqi": 0.005908234391534392,
  "bids_meta": {
    "AcquisitionDateTime": "2017-05-24T11:22:13.890625",
    "ConversionSoftware": "dcm2niix",
    "ConversionSoftwareVersion": "v1.0.20170314",
    "EchoTime": 0.026,
    "EffectiveEchoSpacing": 0.000489996,
    "FlipAngle": 80,
    "ImageType": [
      "ORIGINAL",
      "PRIMARY",
      "M",
      "ND",
      "NORM",
      "MOSAIC"
    ],
    "MagneticFieldStrength": 3,
    "Manufacturer": "Siemens",
    "ManufacturersModelName": "Prisma_fit",
    "PhaseEncodingDirection": "j-",
    "ProcedureStepDescription": "Head_64ch_Mosra",
    "ProtocolName": "bold_TR2_32_190_3",
    "RepetitionTime": 2,
    "SequenceName": "_epfid2d1_64",
    "SliceTiming": [
      0,
      0.06,
      0.12,
      0.18,
      0.24,
      0.3,
      0.36,
      0.42,
      0.48,
      0.54,
      0.6,
      0.66,
      0.72,
      0.78,
      0.84,
      0.9,
      0.96,
      1.02,
      1.08,
      1.14,
      1.2,
      1.26,
      1.32,
      1.38,
      1.44,
      1.5,
      1.56,
      1.62,
      1.68,
      1.74,
      1.8,
      1.86,
      1.92
    ],
    "TaskName": "d1-decoder_construction",
    "dataset": "ds002596",
    "modality": "bold",
    "run_id": 3,
    "subject_id": "09",
    "task_id": "d1"
  },
  "dummy_trs": 1,
  "dvars_nstd": 22.93619795079786,
  "dvars_std": 1.4033620147872339,
  "dvars_vstd": 1.046391005425531,
  "efc": 0.5528073382281122,
  "fber": 4918.82861328125,
  "fd_mean": 0.1529720217699288,
  "fd_num": 32,
  "fd_perc": 16.93121693121693,
  "fwhm_avg": 1.8123121421652086,
  "fwhm_x": 1.786109208140797,
  "fwhm_y": 1.9434147183548283,
  "fwhm_z": 1.7074125,
  "gcor": 0.0359154,
  "gsr_x": 0.0033824280835688114,
  "gsr_y": 0.03011367656290531,
  "provenance": {
    "md5sum": "4ff3c6a6939feddbbbf740322ff94978",
    "settings": {
      "fd_thres": 0.2,
      "testing": false
    },
    "software": "mriqc",
    "version": "22.0.1",
    "webapi_port": null,
    "webapi_url": "https://mriqc.nimh.nih.gov/api/v1"
  },
  "size_t": 189,
  "size_x": 64,
  "size_y": 64,
  "size_z": 33,
  "snr": 6.462044831110241,
  "spacing_tr": 2.0,
  "spacing_x": 3.203130006790161,
  "spacing_y": 3.203130006790161,
  "spacing_z": 4.0,
  "summary_bg_k": 11.784633667229825,
  "summary_bg_mad": 17.35585831362979,
  "summary_bg_mean": 67.36245727539062,
  "summary_bg_median": 13.706348419189453,
  "summary_bg_n": 76812.0,
  "summary_bg_p05": 1.185185194015503,
  "summary_bg_p95": 365.85130920410154,
  "summary_bg_stdv": 129.44961547851562,
  "summary_fg_k": 2.4283933504475774,
  "summary_fg_mad": 140.79621915951364,
  "summary_fg_mean": 995.4696655273438,
  "summary_fg_median": 985.9735107421875,
  "summary_fg_n": 27138.0,
  "summary_fg_p05": 779.3986755371094,
  "summary_fg_p95": 1241.9354248046873,
  "summary_fg_stdv": 152.5763702392578,
  "tsnr": 75.57276652753353
}