{
  "aor": 0.011134391534391537,
  "aqi": 0.01909685052910053,
  "bids_meta": {
    "AcquisitionDateTime": "2017-05-25T16:31:53.500000",
    "ConversionSoftware": "dcm2niix",
    "ConversionSoftwareVersion": "v1.0.20170314",
    "EchoTime": 0.026,
    "EffectiveEchoSpacing": 0.000489996,
    "FlipAngle": 80,
    "ImageType": [
      "ORIGINAL",
      "PRIMARY",
      "M",
      "ND",
      "NORM",
      "MOSAIC"
    ],
    "MagneticFieldStrength": 3,
    "Manufacturer": "Siemens",
    "ManufacturersModelName": "Prisma_fit",
    "PhaseEncodingDirection": "j-",
    "ProcedureStepDescription": "Head_64ch_Mosra",
    "ProtocolName": "bold_TR2_32_190_3",
    "RepetitionTime": 2,
    "SequenceName": "_epfid2d1_64",
    "SliceTiming": [
      0,
      0.06,
      0.12,
      0.18,
      0.24,
      0.3,
      0.36,
      0.42,
      0.48,
      0.54,
      0.6,
      0.66,
      0.72,
      0.78,
      0.84,
      0.9,
      0.96,
      1.02,
      1.08,
      1.14,
      1.2,
      1.26,
      1.32,
      1.38,
      1.44,
      1.5,
      1.56,
      1.62,
      1.68,
      1.74,
      1.8,
      1.86,
      1.92
    ],
    "TaskName": "d2-adaptive_tcontrol",
    "dataset": "ds002596",
    "modality": "bold",
    "run_id": 3,
    "subject_id": "09",
    "task_id": "d2"
  },
  "dummy_trs": 1,
  "dvars_nstd": 31.01906907797872,
  "dvars_std": 1.203459307712766,
  "dvars_vstd": 0.9972228463829793,
  "efc": 0.5497338993188132,
  "fber": 4797.6015625,
  "fd_mean": 0.33806135463147985,
  "fd_num": 102,
  "fd_perc": 53.96825396825397,
  "fwhm_avg": 1.7727250198020317,
  "fwhm_x": 1.7622887575695572,
  "fwhm_y": 1.9290163018365376,
  "fwhm_z": 1.62687,
  "gcor": 0.0381705,
  "gsr_x": 0.0056009599938988686,
  "gsr_y": 0.032007068395614624,
  "provenance": {
    "md5sum": "a2267e5336fdf336b16425a27dfcb37d",
    "settings": {
      "fd_thres": 0.2,
      "testing": false
    },
    "software": "mriqc",
    "version": "22.0.1",
    "webapi_port": null,
    "webapi_url": "https://mriqc.nimh.nih.gov/api/v1"
  },
  "size_t": 189,
  "size_x": 64,
  "size_y": 64,
  "size_z": 33,
  "snr": 6.660188932769529,
  "spacing_tr": 2.0,
  "spacing_x": 3.203130006790161,
  "spacing_y": 3.203130006790161,
  "spacing_z": 4.0,
  "summary_bg_k": 11.557136872613889,
  "summary_bg_mad": 17.86182681187223,
  "summary_bg_mean": 67.77429962158203,
  "summary_bg_median": 14.269841194152832,
  "summary_bg_n": 77274.0,
  "summary_bg_p05": 1.275132179260254,
  "summary_bg_p95": 367.9092544555659,
  "summary_bg_stdv": 129.87754821777344,
  "summary_fg_k": 3.3340350990213823,
  "summary_fg_mad": 126.62521505054727,
  "summary_fg_mean": 1004.0593872070312,
  "summary_fg_median": 994.8253784179688,
  "summary_fg_n": 26743.0,
  "summary_fg_p05": 789.9338195800782,
  "summary_fg_p95": 1243.8460205078122,
  "summary_fg_stdv": 149.36614990234375,
  "tsnr": 40.9375706166029
}