{
  "aor": 0.00648578947368421,
  "aqi": 0.016544200105263158,
  "bids_meta": {
    "AcquisitionDateTime": "2017-05-25T16:53:47.468750",
    "ConversionSoftware": "dcm2niix",
    "ConversionSoftwareVersion": "v1.0.20170314",
    "EchoTime": 0.026,
    "EffectiveEchoSpacing": 0.000489996,
    "FlipAngle": 80,
    "ImageType": [
      "ORIGINAL",
      "PRIMARY",
      "M",
      "ND",
      "NORM",
      "MOSAIC"
    ],
    "MagneticFieldStrength": 3,
    "Manufacturer": "Siemens",
    "ManufacturersModelName": "Prisma_fit",
    "PhaseEncodingDirection": "j-",
    "ProcedureStepDescription": "Head_64ch_Mosra",
    "ProtocolName": "bold_TR2_32_190_6",
    "RepetitionTime": 2,
    "SequenceName": "_epfid2d1_64",
    "SliceTiming": [
      0,
      0.06,
      0.12,
      0.18,
      0.24,
      0.3,
      0.36,
      0.42,
      0.48,
      0.54,
      0.6,
      0.66,
      0.72,
      0.78,
      0.84,
      0.9,
      0.96,
      1.02,
      1.08,
      1.14,
      1.2,
      1.26,
      1.32,
      1.38,
      1.44,
      1.5,
      1.56,
      1.62,
      1.68,
      1.74,
      1.8,
      1.86,
      1.92
    ],
    "TaskName": "d2-adaptive_tcontrol",
    "dataset": "ds002596",
    "modality": "bold",
    "run_id": 6,
    "subject_id": "09",
    "task_id": "d2"
  },
  "dummy_trs": 0,
  "dvars_nstd": 33.08129725915342,
  "dvars_std": 1.2212880567195763,
  "dvars_vstd": 1.0016808566666666,
  "efc": 0.5523205230416923,
  "fber": 4740.85009765625,
  "fd_mean": 0.39768343722046395,
  "fd_num": 129,
  "fd_perc": 67.89473684210526,
  "fwhm_avg": 1.7799742833955383,
  "fwhm_x": 1.776381223346566,
  "fwhm_y": 1.939546626840049,
  "fwhm_z": 1.623995,
  "gcor": 0.0436226,
  "gsr_x": 0.007079932373017073,
  "gsr_y": 0.032264042645692825,
  "provenance": {
    "md5sum": "0451cc61af5e23b5f21ab6fdcd0005a9",
    "settings": {
      "fd_thres": 0.2,
      "testing": false
    },
    "software": "mriqc",
    "version": "22.0.1",
    "webapi_port": null,
    "webapi_url": "https://mriqc.nimh.nih.gov/api/v1"
  },
  "size_t": 190,
  "size_x": 64,
  "size_y": 64,
  "size_z": 33,
  "snr": 6.62492920227868,
  "spacing_tr": 2.0,
  "spacing_x": 3.203130006790161,
  "spacing_y": 3.203130006790161,
  "spacing_z": 4.0,
  "summary_bg_k": 11.10791438813261,
  "summary_bg_mad": 17.923881624748823,
  "summary_bg_mean": 70.1391830444336,
  "summary_bg_median": 14.347369194030762,
  "summary_bg_n": 77303.0,
  "summary_bg_p05": 1.4263159036636353,
  "summary_bg_p95": 380.3773864746093,
  "summary_bg_stdv": 133.38385009765625,
  "summary_fg_k": 3.4766838942039575,
  "summary_fg_mad": 125.77930650937354,
  "summary_fg_mean": 996.6863403320312,
  "summary_fg_median": 988.1000366210938,
  "summary_fg_n": 26745.0,
  "summary_fg_p05": 783.8747680664062,
  "summary_fg_p95": 1236.4485107421874,
  "summary_fg_stdv": 149.14598083496094,
  "tsnr": 44.2136977534974
}