{
  "bids_meta": {
    "AcquisitionDateTime": "2017-05-24T16:09:27.140625",
    "ConversionSoftware": "dcm2niix",
    "ConversionSoftwareVersion": "v1.0.20170314",
    "EchoTime": 0.00306,
    "FlipAngle": 9,
    "ImageType": [
      "ORIGINAL",
      "PRIMARY",
      "M",
      "ND",
      "NORM"
    ],
    "MagneticFieldStrength": 3,
    "Manufacturer": "Siemens",
    "ManufacturersModelName": "Prisma_fit",
    "PhaseEncodingDirection": "i-",
    "ProcedureStepDescription": "Head_64ch_Mosra",
    "ProtocolName": "MPRAGE_iPAT2",
    "RepetitionTime": 2.25,
    "SequenceName": "_tfl3d1_16ns",
    "dataset": "ds002596",
    "modality": "T1w",
    "subject_id": "12"
  },
  "cjv": 0.35444536758692063,
  "cnr": 3.802873090493225,
  "efc": 0.5324511332861038,
  "fber": -1.0,
  "fwhm_avg": 3.915245127893826,
  "fwhm_x": 4.075415383681477,
  "fwhm_y": 4.02284,
  "fwhm_z": 3.64748,
  "icvs_csf": 0.19315716520502035,
  "icvs_gm": 0.44206365569904155,
  "icvs_wm": 0.3647791790959381,
  "inu_med": 0.4957432448863983,
  "inu_range": 0.23173933029174804,
  "provenance": {
    "md5sum": "45b1004bce2d51303a9506cba1285a8b",
    "settings": {
      "testing": false
    },
    "software": "mriqc",
    "version": "22.0.1",
    "warnings": {
      "large_rot_frame": true,
      "small_air_mask": false
    },
    "webapi_port": null,
    "webapi_url": "https://mriqc.nimh.nih.gov/api/v1"
  },
  "qi_1": 0.0002719796372213937,
  "qi_2": 0.010597454819720442,
  "rpve_csf": 30.915971789943157,
  "rpve_gm": 14.331821513018708,
  "rpve_wm": 19.433457337604857,
  "size_x": 208,
  "size_y": 256,
  "size_z": 256,
  "snr_csf": 2.412334670036404,
  "snr_gm": 13.118162216135985,
  "snr_total": 12.713649368035405,
  "snr_wm": 22.61045121793383,
  "snrd_csf": 32.66338379800033,
  "snrd_gm": 77.56259919830286,
  "snrd_total": 72.21133951258423,
  "snrd_wm": 106.40803554144951,
  "spacing_x": 0.9999569654464722,
  "spacing_y": 1.0,
  "spacing_z": 1.0,
  "summary_bg_k": 15.994232354070878,
  "summary_bg_mad": 0.0,
  "summary_bg_mean": 3.401472837113335,
  "summary_bg_median": 0.0,
  "summary_bg_n": 3727486.0,
  "summary_bg_p05": 0.0,
  "summary_bg_p95": 15.490470789372921,
  "summary_bg_stdv": 6.156831710370584,
  "summary_csf_k": 0.4988071414314943,
  "summary_csf_mad": 114.40375353227894,
  "summary_csf_mean": 306.06173739958007,
  "summary_csf_median": 306.96349208429456,
  "summary_csf_n": 30494.0,
  "summary_csf_p05": 82.55520321968943,
  "summary_csf_p95": 520.9985691726206,
  "summary_csf_stdv": 127.24538708382019,
  "summary_gm_k": 0.1566669611218643,
  "summary_gm_mad": 54.37115830805787,
  "summary_gm_mean": 729.0852209243699,
  "summary_gm_median": 728.9167115166783,
  "summary_gm_n": 32738.0,
  "summary_gm_p05": 637.9498224148526,
  "summary_gm_p95": 820.0222943685949,
  "summary_gm_stdv": 55.56461086878079,
  "summary_wm_k": 0.4071827391475318,
  "summary_wm_mad": 41.713039920032614,
  "summary_wm_mean": 1000.2265248574495,
  "summary_wm_median": 999.9999503307045,
  "summary_wm_n": 203653.0,
  "summary_wm_p05": 927.6270298287272,
  "summary_wm_p95": 1073.4319867424665,
  "summary_wm_stdv": 44.227224195246656,
  "tpm_overlap_csf": 0.1522979689318118,
  "tpm_overlap_gm": 0.46956503502244923,
  "tpm_overlap_wm": 0.5064734359694925,
  "wm2max": 0.5547666267434131
}