{
  "aor": 0.007765578947368421,
  "aqi": 0.013058070789473684,
  "bids_meta": {
    "AcquisitionDateTime": "2017-05-26T94:35:0.687500",
    "ConversionSoftware": "dcm2niix",
    "ConversionSoftwareVersion": "v1.0.20170314",
    "EchoTime": 0.026,
    "EffectiveEchoSpacing": 0.000489996,
    "FlipAngle": 80,
    "ImageType": [
      "ORIGINAL",
      "PRIMARY",
      "M",
      "ND",
      "NORM",
      "MOSAIC"
    ],
    "MagneticFieldStrength": 3,
    "Manufacturer": "Siemens",
    "ManufacturersModelName": "Prisma_fit",
    "PhaseEncodingDirection": "j-",
    "ProcedureStepDescription": "Head_64ch_Mosra",
    "ProtocolName": "bold_TR2_32_190_3",
    "RepetitionTime": 2,
    "SequenceName": "_epfid2d1_64",
    "SliceTiming": [
      0,
      0.06,
      0.12,
      0.18,
      0.24,
      0.3,
      0.36,
      0.4175,
      0.4775,
      0.5375,
      0.5975,
      0.6575,
      0.7175,
      0.7775,
      0.8375,
      0.8975,
      0.9575,
      1.0175,
      1.0775,
      1.1375,
      1.1975,
      1.2575,
      1.3175,
      1.3775,
      1.4375,
      1.4975,
      1.5575,
      1.6175,
      1.6775,
      1.7375,
      1.7975,
      1.8575,
      1.9175
    ],
    "TaskName": "d1-decoder_construction",
    "dataset": "ds002596",
    "modality": "bold",
    "run_id": 3,
    "subject_id": "13",
    "task_id": "d1"
  },
  "dummy_trs": 0,
  "dvars_nstd": 20.901602800793647,
  "dvars_std": 1.2147621803703705,
  "dvars_vstd": 0.952762933703704,
  "efc": 0.5238563081277012,
  "fber": 11825.6240234375,
  "fd_mean": 0.16728670384290642,
  "fd_num": 31,
  "fd_perc": 16.31578947368421,
  "fwhm_avg": 1.726872971640369,
  "fwhm_x": 1.7157093181825456,
  "fwhm_y": 1.8885870967385616,
  "fwhm_z": 1.5763225,
  "gcor": 0.0709272,
  "gsr_x": -0.00628534983843565,
  "gsr_y": 0.03245030343532562,
  "provenance": {
    "md5sum": "b9b67b4cbed3701bb34292194b0429d8",
    "settings": {
      "fd_thres": 0.2,
      "testing": false
    },
    "software": "mriqc",
    "version": "22.0.1",
    "webapi_port": null,
    "webapi_url": "https://mriqc.nimh.nih.gov/api/v1"
  },
  "size_t": 190,
  "size_x": 64,
  "size_y": 64,
  "size_z": 33,
  "snr": 6.492197869160455,
  "spacing_tr": 2.0,
  "spacing_x": 3.203130006790161,
  "spacing_y": 3.203130006790161,
  "spacing_z": 4.0,
  "summary_bg_k": 24.96762554923249,
  "summary_bg_mad": 10.214350017823708,
  "summary_bg_mean": 46.800201416015625,
  "summary_bg_median": 8.436842918395996,
  "summary_bg_n": 77994.0,
  "summary_bg_p05": 0.9315789937973022,
  "summary_bg_p95": 233.65738143920834,
  "summary_bg_stdv": 101.22428894042969,
  "summary_fg_k": 2.0404368135777213,
  "summary_fg_mad": 138.32287778150433,
  "summary_fg_mean": 950.9136352539062,
  "summary_fg_median": 941.5079345703125,
  "summary_fg_n": 26024.0,
  "summary_fg_p05": 744.5768890380859,
  "summary_fg_p95": 1189.8208862304687,
  "summary_fg_stdv": 145.01866149902344,
  "tsnr": 54.936550211161375
}