{
  "aor": 0.002136842105263158,
  "aqi": 0.004911840315789474,
  "bids_meta": {
    "AcquisitionDateTime": "2017-05-29T92:12:3.945312",
    "ConversionSoftware": "dcm2niix",
    "ConversionSoftwareVersion": "v1.0.20170314",
    "EchoTime": 0.026,
    "EffectiveEchoSpacing": 0.000489996,
    "FlipAngle": 80,
    "ImageType": [
      "ORIGINAL",
      "PRIMARY",
      "M",
      "ND",
      "NORM",
      "MOSAIC"
    ],
    "MagneticFieldStrength": 3,
    "Manufacturer": "Siemens",
    "ManufacturersModelName": "Prisma_fit",
    "PhaseEncodingDirection": "j-",
    "ProcedureStepDescription": "Head_64ch_Mosra",
    "ProtocolName": "bold_TR2_32_190_2",
    "RepetitionTime": 2,
    "SequenceName": "_epfid2d1_64",
    "SliceTiming": [
      0,
      0.06,
      0.12,
      0.18,
      0.24,
      0.3,
      0.36,
      0.42,
      0.48,
      0.54,
      0.6,
      0.66,
      0.72,
      0.78,
      0.84,
      0.9,
      0.96,
      1.02,
      1.08,
      1.14,
      1.2,
      1.26,
      1.32,
      1.38,
      1.44,
      1.5,
      1.56,
      1.62,
      1.68,
      1.74,
      1.8,
      1.86,
      1.92
    ],
    "TaskName": "d2-adaptive_tcontrol",
    "dataset": "ds002596",
    "modality": "bold",
    "run_id": 2,
    "subject_id": "13",
    "task_id": "d2"
  },
  "dummy_trs": 0,
  "dvars_nstd": 19.466511211746027,
  "dvars_std": 1.4076717917989423,
  "dvars_vstd": 1.008333986190476,
  "efc": 0.5201545791648516,
  "fber": 12541.9150390625,
  "fd_mean": 0.1220804294010704,
  "fd_num": 4,
  "fd_perc": 2.1052631578947367,
  "fwhm_avg": 1.730390110729882,
  "fwhm_x": 1.7041862142430375,
  "fwhm_y": 1.875019117946608,
  "fwhm_z": 1.611965,
  "gcor": 0.102075,
  "gsr_x": -0.007724159397184849,
  "gsr_y": 0.02885255590081215,
  "provenance": {
    "md5sum": "b7bd5fe918030db435f5262c087d12db",
    "settings": {
      "fd_thres": 0.2,
      "testing": false
    },
    "software": "mriqc",
    "version": "22.0.1",
    "webapi_port": null,
    "webapi_url": "https://mriqc.nimh.nih.gov/api/v1"
  },
  "size_t": 190,
  "size_x": 64,
  "size_y": 64,
  "size_z": 33,
  "snr": 6.214184428568341,
  "spacing_tr": 2.0,
  "spacing_x": 3.203130006790161,
  "spacing_y": 3.203130006790161,
  "spacing_z": 4.0,
  "summary_bg_k": 30.234121612512986,
  "summary_bg_mad": 10.674736043936317,
  "summary_bg_mean": 49.85373306274414,
  "summary_bg_median": 8.915789604187012,
  "summary_bg_n": 78239.0,
  "summary_bg_p05": 1.0894737243652344,
  "summary_bg_p95": 251.1321182250976,
  "summary_bg_stdv": 111.78496551513672,
  "summary_fg_k": 1.5979825754956245,
  "summary_fg_mad": 160.69058905925408,
  "summary_fg_mean": 1036.114501953125,
  "summary_fg_median": 1026.7947998046875,
  "summary_fg_n": 25899.0,
  "summary_fg_p05": 800.3526611328125,
  "summary_fg_p95": 1312.0742553710938,
  "summary_fg_stdv": 165.23085021972656,
  "tsnr": 98.55135164409876
}