{
  "aor": 0.0023465079365079357,
  "aqi": 0.005306625396825398,
  "bids_meta": {
    "AcquisitionDateTime": "2017-05-29T91:34:5.812500",
    "ConversionSoftware": "dcm2niix",
    "ConversionSoftwareVersion": "v1.0.20170314",
    "EchoTime": 0.026,
    "EffectiveEchoSpacing": 0.000489996,
    "FlipAngle": 80,
    "ImageType": [
      "ORIGINAL",
      "PRIMARY",
      "M",
      "ND",
      "NORM",
      "MOSAIC"
    ],
    "MagneticFieldStrength": 3,
    "Manufacturer": "Siemens",
    "ManufacturersModelName": "Prisma_fit",
    "PhaseEncodingDirection": "j-",
    "ProcedureStepDescription": "Head_64ch_Mosra",
    "ProtocolName": "bold_TR2_32_190_1",
    "RepetitionTime": 2,
    "SequenceName": "_epfid2d1_64",
    "SliceTiming": [
      0,
      0.06,
      0.12,
      0.18,
      0.24,
      0.3,
      0.36,
      0.42,
      0.48,
      0.54,
      0.6,
      0.66,
      0.72,
      0.78,
      0.84,
      0.9,
      0.96,
      1.02,
      1.08,
      1.14,
      1.2,
      1.26,
      1.32,
      1.38,
      1.44,
      1.5,
      1.56,
      1.62,
      1.68,
      1.74,
      1.8,
      1.86,
      1.92
    ],
    "TaskName": "d2-adaptive_tcontrol",
    "dataset": "ds002596",
    "modality": "bold",
    "run_id": 1,
    "subject_id": "13",
    "task_id": "d2"
  },
  "dummy_trs": 1,
  "dvars_nstd": 19.89428284340426,
  "dvars_std": 1.3505879001063827,
  "dvars_vstd": 0.9940004207446809,
  "efc": 0.5190785945079256,
  "fber": 13149.173828125,
  "fd_mean": 0.14379093648191651,
  "fd_num": 14,
  "fd_perc": 7.407407407407407,
  "fwhm_avg": 1.7210277964771257,
  "fwhm_x": 1.6910771615630067,
  "fwhm_y": 1.8671112278683706,
  "fwhm_z": 1.604895,
  "gcor": 0.0845745,
  "gsr_x": -0.007622229866683483,
  "gsr_y": 0.029989898204803467,
  "provenance": {
    "md5sum": "169e9003cf8be8f4fdc24f18b3cc3fae",
    "settings": {
      "fd_thres": 0.2,
      "testing": false
    },
    "software": "mriqc",
    "version": "22.0.1",
    "webapi_port": null,
    "webapi_url": "https://mriqc.nimh.nih.gov/api/v1"
  },
  "size_t": 189,
  "size_x": 64,
  "size_y": 64,
  "size_z": 33,
  "snr": 6.2652225846650875,
  "spacing_tr": 2.0,
  "spacing_x": 3.203130006790161,
  "spacing_y": 3.203130006790161,
  "spacing_z": 4.0,
  "summary_bg_k": 31.57010115021697,
  "summary_bg_mad": 10.448815896084179,
  "summary_bg_mean": 49.32430648803711,
  "summary_bg_median": 8.719576835632324,
  "summary_bg_n": 78300.0,
  "summary_bg_p05": 1.0738094806671157,
  "summary_bg_p95": 246.675654602051,
  "summary_bg_stdv": 110.99365997314453,
  "summary_fg_k": 1.6145631596021959,
  "summary_fg_mad": 159.57972328567163,
  "summary_fg_mean": 1040.5587158203125,
  "summary_fg_median": 1031.238037109375,
  "summary_fg_n": 25869.0,
  "summary_fg_p05": 805.3132202148438,
  "summary_fg_p95": 1315.9174072265625,
  "summary_fg_stdv": 164.59400939941406,
  "tsnr": 91.14426607266068
}