{
  "aor": 0.0017583684210526315,
  "aqi": 0.007234096947368421,
  "bids_meta": {
    "AcquisitionDateTime": "2017-05-26T16:41:59.656250",
    "ConversionSoftware": "dcm2niix",
    "ConversionSoftwareVersion": "v1.0.20170314",
    "EchoTime": 0.026,
    "EffectiveEchoSpacing": 0.000489996,
    "FlipAngle": 80,
    "ImageType": [
      "ORIGINAL",
      "PRIMARY",
      "M",
      "ND",
      "NORM",
      "MOSAIC"
    ],
    "MagneticFieldStrength": 3,
    "Manufacturer": "Siemens",
    "ManufacturersModelName": "Prisma_fit",
    "PhaseEncodingDirection": "j-",
    "ProcedureStepDescription": "Head_64ch_Mosra",
    "ProtocolName": "bold_TR2_32_190_3",
    "RepetitionTime": 2,
    "SequenceName": "_epfid2d1_64",
    "SliceTiming": [
      0,
      0.06,
      0.12,
      0.18,
      0.24,
      0.3,
      0.36,
      0.42,
      0.48,
      0.54,
      0.6,
      0.66,
      0.72,
      0.78,
      0.84,
      0.9,
      0.96,
      1.02,
      1.08,
      1.14,
      1.2,
      1.26,
      1.32,
      1.38,
      1.44,
      1.5,
      1.56,
      1.62,
      1.68,
      1.74,
      1.8,
      1.86,
      1.92
    ],
    "TaskName": "d1-decoder_construction",
    "dataset": "ds002596",
    "modality": "bold",
    "run_id": 3,
    "subject_id": "17",
    "task_id": "d1"
  },
  "dummy_trs": 0,
  "dvars_nstd": 22.41019319582012,
  "dvars_std": 1.436400825767195,
  "dvars_vstd": 0.9771627961904766,
  "efc": 0.4949992573589717,
  "fber": 11441.94140625,
  "fd_mean": 0.14481107827390277,
  "fd_num": 39,
  "fd_perc": 20.526315789473685,
  "fwhm_avg": 1.6557695727620796,
  "fwhm_x": 1.6571665804221407,
  "fwhm_y": 1.7920596378640974,
  "fwhm_z": 1.5180825,
  "gcor": 0.0401474,
  "gsr_x": -0.008901170454919338,
  "gsr_y": 0.022977139800786972,
  "provenance": {
    "md5sum": "33a8a1fe665121dbfa53ad548d1544c5",
    "settings": {
      "fd_thres": 0.2,
      "testing": false
    },
    "software": "mriqc",
    "version": "22.0.1",
    "webapi_port": null,
    "webapi_url": "https://mriqc.nimh.nih.gov/api/v1"
  },
  "size_t": 190,
  "size_x": 64,
  "size_y": 64,
  "size_z": 33,
  "snr": 6.8027207575476645,
  "spacing_tr": 2.0,
  "spacing_x": 3.203130006790161,
  "spacing_y": 3.203130006790161,
  "spacing_z": 4.0,
  "summary_bg_k": 27.144558706927096,
  "summary_bg_mad": 11.306792948492243,
  "summary_bg_mean": 44.0426139831543,
  "summary_bg_median": 9.242105484008789,
  "summary_bg_n": 82270.0,
  "summary_bg_p05": 1.0421053171157837,
  "summary_bg_p95": 218.39869308471688,
  "summary_bg_stdv": 92.91169738769531,
  "summary_fg_k": 1.6982366854711284,
  "summary_fg_mad": 144.67470258152653,
  "summary_fg_mean": 1005.2645874023438,
  "summary_fg_median": 1001.5211181640625,
  "summary_fg_n": 23016.0,
  "summary_fg_p05": 788.1644897460938,
  "summary_fg_p95": 1242.5566711425781,
  "summary_fg_stdv": 147.2204132080078,
  "tsnr": 80.08773037232459
}