{
  "aor": 0.0011475789473684214,
  "aqi": 0.004691193947368421,
  "bids_meta": {
    "AcquisitionDateTime": "2017-05-29T16:44:13.906250",
    "ConversionSoftware": "dcm2niix",
    "ConversionSoftwareVersion": "v1.0.20170314",
    "EchoTime": 0.026,
    "EffectiveEchoSpacing": 0.000489996,
    "FlipAngle": 80,
    "ImageType": [
      "ORIGINAL",
      "PRIMARY",
      "M",
      "ND",
      "NORM",
      "MOSAIC"
    ],
    "MagneticFieldStrength": 3,
    "Manufacturer": "Siemens",
    "ManufacturersModelName": "Prisma_fit",
    "PhaseEncodingDirection": "j-",
    "ProcedureStepDescription": "Head_64ch_Mosra",
    "ProtocolName": "bold_TR2_32_190_4",
    "RepetitionTime": 2,
    "SequenceName": "_epfid2d1_64",
    "SliceTiming": [
      0,
      0.06,
      0.12,
      0.18,
      0.24,
      0.3,
      0.36,
      0.42,
      0.48,
      0.54,
      0.6,
      0.66,
      0.72,
      0.78,
      0.84,
      0.9,
      0.96,
      1.02,
      1.08,
      1.14,
      1.2,
      1.26,
      1.32,
      1.38,
      1.44,
      1.5,
      1.56,
      1.62,
      1.68,
      1.74,
      1.8,
      1.86,
      1.92
    ],
    "TaskName": "d2-adaptive_tcontrol",
    "dataset": "ds002596",
    "modality": "bold",
    "run_id": 4,
    "subject_id": "17",
    "task_id": "d2"
  },
  "dummy_trs": 0,
  "dvars_nstd": 20.503799403174604,
  "dvars_std": 1.353631882116402,
  "dvars_vstd": 0.9984868209523812,
  "efc": 0.4943940686842017,
  "fber": 11053.95703125,
  "fd_mean": 0.14651484391742814,
  "fd_num": 40,
  "fd_perc": 21.05263157894737,
  "fwhm_avg": 1.6250401938847556,
  "fwhm_x": 1.6164189367975246,
  "fwhm_y": 1.7797841448567429,
  "fwhm_z": 1.4789175,
  "gcor": 0.0532196,
  "gsr_x": -0.007125034928321838,
  "gsr_y": 0.022799797356128693,
  "provenance": {
    "md5sum": "f4e0664c351fe05c0b9db17aac952f1c",
    "settings": {
      "fd_thres": 0.2,
      "testing": false
    },
    "software": "mriqc",
    "version": "22.0.1",
    "webapi_port": null,
    "webapi_url": "https://mriqc.nimh.nih.gov/api/v1"
  },
  "size_t": 190,
  "size_x": 64,
  "size_y": 64,
  "size_z": 33,
  "snr": 6.997131394845153,
  "spacing_tr": 2.0,
  "spacing_x": 3.203130006790161,
  "spacing_y": 3.203130006790161,
  "spacing_z": 4.0,
  "summary_bg_k": 25.180016894672267,
  "summary_bg_mad": 11.540888026322603,
  "summary_bg_mean": 44.74611282348633,
  "summary_bg_median": 9.59473705291748,
  "summary_bg_n": 82435.0,
  "summary_bg_p05": 1.2315789461135864,
  "summary_bg_p95": 222.1252746582032,
  "summary_bg_stdv": 94.79075622558594,
  "summary_fg_k": 2.4079042030064697,
  "summary_fg_mad": 138.59987029803546,
  "summary_fg_mean": 1015.9759521484375,
  "summary_fg_median": 1012.8263549804688,
  "summary_fg_n": 22783.0,
  "summary_fg_p05": 804.5958374023437,
  "summary_fg_p95": 1244.3389892578123,
  "summary_fg_stdv": 144.74562072753906,
  "tsnr": 94.46671694191173
}