{
  "aor": 0.0019188947368421053,
  "aqi": 0.00665215347368421,
  "bids_meta": {
    "AcquisitionDateTime": "2017-05-26T17:04:23.187500",
    "ConversionSoftware": "dcm2niix",
    "ConversionSoftwareVersion": "v1.0.20170314",
    "EchoTime": 0.026,
    "EffectiveEchoSpacing": 0.000489996,
    "FlipAngle": 80,
    "ImageType": [
      "ORIGINAL",
      "PRIMARY",
      "M",
      "ND",
      "NORM",
      "MOSAIC"
    ],
    "MagneticFieldStrength": 3,
    "Manufacturer": "Siemens",
    "ManufacturersModelName": "Prisma_fit",
    "PhaseEncodingDirection": "j-",
    "ProcedureStepDescription": "Head_64ch_Mosra",
    "ProtocolName": "bold_TR2_32_190_6",
    "RepetitionTime": 2,
    "SequenceName": "_epfid2d1_64",
    "SliceTiming": [
      0,
      0.06,
      0.12,
      0.18,
      0.24,
      0.3,
      0.3575,
      0.4175,
      0.4775,
      0.5375,
      0.5975,
      0.6575,
      0.7175,
      0.7775,
      0.8375,
      0.8975,
      0.9575,
      1.0175,
      1.0775,
      1.1375,
      1.1975,
      1.2575,
      1.3175,
      1.3775,
      1.4375,
      1.4975,
      1.5575,
      1.6175,
      1.6775,
      1.7375,
      1.7975,
      1.8575,
      1.9175
    ],
    "TaskName": "d1-decoder_construction",
    "dataset": "ds002596",
    "modality": "bold",
    "run_id": 6,
    "subject_id": "17",
    "task_id": "d1"
  },
  "dummy_trs": 0,
  "dvars_nstd": 23.322325328253957,
  "dvars_std": 1.4444390082539678,
  "dvars_vstd": 1.0057499966137569,
  "efc": 0.49611441880667645,
  "fber": 11000.54296875,
  "fd_mean": 0.15984235817873788,
  "fd_num": 47,
  "fd_perc": 24.736842105263158,
  "fwhm_avg": 1.6519110321132995,
  "fwhm_x": 1.646573816491837,
  "fwhm_y": 1.8026492798480613,
  "fwhm_z": 1.50651,
  "gcor": 0.0496107,
  "gsr_x": -0.008397936820983887,
  "gsr_y": 0.021510079503059387,
  "provenance": {
    "md5sum": "67e544b522926d234fcf49e87e04c30e",
    "settings": {
      "fd_thres": 0.2,
      "testing": false
    },
    "software": "mriqc",
    "version": "22.0.1",
    "webapi_port": null,
    "webapi_url": "https://mriqc.nimh.nih.gov/api/v1"
  },
  "size_t": 190,
  "size_x": 64,
  "size_y": 64,
  "size_z": 33,
  "snr": 6.79560537692253,
  "spacing_tr": 2.0,
  "spacing_x": 3.203130006790161,
  "spacing_y": 3.203130006790161,
  "spacing_z": 4.0,
  "summary_bg_k": 26.732431366663864,
  "summary_bg_mad": 11.533085133954192,
  "summary_bg_mean": 44.9126091003418,
  "summary_bg_median": 9.426316261291504,
  "summary_bg_n": 82298.0,
  "summary_bg_p05": 1.0631579160690308,
  "summary_bg_p95": 223.65974044799776,
  "summary_bg_stdv": 94.89554595947266,
  "summary_fg_k": 1.8735617249749454,
  "summary_fg_mad": 143.04383109208456,
  "summary_fg_mean": 1000.3976440429688,
  "summary_fg_median": 997.050048828125,
  "summary_fg_n": 22936.0,
  "summary_fg_p05": 785.6710815429688,
  "summary_fg_p95": 1236.2737731933594,
  "summary_fg_stdv": 146.7166290283203,
  "tsnr": 81.33472653944045
}