{
  "aor": 0.004525904255319149,
  "aqi": 0.00999335494680851,
  "bids_meta": {
    "AcquisitionDateTime": "2017-05-26T16:49:13.156250",
    "ConversionSoftware": "dcm2niix",
    "ConversionSoftwareVersion": "v1.0.20170314",
    "EchoTime": 0.026,
    "EffectiveEchoSpacing": 0.000489996,
    "FlipAngle": 80,
    "ImageType": [
      "ORIGINAL",
      "PRIMARY",
      "M",
      "ND",
      "NORM",
      "MOSAIC"
    ],
    "MagneticFieldStrength": 3,
    "Manufacturer": "Siemens",
    "ManufacturersModelName": "Prisma_fit",
    "PhaseEncodingDirection": "j-",
    "ProcedureStepDescription": "Head_64ch_Mosra",
    "ProtocolName": "bold_TR2_32_190_4",
    "RepetitionTime": 2,
    "SequenceName": "_epfid2d1_64",
    "SliceTiming": [
      0,
      0.06,
      0.12,
      0.18,
      0.24,
      0.3,
      0.36,
      0.42,
      0.48,
      0.54,
      0.6,
      0.66,
      0.72,
      0.78,
      0.84,
      0.9,
      0.96,
      1.02,
      1.08,
      1.14,
      1.2,
      1.26,
      1.32,
      1.38,
      1.44,
      1.5,
      1.56,
      1.62,
      1.68,
      1.74,
      1.8,
      1.86,
      1.92
    ],
    "TaskName": "d1-decoder_construction",
    "dataset": "ds002596",
    "modality": "bold",
    "run_id": 4,
    "subject_id": "17",
    "task_id": "d1"
  },
  "dummy_trs": 2,
  "dvars_nstd": 23.369602137058827,
  "dvars_std": 1.3769748370588235,
  "dvars_vstd": 0.9756192158288773,
  "efc": 0.49590290910265866,
  "fber": 10907.544921875,
  "fd_mean": 0.17341439254976057,
  "fd_num": 55,
  "fd_perc": 29.25531914893617,
  "fwhm_avg": 1.6582062296183524,
  "fwhm_x": 1.6501016158555988,
  "fwhm_y": 1.8023495729994585,
  "fwhm_z": 1.5221675,
  "gcor": 0.0244859,
  "gsr_x": -0.00924681220203638,
  "gsr_y": 0.02243865467607975,
  "provenance": {
    "md5sum": "d48e9e1d2a531ea752f127fee21314c1",
    "settings": {
      "fd_thres": 0.2,
      "testing": false
    },
    "software": "mriqc",
    "version": "22.0.1",
    "webapi_port": null,
    "webapi_url": "https://mriqc.nimh.nih.gov/api/v1"
  },
  "size_t": 188,
  "size_x": 64,
  "size_y": 64,
  "size_z": 33,
  "snr": 6.808204593433324,
  "spacing_tr": 2.0,
  "spacing_x": 3.203130006790161,
  "spacing_y": 3.203130006790161,
  "spacing_z": 4.0,
  "summary_bg_k": 27.119859667546475,
  "summary_bg_mad": 11.600573993553452,
  "summary_bg_mean": 44.62275695800781,
  "summary_bg_median": 9.478723526000977,
  "summary_bg_n": 82250.0,
  "summary_bg_p05": 1.0159573554992676,
  "summary_bg_p95": 221.6922851562502,
  "summary_bg_stdv": 93.96456146240234,
  "summary_fg_k": 1.7455680192962388,
  "summary_fg_mad": 143.1105680999061,
  "summary_fg_mean": 1002.2911376953125,
  "summary_fg_median": 998.670166015625,
  "summary_fg_n": 23035.0,
  "summary_fg_p05": 787.7398498535156,
  "summary_fg_p95": 1239.1771118164063,
  "summary_fg_stdv": 146.68309020996094,
  "tsnr": 64.69062780356035
}