{
  "aor": 0.022959047619047615,
  "aqi": 0.005403913280423281,
  "bids_meta": {
    "AcquisitionDateTime": "2017-05-22T13:49:10.890625",
    "ConversionSoftware": "dcm2niix",
    "ConversionSoftwareVersion": "v1.0.20170314",
    "EchoTime": 0.026,
    "EffectiveEchoSpacing": 0.000489996,
    "FlipAngle": 80,
    "ImageType": [
      "ORIGINAL",
      "PRIMARY",
      "M",
      "ND",
      "NORM",
      "MOSAIC"
    ],
    "MagneticFieldStrength": 3,
    "Manufacturer": "Siemens",
    "ManufacturersModelName": "Prisma_fit",
    "PhaseEncodingDirection": "j-",
    "ProcedureStepDescription": "Head_64ch_Mosra",
    "ProtocolName": "bold_TR2_32_190_4",
    "RepetitionTime": 2,
    "SequenceName": "_epfid2d1_64",
    "SliceTiming": [
      0,
      0.06,
      0.12,
      0.18,
      0.24,
      0.3,
      0.36,
      0.42,
      0.48,
      0.54,
      0.6,
      0.6575,
      0.7175,
      0.7775,
      0.8375,
      0.8975,
      0.9575,
      1.0175,
      1.0775,
      1.1375,
      1.1975,
      1.2575,
      1.3175,
      1.3775,
      1.4375,
      1.4975,
      1.5575,
      1.6175,
      1.6775,
      1.7375,
      1.7975,
      1.8575,
      1.9175
    ],
    "TaskName": "d1-decoder_construction",
    "dataset": "ds002596",
    "modality": "bold",
    "run_id": 4,
    "subject_id": "06",
    "task_id": "d1"
  },
  "dummy_trs": 1,
  "dvars_nstd": 17.329443094680848,
  "dvars_std": 1.3600235646276602,
  "dvars_vstd": 1.1409662773404259,
  "efc": 0.5381856268610983,
  "fber": 6544.5458984375,
  "fd_mean": 0.12063005604822004,
  "fd_num": 9,
  "fd_perc": 4.761904761904762,
  "fwhm_avg": 1.749593014426629,
  "fwhm_x": 1.7072706972265743,
  "fwhm_y": 1.9007283460533129,
  "fwhm_z": 1.64078,
  "gcor": 0.0430901,
  "gsr_x": -0.0008398256613872945,
  "gsr_y": 0.0214235857129097,
  "provenance": {
    "md5sum": "89503941d04374f64e4c27cd2bf998b8",
    "settings": {
      "fd_thres": 0.2,
      "testing": false
    },
    "software": "mriqc",
    "version": "22.0.1",
    "webapi_port": null,
    "webapi_url": "https://mriqc.nimh.nih.gov/api/v1"
  },
  "size_t": 189,
  "size_x": 64,
  "size_y": 64,
  "size_z": 33,
  "snr": 6.474311061811671,
  "spacing_tr": 2.0,
  "spacing_x": 3.203130006790161,
  "spacing_y": 3.203130006790161,
  "spacing_z": 4.0,
  "summary_bg_k": 20.510353367899956,
  "summary_bg_mad": 15.422201055049547,
  "summary_bg_mean": 59.97645950317383,
  "summary_bg_median": 12.481481552124023,
  "summary_bg_n": 77106.0,
  "summary_bg_p05": 1.343915343284607,
  "summary_bg_p95": 290.3650665283203,
  "summary_bg_stdv": 122.00534057617188,
  "summary_fg_k": 1.9933670774717536,
  "summary_fg_mad": 156.87345843900795,
  "summary_fg_mean": 1041.502685546875,
  "summary_fg_median": 1033.724853515625,
  "summary_fg_n": 26598.0,
  "summary_fg_p05": 814.5433380126954,
  "summary_fg_p95": 1300.1867553710938,
  "summary_fg_stdv": 159.66261291503906,
  "tsnr": 81.8521549156867
}