{
  "aor": 0.0009104301075268817,
  "aqi": 0.003357891505376344,
  "bids_meta": {
    "AcquisitionDateTime": "2017-05-22T13:26:33.500000",
    "ConversionSoftware": "dcm2niix",
    "ConversionSoftwareVersion": "v1.0.20170314",
    "EchoTime": 0.026,
    "EffectiveEchoSpacing": 0.000489996,
    "FlipAngle": 80,
    "ImageType": [
      "ORIGINAL",
      "PRIMARY",
      "M",
      "ND",
      "NORM",
      "MOSAIC"
    ],
    "MagneticFieldStrength": 3,
    "Manufacturer": "Siemens",
    "ManufacturersModelName": "Prisma_fit",
    "PhaseEncodingDirection": "j-",
    "ProcedureStepDescription": "Head_64ch_Mosra",
    "ProtocolName": "bold_TR2_32_190_1",
    "RepetitionTime": 2,
    "SequenceName": "_epfid2d1_64",
    "SliceTiming": [
      0,
      0.06,
      0.12,
      0.18,
      0.24,
      0.3,
      0.36,
      0.42,
      0.48,
      0.54,
      0.6,
      0.66,
      0.72,
      0.78,
      0.84,
      0.9,
      0.96,
      1.02,
      1.08,
      1.14,
      1.2,
      1.26,
      1.32,
      1.38,
      1.44,
      1.5,
      1.56,
      1.62,
      1.68,
      1.74,
      1.8,
      1.86,
      1.92
    ],
    "TaskName": "d1-decoder_construction",
    "dataset": "ds002596",
    "modality": "bold",
    "run_id": 1,
    "subject_id": "06",
    "task_id": "d1"
  },
  "dummy_trs": 4,
  "dvars_nstd": 13.891556260756765,
  "dvars_std": 1.178406611621621,
  "dvars_vstd": 0.9935421198918915,
  "efc": 0.536349826052455,
  "fber": 7338.484375,
  "fd_mean": 0.09528088899085305,
  "fd_num": 1,
  "fd_perc": 0.5376344086021505,
  "fwhm_avg": 1.7475969237788453,
  "fwhm_x": 1.6824855652363944,
  "fwhm_y": 1.9122452061001416,
  "fwhm_z": 1.64806,
  "gcor": 0.0389036,
  "gsr_x": -0.001489620772190392,
  "gsr_y": 0.021538378670811653,
  "provenance": {
    "md5sum": "c0e08eeff17daaacbafafccf4647e054",
    "settings": {
      "fd_thres": 0.2,
      "testing": false
    },
    "software": "mriqc",
    "version": "22.0.1",
    "webapi_port": null,
    "webapi_url": "https://mriqc.nimh.nih.gov/api/v1"
  },
  "size_t": 186,
  "size_x": 64,
  "size_y": 64,
  "size_z": 33,
  "snr": 6.518528921351837,
  "spacing_tr": 2.0,
  "spacing_x": 3.203130006790161,
  "spacing_y": 3.203130006790161,
  "spacing_z": 4.0,
  "summary_bg_k": 21.052221723346822,
  "summary_bg_mad": 14.642689120539865,
  "summary_bg_mean": 57.80488586425781,
  "summary_bg_median": 11.833333015441895,
  "summary_bg_n": 76904.0,
  "summary_bg_p05": 1.204301118850708,
  "summary_bg_p95": 281.9951736450183,
  "summary_bg_stdv": 118.68179321289062,
  "summary_fg_k": 1.9263252641990185,
  "summary_fg_mad": 157.2276849028959,
  "summary_fg_mean": 1050.828369140625,
  "summary_fg_median": 1042.9058837890625,
  "summary_fg_n": 26558.0,
  "summary_fg_p05": 823.1524444580078,
  "summary_fg_p95": 1309.4884704589842,
  "summary_fg_stdv": 159.98797607421875,
  "tsnr": 109.7632574616
}