{
  "aor": 0.0014012105263157893,
  "aqi": 0.0041288917368421055,
  "bids_meta": {
    "AcquisitionDateTime": "2017-05-23T13:15:6.281250",
    "ConversionSoftware": "dcm2niix",
    "ConversionSoftwareVersion": "v1.0.20170314",
    "EchoTime": 0.026,
    "EffectiveEchoSpacing": 0.000489996,
    "FlipAngle": 80,
    "ImageType": [
      "ORIGINAL",
      "PRIMARY",
      "M",
      "ND",
      "NORM",
      "MOSAIC"
    ],
    "MagneticFieldStrength": 3,
    "Manufacturer": "Siemens",
    "ManufacturersModelName": "Prisma_fit",
    "PhaseEncodingDirection": "j-",
    "ProcedureStepDescription": "Head_64ch_Mosra",
    "ProtocolName": "bold_TR2_32_190_1",
    "RepetitionTime": 2,
    "SequenceName": "_epfid2d1_64",
    "SliceTiming": [
      0,
      0.06,
      0.12,
      0.18,
      0.24,
      0.3,
      0.36,
      0.42,
      0.48,
      0.54,
      0.6,
      0.66,
      0.72,
      0.78,
      0.84,
      0.9,
      0.96,
      1.02,
      1.08,
      1.14,
      1.2,
      1.26,
      1.32,
      1.38,
      1.44,
      1.5,
      1.56,
      1.62,
      1.68,
      1.74,
      1.8,
      1.86,
      1.92
    ],
    "TaskName": "d2-adaptive_tcontrol",
    "dataset": "ds002596",
    "modality": "bold",
    "run_id": 1,
    "subject_id": "06",
    "task_id": "d2"
  },
  "dummy_trs": 0,
  "dvars_nstd": 15.029689950211644,
  "dvars_std": 1.1687216642857141,
  "dvars_vstd": 0.979326147248677,
  "efc": 0.5371037965998093,
  "fber": 7066.95849609375,
  "fd_mean": 0.11695482697763344,
  "fd_num": 6,
  "fd_perc": 3.1578947368421053,
  "fwhm_avg": 1.766451989150373,
  "fwhm_x": 1.7244663776651574,
  "fwhm_y": 1.932044589785961,
  "fwhm_z": 1.642845,
  "gcor": 0.049352,
  "gsr_x": -0.0007933769375085831,
  "gsr_y": 0.022193755954504013,
  "provenance": {
    "md5sum": "0cc70ae0e184f53e1ad4c1cf9cd59d63",
    "settings": {
      "fd_thres": 0.2,
      "testing": false
    },
    "software": "mriqc",
    "version": "22.0.1",
    "webapi_port": null,
    "webapi_url": "https://mriqc.nimh.nih.gov/api/v1"
  },
  "size_t": 190,
  "size_x": 64,
  "size_y": 64,
  "size_z": 33,
  "snr": 6.370221449976183,
  "spacing_tr": 2.0,
  "spacing_x": 3.203130006790161,
  "spacing_y": 3.203130006790161,
  "spacing_z": 4.0,
  "summary_bg_k": 17.692652527432294,
  "summary_bg_mad": 13.491680400488926,
  "summary_bg_mean": 54.582679748535156,
  "summary_bg_median": 10.947368621826172,
  "summary_bg_n": 77214.0,
  "summary_bg_p05": 1.1894737482070923,
  "summary_bg_p95": 266.17211151123036,
  "summary_bg_stdv": 110.59772491455078,
  "summary_fg_k": 1.8093611257279552,
  "summary_fg_mad": 144.80338058169224,
  "summary_fg_mean": 948.1193237304688,
  "summary_fg_median": 941.2210693359375,
  "summary_fg_n": 26529.0,
  "summary_fg_p05": 734.136865234375,
  "summary_fg_p95": 1188.0695556640624,
  "summary_fg_stdv": 147.75048828125,
  "tsnr": 93.93384981853887
}