{
  "aor": 0.007085238095238097,
  "aqi": 0.0035265855555555556,
  "bids_meta": {
    "AcquisitionDateTime": "2017-05-22T13:33:59.265625",
    "ConversionSoftware": "dcm2niix",
    "ConversionSoftwareVersion": "v1.0.20170314",
    "EchoTime": 0.026,
    "EffectiveEchoSpacing": 0.000489996,
    "FlipAngle": 80,
    "ImageType": [
      "ORIGINAL",
      "PRIMARY",
      "M",
      "ND",
      "NORM",
      "MOSAIC"
    ],
    "MagneticFieldStrength": 3,
    "Manufacturer": "Siemens",
    "ManufacturersModelName": "Prisma_fit",
    "PhaseEncodingDirection": "j-",
    "ProcedureStepDescription": "Head_64ch_Mosra",
    "ProtocolName": "bold_TR2_32_190_2",
    "RepetitionTime": 2,
    "SequenceName": "_epfid2d1_64",
    "SliceTiming": [
      0,
      0.06,
      0.12,
      0.18,
      0.24,
      0.3,
      0.36,
      0.42,
      0.48,
      0.54,
      0.6,
      0.66,
      0.72,
      0.78,
      0.84,
      0.9,
      0.96,
      1.02,
      1.08,
      1.14,
      1.2,
      1.26,
      1.32,
      1.38,
      1.44,
      1.5,
      1.56,
      1.62,
      1.68,
      1.74,
      1.8,
      1.86,
      1.92
    ],
    "TaskName": "d1-decoder_construction",
    "dataset": "ds002596",
    "modality": "bold",
    "run_id": 2,
    "subject_id": "06",
    "task_id": "d1"
  },
  "dummy_trs": 1,
  "dvars_nstd": 16.001869886702135,
  "dvars_std": 1.291483466382979,
  "dvars_vstd": 1.0644862015957446,
  "efc": 0.5367836935532025,
  "fber": 7158.119140625,
  "fd_mean": 0.11035763444818661,
  "fd_num": 8,
  "fd_perc": 4.232804232804233,
  "fwhm_avg": 1.7614192510532207,
  "fwhm_x": 1.7087817192549464,
  "fwhm_y": 1.9209835339047157,
  "fwhm_z": 1.6544925,
  "gcor": 0.0404967,
  "gsr_x": -0.0010811436222866178,
  "gsr_y": 0.02184361033141613,
  "provenance": {
    "md5sum": "a920c1133bd85d383d39b3676387b2a8",
    "settings": {
      "fd_thres": 0.2,
      "testing": false
    },
    "software": "mriqc",
    "version": "22.0.1",
    "webapi_port": null,
    "webapi_url": "https://mriqc.nimh.nih.gov/api/v1"
  },
  "size_t": 189,
  "size_x": 64,
  "size_y": 64,
  "size_z": 33,
  "snr": 6.490545980141494,
  "spacing_tr": 2.0,
  "spacing_x": 3.203130006790161,
  "spacing_y": 3.203130006790161,
  "spacing_z": 4.0,
  "summary_bg_k": 20.80492295693834,
  "summary_bg_mad": 15.037821694031301,
  "summary_bg_mean": 58.548255920410156,
  "summary_bg_median": 12.021163940429688,
  "summary_bg_n": 76983.0,
  "summary_bg_p05": 1.0211639404296875,
  "summary_bg_p95": 284.0730072021484,
  "summary_bg_stdv": 119.76927947998047,
  "summary_fg_k": 1.8319476891036004,
  "summary_fg_mad": 156.64981028330504,
  "summary_fg_mean": 1047.2294921875,
  "summary_fg_median": 1039.72216796875,
  "summary_fg_n": 26636.0,
  "summary_fg_p05": 818.1706085205078,
  "summary_fg_p95": 1306.8214111328125,
  "summary_fg_stdv": 160.18724060058594,
  "tsnr": 104.37274567876011
}