{
  "aor": 0.018182999999999998,
  "aqi": 0.01045769647368421,
  "bids_meta": {
    "AcquisitionDateTime": "2017-05-23T13:29:26.687500",
    "ConversionSoftware": "dcm2niix",
    "ConversionSoftwareVersion": "v1.0.20170314",
    "EchoTime": 0.026,
    "EffectiveEchoSpacing": 0.000489996,
    "FlipAngle": 80,
    "ImageType": [
      "ORIGINAL",
      "PRIMARY",
      "M",
      "ND",
      "NORM",
      "MOSAIC"
    ],
    "MagneticFieldStrength": 3,
    "Manufacturer": "Siemens",
    "ManufacturersModelName": "Prisma_fit",
    "PhaseEncodingDirection": "j-",
    "ProcedureStepDescription": "Head_64ch_Mosra",
    "ProtocolName": "bold_TR2_32_190_3",
    "RepetitionTime": 2,
    "SequenceName": "_epfid2d1_64",
    "SliceTiming": [
      0,
      0.06,
      0.12,
      0.18,
      0.24,
      0.3,
      0.36,
      0.42,
      0.48,
      0.54,
      0.6,
      0.66,
      0.72,
      0.78,
      0.84,
      0.9,
      0.96,
      1.02,
      1.08,
      1.14,
      1.2,
      1.26,
      1.32,
      1.38,
      1.44,
      1.5,
      1.56,
      1.62,
      1.68,
      1.74,
      1.8,
      1.86,
      1.92
    ],
    "TaskName": "d2-adaptive_tcontrol",
    "dataset": "ds002596",
    "modality": "bold",
    "run_id": 3,
    "subject_id": "06",
    "task_id": "d2"
  },
  "dummy_trs": 0,
  "dvars_nstd": 23.13354204068782,
  "dvars_std": 1.2783699524338625,
  "dvars_vstd": 1.1142791774603176,
  "efc": 0.5385386676399809,
  "fber": 6391.41015625,
  "fd_mean": 0.25625276936122693,
  "fd_num": 63,
  "fd_perc": 33.1578947368421,
  "fwhm_avg": 1.7942053368558504,
  "fwhm_x": 1.7565506201973502,
  "fwhm_y": 1.9503953903702007,
  "fwhm_z": 1.67567,
  "gcor": 0.0618846,
  "gsr_x": -0.0015291320160031319,
  "gsr_y": 0.021814456209540367,
  "provenance": {
    "md5sum": "18ba0eccd1a996bdeb1b1e8b39cc2b4b",
    "settings": {
      "fd_thres": 0.2,
      "testing": false
    },
    "software": "mriqc",
    "version": "22.0.1",
    "webapi_port": null,
    "webapi_url": "https://mriqc.nimh.nih.gov/api/v1"
  },
  "size_t": 190,
  "size_x": 64,
  "size_y": 64,
  "size_z": 33,
  "snr": 6.357129032405955,
  "spacing_tr": 2.0,
  "spacing_x": 3.203130006790161,
  "spacing_y": 3.203130006790161,
  "spacing_z": 4.0,
  "summary_bg_k": 18.495476958247703,
  "summary_bg_mad": 14.123737128304896,
  "summary_bg_mean": 55.26963424682617,
  "summary_bg_median": 11.447368621826172,
  "summary_bg_n": 77303.0,
  "summary_bg_p05": 1.25789475440979,
  "summary_bg_p95": 269.14316101074195,
  "summary_bg_stdv": 110.62433624267578,
  "summary_fg_k": 1.597201375049111,
  "summary_fg_mad": 144.35861801431219,
  "summary_fg_mean": 942.9426879882812,
  "summary_fg_median": 935.8526611328125,
  "summary_fg_n": 26562.0,
  "summary_fg_p05": 728.9111083984375,
  "summary_fg_p95": 1182.7721069335937,
  "summary_fg_stdv": 147.2103271484375,
  "tsnr": 53.091783449053764
}