{
  "aor": 0.004005157894736842,
  "aqi": 0.033298296842105266,
  "bids_meta": {
    "AcquisitionDateTime": "2017-05-23T13:51:16.453125",
    "ConversionSoftware": "dcm2niix",
    "ConversionSoftwareVersion": "v1.0.20170314",
    "EchoTime": 0.026,
    "EffectiveEchoSpacing": 0.000489996,
    "FlipAngle": 80,
    "ImageType": [
      "ORIGINAL",
      "PRIMARY",
      "M",
      "ND",
      "NORM",
      "MOSAIC"
    ],
    "MagneticFieldStrength": 3,
    "Manufacturer": "Siemens",
    "ManufacturersModelName": "Prisma_fit",
    "PhaseEncodingDirection": "j-",
    "ProcedureStepDescription": "Head_64ch_Mosra",
    "ProtocolName": "bold_TR2_32_190_6",
    "RepetitionTime": 2,
    "SequenceName": "_epfid2d1_64",
    "SliceTiming": [
      0,
      0.06,
      0.12,
      0.18,
      0.24,
      0.3,
      0.36,
      0.42,
      0.48,
      0.54,
      0.6,
      0.66,
      0.72,
      0.78,
      0.84,
      0.9,
      0.96,
      1.02,
      1.08,
      1.14,
      1.2,
      1.26,
      1.32,
      1.38,
      1.44,
      1.5,
      1.56,
      1.62,
      1.68,
      1.74,
      1.8,
      1.86,
      1.92
    ],
    "TaskName": "d2-adaptive_tcontrol",
    "dataset": "ds002596",
    "modality": "bold",
    "run_id": 6,
    "subject_id": "06",
    "task_id": "d2"
  },
  "dummy_trs": 0,
  "dvars_nstd": 42.58226057555556,
  "dvars_std": 0.9851202386772488,
  "dvars_vstd": 0.8736541331216929,
  "efc": 0.5404583303881392,
  "fber": 6208.376953125,
  "fd_mean": 0.7589697450674351,
  "fd_num": 142,
  "fd_perc": 74.73684210526316,
  "fwhm_avg": 1.8534633083450585,
  "fwhm_x": 1.819139400413892,
  "fwhm_y": 2.020545524621283,
  "fwhm_z": 1.720705,
  "gcor": 0.0603169,
  "gsr_x": 0.001805421314202249,
  "gsr_y": 0.021963270381093025,
  "provenance": {
    "md5sum": "34f2c35dcb074f82b8ba0881a24b0661",
    "settings": {
      "fd_thres": 0.2,
      "testing": false
    },
    "software": "mriqc",
    "version": "22.0.1",
    "webapi_port": null,
    "webapi_url": "https://mriqc.nimh.nih.gov/api/v1"
  },
  "size_t": 190,
  "size_x": 64,
  "size_y": 64,
  "size_z": 33,
  "snr": 6.382078803046309,
  "spacing_tr": 2.0,
  "spacing_x": 3.203130006790161,
  "spacing_y": 3.203130006790161,
  "spacing_z": 4.0,
  "summary_bg_k": 17.200304198806975,
  "summary_bg_mad": 14.32661975296182,
  "summary_bg_mean": 56.25718307495117,
  "summary_bg_median": 11.689474105834961,
  "summary_bg_n": 77245.0,
  "summary_bg_p05": 1.3315789699554443,
  "summary_bg_p95": 270.71790161132856,
  "summary_bg_stdv": 110.54708099365234,
  "summary_fg_k": 1.4553166805511735,
  "summary_fg_mad": 145.05313534994636,
  "summary_fg_mean": 947.2847290039062,
  "summary_fg_median": 939.989501953125,
  "summary_fg_n": 26611.0,
  "summary_fg_p05": 732.0210876464844,
  "summary_fg_p95": 1189.2316284179688,
  "summary_fg_stdv": 147.28302001953125,
  "tsnr": 29.174042030470446
}