{
  "aor": 0.012893422459893049,
  "aqi": 0.0074769139037433145,
  "bids_meta": {
    "AcquisitionDateTime": "2017-05-23T13:22:15.015625",
    "ConversionSoftware": "dcm2niix",
    "ConversionSoftwareVersion": "v1.0.20170314",
    "EchoTime": 0.026,
    "EffectiveEchoSpacing": 0.000489996,
    "FlipAngle": 80,
    "ImageType": [
      "ORIGINAL",
      "PRIMARY",
      "M",
      "ND",
      "NORM",
      "MOSAIC"
    ],
    "MagneticFieldStrength": 3,
    "Manufacturer": "Siemens",
    "ManufacturersModelName": "Prisma_fit",
    "PhaseEncodingDirection": "j-",
    "ProcedureStepDescription": "Head_64ch_Mosra",
    "ProtocolName": "bold_TR2_32_190_2",
    "RepetitionTime": 2,
    "SequenceName": "_epfid2d1_64",
    "SliceTiming": [
      0,
      0.06,
      0.12,
      0.18,
      0.24,
      0.3,
      0.36,
      0.42,
      0.48,
      0.54,
      0.6,
      0.66,
      0.72,
      0.78,
      0.84,
      0.9,
      0.96,
      1.02,
      1.08,
      1.14,
      1.2,
      1.26,
      1.32,
      1.38,
      1.44,
      1.5,
      1.56,
      1.62,
      1.68,
      1.74,
      1.8,
      1.86,
      1.92
    ],
    "TaskName": "d2-adaptive_tcontrol",
    "dataset": "ds002596",
    "modality": "bold",
    "run_id": 2,
    "subject_id": "06",
    "task_id": "d2"
  },
  "dummy_trs": 3,
  "dvars_nstd": 18.736113527741942,
  "dvars_std": 1.2119393016666666,
  "dvars_vstd": 1.0520290161290327,
  "efc": 0.538663954679645,
  "fber": 6539.03759765625,
  "fd_mean": 0.17158939883021793,
  "fd_num": 21,
  "fd_perc": 11.229946524064172,
  "fwhm_avg": 1.7729625420204684,
  "fwhm_x": 1.7417213750841931,
  "fwhm_y": 1.9303462509772125,
  "fwhm_z": 1.64682,
  "gcor": 0.059625,
  "gsr_x": -0.0017534195212647319,
  "gsr_y": 0.023039331659674644,
  "provenance": {
    "md5sum": "a7eced5dc03ee8a94ca53869499a2ded",
    "settings": {
      "fd_thres": 0.2,
      "testing": false
    },
    "software": "mriqc",
    "version": "22.0.1",
    "webapi_port": null,
    "webapi_url": "https://mriqc.nimh.nih.gov/api/v1"
  },
  "size_t": 187,
  "size_x": 64,
  "size_y": 64,
  "size_z": 33,
  "snr": 6.391107776923232,
  "spacing_tr": 2.0,
  "spacing_x": 3.203130006790161,
  "spacing_y": 3.203130006790161,
  "spacing_z": 4.0,
  "summary_bg_k": 19.642072212580256,
  "summary_bg_mad": 14.112470839736083,
  "summary_bg_mean": 55.89917755126953,
  "summary_bg_median": 11.411765098571777,
  "summary_bg_n": 77275.0,
  "summary_bg_p05": 1.1764706373214722,
  "summary_bg_p95": 271.12460632324235,
  "summary_bg_stdv": 113.71137237548828,
  "summary_fg_k": 1.7805892447595744,
  "summary_fg_mad": 142.29026847156422,
  "summary_fg_mean": 943.2893676757812,
  "summary_fg_median": 936.1229858398438,
  "summary_fg_n": 26569.0,
  "summary_fg_p05": 731.1497436523438,
  "summary_fg_p95": 1182.7048583984374,
  "summary_fg_stdv": 146.469970703125,
  "tsnr": 65.98408685997128
}