{
  "bids_meta": {
    "AcquisitionDateTime": "2017-05-26T91:75:9.234375",
    "ConversionSoftware": "dcm2niix",
    "ConversionSoftwareVersion": "v1.0.20170314",
    "EchoTime": 0.00306,
    "FlipAngle": 9,
    "ImageType": [
      "ORIGINAL",
      "PRIMARY",
      "M",
      "ND",
      "NORM"
    ],
    "MagneticFieldStrength": 3,
    "Manufacturer": "Siemens",
    "ManufacturersModelName": "Prisma_fit",
    "PhaseEncodingDirection": "i-",
    "ProcedureStepDescription": "Head_64ch_Mosra",
    "ProtocolName": "MPRAGE_iPAT2",
    "RepetitionTime": 2.25,
    "SequenceName": "_tfl3d1_16ns",
    "dataset": "ds002596",
    "modality": "T1w",
    "subject_id": "13"
  },
  "cjv": 0.3664679158124065,
  "cnr": 3.6589102786002576,
  "efc": 0.5191924302118751,
  "fber": -1.0,
  "fwhm_avg": 3.7842979805231707,
  "fwhm_x": 4.0081739415695115,
  "fwhm_y": 3.8043,
  "fwhm_z": 3.54042,
  "icvs_csf": 0.18861483833702447,
  "icvs_gm": 0.45713459519598654,
  "icvs_wm": 0.35425056646698894,
  "inu_med": 0.5232431590557098,
  "inu_range": 0.24590486437082287,
  "provenance": {
    "md5sum": "78f8a763b81bc271d062f73b0c0e133c",
    "settings": {
      "testing": false
    },
    "software": "mriqc",
    "version": "22.0.1",
    "warnings": {
      "large_rot_frame": true,
      "small_air_mask": false
    },
    "webapi_port": null,
    "webapi_url": "https://mriqc.nimh.nih.gov/api/v1"
  },
  "qi_1": 0.00013594341458355395,
  "qi_2": 0.01967240709693595,
  "rpve_csf": 31.494746867051486,
  "rpve_gm": 14.090367064570907,
  "rpve_wm": 20.009284889234195,
  "size_x": 208,
  "size_y": 256,
  "size_z": 256,
  "snr_csf": 2.5602896040095953,
  "snr_gm": 13.180821345467379,
  "snr_total": 12.89139164000922,
  "snr_wm": 22.933063970550688,
  "snrd_csf": 31.10337283817004,
  "snrd_gm": 73.13085711218517,
  "snrd_total": 67.73135417660725,
  "snrd_wm": 98.95983257946655,
  "spacing_x": 1.0004805326461792,
  "spacing_y": 1.0,
  "spacing_z": 1.0,
  "summary_bg_k": 20.34946300779184,
  "summary_bg_mad": 0.0,
  "summary_bg_mean": 3.544906426450098,
  "summary_bg_median": 0.0,
  "summary_bg_n": 3879179.0,
  "summary_bg_p05": 0.0,
  "summary_bg_p95": 16.138793528079987,
  "summary_bg_stdv": 6.6202253882390885,
  "summary_csf_k": 3.1222834316604544,
  "summary_csf_mad": 105.22079026271321,
  "summary_csf_mean": 319.2345990259019,
  "summary_csf_median": 314.30300395935774,
  "summary_csf_n": 31814.0,
  "summary_csf_p05": 119.97780843693764,
  "summary_csf_p95": 529.4734686724842,
  "summary_csf_stdv": 122.75879405669761,
  "summary_gm_k": 0.12890046162128366,
  "summary_gm_mad": 54.73395286548186,
  "summary_gm_mean": 738.692453229867,
  "summary_gm_median": 738.9953556507826,
  "summary_gm_n": 38257.0,
  "summary_gm_p05": 645.1805488720536,
  "summary_gm_p95": 830.2198860682547,
  "summary_gm_stdv": 56.06522370013865,
  "summary_wm_k": 0.5015211255243255,
  "summary_wm_mad": 40.91587296173726,
  "summary_wm_mean": 1000.6950489750825,
  "summary_wm_median": 999.9999939836562,
  "summary_wm_n": 189880.0,
  "summary_wm_p05": 929.957630071789,
  "summary_wm_p95": 1073.3508105687797,
  "summary_wm_stdv": 43.60504824049225,
  "tpm_overlap_csf": 0.149820988504288,
  "tpm_overlap_gm": 0.4595338042355193,
  "tpm_overlap_wm": 0.4850900779798969,
  "wm2max": 0.5437095535812219
}