{
  "aor": 0.006801111111111112,
  "aqi": 0.005067965185185185,
  "bids_meta": {
    "AcquisitionDateTime": "2017-05-17T14:11:12.375000",
    "ConversionSoftware": "dcm2niix",
    "ConversionSoftwareVersion": "v1.0.20170314",
    "EchoTime": 0.026,
    "EffectiveEchoSpacing": 0.000489996,
    "FlipAngle": 80,
    "ImageType": [
      "ORIGINAL",
      "PRIMARY",
      "M",
      "ND",
      "NORM",
      "MOSAIC"
    ],
    "MagneticFieldStrength": 3,
    "Manufacturer": "Siemens",
    "ManufacturersModelName": "Prisma_fit",
    "PhaseEncodingDirection": "j-",
    "ProcedureStepDescription": "Head_64ch_Mosra",
    "ProtocolName": "bold_TR2_32_190_5",
    "RepetitionTime": 2,
    "SequenceName": "_epfid2d1_64",
    "SliceTiming": [
      0,
      0.06,
      0.12,
      0.18,
      0.24,
      0.3,
      0.36,
      0.42,
      0.48,
      0.54,
      0.6,
      0.66,
      0.72,
      0.78,
      0.84,
      0.9,
      0.96,
      1.02,
      1.08,
      1.14,
      1.2,
      1.26,
      1.32,
      1.38,
      1.44,
      1.5,
      1.56,
      1.62,
      1.68,
      1.74,
      1.8,
      1.86,
      1.92
    ],
    "TaskName": "d1-decoder_construction",
    "dataset": "ds002596",
    "modality": "bold",
    "run_id": 4,
    "subject_id": "01",
    "task_id": "d1"
  },
  "dummy_trs": 1,
  "dvars_nstd": 21.902644167287246,
  "dvars_std": 1.4277865912234033,
  "dvars_vstd": 1.0265117598936169,
  "efc": 0.5655444604731459,
  "fber": 3666.380615234375,
  "fd_mean": 0.1282194175982623,
  "fd_num": 18,
  "fd_perc": 9.523809523809524,
  "fwhm_avg": 1.7610846231079413,
  "fwhm_x": 1.7006802685036533,
  "fwhm_y": 1.9483911008201698,
  "fwhm_z": 1.6341825,
  "gcor": 0.051164,
  "gsr_x": 0.008677356876432896,
  "gsr_y": 0.0339747779071331,
  "provenance": {
    "md5sum": "4ccc4b5a212493ee3b88ccdf0411c7b6",
    "settings": {
      "fd_thres": 0.2,
      "testing": false
    },
    "software": "mriqc",
    "version": "22.0.1",
    "webapi_port": null,
    "webapi_url": "https://mriqc.nimh.nih.gov/api/v1"
  },
  "size_t": 189,
  "size_x": 64,
  "size_y": 64,
  "size_z": 33,
  "snr": 5.785998885119764,
  "spacing_tr": 2.0,
  "spacing_x": 3.203130006790161,
  "spacing_y": 3.203130006790161,
  "spacing_z": 4.0,
  "summary_bg_k": 10.438815333454906,
  "summary_bg_mad": 20.426963035348503,
  "summary_bg_mean": 76.7590103149414,
  "summary_bg_median": 15.671957015991211,
  "summary_bg_n": 75758.0,
  "summary_bg_p05": 1.1693121194839478,
  "summary_bg_p95": 366.4393951416013,
  "summary_bg_stdv": 132.85382080078125,
  "summary_fg_k": 1.0376313000349668,
  "summary_fg_mad": 163.72158035007715,
  "summary_fg_mean": 969.5580444335938,
  "summary_fg_median": 958.86767578125,
  "summary_fg_n": 28259.0,
  "summary_fg_p05": 737.2327880859375,
  "summary_fg_p95": 1253.6422607421875,
  "summary_fg_stdv": 165.71913146972656,
  "tsnr": 79.97409463021904
}