{
  "aor": 0.008198994708994708,
  "aqi": 0.005851667671957672,
  "bids_meta": {
    "AcquisitionDateTime": "2017-05-17T14:04:2.968750",
    "ConversionSoftware": "dcm2niix",
    "ConversionSoftwareVersion": "v1.0.20170314",
    "EchoTime": 0.026,
    "EffectiveEchoSpacing": 0.000489996,
    "FlipAngle": 80,
    "ImageType": [
      "ORIGINAL",
      "PRIMARY",
      "M",
      "ND",
      "NORM",
      "MOSAIC"
    ],
    "MagneticFieldStrength": 3,
    "Manufacturer": "Siemens",
    "ManufacturersModelName": "Prisma_fit",
    "PhaseEncodingDirection": "j-",
    "ProcedureStepDescription": "Head_64ch_Mosra",
    "ProtocolName": "bold_TR2_32_190_4",
    "RepetitionTime": 2,
    "SequenceName": "_epfid2d1_64",
    "SliceTiming": [
      0,
      0.06,
      0.12,
      0.18,
      0.24,
      0.3,
      0.36,
      0.42,
      0.48,
      0.54,
      0.6,
      0.66,
      0.72,
      0.78,
      0.84,
      0.9,
      0.96,
      1.02,
      1.08,
      1.14,
      1.2,
      1.26,
      1.32,
      1.38,
      1.44,
      1.5,
      1.56,
      1.62,
      1.68,
      1.74,
      1.8,
      1.86,
      1.92
    ],
    "TaskName": "d1-decoder_construction",
    "dataset": "ds002596",
    "modality": "bold",
    "run_id": 3,
    "subject_id": "01",
    "task_id": "d1"
  },
  "dummy_trs": 1,
  "dvars_nstd": 21.488065932499996,
  "dvars_std": 1.3757680099999994,
  "dvars_vstd": 1.0139391410638292,
  "efc": 0.5642001963006001,
  "fber": 3762.434326171875,
  "fd_mean": 0.13012831120941323,
  "fd_num": 22,
  "fd_perc": 11.640211640211641,
  "fwhm_avg": 1.7625791131641637,
  "fwhm_x": 1.6906588207534987,
  "fwhm_y": 1.9618935187389919,
  "fwhm_z": 1.635185,
  "gcor": 0.0356617,
  "gsr_x": 0.008895715698599815,
  "gsr_y": 0.032855480909347534,
  "provenance": {
    "md5sum": "c0d0a375428316763717dd7b9a35c815",
    "settings": {
      "fd_thres": 0.2,
      "testing": false
    },
    "software": "mriqc",
    "version": "22.0.1",
    "webapi_port": null,
    "webapi_url": "https://mriqc.nimh.nih.gov/api/v1"
  },
  "size_t": 189,
  "size_x": 64,
  "size_y": 64,
  "size_z": 33,
  "snr": 5.8155169516777585,
  "spacing_tr": 2.0,
  "spacing_x": 3.203130006790161,
  "spacing_y": 3.203130006790161,
  "spacing_z": 4.0,
  "summary_bg_k": 10.460593142396037,
  "summary_bg_mad": 19.901384531899943,
  "summary_bg_mean": 75.37621307373047,
  "summary_bg_median": 15.412697792053223,
  "summary_bg_n": 75732.0,
  "summary_bg_p05": 1.2645502090454102,
  "summary_bg_p95": 360.34998474121085,
  "summary_bg_stdv": 130.7924346923828,
  "summary_fg_k": 1.0692291144355908,
  "summary_fg_mad": 162.98032448625338,
  "summary_fg_mean": 971.255859375,
  "summary_fg_median": 960.497314453125,
  "summary_fg_n": 28276.0,
  "summary_fg_p05": 739.5436248779297,
  "summary_fg_p95": 1252.4761352539062,
  "summary_fg_stdv": 165.158203125,
  "tsnr": 73.11907505337149
}