{
  "aor": 0.002775133689839572,
  "aqi": 0.004336129518716578,
  "bids_meta": {
    "AcquisitionDateTime": "2017-05-19T13:46:52.156250",
    "ConversionSoftware": "dcm2niix",
    "ConversionSoftwareVersion": "v1.0.20170314",
    "EchoTime": 0.026,
    "EffectiveEchoSpacing": 0.000489996,
    "FlipAngle": 80,
    "ImageType": [
      "ORIGINAL",
      "PRIMARY",
      "M",
      "ND",
      "NORM",
      "MOSAIC"
    ],
    "MagneticFieldStrength": 3,
    "Manufacturer": "Siemens",
    "ManufacturersModelName": "Prisma_fit",
    "PhaseEncodingDirection": "j-",
    "ProcedureStepDescription": "Head_64ch_Mosra",
    "ProtocolName": "bold_TR2_32_190_6",
    "RepetitionTime": 2,
    "SequenceName": "_epfid2d1_64",
    "SliceTiming": [
      0,
      0.06,
      0.12,
      0.18,
      0.24,
      0.3,
      0.36,
      0.42,
      0.48,
      0.54,
      0.6,
      0.66,
      0.72,
      0.78,
      0.84,
      0.9,
      0.96,
      1.02,
      1.08,
      1.14,
      1.2,
      1.26,
      1.32,
      1.38,
      1.44,
      1.5,
      1.56,
      1.62,
      1.68,
      1.74,
      1.8,
      1.86,
      1.92
    ],
    "TaskName": "d2-adaptive_tcontrol",
    "dataset": "ds002596",
    "modality": "bold",
    "run_id": 6,
    "subject_id": "01",
    "task_id": "d2"
  },
  "dummy_trs": 3,
  "dvars_nstd": 22.49172069188172,
  "dvars_std": 1.4338918277419346,
  "dvars_vstd": 1.0170912077956993,
  "efc": 0.5586926814592018,
  "fber": 4331.34130859375,
  "fd_mean": 0.10757884477977114,
  "fd_num": 7,
  "fd_perc": 3.7433155080213902,
  "fwhm_avg": 1.7307598626989635,
  "fwhm_x": 1.6613624763025794,
  "fwhm_y": 1.917964611794311,
  "fwhm_z": 1.6129525,
  "gcor": 0.0639317,
  "gsr_x": 0.004995649214833975,
  "gsr_y": 0.032780472189188004,
  "provenance": {
    "md5sum": "fbbf26d836c6ca6dbd567591714c9337",
    "settings": {
      "fd_thres": 0.2,
      "testing": false
    },
    "software": "mriqc",
    "version": "22.0.1",
    "webapi_port": null,
    "webapi_url": "https://mriqc.nimh.nih.gov/api/v1"
  },
  "size_t": 187,
  "size_x": 64,
  "size_y": 64,
  "size_z": 33,
  "snr": 5.864040411047218,
  "spacing_tr": 2.0,
  "spacing_x": 3.203130006790161,
  "spacing_y": 3.203130006790161,
  "spacing_z": 4.0,
  "summary_bg_k": 14.271610088407975,
  "summary_bg_mad": 16.839824474827395,
  "summary_bg_mean": 63.91730499267578,
  "summary_bg_median": 13.06951904296875,
  "summary_bg_n": 75707.0,
  "summary_bg_p05": 1.1604278087615967,
  "summary_bg_p95": 309.6989288330078,
  "summary_bg_stdv": 113.8995590209961,
  "summary_fg_k": 1.2651459308825599,
  "summary_fg_mad": 148.62494525398347,
  "summary_fg_mean": 893.88232421875,
  "summary_fg_median": 885.1524658203125,
  "summary_fg_n": 28244.0,
  "summary_fg_p05": 685.2957305908203,
  "summary_fg_p95": 1152.2686950683594,
  "summary_fg_stdv": 150.9431610107422,
  "tsnr": 92.91360228555277
}