{
  "bids_meta": {
    "AcquisitionDateTime": "2017-05-26T13:47:21.062500",
    "ConversionSoftware": "dcm2niix",
    "ConversionSoftwareVersion": "v1.0.20170314",
    "EchoTime": 0.00306,
    "FlipAngle": 9,
    "ImageType": [
      "ORIGINAL",
      "PRIMARY",
      "M",
      "ND",
      "NORM"
    ],
    "MagneticFieldStrength": 3,
    "Manufacturer": "Siemens",
    "ManufacturersModelName": "Prisma_fit",
    "PhaseEncodingDirection": "i-",
    "ProcedureStepDescription": "Head_64ch_Mosra",
    "ProtocolName": "MPRAGE_iPAT2",
    "RepetitionTime": 2.25,
    "SequenceName": "_tfl3d1_16ns",
    "dataset": "ds002596",
    "modality": "T1w",
    "subject_id": "15"
  },
  "cjv": 0.4201924234819443,
  "cnr": 3.165590673027881,
  "efc": 0.5585457951238485,
  "fber": 28317.57308128545,
  "fwhm_avg": 3.6084826122508016,
  "fwhm_x": 3.730507836752404,
  "fwhm_y": 3.70367,
  "fwhm_z": 3.39127,
  "icvs_csf": 0.192988279690983,
  "icvs_gm": 0.42717654860085746,
  "icvs_wm": 0.37983517170815956,
  "inu_med": 0.6110443472862244,
  "inu_range": 0.2930380612611771,
  "provenance": {
    "md5sum": "727f8050acc11c1469a9c309db328d4d",
    "settings": {
      "testing": false
    },
    "software": "mriqc",
    "version": "22.0.1",
    "warnings": {
      "large_rot_frame": true,
      "small_air_mask": false
    },
    "webapi_port": null,
    "webapi_url": "https://mriqc.nimh.nih.gov/api/v1"
  },
  "qi_1": 0.0,
  "qi_2": 0.007713826664165854,
  "rpve_csf": 33.97600943693931,
  "rpve_gm": 15.6545876825267,
  "rpve_wm": 19.493789808229277,
  "size_x": 208,
  "size_y": 256,
  "size_z": 256,
  "snr_csf": 2.2589646546289908,
  "snr_gm": 12.238322075301326,
  "snr_total": 10.485072780900817,
  "snr_wm": 16.957931612772136,
  "snrd_csf": 19.065095747075336,
  "snrd_gm": 43.68707409293921,
  "snrd_total": 40.814664632688604,
  "snrd_wm": 59.69182405805126,
  "spacing_x": 1.000072956085205,
  "spacing_y": 1.0,
  "spacing_z": 1.0,
  "summary_bg_k": 21.7408181436266,
  "summary_bg_mad": 0.0,
  "summary_bg_mean": 5.19251210809852,
  "summary_bg_median": 0.0,
  "summary_bg_n": 3142438.0,
  "summary_bg_p05": 0.0,
  "summary_bg_p95": 26.432402580976486,
  "summary_bg_stdv": 10.975738561712117,
  "summary_csf_k": 3.664668022933749,
  "summary_csf_mad": 134.6824740562252,
  "summary_csf_mean": 321.9039754236078,
  "summary_csf_median": 319.4044882468879,
  "summary_csf_n": 27597.0,
  "summary_csf_p05": 95.81745935603976,
  "summary_csf_p95": 548.099190224707,
  "summary_csf_stdv": 141.39163293137608,
  "summary_gm_k": 0.10438063016829968,
  "summary_gm_mad": 59.93571802245367,
  "summary_gm_mean": 731.3591901199114,
  "summary_gm_median": 731.9054532311857,
  "summary_gm_n": 21311.0,
  "summary_gm_p05": 631.170789571479,
  "summary_gm_p95": 827.6646058168262,
  "summary_gm_stdv": 59.802992315080594,
  "summary_wm_k": 1.1444539014567416,
  "summary_wm_mad": 52.731905760139526,
  "summary_wm_mean": 1004.6274662095623,
  "summary_wm_median": 1000.0388547070324,
  "summary_wm_n": 170029.0,
  "summary_wm_p05": 916.8545289374888,
  "summary_wm_p95": 1109.3834847956896,
  "summary_wm_stdv": 58.971573700676466,
  "tpm_overlap_csf": 0.16121806568517294,
  "tpm_overlap_gm": 0.47219236917873475,
  "tpm_overlap_wm": 0.5020052240364045,
  "wm2max": 0.5399727148703957
}