{
  "aor": 0.009981684210526316,
  "aqi": 0.01076401978947368,
  "bids_meta": {
    "AcquisitionDateTime": "2017-05-23T90:73:5.921875",
    "ConversionSoftware": "dcm2niix",
    "ConversionSoftwareVersion": "v1.0.20170314",
    "EchoTime": 0.026,
    "EffectiveEchoSpacing": 0.000489996,
    "FlipAngle": 80,
    "ImageType": [
      "ORIGINAL",
      "PRIMARY",
      "M",
      "ND",
      "NORM",
      "MOSAIC"
    ],
    "MagneticFieldStrength": 3,
    "Manufacturer": "Siemens",
    "ManufacturersModelName": "Prisma_fit",
    "PhaseEncodingDirection": "j-",
    "ProcedureStepDescription": "Head_64ch_Mosra",
    "ProtocolName": "bold_TR2_32_190_1",
    "RepetitionTime": 2,
    "SequenceName": "_epfid2d1_64",
    "SliceTiming": [
      0,
      0.06,
      0.12,
      0.18,
      0.24,
      0.3,
      0.36,
      0.42,
      0.48,
      0.54,
      0.6,
      0.66,
      0.72,
      0.78,
      0.84,
      0.9,
      0.96,
      1.02,
      1.08,
      1.14,
      1.2,
      1.26,
      1.32,
      1.38,
      1.44,
      1.5,
      1.56,
      1.62,
      1.68,
      1.74,
      1.8,
      1.86,
      1.92
    ],
    "TaskName": "d2-adaptive_tcontrol",
    "dataset": "ds002596",
    "modality": "bold",
    "run_id": 1,
    "subject_id": "04",
    "task_id": "d2"
  },
  "dummy_trs": 0,
  "dvars_nstd": 25.653825159153428,
  "dvars_std": 1.3027663188359784,
  "dvars_vstd": 0.9693857448677246,
  "efc": 0.5538060934581659,
  "fber": 6498.6259765625,
  "fd_mean": 0.20894059399120218,
  "fd_num": 31,
  "fd_perc": 16.31578947368421,
  "fwhm_avg": 1.670577719067673,
  "fwhm_x": 1.6153231336323206,
  "fwhm_y": 1.8261700235706984,
  "fwhm_z": 1.57024,
  "gcor": 0.0573188,
  "gsr_x": -0.007367298938333988,
  "gsr_y": 0.05381697416305542,
  "provenance": {
    "md5sum": "07aca76acad79c1b211472fba3625888",
    "settings": {
      "fd_thres": 0.2,
      "testing": false
    },
    "software": "mriqc",
    "version": "22.0.1",
    "webapi_port": null,
    "webapi_url": "https://mriqc.nimh.nih.gov/api/v1"
  },
  "size_t": 190,
  "size_x": 64,
  "size_y": 64,
  "size_z": 33,
  "snr": 6.596187688056992,
  "spacing_tr": 2.0,
  "spacing_x": 3.203130006790161,
  "spacing_y": 3.203130006790161,
  "spacing_z": 4.0,
  "summary_bg_k": 17.67145488220187,
  "summary_bg_mad": 14.794809731882584,
  "summary_bg_mean": 65.00555419921875,
  "summary_bg_median": 11.831579208374023,
  "summary_bg_n": 75581.0,
  "summary_bg_p05": 1.2684210538864136,
  "summary_bg_p95": 330.61053466796875,
  "summary_bg_stdv": 126.25574493408203,
  "summary_fg_k": 1.4415016281523183,
  "summary_fg_mad": 151.04589242517423,
  "summary_fg_mean": 1002.367919921875,
  "summary_fg_median": 996.7947998046875,
  "summary_fg_n": 28001.0,
  "summary_fg_p05": 780.66845703125,
  "summary_fg_p95": 1246.8211669921875,
  "summary_fg_stdv": 151.11410522460938,
  "tsnr": 58.766453688265756
}