{
  "aor": 0.022541578947368423,
  "aqi": 0.009019111631578949,
  "bids_meta": {
    "AcquisitionDateTime": "2017-05-22T10:02:0.593750",
    "ConversionSoftware": "dcm2niix",
    "ConversionSoftwareVersion": "v1.0.20170314",
    "EchoTime": 0.026,
    "EffectiveEchoSpacing": 0.000489996,
    "FlipAngle": 80,
    "ImageType": [
      "ORIGINAL",
      "PRIMARY",
      "M",
      "ND",
      "NORM",
      "MOSAIC"
    ],
    "MagneticFieldStrength": 3,
    "Manufacturer": "Siemens",
    "ManufacturersModelName": "Prisma_fit",
    "PhaseEncodingDirection": "j-",
    "ProcedureStepDescription": "Head_64ch_Mosra",
    "ProtocolName": "bold_TR2_32_190_4",
    "RepetitionTime": 2,
    "SequenceName": "_epfid2d1_64",
    "SliceTiming": [
      0,
      0.06,
      0.12,
      0.18,
      0.24,
      0.3,
      0.36,
      0.42,
      0.48,
      0.54,
      0.6,
      0.66,
      0.72,
      0.78,
      0.84,
      0.9,
      0.96,
      1.02,
      1.08,
      1.14,
      1.2,
      1.26,
      1.32,
      1.38,
      1.44,
      1.5,
      1.56,
      1.62,
      1.68,
      1.74,
      1.8,
      1.86,
      1.92
    ],
    "TaskName": "d1-decoder_construction",
    "dataset": "ds002596",
    "modality": "bold",
    "run_id": 4,
    "subject_id": "04",
    "task_id": "d1"
  },
  "dummy_trs": 0,
  "dvars_nstd": 24.458110653121693,
  "dvars_std": 1.459740901693122,
  "dvars_vstd": 1.1726321757671958,
  "efc": 0.5641944069039715,
  "fber": 5330.08544921875,
  "fd_mean": 0.21373283386026454,
  "fd_num": 55,
  "fd_perc": 28.94736842105263,
  "fwhm_avg": 1.740371761250418,
  "fwhm_x": 1.6791544484920282,
  "fwhm_y": 1.9154358352592253,
  "fwhm_z": 1.626525,
  "gcor": 0.0333833,
  "gsr_x": -0.009861116297543049,
  "gsr_y": 0.04918137937784195,
  "provenance": {
    "md5sum": "043bd0aaf27c9d33d466813e04da5cfb",
    "settings": {
      "fd_thres": 0.2,
      "testing": false
    },
    "software": "mriqc",
    "version": "22.0.1",
    "webapi_port": null,
    "webapi_url": "https://mriqc.nimh.nih.gov/api/v1"
  },
  "size_t": 190,
  "size_x": 64,
  "size_y": 64,
  "size_z": 33,
  "snr": 6.305990880895624,
  "spacing_tr": 2.0,
  "spacing_x": 3.203130006790161,
  "spacing_y": 3.203130006790161,
  "spacing_z": 4.0,
  "summary_bg_k": 13.55798636237785,
  "summary_bg_mad": 15.411259791261942,
  "summary_bg_mean": 69.31982421875,
  "summary_bg_median": 12.236842155456543,
  "summary_bg_n": 75065.0,
  "summary_bg_p05": 1.2000000476837158,
  "summary_bg_p95": 360.0147460937501,
  "summary_bg_stdv": 131.97312927246094,
  "summary_fg_k": 1.1652300174603072,
  "summary_fg_mad": 151.65457918193556,
  "summary_fg_mean": 951.3120727539062,
  "summary_fg_median": 945.7158203125,
  "summary_fg_n": 28390.0,
  "summary_fg_p05": 732.0142608642578,
  "summary_fg_p95": 1197.0410766601562,
  "summary_fg_stdv": 149.96836853027344,
  "tsnr": 60.27580129960552
}