{
  "aor": 0.01277021164021164,
  "aqi": 0.014100283333333333,
  "bids_meta": {
    "AcquisitionDateTime": "2017-05-23T93:03:9.195312",
    "ConversionSoftware": "dcm2niix",
    "ConversionSoftwareVersion": "v1.0.20170314",
    "EchoTime": 0.026,
    "EffectiveEchoSpacing": 0.000489996,
    "FlipAngle": 80,
    "ImageType": [
      "ORIGINAL",
      "PRIMARY",
      "M",
      "ND",
      "NORM",
      "MOSAIC"
    ],
    "MagneticFieldStrength": 3,
    "Manufacturer": "Siemens",
    "ManufacturersModelName": "Prisma_fit",
    "PhaseEncodingDirection": "j-",
    "ProcedureStepDescription": "Head_64ch_Mosra",
    "ProtocolName": "bold_TR2_32_190_4",
    "RepetitionTime": 2,
    "SequenceName": "_epfid2d1_64",
    "SliceTiming": [
      0,
      0.06,
      0.12,
      0.18,
      0.24,
      0.3,
      0.36,
      0.42,
      0.48,
      0.54,
      0.6,
      0.66,
      0.72,
      0.78,
      0.84,
      0.9,
      0.96,
      1.02,
      1.08,
      1.14,
      1.2,
      1.26,
      1.32,
      1.38,
      1.44,
      1.5,
      1.56,
      1.62,
      1.68,
      1.74,
      1.8,
      1.86,
      1.92
    ],
    "TaskName": "d2-adaptive_tcontrol",
    "dataset": "ds002596",
    "modality": "bold",
    "run_id": 4,
    "subject_id": "04",
    "task_id": "d2"
  },
  "dummy_trs": 1,
  "dvars_nstd": 24.39975042058509,
  "dvars_std": 1.245310561117022,
  "dvars_vstd": 1.0300199598936173,
  "efc": 0.5566285086262629,
  "fber": 5826.03857421875,
  "fd_mean": 0.22837370365919088,
  "fd_num": 63,
  "fd_perc": 33.333333333333336,
  "fwhm_avg": 1.703777256875395,
  "fwhm_x": 1.6462803535359136,
  "fwhm_y": 1.863083917090271,
  "fwhm_z": 1.6019675,
  "gcor": 0.0418555,
  "gsr_x": -0.008440401405096054,
  "gsr_y": 0.053926073014736176,
  "provenance": {
    "md5sum": "3c90d64dc58bcf91b773b2df45166696",
    "settings": {
      "fd_thres": 0.2,
      "testing": false
    },
    "software": "mriqc",
    "version": "22.0.1",
    "webapi_port": null,
    "webapi_url": "https://mriqc.nimh.nih.gov/api/v1"
  },
  "size_t": 189,
  "size_x": 64,
  "size_y": 64,
  "size_z": 33,
  "snr": 6.518933641807753,
  "spacing_tr": 2.0,
  "spacing_x": 3.203130006790161,
  "spacing_y": 3.203130006790161,
  "spacing_z": 4.0,
  "summary_bg_k": 16.400652223603057,
  "summary_bg_mad": 15.759512621338029,
  "summary_bg_mean": 67.2048110961914,
  "summary_bg_median": 12.502645492553711,
  "summary_bg_n": 75654.0,
  "summary_bg_p05": 1.1481480598449707,
  "summary_bg_p95": 339.108456420898,
  "summary_bg_stdv": 127.99051666259766,
  "summary_fg_k": 1.4614322536062376,
  "summary_fg_mad": 150.6528001377482,
  "summary_fg_mean": 992.8897705078125,
  "summary_fg_median": 987.126953125,
  "summary_fg_n": 28045.0,
  "summary_fg_p05": 770.3544677734375,
  "summary_fg_p95": 1238.5544677734374,
  "summary_fg_stdv": 151.42190551757812,
  "tsnr": 53.1048394611571
}