{
  "aor": 0.004802287234042553,
  "aqi": 0.005049147074468085,
  "bids_meta": {
    "AcquisitionDateTime": "2017-05-26T93:52:9.890625",
    "ConversionSoftware": "dcm2niix",
    "ConversionSoftwareVersion": "v1.0.20170314",
    "EchoTime": 0.026,
    "EffectiveEchoSpacing": 0.000489996,
    "FlipAngle": 80,
    "ImageType": [
      "ORIGINAL",
      "PRIMARY",
      "M",
      "ND",
      "NORM",
      "MOSAIC"
    ],
    "MagneticFieldStrength": 3,
    "Manufacturer": "Siemens",
    "ManufacturersModelName": "Prisma_fit",
    "PhaseEncodingDirection": "j-",
    "ProcedureStepDescription": "Head_64ch_Mosra",
    "ProtocolName": "bold_TR2_32_190_2",
    "RepetitionTime": 2,
    "SequenceName": "_epfid2d1_64",
    "SliceTiming": [
      0,
      0.06,
      0.12,
      0.18,
      0.24,
      0.3,
      0.36,
      0.42,
      0.48,
      0.54,
      0.6,
      0.66,
      0.72,
      0.78,
      0.84,
      0.9,
      0.96,
      1.02,
      1.08,
      1.14,
      1.2,
      1.26,
      1.32,
      1.38,
      1.44,
      1.5,
      1.56,
      1.62,
      1.68,
      1.74,
      1.8,
      1.86,
      1.92
    ],
    "TaskName": "d1-decoder_construction",
    "dataset": "ds002596",
    "modality": "bold",
    "run_id": 2,
    "subject_id": "13",
    "task_id": "d1"
  },
  "dummy_trs": 2,
  "dvars_nstd": 18.43128965727273,
  "dvars_std": 1.3928147274866307,
  "dvars_vstd": 1.0308355264171123,
  "efc": 0.5228490655297744,
  "fber": 11819.85546875,
  "fd_mean": 0.10569507406967567,
  "fd_num": 7,
  "fd_perc": 3.723404255319149,
  "fwhm_avg": 1.7164916496346592,
  "fwhm_x": 1.6880957028086772,
  "fwhm_y": 1.8710542460953006,
  "fwhm_z": 1.590325,
  "gcor": 0.0875814,
  "gsr_x": -0.006108997389674187,
  "gsr_y": 0.03384200856089592,
  "provenance": {
    "md5sum": "9409d037477b36c23b6556f4aa9d8f21",
    "settings": {
      "fd_thres": 0.2,
      "testing": false
    },
    "software": "mriqc",
    "version": "22.0.1",
    "webapi_port": null,
    "webapi_url": "https://mriqc.nimh.nih.gov/api/v1"
  },
  "size_t": 188,
  "size_x": 64,
  "size_y": 64,
  "size_z": 33,
  "snr": 6.5091335893133815,
  "spacing_tr": 2.0,
  "spacing_x": 3.203130006790161,
  "spacing_y": 3.203130006790161,
  "spacing_z": 4.0,
  "summary_bg_k": 25.93427703719981,
  "summary_bg_mad": 10.031223915797382,
  "summary_bg_mean": 46.79471206665039,
  "summary_bg_median": 8.468085289001465,
  "summary_bg_n": 78108.0,
  "summary_bg_p05": 1.0957446098327637,
  "summary_bg_p95": 234.53004226684567,
  "summary_bg_stdv": 102.47603607177734,
  "summary_fg_k": 1.9867045054979533,
  "summary_fg_mad": 138.5838986615873,
  "summary_fg_mean": 952.4630737304688,
  "summary_fg_median": 944.747314453125,
  "summary_fg_n": 26062.0,
  "summary_fg_p05": 745.6491912841797,
  "summary_fg_p95": 1191.8773010253906,
  "summary_fg_stdv": 145.13900756835938,
  "tsnr": 97.75674112373963
}