{
  "aor": 0.0028902105263157894,
  "aqi": 0.005267747842105263,
  "bids_meta": {
    "AcquisitionDateTime": "2017-05-29T94:30:5.617188",
    "ConversionSoftware": "dcm2niix",
    "ConversionSoftwareVersion": "v1.0.20170314",
    "EchoTime": 0.026,
    "EffectiveEchoSpacing": 0.000489996,
    "FlipAngle": 80,
    "ImageType": [
      "ORIGINAL",
      "PRIMARY",
      "M",
      "ND",
      "NORM",
      "MOSAIC"
    ],
    "MagneticFieldStrength": 3,
    "Manufacturer": "Siemens",
    "ManufacturersModelName": "Prisma_fit",
    "PhaseEncodingDirection": "j-",
    "ProcedureStepDescription": "Head_64ch_Mosra",
    "ProtocolName": "bold_TR2_32_190_5",
    "RepetitionTime": 2,
    "SequenceName": "_epfid2d1_64",
    "SliceTiming": [
      0,
      0.06,
      0.12,
      0.18,
      0.24,
      0.3,
      0.36,
      0.42,
      0.48,
      0.54,
      0.6,
      0.66,
      0.72,
      0.78,
      0.84,
      0.9,
      0.96,
      1.02,
      1.08,
      1.14,
      1.2,
      1.26,
      1.32,
      1.38,
      1.44,
      1.5,
      1.56,
      1.62,
      1.68,
      1.74,
      1.8,
      1.86,
      1.92
    ],
    "TaskName": "d2-adaptive_tcontrol",
    "dataset": "ds002596",
    "modality": "bold",
    "run_id": 5,
    "subject_id": "13",
    "task_id": "d2"
  },
  "dummy_trs": 0,
  "dvars_nstd": 19.993933011587306,
  "dvars_std": 1.444778544920635,
  "dvars_vstd": 1.0203391397354502,
  "efc": 0.5230990213240255,
  "fber": 11183.6181640625,
  "fd_mean": 0.11182056029627525,
  "fd_num": 12,
  "fd_perc": 6.315789473684211,
  "fwhm_avg": 1.7383023426913728,
  "fwhm_x": 1.7200238480238894,
  "fwhm_y": 1.8977031800502289,
  "fwhm_z": 1.59718,
  "gcor": 0.0989517,
  "gsr_x": -0.008124767802655697,
  "gsr_y": 0.02760896645486355,
  "provenance": {
    "md5sum": "1a4fdeeb641465e62de5abfbe66ad357",
    "settings": {
      "fd_thres": 0.2,
      "testing": false
    },
    "software": "mriqc",
    "version": "22.0.1",
    "webapi_port": null,
    "webapi_url": "https://mriqc.nimh.nih.gov/api/v1"
  },
  "size_t": 190,
  "size_x": 64,
  "size_y": 64,
  "size_z": 33,
  "snr": 6.139513440813418,
  "spacing_tr": 2.0,
  "spacing_x": 3.203130006790161,
  "spacing_y": 3.203130006790161,
  "spacing_z": 4.0,
  "summary_bg_k": 27.139126989644026,
  "summary_bg_mad": 11.252171464733655,
  "summary_bg_mean": 51.823333740234375,
  "summary_bg_median": 9.315790176391602,
  "summary_bg_n": 78199.0,
  "summary_bg_p05": 1.094736933708191,
  "summary_bg_p95": 261.0947418212886,
  "summary_bg_stdv": 113.79386901855469,
  "summary_fg_k": 1.6031485410113424,
  "summary_fg_mad": 161.50229205607997,
  "summary_fg_mean": 1028.90966796875,
  "summary_fg_median": 1019.2210693359375,
  "summary_fg_n": 26017.0,
  "summary_fg_p05": 792.8653076171875,
  "summary_fg_p95": 1308.1295166015625,
  "summary_fg_stdv": 166.0068817138672,
  "tsnr": 94.06111612869427
}