{
  "aor": 0.016320736842105263,
  "aqi": 0.006526708473684211,
  "bids_meta": {
    "AcquisitionDateTime": "2017-05-26T95:81:7.179688",
    "ConversionSoftware": "dcm2niix",
    "ConversionSoftwareVersion": "v1.0.20170314",
    "EchoTime": 0.026,
    "EffectiveEchoSpacing": 0.000489996,
    "FlipAngle": 80,
    "ImageType": [
      "ORIGINAL",
      "PRIMARY",
      "M",
      "ND",
      "NORM",
      "MOSAIC"
    ],
    "MagneticFieldStrength": 3,
    "Manufacturer": "Siemens",
    "ManufacturersModelName": "Prisma_fit",
    "PhaseEncodingDirection": "j-",
    "ProcedureStepDescription": "Head_64ch_Mosra",
    "ProtocolName": "bold_TR2_32_190_5",
    "RepetitionTime": 2,
    "SequenceName": "_epfid2d1_64",
    "SliceTiming": [
      0,
      0.06,
      0.12,
      0.18,
      0.24,
      0.3,
      0.36,
      0.42,
      0.48,
      0.54,
      0.6,
      0.66,
      0.72,
      0.78,
      0.84,
      0.9,
      0.96,
      1.02,
      1.08,
      1.14,
      1.2,
      1.26,
      1.32,
      1.38,
      1.44,
      1.5,
      1.56,
      1.62,
      1.68,
      1.74,
      1.8,
      1.86,
      1.92
    ],
    "TaskName": "d1-decoder_construction",
    "dataset": "ds002596",
    "modality": "bold",
    "run_id": 5,
    "subject_id": "13",
    "task_id": "d1"
  },
  "dummy_trs": 0,
  "dvars_nstd": 20.026150637619047,
  "dvars_std": 1.5602052235978843,
  "dvars_vstd": 1.1752002182539685,
  "efc": 0.524200468084571,
  "fber": 11049.1376953125,
  "fd_mean": 0.1148280135274616,
  "fd_num": 14,
  "fd_perc": 7.368421052631579,
  "fwhm_avg": 1.7113416451596233,
  "fwhm_x": 1.680927714012928,
  "fwhm_y": 1.8712072214659414,
  "fwhm_z": 1.58189,
  "gcor": 0.0950749,
  "gsr_x": -0.005812257062643766,
  "gsr_y": 0.0312125813215971,
  "provenance": {
    "md5sum": "3c4bcc0160db5a5b52d274b25e9dd5e6",
    "settings": {
      "fd_thres": 0.2,
      "testing": false
    },
    "software": "mriqc",
    "version": "22.0.1",
    "webapi_port": null,
    "webapi_url": "https://mriqc.nimh.nih.gov/api/v1"
  },
  "size_t": 190,
  "size_x": 64,
  "size_y": 64,
  "size_z": 33,
  "snr": 6.4536145565279455,
  "spacing_tr": 2.0,
  "spacing_x": 3.203130006790161,
  "spacing_y": 3.203130006790161,
  "spacing_z": 4.0,
  "summary_bg_k": 24.359621155795494,
  "summary_bg_mad": 10.28457728631912,
  "summary_bg_mean": 47.36489486694336,
  "summary_bg_median": 8.673684120178223,
  "summary_bg_n": 78107.0,
  "summary_bg_p05": 1.1263158321380615,
  "summary_bg_p95": 237.8584365844726,
  "summary_bg_stdv": 102.04993438720703,
  "summary_fg_k": 2.0724788218836467,
  "summary_fg_mad": 139.15000946962996,
  "summary_fg_mean": 948.9678955078125,
  "summary_fg_median": 941.192138671875,
  "summary_fg_n": 26016.0,
  "summary_fg_p05": 741.7434387207031,
  "summary_fg_p95": 1188.3105773925781,
  "summary_fg_stdv": 145.83673095703125,
  "tsnr": 81.32788238208741
}