{
  "aor": 0.012379894736842105,
  "aqi": 0.008478771894736841,
  "bids_meta": {
    "AcquisitionDateTime": "2017-05-26T10:05:32.320312",
    "ConversionSoftware": "dcm2niix",
    "ConversionSoftwareVersion": "v1.0.20170314",
    "EchoTime": 0.026,
    "EffectiveEchoSpacing": 0.000489996,
    "FlipAngle": 80,
    "ImageType": [
      "ORIGINAL",
      "PRIMARY",
      "M",
      "ND",
      "NORM",
      "MOSAIC"
    ],
    "MagneticFieldStrength": 3,
    "Manufacturer": "Siemens",
    "ManufacturersModelName": "Prisma_fit",
    "PhaseEncodingDirection": "j-",
    "ProcedureStepDescription": "Head_64ch_Mosra",
    "ProtocolName": "bold_TR2_32_190_6",
    "RepetitionTime": 2,
    "SequenceName": "_epfid2d1_64",
    "SliceTiming": [
      0,
      0.06,
      0.12,
      0.18,
      0.24,
      0.3,
      0.36,
      0.42,
      0.48,
      0.54,
      0.6,
      0.66,
      0.72,
      0.78,
      0.84,
      0.9,
      0.96,
      1.02,
      1.08,
      1.14,
      1.2,
      1.26,
      1.32,
      1.38,
      1.44,
      1.5,
      1.56,
      1.62,
      1.68,
      1.74,
      1.8,
      1.86,
      1.92
    ],
    "TaskName": "d1-decoder_construction",
    "dataset": "ds002596",
    "modality": "bold",
    "run_id": 6,
    "subject_id": "13",
    "task_id": "d1"
  },
  "dummy_trs": 0,
  "dvars_nstd": 19.92935543449735,
  "dvars_std": 1.4326375284126978,
  "dvars_vstd": 1.1069046677248673,
  "efc": 0.5249939526691096,
  "fber": 10723.5517578125,
  "fd_mean": 0.15623286806959777,
  "fd_num": 28,
  "fd_perc": 14.736842105263158,
  "fwhm_avg": 1.7151748737031385,
  "fwhm_x": 1.68485512250816,
  "fwhm_y": 1.873351998601255,
  "fwhm_z": 1.5873175,
  "gcor": 0.0882168,
  "gsr_x": -0.00555122597143054,
  "gsr_y": 0.03212038055062294,
  "provenance": {
    "md5sum": "834303950ddb820c3486e76f8c81cb4b",
    "settings": {
      "fd_thres": 0.2,
      "testing": false
    },
    "software": "mriqc",
    "version": "22.0.1",
    "webapi_port": null,
    "webapi_url": "https://mriqc.nimh.nih.gov/api/v1"
  },
  "size_t": 190,
  "size_x": 64,
  "size_y": 64,
  "size_z": 33,
  "snr": 6.429886208860261,
  "spacing_tr": 2.0,
  "spacing_x": 3.203130006790161,
  "spacing_y": 3.203130006790161,
  "spacing_z": 4.0,
  "summary_bg_k": 24.052288160118938,
  "summary_bg_mad": 10.49526333356433,
  "summary_bg_mean": 48.06495666503906,
  "summary_bg_median": 8.800000190734863,
  "summary_bg_n": 78111.0,
  "summary_bg_p05": 1.0842105150222778,
  "summary_bg_p95": 239.93158721923828,
  "summary_bg_stdv": 103.28162384033203,
  "summary_fg_k": 2.01951127253436,
  "summary_fg_mad": 139.345107759614,
  "summary_fg_mean": 948.9882202148438,
  "summary_fg_median": 941.1763916015625,
  "summary_fg_n": 26022.0,
  "summary_fg_p05": 740.8129150390625,
  "summary_fg_p95": 1190.119512939453,
  "summary_fg_stdv": 146.37246704101562,
  "tsnr": 69.33928679209203
}