{
  "bids_meta": {
    "AcquisitionDateTime": "2017-05-22T16:38:21.046875",
    "ConversionSoftware": "dcm2niix",
    "ConversionSoftwareVersion": "v1.0.20170314",
    "EchoTime": 0.00306,
    "FlipAngle": 9,
    "ImageType": [
      "ORIGINAL",
      "PRIMARY",
      "M",
      "ND",
      "NORM"
    ],
    "MagneticFieldStrength": 3,
    "Manufacturer": "Siemens",
    "ManufacturersModelName": "Prisma_fit",
    "PhaseEncodingDirection": "i-",
    "ProcedureStepDescription": "Head_64ch_Mosra",
    "ProtocolName": "MPRAGE_iPAT2",
    "RepetitionTime": 2.25,
    "SequenceName": "_tfl3d1_16ns",
    "dataset": "ds002596",
    "modality": "T1w",
    "subject_id": "08"
  },
  "cjv": 0.3422910606151456,
  "cnr": 3.9084049268151633,
  "efc": 0.5532581595850518,
  "fber": -1.0,
  "fwhm_avg": 3.9052717097530105,
  "fwhm_x": 4.11727512925903,
  "fwhm_y": 3.95505,
  "fwhm_z": 3.64349,
  "icvs_csf": 0.2042392175631415,
  "icvs_gm": 0.4328596580365045,
  "icvs_wm": 0.362901124400354,
  "inu_med": 0.4850636124610901,
  "inu_range": 0.21899935603141785,
  "provenance": {
    "md5sum": "82bd99f7f1bb9a222db96d562cc3c5c7",
    "settings": {
      "testing": false
    },
    "software": "mriqc",
    "version": "22.0.1",
    "warnings": {
      "large_rot_frame": true,
      "small_air_mask": false
    },
    "webapi_port": null,
    "webapi_url": "https://mriqc.nimh.nih.gov/api/v1"
  },
  "qi_1": 4.914201036434864e-05,
  "qi_2": 0.01005422097464896,
  "rpve_csf": 25.543258362353242,
  "rpve_gm": 12.595710530034806,
  "rpve_wm": 16.96551775983842,
  "size_x": 208,
  "size_y": 256,
  "size_z": 256,
  "snr_csf": 2.611048016059856,
  "snr_gm": 13.306636934367583,
  "snr_total": 13.007649237163852,
  "snr_wm": 23.105262761064115,
  "snrd_csf": 31.90847726134816,
  "snrd_gm": 76.02524951433453,
  "snrd_total": 70.85579960381273,
  "snrd_wm": 104.63367203575548,
  "spacing_x": 1.0001444816589355,
  "spacing_y": 1.0,
  "spacing_z": 1.0,
  "summary_bg_k": 18.92115643749017,
  "summary_bg_mad": 0.0,
  "summary_bg_mean": 2.7792254317151315,
  "summary_bg_median": 0.0,
  "summary_bg_n": 3432450.0,
  "summary_bg_p05": 0.0,
  "summary_bg_p95": 15.359372697770596,
  "summary_bg_stdv": 6.2612386641973625,
  "summary_csf_k": 0.8527426072306281,
  "summary_csf_mad": 106.32489702534544,
  "summary_csf_mean": 310.9010404101879,
  "summary_csf_median": 304.95419204980135,
  "summary_csf_n": 48914.0,
  "summary_csf_p05": 124.28786156326532,
  "summary_csf_p95": 511.43292825557285,
  "summary_csf_stdv": 116.7925955055738,
  "summary_gm_k": 0.3490470244742152,
  "summary_gm_mad": 52.30090263591825,
  "summary_gm_mean": 726.8949726633259,
  "summary_gm_median": 726.5849244743586,
  "summary_gm_n": 35557.0,
  "summary_gm_p05": 637.8469463065267,
  "summary_gm_p95": 817.1915503591299,
  "summary_gm_stdv": 54.602429659784285,
  "summary_wm_k": 0.550789308193794,
  "summary_wm_mad": 41.28662985858663,
  "summary_wm_mean": 999.4565206200891,
  "summary_wm_median": 999.9999892041087,
  "summary_wm_n": 246371.0,
  "summary_wm_p05": 927.9886869415641,
  "summary_wm_p95": 1068.9576476365328,
  "summary_wm_stdv": 43.280094672958406,
  "tpm_overlap_csf": 0.16120642439736896,
  "tpm_overlap_gm": 0.4540923911661937,
  "tpm_overlap_wm": 0.5006817243595951,
  "wm2max": 0.5017264640643937
}