{
  "aor": 0.0010133862433862435,
  "aqi": 0.004554174232804232,
  "bids_meta": {
    "AcquisitionDateTime": "2017-05-30T94:30:8.796875",
    "ConversionSoftware": "dcm2niix",
    "ConversionSoftwareVersion": "v1.0.20170314",
    "EchoTime": 0.026,
    "EffectiveEchoSpacing": 0.000489996,
    "FlipAngle": 80,
    "ImageType": [
      "ORIGINAL",
      "PRIMARY",
      "M",
      "ND",
      "NORM",
      "MOSAIC"
    ],
    "MagneticFieldStrength": 3,
    "Manufacturer": "Siemens",
    "ManufacturersModelName": "Prisma_fit",
    "PhaseEncodingDirection": "j-",
    "ProcedureStepDescription": "Head_64ch_Mosra",
    "ProtocolName": "bold_TR2_32_190_3",
    "RepetitionTime": 2,
    "SequenceName": "_epfid2d1_64",
    "SliceTiming": [
      0,
      0.06,
      0.12,
      0.18,
      0.24,
      0.3,
      0.36,
      0.42,
      0.48,
      0.54,
      0.6,
      0.66,
      0.72,
      0.78,
      0.84,
      0.9,
      0.96,
      1.02,
      1.08,
      1.14,
      1.2,
      1.26,
      1.32,
      1.38,
      1.44,
      1.5,
      1.56,
      1.62,
      1.68,
      1.74,
      1.8,
      1.86,
      1.92
    ],
    "TaskName": "d1-decoder_construction",
    "dataset": "ds002596",
    "modality": "bold",
    "run_id": 3,
    "subject_id": "18",
    "task_id": "d1"
  },
  "dummy_trs": 1,
  "dvars_nstd": 17.298232991648938,
  "dvars_std": 1.2746805644680854,
  "dvars_vstd": 0.9875988587234047,
  "efc": 0.5223598334107813,
  "fber": 6726.72119140625,
  "fd_mean": 0.11555529386891791,
  "fd_num": 21,
  "fd_perc": 11.11111111111111,
  "fwhm_avg": 1.7052313128199952,
  "fwhm_x": 1.6837000023625035,
  "fwhm_y": 1.8509239360974823,
  "fwhm_z": 1.58107,
  "gcor": 0.0844697,
  "gsr_x": 0.0009181205532513559,
  "gsr_y": 0.0255059115588665,
  "provenance": {
    "md5sum": "080ff453ab3705c867b9a4ff83babb8e",
    "settings": {
      "fd_thres": 0.2,
      "testing": false
    },
    "software": "mriqc",
    "version": "22.0.1",
    "webapi_port": null,
    "webapi_url": "https://mriqc.nimh.nih.gov/api/v1"
  },
  "size_t": 189,
  "size_x": 64,
  "size_y": 64,
  "size_z": 33,
  "snr": 6.573256576691454,
  "spacing_tr": 2.0,
  "spacing_x": 3.203130006790161,
  "spacing_y": 3.203130006790161,
  "spacing_z": 4.0,
  "summary_bg_k": 18.698638762734948,
  "summary_bg_mad": 14.78679952354443,
  "summary_bg_mean": 57.076045989990234,
  "summary_bg_median": 11.825396537780762,
  "summary_bg_n": 80302.0,
  "summary_bg_p05": 1.1640211343765259,
  "summary_bg_p95": 287.393910217285,
  "summary_bg_stdv": 114.14643096923828,
  "summary_fg_k": 1.7879670843236868,
  "summary_fg_mad": 142.21212961562674,
  "summary_fg_mean": 989.0751342773438,
  "summary_fg_median": 982.2142333984375,
  "summary_fg_n": 24320.0,
  "summary_fg_p05": 772.6108001708984,
  "summary_fg_p95": 1234.65234375,
  "summary_fg_stdv": 149.42274475097656,
  "tsnr": 99.33637814223766
}