{
  "aor": 0.0028614285714285716,
  "aqi": 0.004564994444444445,
  "bids_meta": {
    "AcquisitionDateTime": "2017-05-30T10:05:4.585938",
    "ConversionSoftware": "dcm2niix",
    "ConversionSoftwareVersion": "v1.0.20170314",
    "EchoTime": 0.026,
    "EffectiveEchoSpacing": 0.000489996,
    "FlipAngle": 80,
    "ImageType": [
      "ORIGINAL",
      "PRIMARY",
      "M",
      "ND",
      "NORM",
      "MOSAIC"
    ],
    "MagneticFieldStrength": 3,
    "Manufacturer": "Siemens",
    "ManufacturersModelName": "Prisma_fit",
    "PhaseEncodingDirection": "j-",
    "ProcedureStepDescription": "Head_64ch_Mosra",
    "ProtocolName": "bold_TR2_32_190_6",
    "RepetitionTime": 2,
    "SequenceName": "_epfid2d1_64",
    "SliceTiming": [
      0,
      0.06,
      0.12,
      0.18,
      0.24,
      0.3,
      0.36,
      0.42,
      0.48,
      0.54,
      0.6,
      0.66,
      0.72,
      0.78,
      0.84,
      0.9,
      0.96,
      1.02,
      1.08,
      1.14,
      1.2,
      1.26,
      1.32,
      1.38,
      1.44,
      1.5,
      1.56,
      1.62,
      1.68,
      1.7375,
      1.7975,
      1.8575,
      1.9175
    ],
    "TaskName": "d1-decoder_construction",
    "dataset": "ds002596",
    "modality": "bold",
    "run_id": 6,
    "subject_id": "18",
    "task_id": "d1"
  },
  "dummy_trs": 1,
  "dvars_nstd": 16.659143417340424,
  "dvars_std": 1.2956592026595748,
  "dvars_vstd": 1.028601312978723,
  "efc": 0.5242391952134756,
  "fber": 6196.3779296875,
  "fd_mean": 0.09372697183693077,
  "fd_num": 13,
  "fd_perc": 6.878306878306878,
  "fwhm_avg": 1.705216018001299,
  "fwhm_x": 1.6867595097753234,
  "fwhm_y": 1.8519635442285731,
  "fwhm_z": 1.576925,
  "gcor": 0.061414,
  "gsr_x": 0.0006846152245998383,
  "gsr_y": 0.025212300941348076,
  "provenance": {
    "md5sum": "b93a613dcfa59cfda138b1333e65e379",
    "settings": {
      "fd_thres": 0.2,
      "testing": false
    },
    "software": "mriqc",
    "version": "22.0.1",
    "webapi_port": null,
    "webapi_url": "https://mriqc.nimh.nih.gov/api/v1"
  },
  "size_t": 189,
  "size_x": 64,
  "size_y": 64,
  "size_z": 33,
  "snr": 6.551931098594367,
  "spacing_tr": 2.0,
  "spacing_x": 3.203130006790161,
  "spacing_y": 3.203130006790161,
  "spacing_z": 4.0,
  "summary_bg_k": 18.149085193401103,
  "summary_bg_mad": 15.359445291502881,
  "summary_bg_mean": 58.099491119384766,
  "summary_bg_median": 12.243386268615723,
  "summary_bg_n": 80304.0,
  "summary_bg_p05": 1.185185194015503,
  "summary_bg_p95": 293.04284057617065,
  "summary_bg_stdv": 114.31898498535156,
  "summary_fg_k": 1.761156397352317,
  "summary_fg_mad": 142.1376103940118,
  "summary_fg_mean": 982.335693359375,
  "summary_fg_median": 975.497314453125,
  "summary_fg_n": 24282.0,
  "summary_fg_p05": 767.1803802490234,
  "summary_fg_p95": 1227.0226684570314,
  "summary_fg_stdv": 148.88392639160156,
  "tsnr": 100.75880198506638
}