{
  "aor": 0.0021515263157894735,
  "aqi": 0.005082998421052631,
  "bids_meta": {
    "AcquisitionDateTime": "2017-05-30T95:03:0.593750",
    "ConversionSoftware": "dcm2niix",
    "ConversionSoftwareVersion": "v1.0.20170314",
    "EchoTime": 0.026,
    "EffectiveEchoSpacing": 0.000489996,
    "FlipAngle": 80,
    "ImageType": [
      "ORIGINAL",
      "PRIMARY",
      "M",
      "ND",
      "NORM",
      "MOSAIC"
    ],
    "MagneticFieldStrength": 3,
    "Manufacturer": "Siemens",
    "ManufacturersModelName": "Prisma_fit",
    "PhaseEncodingDirection": "j-",
    "ProcedureStepDescription": "Head_64ch_Mosra",
    "ProtocolName": "bold_TR2_32_190_4",
    "RepetitionTime": 2,
    "SequenceName": "_epfid2d1_64",
    "SliceTiming": [
      0,
      0.06,
      0.12,
      0.18,
      0.24,
      0.3,
      0.36,
      0.42,
      0.48,
      0.54,
      0.6,
      0.66,
      0.72,
      0.78,
      0.84,
      0.9,
      0.96,
      1.02,
      1.08,
      1.14,
      1.2,
      1.26,
      1.32,
      1.38,
      1.44,
      1.5,
      1.56,
      1.62,
      1.68,
      1.74,
      1.8,
      1.86,
      1.92
    ],
    "TaskName": "d1-decoder_construction",
    "dataset": "ds002596",
    "modality": "bold",
    "run_id": 4,
    "subject_id": "18",
    "task_id": "d1"
  },
  "dummy_trs": 0,
  "dvars_nstd": 18.148262947195764,
  "dvars_std": 1.2728517035449736,
  "dvars_vstd": 1.0163528957671952,
  "efc": 0.5233929877742017,
  "fber": 6529.970703125,
  "fd_mean": 0.1477439850925828,
  "fd_num": 37,
  "fd_perc": 19.473684210526315,
  "fwhm_avg": 1.7061370270780805,
  "fwhm_x": 1.6862724861463436,
  "fwhm_y": 1.8506335950878983,
  "fwhm_z": 1.581505,
  "gcor": 0.0916146,
  "gsr_x": 0.0006818476831540465,
  "gsr_y": 0.025951649993658066,
  "provenance": {
    "md5sum": "2363647c1ad13a71b0f29d184afc5b05",
    "settings": {
      "fd_thres": 0.2,
      "testing": false
    },
    "software": "mriqc",
    "version": "22.0.1",
    "webapi_port": null,
    "webapi_url": "https://mriqc.nimh.nih.gov/api/v1"
  },
  "size_t": 190,
  "size_x": 64,
  "size_y": 64,
  "size_z": 33,
  "snr": 6.578105670842699,
  "spacing_tr": 2.0,
  "spacing_x": 3.203130006790161,
  "spacing_y": 3.203130006790161,
  "spacing_z": 4.0,
  "summary_bg_k": 18.114221685449092,
  "summary_bg_mad": 14.982086571802684,
  "summary_bg_mean": 57.75608444213867,
  "summary_bg_median": 11.96315860748291,
  "summary_bg_n": 80309.0,
  "summary_bg_p05": 1.1842105388641357,
  "summary_bg_p95": 291.2158020019527,
  "summary_bg_stdv": 114.79882049560547,
  "summary_fg_k": 1.8895013610102174,
  "summary_fg_mad": 141.4753530492771,
  "summary_fg_mean": 986.1298217773438,
  "summary_fg_median": 979.4447631835938,
  "summary_fg_n": 24274.0,
  "summary_fg_p05": 772.2708312988282,
  "summary_fg_p95": 1228.9871826171875,
  "summary_fg_stdv": 148.89158630371094,
  "tsnr": 92.07400510110892
}