{
  "aor": 0.0009186772486772487,
  "aqi": 0.004282188624338625,
  "bids_meta": {
    "AcquisitionDateTime": "2017-05-31T93:50:5.765625",
    "ConversionSoftware": "dcm2niix",
    "ConversionSoftwareVersion": "v1.0.20170314",
    "EchoTime": 0.026,
    "EffectiveEchoSpacing": 0.000489996,
    "FlipAngle": 80,
    "ImageType": [
      "ORIGINAL",
      "PRIMARY",
      "M",
      "ND",
      "NORM",
      "MOSAIC"
    ],
    "MagneticFieldStrength": 3,
    "Manufacturer": "Siemens",
    "ManufacturersModelName": "Prisma_fit",
    "PhaseEncodingDirection": "j-",
    "ProcedureStepDescription": "Head_64ch_Mosra",
    "ProtocolName": "bold_TR2_32_190_4",
    "RepetitionTime": 2,
    "SequenceName": "_epfid2d1_64",
    "SliceTiming": [
      0,
      0.06,
      0.12,
      0.18,
      0.24,
      0.3,
      0.36,
      0.42,
      0.48,
      0.54,
      0.6,
      0.66,
      0.72,
      0.78,
      0.84,
      0.9,
      0.96,
      1.02,
      1.08,
      1.14,
      1.2,
      1.26,
      1.32,
      1.38,
      1.44,
      1.5,
      1.56,
      1.62,
      1.68,
      1.74,
      1.8,
      1.86,
      1.92
    ],
    "TaskName": "d2-adaptive_tcontrol",
    "dataset": "ds002596",
    "modality": "bold",
    "run_id": 4,
    "subject_id": "18",
    "task_id": "d2"
  },
  "dummy_trs": 1,
  "dvars_nstd": 18.84621153015958,
  "dvars_std": 1.3629606589361702,
  "dvars_vstd": 1.0055423622872337,
  "efc": 0.5234119859883813,
  "fber": 7093.70654296875,
  "fd_mean": 0.11772993024634731,
  "fd_num": 13,
  "fd_perc": 6.878306878306878,
  "fwhm_avg": 1.7350615458619059,
  "fwhm_x": 1.7216753576375443,
  "fwhm_y": 1.8806042799481737,
  "fwhm_z": 1.602905,
  "gcor": 0.0898625,
  "gsr_x": -0.00027345927082933486,
  "gsr_y": 0.024339154362678528,
  "provenance": {
    "md5sum": "fdfce8bcde23d2033a256f991ca4d913",
    "settings": {
      "fd_thres": 0.2,
      "testing": false
    },
    "software": "mriqc",
    "version": "22.0.1",
    "webapi_port": null,
    "webapi_url": "https://mriqc.nimh.nih.gov/api/v1"
  },
  "size_t": 189,
  "size_x": 64,
  "size_y": 64,
  "size_z": 33,
  "snr": 6.319947597142068,
  "spacing_tr": 2.0,
  "spacing_x": 3.203130006790161,
  "spacing_y": 3.203130006790161,
  "spacing_z": 4.0,
  "summary_bg_k": 16.646285045216636,
  "summary_bg_mad": 14.590688690345878,
  "summary_bg_mean": 58.676177978515625,
  "summary_bg_median": 11.724867820739746,
  "summary_bg_n": 80169.0,
  "summary_bg_p05": 1.2063491344451904,
  "summary_bg_p95": 300.3280273437495,
  "summary_bg_stdv": 115.60974884033203,
  "summary_fg_k": 1.5452559161678154,
  "summary_fg_mad": 152.93941363014432,
  "summary_fg_mean": 1001.8993530273438,
  "summary_fg_median": 994.3147583007812,
  "summary_fg_n": 24324.0,
  "summary_fg_p05": 773.4092407226562,
  "summary_fg_p95": 1263.073291015625,
  "summary_fg_stdv": 157.32635498046875,
  "tsnr": 103.3507545706816
}