{
  "aor": 0.0005437566137566138,
  "aqi": 0.004386823544973545,
  "bids_meta": {
    "AcquisitionDateTime": "2017-05-31T94:92:4.156250",
    "ConversionSoftware": "dcm2niix",
    "ConversionSoftwareVersion": "v1.0.20170314",
    "EchoTime": 0.026,
    "EffectiveEchoSpacing": 0.000489996,
    "FlipAngle": 80,
    "ImageType": [
      "ORIGINAL",
      "PRIMARY",
      "M",
      "ND",
      "NORM",
      "MOSAIC"
    ],
    "MagneticFieldStrength": 3,
    "Manufacturer": "Siemens",
    "ManufacturersModelName": "Prisma_fit",
    "PhaseEncodingDirection": "j-",
    "ProcedureStepDescription": "Head_64ch_Mosra",
    "ProtocolName": "bold_TR2_32_190_6",
    "RepetitionTime": 2,
    "SequenceName": "_epfid2d1_64",
    "SliceTiming": [
      0,
      0.06,
      0.12,
      0.18,
      0.24,
      0.3,
      0.36,
      0.42,
      0.48,
      0.54,
      0.6,
      0.66,
      0.72,
      0.78,
      0.84,
      0.9,
      0.96,
      1.02,
      1.08,
      1.14,
      1.2,
      1.26,
      1.32,
      1.38,
      1.44,
      1.5,
      1.56,
      1.62,
      1.68,
      1.74,
      1.8,
      1.86,
      1.92
    ],
    "TaskName": "d2-adaptive_tcontrol",
    "dataset": "ds002596",
    "modality": "bold",
    "run_id": 6,
    "subject_id": "18",
    "task_id": "d2"
  },
  "dummy_trs": 1,
  "dvars_nstd": 17.0752313694149,
  "dvars_std": 1.28648673393617,
  "dvars_vstd": 0.9723911253723402,
  "efc": 0.5242816882605756,
  "fber": 6761.68505859375,
  "fd_mean": 0.09603482710819644,
  "fd_num": 4,
  "fd_perc": 2.1164021164021163,
  "fwhm_avg": 1.735543994932552,
  "fwhm_x": 1.7180788754543113,
  "fwhm_y": 1.8805231093433439,
  "fwhm_z": 1.60803,
  "gcor": 0.0479137,
  "gsr_x": -0.00028123747324571013,
  "gsr_y": 0.023612873628735542,
  "provenance": {
    "md5sum": "453b21e6edf36aaf27d6d954aa2a4114",
    "settings": {
      "fd_thres": 0.2,
      "testing": false
    },
    "software": "mriqc",
    "version": "22.0.1",
    "webapi_port": null,
    "webapi_url": "https://mriqc.nimh.nih.gov/api/v1"
  },
  "size_t": 189,
  "size_x": 64,
  "size_y": 64,
  "size_z": 33,
  "snr": 6.290929032270954,
  "spacing_tr": 2.0,
  "spacing_x": 3.203130006790161,
  "spacing_y": 3.203130006790161,
  "spacing_z": 4.0,
  "summary_bg_k": 16.055347162733877,
  "summary_bg_mad": 14.81817687509789,
  "summary_bg_mean": 59.24530029296875,
  "summary_bg_median": 11.915343284606934,
  "summary_bg_n": 80191.0,
  "summary_bg_p05": 1.2380951642990112,
  "summary_bg_p95": 303.8121643066406,
  "summary_bg_stdv": 115.90843963623047,
  "summary_fg_k": 1.5206553714618432,
  "summary_fg_mad": 152.8570669493069,
  "summary_fg_mean": 998.2120971679688,
  "summary_fg_median": 990.9629516601562,
  "summary_fg_n": 24299.0,
  "summary_fg_p05": 770.2057922363281,
  "summary_fg_p95": 1260.651330566406,
  "summary_fg_stdv": 157.51927185058594,
  "tsnr": 100.29221163131297
}