{
  "aor": 0.0010871578947368422,
  "aqi": 0.004733113578947369,
  "bids_meta": {
    "AcquisitionDateTime": "2017-05-31T94:21:7.429688",
    "ConversionSoftware": "dcm2niix",
    "ConversionSoftwareVersion": "v1.0.20170314",
    "EchoTime": 0.026,
    "EffectiveEchoSpacing": 0.000489996,
    "FlipAngle": 80,
    "ImageType": [
      "ORIGINAL",
      "PRIMARY",
      "M",
      "ND",
      "NORM",
      "MOSAIC"
    ],
    "MagneticFieldStrength": 3,
    "Manufacturer": "Siemens",
    "ManufacturersModelName": "Prisma_fit",
    "PhaseEncodingDirection": "j-",
    "ProcedureStepDescription": "Head_64ch_Mosra",
    "ProtocolName": "bold_TR2_32_190_5",
    "RepetitionTime": 2,
    "SequenceName": "_epfid2d1_64",
    "SliceTiming": [
      0,
      0.06,
      0.12,
      0.18,
      0.24,
      0.3,
      0.36,
      0.42,
      0.48,
      0.5375,
      0.5975,
      0.6575,
      0.7175,
      0.7775,
      0.8375,
      0.8975,
      0.9575,
      1.0175,
      1.0775,
      1.1375,
      1.1975,
      1.2575,
      1.3175,
      1.3775,
      1.4375,
      1.4975,
      1.5575,
      1.6175,
      1.6775,
      1.7375,
      1.7975,
      1.8575,
      1.9175
    ],
    "TaskName": "d2-adaptive_tcontrol",
    "dataset": "ds002596",
    "modality": "bold",
    "run_id": 5,
    "subject_id": "18",
    "task_id": "d2"
  },
  "dummy_trs": 0,
  "dvars_nstd": 19.473217969259256,
  "dvars_std": 1.3422698840211644,
  "dvars_vstd": 1.0052018464550267,
  "efc": 0.5239062205957234,
  "fber": 6878.43505859375,
  "fd_mean": 0.12599005000832314,
  "fd_num": 17,
  "fd_perc": 8.947368421052632,
  "fwhm_avg": 1.7442711384437566,
  "fwhm_x": 1.7233237453048593,
  "fwhm_y": 1.8885121700264111,
  "fwhm_z": 1.6209775,
  "gcor": 0.0844901,
  "gsr_x": -0.0004034844459965825,
  "gsr_y": 0.024285515770316124,
  "provenance": {
    "md5sum": "073c697d521c5f0a3f728b86c5dd8bdf",
    "settings": {
      "fd_thres": 0.2,
      "testing": false
    },
    "software": "mriqc",
    "version": "22.0.1",
    "webapi_port": null,
    "webapi_url": "https://mriqc.nimh.nih.gov/api/v1"
  },
  "size_t": 190,
  "size_x": 64,
  "size_y": 64,
  "size_z": 33,
  "snr": 6.307982647458293,
  "spacing_tr": 2.0,
  "spacing_x": 3.203130006790161,
  "spacing_y": 3.203130006790161,
  "spacing_z": 4.0,
  "summary_bg_k": 16.371719254007537,
  "summary_bg_mad": 14.794809555142626,
  "summary_bg_mean": 59.100433349609375,
  "summary_bg_median": 11.884210586547852,
  "summary_bg_n": 80191.0,
  "summary_bg_p05": 1.215789556503296,
  "summary_bg_p95": 302.726318359375,
  "summary_bg_stdv": 116.04097747802734,
  "summary_fg_k": 1.4535855748229114,
  "summary_fg_mad": 153.10600729983844,
  "summary_fg_mean": 1001.5005493164062,
  "summary_fg_median": 993.9210815429688,
  "summary_fg_n": 24323.0,
  "summary_fg_p05": 772.0184387207031,
  "summary_fg_p95": 1263.7194824218748,
  "summary_fg_stdv": 157.56236267089844,
  "tsnr": 97.2724572326988
}