{
  "aor": 0.000894157894736842,
  "aqi": 0.004347342631578948,
  "bids_meta": {
    "AcquisitionDateTime": "2017-05-31T91:33:9.218750",
    "ConversionSoftware": "dcm2niix",
    "ConversionSoftwareVersion": "v1.0.20170314",
    "EchoTime": 0.026,
    "EffectiveEchoSpacing": 0.000489996,
    "FlipAngle": 80,
    "ImageType": [
      "ORIGINAL",
      "PRIMARY",
      "M",
      "ND",
      "NORM",
      "MOSAIC"
    ],
    "MagneticFieldStrength": 3,
    "Manufacturer": "Siemens",
    "ManufacturersModelName": "Prisma_fit",
    "PhaseEncodingDirection": "j-",
    "ProcedureStepDescription": "Head_64ch_Mosra",
    "ProtocolName": "bold_TR2_32_190_1",
    "RepetitionTime": 2,
    "SequenceName": "_epfid2d1_64",
    "SliceTiming": [
      0,
      0.06,
      0.12,
      0.18,
      0.24,
      0.3,
      0.36,
      0.42,
      0.48,
      0.54,
      0.6,
      0.66,
      0.72,
      0.78,
      0.84,
      0.9,
      0.96,
      1.02,
      1.08,
      1.14,
      1.2,
      1.26,
      1.32,
      1.38,
      1.44,
      1.5,
      1.56,
      1.62,
      1.68,
      1.74,
      1.8,
      1.86,
      1.92
    ],
    "TaskName": "d2-adaptive_tcontrol",
    "dataset": "ds002596",
    "modality": "bold",
    "run_id": 1,
    "subject_id": "18",
    "task_id": "d2"
  },
  "dummy_trs": 0,
  "dvars_nstd": 17.11699292507936,
  "dvars_std": 1.2723550793650789,
  "dvars_vstd": 0.9829326267724873,
  "efc": 0.5195727166997992,
  "fber": 7981.068359375,
  "fd_mean": 0.109939937541373,
  "fd_num": 11,
  "fd_perc": 5.7894736842105265,
  "fwhm_avg": 1.7430646610690197,
  "fwhm_x": 1.7206763348088683,
  "fwhm_y": 1.8867451483981907,
  "fwhm_z": 1.6217725,
  "gcor": 0.0524072,
  "gsr_x": -0.0004297822597436607,
  "gsr_y": 0.024747474119067192,
  "provenance": {
    "md5sum": "eb09ad244c4c04bcc1b439a1befe5891",
    "settings": {
      "fd_thres": 0.2,
      "testing": false
    },
    "software": "mriqc",
    "version": "22.0.1",
    "webapi_port": null,
    "webapi_url": "https://mriqc.nimh.nih.gov/api/v1"
  },
  "size_t": 190,
  "size_x": 64,
  "size_y": 64,
  "size_z": 33,
  "snr": 6.3940262250084485,
  "spacing_tr": 2.0,
  "spacing_x": 3.203130006790161,
  "spacing_y": 3.203130006790161,
  "spacing_z": 4.0,
  "summary_bg_k": 18.731823951018526,
  "summary_bg_mad": 13.753086927158408,
  "summary_bg_mean": 56.19548416137695,
  "summary_bg_median": 11.08684253692627,
  "summary_bg_n": 80204.0,
  "summary_bg_p05": 1.1534211039543156,
  "summary_bg_p95": 286.32974853515583,
  "summary_bg_stdv": 112.91523742675781,
  "summary_fg_k": 1.6082616387136381,
  "summary_fg_mad": 151.6506880750389,
  "summary_fg_mean": 1011.5494384765625,
  "summary_fg_median": 1004.0421142578125,
  "summary_fg_n": 24284.0,
  "summary_fg_p05": 784.1663665771484,
  "summary_fg_p95": 1272.699285888672,
  "summary_fg_stdv": 157.02491760253906,
  "tsnr": 99.6428083628416
}