{
  "aor": 0.0011718518518518517,
  "aqi": 0.003525239365079365,
  "bids_meta": {
    "AcquisitionDateTime": "2017-05-30T92:75:5.796875",
    "ConversionSoftware": "dcm2niix",
    "ConversionSoftwareVersion": "v1.0.20170314",
    "EchoTime": 0.026,
    "EffectiveEchoSpacing": 0.000489996,
    "FlipAngle": 80,
    "ImageType": [
      "ORIGINAL",
      "PRIMARY",
      "M",
      "ND",
      "NORM",
      "MOSAIC"
    ],
    "MagneticFieldStrength": 3,
    "Manufacturer": "Siemens",
    "ManufacturersModelName": "Prisma_fit",
    "PhaseEncodingDirection": "j-",
    "ProcedureStepDescription": "Head_64ch_Mosra",
    "ProtocolName": "bold_TR2_32_190_1",
    "RepetitionTime": 2,
    "SequenceName": "_epfid2d1_64",
    "SliceTiming": [
      0,
      0.06,
      0.12,
      0.18,
      0.24,
      0.3,
      0.36,
      0.42,
      0.48,
      0.54,
      0.6,
      0.66,
      0.72,
      0.78,
      0.84,
      0.9,
      0.96,
      1.02,
      1.08,
      1.14,
      1.2,
      1.26,
      1.32,
      1.38,
      1.44,
      1.5,
      1.56,
      1.62,
      1.68,
      1.74,
      1.8,
      1.86,
      1.92
    ],
    "TaskName": "d1-decoder_construction",
    "dataset": "ds002596",
    "modality": "bold",
    "run_id": 1,
    "subject_id": "18",
    "task_id": "d1"
  },
  "dummy_trs": 1,
  "dvars_nstd": 14.58305195558512,
  "dvars_std": 1.255983913351064,
  "dvars_vstd": 1.0034212466489367,
  "efc": 0.519897597403818,
  "fber": 7464.3935546875,
  "fd_mean": 0.07988285213633382,
  "fd_num": 3,
  "fd_perc": 1.5873015873015872,
  "fwhm_avg": 1.6857665903354382,
  "fwhm_x": 1.6614842322098242,
  "fwhm_y": 1.8320330387964898,
  "fwhm_z": 1.5637825,
  "gcor": 0.0555729,
  "gsr_x": 0.00040086719673126936,
  "gsr_y": 0.024139929562807083,
  "provenance": {
    "md5sum": "80502392b1e08c27f9b0ab1105ac7acd",
    "settings": {
      "fd_thres": 0.2,
      "testing": false
    },
    "software": "mriqc",
    "version": "22.0.1",
    "webapi_port": null,
    "webapi_url": "https://mriqc.nimh.nih.gov/api/v1"
  },
  "size_t": 189,
  "size_x": 64,
  "size_y": 64,
  "size_z": 33,
  "snr": 6.639163155004146,
  "spacing_tr": 2.0,
  "spacing_x": 3.203130006790161,
  "spacing_y": 3.203130006790161,
  "spacing_z": 4.0,
  "summary_bg_k": 20.60405458431992,
  "summary_bg_mad": 14.10825435457825,
  "summary_bg_mean": 55.709083557128906,
  "summary_bg_median": 11.29365062713623,
  "summary_bg_n": 80324.0,
  "summary_bg_p05": 1.11640202999115,
  "summary_bg_p95": 280.47115783691345,
  "summary_bg_stdv": 113.13890838623047,
  "summary_fg_k": 1.9109052516402585,
  "summary_fg_mad": 141.90631576080256,
  "summary_fg_mean": 997.5474853515625,
  "summary_fg_median": 990.4073486328125,
  "summary_fg_n": 24279.0,
  "summary_fg_p05": 782.2888610839843,
  "summary_fg_p95": 1241.3798828124998,
  "summary_fg_stdv": 149.1734619140625,
  "tsnr": 115.47383337747306
}