{
  "aor": 0.0014991978609625667,
  "aqi": 0.0034176238502673793,
  "bids_meta": {
    "AcquisitionDateTime": "2017-05-26T14:31:43.234375",
    "ConversionSoftware": "dcm2niix",
    "ConversionSoftwareVersion": "v1.0.20170314",
    "EchoTime": 0.026,
    "EffectiveEchoSpacing": 0.000489996,
    "FlipAngle": 80,
    "ImageType": [
      "ORIGINAL",
      "PRIMARY",
      "M",
      "ND",
      "NORM",
      "MOSAIC"
    ],
    "MagneticFieldStrength": 3,
    "Manufacturer": "Siemens",
    "ManufacturersModelName": "Prisma_fit",
    "PhaseEncodingDirection": "j-",
    "ProcedureStepDescription": "Head_64ch_Mosra",
    "ProtocolName": "bold_TR2_32_190_6",
    "RepetitionTime": 2,
    "SequenceName": "_epfid2d1_64",
    "SliceTiming": [
      0,
      0.06,
      0.12,
      0.18,
      0.24,
      0.3,
      0.36,
      0.42,
      0.48,
      0.54,
      0.6,
      0.66,
      0.72,
      0.78,
      0.84,
      0.9,
      0.96,
      1.02,
      1.08,
      1.14,
      1.2,
      1.26,
      1.32,
      1.38,
      1.44,
      1.5,
      1.56,
      1.62,
      1.68,
      1.74,
      1.8,
      1.86,
      1.92
    ],
    "TaskName": "d1-decoder_construction",
    "dataset": "ds002596",
    "modality": "bold",
    "run_id": 6,
    "subject_id": "15",
    "task_id": "d1"
  },
  "dummy_trs": 3,
  "dvars_nstd": 20.056974077741945,
  "dvars_std": 1.3820249390322583,
  "dvars_vstd": 1.014942538924731,
  "efc": 0.5279444090558493,
  "fber": 5352.861328125,
  "fd_mean": 0.10956041949438317,
  "fd_num": 11,
  "fd_perc": 5.882352941176471,
  "fwhm_avg": 1.7462402135356265,
  "fwhm_x": 1.6972180300130237,
  "fwhm_y": 1.9187326105938556,
  "fwhm_z": 1.62277,
  "gcor": 0.0395601,
  "gsr_x": -0.014658577740192413,
  "gsr_y": 0.03149750456213951,
  "provenance": {
    "md5sum": "0d22eb5f5d6235f48812e20567566d1b",
    "settings": {
      "fd_thres": 0.2,
      "testing": false
    },
    "software": "mriqc",
    "version": "22.0.1",
    "webapi_port": null,
    "webapi_url": "https://mriqc.nimh.nih.gov/api/v1"
  },
  "size_t": 187,
  "size_x": 64,
  "size_y": 64,
  "size_z": 33,
  "snr": 6.713659371920277,
  "spacing_tr": 2.0,
  "spacing_x": 3.203130006790161,
  "spacing_y": 3.203130006790161,
  "spacing_z": 4.0,
  "summary_bg_k": 11.40118044655314,
  "summary_bg_mad": 14.643670557521943,
  "summary_bg_mean": 56.40626525878906,
  "summary_bg_median": 11.262032508850098,
  "summary_bg_n": 81330.0,
  "summary_bg_p05": 0.9358289241790771,
  "summary_bg_p95": 288.33556518554695,
  "summary_bg_stdv": 103.95600891113281,
  "summary_fg_k": 1.5353273697974332,
  "summary_fg_mad": 122.20767758705256,
  "summary_fg_mean": 838.884033203125,
  "summary_fg_median": 833.1898193359375,
  "summary_fg_n": 23422.0,
  "summary_fg_p05": 658.5508422851562,
  "summary_fg_p95": 1041.9764953613283,
  "summary_fg_stdv": 124.10102844238281,
  "tsnr": 107.30941411480308
}