{
  "aor": 0.0013044444444444447,
  "aqi": 0.004872574232804233,
  "bids_meta": {
    "AcquisitionDateTime": "2017-05-29T13:40:58.906250",
    "ConversionSoftware": "dcm2niix",
    "ConversionSoftwareVersion": "v1.0.20170314",
    "EchoTime": 0.026,
    "EffectiveEchoSpacing": 0.000489996,
    "FlipAngle": 80,
    "ImageType": [
      "ORIGINAL",
      "PRIMARY",
      "M",
      "ND",
      "NORM",
      "MOSAIC"
    ],
    "MagneticFieldStrength": 3,
    "Manufacturer": "Siemens",
    "ManufacturersModelName": "Prisma_fit",
    "PhaseEncodingDirection": "j-",
    "ProcedureStepDescription": "Head_64ch_Mosra",
    "ProtocolName": "bold_TR2_32_190_3",
    "RepetitionTime": 2,
    "SequenceName": "_epfid2d1_64",
    "SliceTiming": [
      0,
      0.06,
      0.12,
      0.18,
      0.24,
      0.3,
      0.36,
      0.42,
      0.48,
      0.54,
      0.6,
      0.66,
      0.72,
      0.78,
      0.84,
      0.9,
      0.96,
      1.02,
      1.08,
      1.14,
      1.2,
      1.26,
      1.32,
      1.38,
      1.44,
      1.5,
      1.56,
      1.62,
      1.68,
      1.74,
      1.8,
      1.86,
      1.92
    ],
    "TaskName": "d2-adaptive_tcontrol",
    "dataset": "ds002596",
    "modality": "bold",
    "run_id": 3,
    "subject_id": "15",
    "task_id": "d2"
  },
  "dummy_trs": 1,
  "dvars_nstd": 19.756692739308516,
  "dvars_std": 1.3390731658510648,
  "dvars_vstd": 0.9952135440957459,
  "efc": 0.5258708495312892,
  "fber": 5297.19482421875,
  "fd_mean": 0.12413785101558908,
  "fd_num": 16,
  "fd_perc": 8.465608465608465,
  "fwhm_avg": 1.7330168151108818,
  "fwhm_x": 1.6745558215337797,
  "fwhm_y": 1.9102846237988655,
  "fwhm_z": 1.61421,
  "gcor": 0.0409951,
  "gsr_x": -0.013731102459132671,
  "gsr_y": 0.031016463413834572,
  "provenance": {
    "md5sum": "90efe271487d85874983e810cf708f35",
    "settings": {
      "fd_thres": 0.2,
      "testing": false
    },
    "software": "mriqc",
    "version": "22.0.1",
    "webapi_port": null,
    "webapi_url": "https://mriqc.nimh.nih.gov/api/v1"
  },
  "size_t": 189,
  "size_x": 64,
  "size_y": 64,
  "size_z": 33,
  "snr": 6.858106455347873,
  "spacing_tr": 2.0,
  "spacing_x": 3.203130006790161,
  "spacing_y": 3.203130006790161,
  "spacing_z": 4.0,
  "summary_bg_k": 12.473192622193183,
  "summary_bg_mad": 16.567490646826922,
  "summary_bg_mean": 62.52492141723633,
  "summary_bg_median": 12.894179344177246,
  "summary_bg_n": 81435.0,
  "summary_bg_p05": 1.1693121194839478,
  "summary_bg_p95": 316.38040771484395,
  "summary_bg_stdv": 115.60916900634766,
  "summary_fg_k": 1.6573824794188967,
  "summary_fg_mad": 133.53618286254127,
  "summary_fg_mean": 947.4880981445312,
  "summary_fg_median": 941.5105590820312,
  "summary_fg_n": 23316.0,
  "summary_fg_p05": 748.1243133544922,
  "summary_fg_p95": 1171.4311828613281,
  "summary_fg_stdv": 137.28138732910156,
  "tsnr": 94.6478409236297
}