{
  "aor": 0.0011132804232804232,
  "aqi": 0.0033045750793650797,
  "bids_meta": {
    "AcquisitionDateTime": "2017-05-26T14:10:4.453125",
    "ConversionSoftware": "dcm2niix",
    "ConversionSoftwareVersion": "v1.0.20170314",
    "EchoTime": 0.026,
    "EffectiveEchoSpacing": 0.000489996,
    "FlipAngle": 80,
    "ImageType": [
      "ORIGINAL",
      "PRIMARY",
      "M",
      "ND",
      "NORM",
      "MOSAIC"
    ],
    "MagneticFieldStrength": 3,
    "Manufacturer": "Siemens",
    "ManufacturersModelName": "Prisma_fit",
    "PhaseEncodingDirection": "j-",
    "ProcedureStepDescription": "Head_64ch_Mosra",
    "ProtocolName": "bold_TR2_32_190_3",
    "RepetitionTime": 2,
    "SequenceName": "_epfid2d1_64",
    "SliceTiming": [
      0,
      0.06,
      0.12,
      0.18,
      0.24,
      0.3,
      0.36,
      0.42,
      0.48,
      0.54,
      0.6,
      0.66,
      0.72,
      0.78,
      0.84,
      0.9,
      0.96,
      1.02,
      1.08,
      1.14,
      1.2,
      1.26,
      1.32,
      1.38,
      1.44,
      1.5,
      1.56,
      1.62,
      1.68,
      1.74,
      1.8,
      1.86,
      1.92
    ],
    "TaskName": "d1-decoder_construction",
    "dataset": "ds002596",
    "modality": "bold",
    "run_id": 3,
    "subject_id": "15",
    "task_id": "d1"
  },
  "dummy_trs": 1,
  "dvars_nstd": 18.122691200265947,
  "dvars_std": 1.3178959904787224,
  "dvars_vstd": 1.003321137393617,
  "efc": 0.5256916030667361,
  "fber": 5775.7783203125,
  "fd_mean": 0.10895604123009599,
  "fd_num": 12,
  "fd_perc": 6.349206349206349,
  "fwhm_avg": 1.7400517766762853,
  "fwhm_x": 1.701438901464179,
  "fwhm_y": 1.9103564285646764,
  "fwhm_z": 1.60836,
  "gcor": 0.0379339,
  "gsr_x": -0.014473787508904934,
  "gsr_y": 0.03187348693609238,
  "provenance": {
    "md5sum": "bebc066ce6ff097d74daef9a31e5f247",
    "settings": {
      "fd_thres": 0.2,
      "testing": false
    },
    "software": "mriqc",
    "version": "22.0.1",
    "webapi_port": null,
    "webapi_url": "https://mriqc.nimh.nih.gov/api/v1"
  },
  "size_t": 189,
  "size_x": 64,
  "size_y": 64,
  "size_z": 33,
  "snr": 6.7801839195823685,
  "spacing_tr": 2.0,
  "spacing_x": 3.203130006790161,
  "spacing_y": 3.203130006790161,
  "spacing_z": 4.0,
  "summary_bg_k": 12.049727636575108,
  "summary_bg_mad": 14.229842608102665,
  "summary_bg_mean": 55.04701614379883,
  "summary_bg_median": 10.936507225036621,
  "summary_bg_n": 81325.0,
  "summary_bg_p05": 0.9047618508338928,
  "summary_bg_p95": 281.2052734375,
  "summary_bg_stdv": 102.52421569824219,
  "summary_fg_k": 1.500362120639128,
  "summary_fg_mad": 122.24011855966818,
  "summary_fg_mean": 843.7910766601562,
  "summary_fg_median": 838.9470825195312,
  "summary_fg_n": 23387.0,
  "summary_fg_p05": 662.9962829589844,
  "summary_fg_p95": 1045.8984130859376,
  "summary_fg_stdv": 123.73250579833984,
  "tsnr": 107.96951392572373
}