{
  "aor": 0.002925555555555555,
  "aqi": 0.004242513386243386,
  "bids_meta": {
    "AcquisitionDateTime": "2017-05-26T14:24:32.640625",
    "ConversionSoftware": "dcm2niix",
    "ConversionSoftwareVersion": "v1.0.20170314",
    "EchoTime": 0.026,
    "EffectiveEchoSpacing": 0.000489996,
    "FlipAngle": 80,
    "ImageType": [
      "ORIGINAL",
      "PRIMARY",
      "M",
      "ND",
      "NORM",
      "MOSAIC"
    ],
    "MagneticFieldStrength": 3,
    "Manufacturer": "Siemens",
    "ManufacturersModelName": "Prisma_fit",
    "PhaseEncodingDirection": "j-",
    "ProcedureStepDescription": "Head_64ch_Mosra",
    "ProtocolName": "bold_TR2_32_190_5",
    "RepetitionTime": 2,
    "SequenceName": "_epfid2d1_64",
    "SliceTiming": [
      0,
      0.06,
      0.12,
      0.18,
      0.24,
      0.3,
      0.36,
      0.42,
      0.48,
      0.54,
      0.6,
      0.66,
      0.72,
      0.78,
      0.84,
      0.9,
      0.96,
      1.02,
      1.08,
      1.14,
      1.2,
      1.26,
      1.32,
      1.38,
      1.44,
      1.5,
      1.56,
      1.62,
      1.68,
      1.74,
      1.8,
      1.86,
      1.92
    ],
    "TaskName": "d1-decoder_construction",
    "dataset": "ds002596",
    "modality": "bold",
    "run_id": 5,
    "subject_id": "15",
    "task_id": "d1"
  },
  "dummy_trs": 1,
  "dvars_nstd": 20.317374655319142,
  "dvars_std": 1.3492791846808518,
  "dvars_vstd": 1.007238575851064,
  "efc": 0.5274845173741396,
  "fber": 5333.21044921875,
  "fd_mean": 0.12575211525302082,
  "fd_num": 19,
  "fd_perc": 10.052910052910052,
  "fwhm_avg": 1.748787768273097,
  "fwhm_x": 1.7036960686677185,
  "fwhm_y": 1.9242272361515727,
  "fwhm_z": 1.61844,
  "gcor": 0.0410666,
  "gsr_x": -0.014771985821425915,
  "gsr_y": 0.03164302185177803,
  "provenance": {
    "md5sum": "f54d9b213eda576e35a4e5e369ef912c",
    "settings": {
      "fd_thres": 0.2,
      "testing": false
    },
    "software": "mriqc",
    "version": "22.0.1",
    "webapi_port": null,
    "webapi_url": "https://mriqc.nimh.nih.gov/api/v1"
  },
  "size_t": 189,
  "size_x": 64,
  "size_y": 64,
  "size_z": 33,
  "snr": 6.737533760722353,
  "spacing_tr": 2.0,
  "spacing_x": 3.203130006790161,
  "spacing_y": 3.203130006790161,
  "spacing_z": 4.0,
  "summary_bg_k": 11.61652765683694,
  "summary_bg_mad": 14.731888362996065,
  "summary_bg_mean": 56.22044372558594,
  "summary_bg_median": 11.317460060119629,
  "summary_bg_n": 81332.0,
  "summary_bg_p05": 0.9312168955802917,
  "summary_bg_p95": 286.8661193847655,
  "summary_bg_stdv": 103.89064025878906,
  "summary_fg_k": 1.5420444162737565,
  "summary_fg_mad": 122.44019384684566,
  "summary_fg_mean": 840.5667114257812,
  "summary_fg_median": 835.3438720703125,
  "summary_fg_n": 23420.0,
  "summary_fg_p05": 660.2616149902344,
  "summary_fg_p95": 1043.7952087402343,
  "summary_fg_stdv": 123.9809799194336,
  "tsnr": 94.60022364696488
}