{
  "aor": 0.0014325925925925925,
  "aqi": 0.0030923485714285715,
  "bids_meta": {
    "AcquisitionDateTime": "2017-05-23T15:07:59.453125",
    "ConversionSoftware": "dcm2niix",
    "ConversionSoftwareVersion": "v1.0.20170314",
    "EchoTime": 0.026,
    "EffectiveEchoSpacing": 0.000489996,
    "FlipAngle": 80,
    "ImageType": [
      "ORIGINAL",
      "PRIMARY",
      "M",
      "ND",
      "NORM",
      "MOSAIC"
    ],
    "MagneticFieldStrength": 3,
    "Manufacturer": "Siemens",
    "ManufacturersModelName": "Prisma_fit",
    "PhaseEncodingDirection": "j-",
    "ProcedureStepDescription": "Head_64ch_Mosra",
    "ProtocolName": "bold_TR2_32_190_3",
    "RepetitionTime": 2,
    "SequenceName": "_epfid2d1_64",
    "SliceTiming": [
      0,
      0.06,
      0.12,
      0.18,
      0.24,
      0.3,
      0.36,
      0.42,
      0.4775,
      0.5375,
      0.5975,
      0.6575,
      0.7175,
      0.7775,
      0.8375,
      0.8975,
      0.9575,
      1.0175,
      1.0775,
      1.1375,
      1.1975,
      1.2575,
      1.3175,
      1.3775,
      1.4375,
      1.4975,
      1.5575,
      1.6175,
      1.6775,
      1.7375,
      1.7975,
      1.8575,
      1.9175
    ],
    "TaskName": "d2-adaptive_tcontrol",
    "dataset": "ds002596",
    "modality": "bold",
    "run_id": 3,
    "subject_id": "08",
    "task_id": "d2"
  },
  "dummy_trs": 1,
  "dvars_nstd": 23.001207909627666,
  "dvars_std": 1.5580462978723406,
  "dvars_vstd": 1.0050896766489368,
  "efc": 0.575160592065697,
  "fber": 4881.5537109375,
  "fd_mean": 0.11857524600295115,
  "fd_num": 6,
  "fd_perc": 3.1746031746031744,
  "fwhm_avg": 1.7024923840624886,
  "fwhm_x": 1.6454122075075646,
  "fwhm_y": 1.8557849446799008,
  "fwhm_z": 1.60628,
  "gcor": 0.0601162,
  "gsr_x": 0.0009893151000142097,
  "gsr_y": 0.03171612694859505,
  "provenance": {
    "md5sum": "235e8ac3c308ab40437f230393391ef9",
    "settings": {
      "fd_thres": 0.2,
      "testing": false
    },
    "software": "mriqc",
    "version": "22.0.1",
    "webapi_port": null,
    "webapi_url": "https://mriqc.nimh.nih.gov/api/v1"
  },
  "size_t": 189,
  "size_x": 64,
  "size_y": 64,
  "size_z": 33,
  "snr": 5.844836018927332,
  "spacing_tr": 2.0,
  "spacing_x": 3.2031304836273193,
  "spacing_y": 3.203129768371582,
  "spacing_z": 4.0,
  "summary_bg_k": 12.11897081192254,
  "summary_bg_mad": 16.791058562589292,
  "summary_bg_mean": 60.642860412597656,
  "summary_bg_median": 13.007936477661133,
  "summary_bg_n": 70638.0,
  "summary_bg_p05": 1.137566089630127,
  "summary_bg_p95": 298.11746368408177,
  "summary_bg_stdv": 113.05882263183594,
  "summary_fg_k": 1.5736709701203386,
  "summary_fg_mad": 159.74848873595928,
  "summary_fg_mean": 971.8541870117188,
  "summary_fg_median": 959.1455078125,
  "summary_fg_n": 32128.0,
  "summary_fg_p05": 743.5613403320312,
  "summary_fg_p95": 1251.201525878906,
  "summary_fg_stdv": 164.0988006591797,
  "tsnr": 108.71963422512636
}