{
  "aor": 0.0017652688172043011,
  "aqi": 0.0033672716129032254,
  "bids_meta": {
    "AcquisitionDateTime": "2017-05-22T17:08:44.390625",
    "ConversionSoftware": "dcm2niix",
    "ConversionSoftwareVersion": "v1.0.20170314",
    "EchoTime": 0.026,
    "EffectiveEchoSpacing": 0.000489996,
    "FlipAngle": 80,
    "ImageType": [
      "ORIGINAL",
      "PRIMARY",
      "M",
      "ND",
      "NORM",
      "MOSAIC"
    ],
    "MagneticFieldStrength": 3,
    "Manufacturer": "Siemens",
    "ManufacturersModelName": "Prisma_fit",
    "PhaseEncodingDirection": "j-",
    "ProcedureStepDescription": "Head_64ch_Mosra",
    "ProtocolName": "bold_TR2_32_190_4",
    "RepetitionTime": 2,
    "SequenceName": "_epfid2d1_64",
    "SliceTiming": [
      0,
      0.06,
      0.12,
      0.18,
      0.24,
      0.3,
      0.36,
      0.42,
      0.48,
      0.54,
      0.6,
      0.66,
      0.72,
      0.78,
      0.84,
      0.9,
      0.96,
      1.02,
      1.08,
      1.14,
      1.2,
      1.26,
      1.32,
      1.38,
      1.44,
      1.5,
      1.56,
      1.62,
      1.68,
      1.74,
      1.8,
      1.86,
      1.92
    ],
    "TaskName": "d1-decoder_construction",
    "dataset": "ds002596",
    "modality": "bold",
    "run_id": 4,
    "subject_id": "08",
    "task_id": "d1"
  },
  "dummy_trs": 4,
  "dvars_nstd": 22.538948337297303,
  "dvars_std": 1.5483928819459456,
  "dvars_vstd": 1.0089216548648645,
  "efc": 0.576612213010678,
  "fber": 4896.0478515625,
  "fd_mean": 0.11261639866225351,
  "fd_num": 9,
  "fd_perc": 4.838709677419355,
  "fwhm_avg": 1.6475928929870791,
  "fwhm_x": 1.570869739702585,
  "fwhm_y": 1.8176939392586517,
  "fwhm_z": 1.554215,
  "gcor": 0.0472199,
  "gsr_x": -0.0002690792316570878,
  "gsr_y": 0.03177262097597122,
  "provenance": {
    "md5sum": "27af32c4f2871f3c2d0f01991f93b4d7",
    "settings": {
      "fd_thres": 0.2,
      "testing": false
    },
    "software": "mriqc",
    "version": "22.0.1",
    "webapi_port": null,
    "webapi_url": "https://mriqc.nimh.nih.gov/api/v1"
  },
  "size_t": 186,
  "size_x": 64,
  "size_y": 64,
  "size_z": 33,
  "snr": 6.169126603043627,
  "spacing_tr": 2.0,
  "spacing_x": 3.203130006790161,
  "spacing_y": 3.203130006790161,
  "spacing_z": 4.0,
  "summary_bg_k": 11.30503560525193,
  "summary_bg_mad": 17.687604338667473,
  "summary_bg_mean": 63.68857192993164,
  "summary_bg_median": 13.623656272888184,
  "summary_bg_n": 70536.0,
  "summary_bg_p05": 1.1559139490127563,
  "summary_bg_p95": 312.7822494506836,
  "summary_bg_stdv": 117.79857635498047,
  "summary_fg_k": 2.0132996467373276,
  "summary_fg_mad": 157.96889552129065,
  "summary_fg_mean": 1015.54052734375,
  "summary_fg_median": 1004.5484008789062,
  "summary_fg_n": 32253.0,
  "summary_fg_p05": 790.0236694335938,
  "summary_fg_p95": 1284.7290527343748,
  "summary_fg_stdv": 162.83226013183594,
  "tsnr": 108.78616791917011
}