{
  "aor": 0.0008668617021276596,
  "aqi": 0.0029667518085106388,
  "bids_meta": {
    "AcquisitionDateTime": "2017-05-22T16:53:18.171875",
    "ConversionSoftware": "dcm2niix",
    "ConversionSoftwareVersion": "v1.0.20170314",
    "EchoTime": 0.026,
    "EffectiveEchoSpacing": 0.000489996,
    "FlipAngle": 80,
    "ImageType": [
      "ORIGINAL",
      "PRIMARY",
      "M",
      "ND",
      "NORM",
      "MOSAIC"
    ],
    "MagneticFieldStrength": 3,
    "Manufacturer": "Siemens",
    "ManufacturersModelName": "Prisma_fit",
    "PhaseEncodingDirection": "j-",
    "ProcedureStepDescription": "Head_64ch_Mosra",
    "ProtocolName": "bold_TR2_32_190_2",
    "RepetitionTime": 2,
    "SequenceName": "_epfid2d1_64",
    "SliceTiming": [
      0,
      0.06,
      0.12,
      0.18,
      0.24,
      0.3,
      0.36,
      0.42,
      0.48,
      0.54,
      0.6,
      0.66,
      0.72,
      0.78,
      0.84,
      0.9,
      0.96,
      1.02,
      1.08,
      1.14,
      1.2,
      1.26,
      1.32,
      1.38,
      1.44,
      1.5,
      1.56,
      1.62,
      1.68,
      1.74,
      1.8,
      1.86,
      1.92
    ],
    "TaskName": "d1-decoder_construction",
    "dataset": "ds002596",
    "modality": "bold",
    "run_id": 2,
    "subject_id": "08",
    "task_id": "d1"
  },
  "dummy_trs": 2,
  "dvars_nstd": 22.40957478379679,
  "dvars_std": 1.5335841482352939,
  "dvars_vstd": 0.993697210962567,
  "efc": 0.5750779104886016,
  "fber": 5227.572265625,
  "fd_mean": 0.11313367784197154,
  "fd_num": 1,
  "fd_perc": 0.5319148936170213,
  "fwhm_avg": 1.6407689989740153,
  "fwhm_x": 1.56688613617324,
  "fwhm_y": 1.8055058607488064,
  "fwhm_z": 1.549915,
  "gcor": 0.0258038,
  "gsr_x": 0.00022303136938717216,
  "gsr_y": 0.031285930424928665,
  "provenance": {
    "md5sum": "f5ec3248ae356165ff2a7543fd3a1237",
    "settings": {
      "fd_thres": 0.2,
      "testing": false
    },
    "software": "mriqc",
    "version": "22.0.1",
    "webapi_port": null,
    "webapi_url": "https://mriqc.nimh.nih.gov/api/v1"
  },
  "size_t": 188,
  "size_x": 64,
  "size_y": 64,
  "size_z": 33,
  "snr": 6.206874780955007,
  "spacing_tr": 2.0,
  "spacing_x": 3.203130006790161,
  "spacing_y": 3.203130006790161,
  "spacing_z": 4.0,
  "summary_bg_k": 11.892454116315362,
  "summary_bg_mad": 17.176104409985967,
  "summary_bg_mean": 62.446434020996094,
  "summary_bg_median": 13.260638236999512,
  "summary_bg_n": 70529.0,
  "summary_bg_p05": 1.143617033958435,
  "summary_bg_p95": 306.8351074218745,
  "summary_bg_stdv": 117.11280059814453,
  "summary_fg_k": 2.0193820119738177,
  "summary_fg_mad": 158.37026772222947,
  "summary_fg_mean": 1020.406005859375,
  "summary_fg_median": 1010.6781616210938,
  "summary_fg_n": 32258.0,
  "summary_fg_p05": 794.5143371582031,
  "summary_fg_p95": 1290.3313842773434,
  "summary_fg_stdv": 162.82952880859375,
  "tsnr": 116.23607692308724
}