{
  "bids_meta": {
    "AcquisitionDateTime": "2017-05-26T14:59:25.140625",
    "ConversionSoftware": "dcm2niix",
    "ConversionSoftwareVersion": "v1.0.20170314",
    "EchoTime": 0.00306,
    "FlipAngle": 9,
    "ImageType": [
      "ORIGINAL",
      "PRIMARY",
      "M",
      "ND",
      "NORM"
    ],
    "MagneticFieldStrength": 3,
    "Manufacturer": "Siemens",
    "ManufacturersModelName": "Prisma_fit",
    "PhaseEncodingDirection": "i-",
    "ProcedureStepDescription": "Head_64ch_Mosra",
    "ProtocolName": "MPRAGE_iPAT2",
    "RepetitionTime": 2.25,
    "SequenceName": "_tfl3d1_16ns",
    "dataset": "ds002596",
    "modality": "T1w",
    "subject_id": "16"
  },
  "cjv": 0.3897732319695053,
  "cnr": 3.4460303619239183,
  "efc": 0.5605600801913727,
  "fber": 19907.4462890625,
  "fwhm_avg": 3.626565427157047,
  "fwhm_x": 3.785786281471142,
  "fwhm_y": 3.65934,
  "fwhm_z": 3.43457,
  "icvs_csf": 0.2125699784248693,
  "icvs_gm": 0.43027435478985143,
  "icvs_wm": 0.35715566678527927,
  "inu_med": 0.5279505252838135,
  "inu_range": 0.2311293005943299,
  "provenance": {
    "md5sum": "01c7b39ead8d531fd0f982f47fd7c5bb",
    "settings": {
      "testing": false
    },
    "software": "mriqc",
    "version": "22.0.1",
    "warnings": {
      "large_rot_frame": true,
      "small_air_mask": false
    },
    "webapi_port": null,
    "webapi_url": "https://mriqc.nimh.nih.gov/api/v1"
  },
  "qi_1": 0.0,
  "qi_2": 0.003957471008218238,
  "rpve_csf": 27.150891379524516,
  "rpve_gm": 13.873092309895519,
  "rpve_wm": 18.82955051055594,
  "size_x": 208,
  "size_y": 256,
  "size_z": 256,
  "snr_csf": 3.088984261311712,
  "snr_gm": 13.635607994089007,
  "snr_total": 12.720442885268255,
  "snr_wm": 21.436736400404047,
  "snrd_csf": 28.489486215218708,
  "snrd_gm": 67.16259716257807,
  "snrd_total": 61.72752688713774,
  "snrd_wm": 89.53049728361644,
  "spacing_x": 1.0002307891845703,
  "spacing_y": 1.0,
  "spacing_z": 1.0,
  "summary_bg_k": 13.013801306401696,
  "summary_bg_mad": 0.0,
  "summary_bg_mean": 4.386668595309537,
  "summary_bg_median": 0.0,
  "summary_bg_n": 3168255.0,
  "summary_bg_p05": 0.0,
  "summary_bg_p95": 18.296191953122616,
  "summary_bg_stdv": 7.317466019283758,
  "summary_csf_k": 2.2022646472145553,
  "summary_csf_mad": 80.61595875600663,
  "summary_csf_mean": 327.4921938336814,
  "summary_csf_median": 318.20983735099435,
  "summary_csf_n": 45046.0,
  "summary_csf_p05": 171.6347265355289,
  "summary_csf_p95": 510.4740342516452,
  "summary_csf_stdv": 103.0132491325653,
  "summary_gm_k": 0.16458533593492408,
  "summary_gm_mad": 53.55094122279911,
  "summary_gm_mean": 748.6963750811282,
  "summary_gm_median": 750.1644275970757,
  "summary_gm_n": 22260.0,
  "summary_gm_p05": 655.3284807227552,
  "summary_gm_p95": 837.2255207672715,
  "summary_gm_stdv": 55.013870865053356,
  "summary_wm_k": 0.5357066626938565,
  "summary_wm_mad": 43.82826037472118,
  "summary_wm_mean": 1000.5608084616017,
  "summary_wm_median": 999.9999565929174,
  "summary_wm_n": 205474.0,
  "summary_wm_p05": 924.8827819898725,
  "summary_wm_p95": 1078.2007590532303,
  "summary_wm_stdv": 46.64877640485025,
  "tpm_overlap_csf": 0.16662640924495667,
  "tpm_overlap_gm": 0.4672086866721332,
  "tpm_overlap_wm": 0.5074855943335635,
  "wm2max": 0.512398087092085
}