{
  "aor": 0.0019703174603174604,
  "aqi": 0.002934262486772487,
  "bids_meta": {
    "AcquisitionDateTime": "2017-05-17T15:31:8.703125",
    "ConversionSoftware": "dcm2niix",
    "ConversionSoftwareVersion": "v1.0.20170314",
    "EchoTime": 0.026,
    "EffectiveEchoSpacing": 0.000489996,
    "FlipAngle": 80,
    "ImageType": [
      "ORIGINAL",
      "PRIMARY",
      "M",
      "ND",
      "NORM",
      "MOSAIC"
    ],
    "MagneticFieldStrength": 3,
    "Manufacturer": "Siemens",
    "ManufacturersModelName": "Prisma_fit",
    "PhaseEncodingDirection": "j-",
    "ProcedureStepDescription": "Head_64ch_Mosra",
    "ProtocolName": "bold_TR2_32_190_4",
    "RepetitionTime": 2,
    "SequenceName": "_epfid2d1_64",
    "SliceTiming": [
      0,
      0.06,
      0.12,
      0.18,
      0.24,
      0.3,
      0.36,
      0.42,
      0.48,
      0.54,
      0.6,
      0.66,
      0.72,
      0.78,
      0.84,
      0.9,
      0.96,
      1.02,
      1.08,
      1.14,
      1.2,
      1.26,
      1.32,
      1.38,
      1.44,
      1.5,
      1.56,
      1.62,
      1.68,
      1.74,
      1.8,
      1.86,
      1.92
    ],
    "TaskName": "d1-decoder_construction",
    "dataset": "ds002596",
    "modality": "bold",
    "run_id": 4,
    "subject_id": "02",
    "task_id": "d1"
  },
  "dummy_trs": 1,
  "dvars_nstd": 16.569659922712763,
  "dvars_std": 1.2446197179787233,
  "dvars_vstd": 1.0174657148936168,
  "efc": 0.5583973660234034,
  "fber": 4485.73828125,
  "fd_mean": 0.1051412709408281,
  "fd_num": 12,
  "fd_perc": 6.349206349206349,
  "fwhm_avg": 1.5688425024552968,
  "fwhm_x": 1.535326380626102,
  "fwhm_y": 1.7055536267397877,
  "fwhm_z": 1.4656475,
  "gcor": 0.05734,
  "gsr_x": 0.013066429644823074,
  "gsr_y": 0.031953707337379456,
  "provenance": {
    "md5sum": "0f16fd809cebf03083de74a394ff635c",
    "settings": {
      "fd_thres": 0.2,
      "testing": false
    },
    "software": "mriqc",
    "version": "22.0.1",
    "webapi_port": null,
    "webapi_url": "https://mriqc.nimh.nih.gov/api/v1"
  },
  "size_t": 189,
  "size_x": 64,
  "size_y": 64,
  "size_z": 33,
  "snr": 6.31161417031615,
  "spacing_tr": 2.0,
  "spacing_x": 3.203130006790161,
  "spacing_y": 3.203130006790161,
  "spacing_z": 4.0,
  "summary_bg_k": 9.09140542334001,
  "summary_bg_mad": 19.556228539353114,
  "summary_bg_mean": 75.90393829345703,
  "summary_bg_median": 15.132274627685547,
  "summary_bg_n": 75915.0,
  "summary_bg_p05": 1.2857142686843872,
  "summary_bg_p95": 392.23755493164083,
  "summary_bg_stdv": 138.2476348876953,
  "summary_fg_k": 1.884938057231734,
  "summary_fg_mad": 158.5443268877138,
  "summary_fg_mean": 1031.2647705078125,
  "summary_fg_median": 1022.5925903320312,
  "summary_fg_n": 27863.0,
  "summary_fg_p05": 801.0555053710938,
  "summary_fg_p95": 1299.2698486328125,
  "summary_fg_stdv": 162.0146942138672,
  "tsnr": 107.57634459529072
}