{
  "aor": 0.0030152910052910053,
  "aqi": 0.0036746006878306883,
  "bids_meta": {
    "AcquisitionDateTime": "2017-05-19T15:12:47.796875",
    "ConversionSoftware": "dcm2niix",
    "ConversionSoftwareVersion": "v1.0.20170314",
    "EchoTime": 0.026,
    "EffectiveEchoSpacing": 0.000489996,
    "FlipAngle": 80,
    "ImageType": [
      "ORIGINAL",
      "PRIMARY",
      "M",
      "ND",
      "NORM",
      "MOSAIC"
    ],
    "MagneticFieldStrength": 3,
    "Manufacturer": "Siemens",
    "ManufacturersModelName": "Prisma_fit",
    "PhaseEncodingDirection": "j-",
    "ProcedureStepDescription": "Head_64ch_Mosra",
    "ProtocolName": "bold_TR2_32_190_4",
    "RepetitionTime": 2,
    "SequenceName": "_epfid2d1_64",
    "SliceTiming": [
      0,
      0.06,
      0.12,
      0.18,
      0.24,
      0.3,
      0.36,
      0.42,
      0.48,
      0.54,
      0.6,
      0.66,
      0.72,
      0.78,
      0.84,
      0.9,
      0.96,
      1.02,
      1.08,
      1.14,
      1.2,
      1.26,
      1.32,
      1.38,
      1.44,
      1.5,
      1.56,
      1.62,
      1.68,
      1.74,
      1.8,
      1.86,
      1.92
    ],
    "TaskName": "d2-adaptive_tcontrol",
    "dataset": "ds002596",
    "modality": "bold",
    "run_id": 4,
    "subject_id": "02",
    "task_id": "d2"
  },
  "dummy_trs": 1,
  "dvars_nstd": 18.43503437654254,
  "dvars_std": 1.2925555021808512,
  "dvars_vstd": 1.0208910593617022,
  "efc": 0.5578251150809093,
  "fber": 4789.40673828125,
  "fd_mean": 0.1266355450015447,
  "fd_num": 16,
  "fd_perc": 8.465608465608465,
  "fwhm_avg": 1.5740325981016408,
  "fwhm_x": 1.540437006784047,
  "fwhm_y": 1.6963157875208756,
  "fwhm_z": 1.485345,
  "gcor": 0.0302514,
  "gsr_x": 0.016877781599760056,
  "gsr_y": 0.03117222525179386,
  "provenance": {
    "md5sum": "8858eae3eb43f0cc814029ab1c8a7732",
    "settings": {
      "fd_thres": 0.2,
      "testing": false
    },
    "software": "mriqc",
    "version": "22.0.1",
    "webapi_port": null,
    "webapi_url": "https://mriqc.nimh.nih.gov/api/v1"
  },
  "size_t": 189,
  "size_x": 64,
  "size_y": 64,
  "size_z": 33,
  "snr": 6.281188958252022,
  "spacing_tr": 2.0,
  "spacing_x": 3.203130006790161,
  "spacing_y": 3.203130006790161,
  "spacing_z": 4.0,
  "summary_bg_k": 9.273007294076058,
  "summary_bg_mad": 18.42662744661251,
  "summary_bg_mean": 74.22016906738281,
  "summary_bg_median": 14.29100513458252,
  "summary_bg_n": 75816.0,
  "summary_bg_p05": 1.2156084477901459,
  "summary_bg_p95": 383.59920501708984,
  "summary_bg_stdv": 136.83982849121094,
  "summary_fg_k": 1.7789411980639764,
  "summary_fg_mad": 157.17940803011925,
  "summary_fg_mean": 1018.9165649414062,
  "summary_fg_median": 1009.2010498046875,
  "summary_fg_n": 27950.0,
  "summary_fg_p05": 790.7944427490235,
  "summary_fg_p95": 1281.824053955078,
  "summary_fg_stdv": 160.66751098632812,
  "tsnr": 95.67313604429364
}