{
  "aor": 0.0013578723404255322,
  "aqi": 0.0038691938829787235,
  "bids_meta": {
    "AcquisitionDateTime": "2017-05-19T15:05:36.546875",
    "ConversionSoftware": "dcm2niix",
    "ConversionSoftwareVersion": "v1.0.20170314",
    "EchoTime": 0.026,
    "EffectiveEchoSpacing": 0.000489996,
    "FlipAngle": 80,
    "ImageType": [
      "ORIGINAL",
      "PRIMARY",
      "M",
      "ND",
      "NORM",
      "MOSAIC"
    ],
    "MagneticFieldStrength": 3,
    "Manufacturer": "Siemens",
    "ManufacturersModelName": "Prisma_fit",
    "PhaseEncodingDirection": "j-",
    "ProcedureStepDescription": "Head_64ch_Mosra",
    "ProtocolName": "bold_TR2_32_190_3",
    "RepetitionTime": 2,
    "SequenceName": "_epfid2d1_64",
    "SliceTiming": [
      0,
      0.06,
      0.12,
      0.18,
      0.24,
      0.3,
      0.36,
      0.42,
      0.48,
      0.54,
      0.6,
      0.66,
      0.72,
      0.78,
      0.84,
      0.9,
      0.96,
      1.02,
      1.08,
      1.14,
      1.2,
      1.26,
      1.32,
      1.38,
      1.44,
      1.5,
      1.56,
      1.62,
      1.68,
      1.74,
      1.8,
      1.86,
      1.92
    ],
    "TaskName": "d2-adaptive_tcontrol",
    "dataset": "ds002596",
    "modality": "bold",
    "run_id": 3,
    "subject_id": "02",
    "task_id": "d2"
  },
  "dummy_trs": 2,
  "dvars_nstd": 17.943113026256675,
  "dvars_std": 1.2450076682352935,
  "dvars_vstd": 0.97528383486631,
  "efc": 0.5566530151983999,
  "fber": 5093.38232421875,
  "fd_mean": 0.10380567590369692,
  "fd_num": 1,
  "fd_perc": 0.5319148936170213,
  "fwhm_avg": 1.582479472627301,
  "fwhm_x": 1.5515386479677074,
  "fwhm_y": 1.707579769914196,
  "fwhm_z": 1.48832,
  "gcor": 0.0257619,
  "gsr_x": 0.016496555879712105,
  "gsr_y": 0.032231006771326065,
  "provenance": {
    "md5sum": "ff829d0851cb5e7ea39f89e0dfaa8f4c",
    "settings": {
      "fd_thres": 0.2,
      "testing": false
    },
    "software": "mriqc",
    "version": "22.0.1",
    "webapi_port": null,
    "webapi_url": "https://mriqc.nimh.nih.gov/api/v1"
  },
  "size_t": 188,
  "size_x": 64,
  "size_y": 64,
  "size_z": 33,
  "snr": 6.276950550083109,
  "spacing_tr": 2.0,
  "spacing_x": 3.203130006790161,
  "spacing_y": 3.203130006790161,
  "spacing_z": 4.0,
  "summary_bg_k": 9.618062088803883,
  "summary_bg_mad": 18.098786844408068,
  "summary_bg_mean": 72.98811340332031,
  "summary_bg_median": 14.037233352661133,
  "summary_bg_n": 75740.0,
  "summary_bg_p05": 1.1595743894577026,
  "summary_bg_p95": 376.1909439086917,
  "summary_bg_stdv": 135.75767517089844,
  "summary_fg_k": 1.7586149177767432,
  "summary_fg_mad": 158.49645722379842,
  "summary_fg_mean": 1022.6378784179688,
  "summary_fg_median": 1012.2340087890625,
  "summary_fg_n": 28003.0,
  "summary_fg_p05": 794.2707153320313,
  "summary_fg_p95": 1286.85419921875,
  "summary_fg_stdv": 161.25918579101562,
  "tsnr": 93.79114706069231
}