{
  "aor": 0.0020683068783068784,
  "aqi": 0.003921933227513228,
  "bids_meta": {
    "AcquisitionDateTime": "2017-05-26T11:06:7.328125",
    "ConversionSoftware": "dcm2niix",
    "ConversionSoftwareVersion": "v1.0.20170314",
    "EchoTime": 0.026,
    "EffectiveEchoSpacing": 0.000489996,
    "FlipAngle": 80,
    "ImageType": [
      "ORIGINAL",
      "PRIMARY",
      "M",
      "ND",
      "NORM",
      "MOSAIC"
    ],
    "MagneticFieldStrength": 3,
    "Manufacturer": "Siemens",
    "ManufacturersModelName": "Prisma_fit",
    "PhaseEncodingDirection": "j-",
    "ProcedureStepDescription": "Head_64ch_Mosra",
    "ProtocolName": "bold_TR2_32_190_3",
    "RepetitionTime": 2,
    "SequenceName": "_epfid2d1_64",
    "SliceTiming": [
      0,
      0.06,
      0.12,
      0.18,
      0.24,
      0.3,
      0.36,
      0.42,
      0.48,
      0.54,
      0.6,
      0.66,
      0.72,
      0.78,
      0.84,
      0.9,
      0.96,
      1.02,
      1.08,
      1.14,
      1.2,
      1.26,
      1.32,
      1.38,
      1.44,
      1.5,
      1.56,
      1.62,
      1.68,
      1.74,
      1.8,
      1.86,
      1.92
    ],
    "TaskName": "d1-decoder_construction",
    "dataset": "ds002596",
    "modality": "bold",
    "run_id": 3,
    "subject_id": "14",
    "task_id": "d1"
  },
  "dummy_trs": 1,
  "dvars_nstd": 26.759361175585088,
  "dvars_std": 1.4553371751063833,
  "dvars_vstd": 1.0052254281382975,
  "efc": 0.5093971495281652,
  "fber": 9411.1103515625,
  "fd_mean": 0.2598721902862515,
  "fd_num": 135,
  "fd_perc": 71.42857142857143,
  "fwhm_avg": 1.6618377251933232,
  "fwhm_x": 1.6061602211255595,
  "fwhm_y": 1.8001704544544095,
  "fwhm_z": 1.5791825,
  "gcor": 0.0326975,
  "gsr_x": -0.009319847449660301,
  "gsr_y": 0.03766635060310364,
  "provenance": {
    "md5sum": "c8f6cd0b9cf60c02ba371a26dead3ab3",
    "settings": {
      "fd_thres": 0.2,
      "testing": false
    },
    "software": "mriqc",
    "version": "22.0.1",
    "webapi_port": null,
    "webapi_url": "https://mriqc.nimh.nih.gov/api/v1"
  },
  "size_t": 189,
  "size_x": 64,
  "size_y": 64,
  "size_z": 33,
  "snr": 6.249697247326426,
  "spacing_tr": 2.0,
  "spacing_x": 3.203130006790161,
  "spacing_y": 3.203130006790161,
  "spacing_z": 4.0,
  "summary_bg_k": 41.97767803146615,
  "summary_bg_mad": 11.852972968306558,
  "summary_bg_mean": 40.98087692260742,
  "summary_bg_median": 9.560846328735352,
  "summary_bg_n": 79395.0,
  "summary_bg_p05": 1.1216931343078613,
  "summary_bg_p95": 176.62221221923846,
  "summary_bg_stdv": 87.98771667480469,
  "summary_fg_k": 0.9888416464302114,
  "summary_fg_mad": 153.3826378529373,
  "summary_fg_mean": 960.359375,
  "summary_fg_median": 952.6217041015625,
  "summary_fg_n": 25296.0,
  "summary_fg_p05": 735.8623962402344,
  "summary_fg_p95": 1211.3875427246094,
  "summary_fg_stdv": 152.42384338378906,
  "tsnr": 100.40353780146688
}