{
  "aor": 0.000648563829787234,
  "aqi": 0.0033822452659574478,
  "bids_meta": {
    "AcquisitionDateTime": "2017-05-29T10:40:55.296875",
    "ConversionSoftware": "dcm2niix",
    "ConversionSoftwareVersion": "v1.0.20170314",
    "EchoTime": 0.026,
    "EffectiveEchoSpacing": 0.000489996,
    "FlipAngle": 80,
    "ImageType": [
      "ORIGINAL",
      "PRIMARY",
      "M",
      "ND",
      "NORM",
      "MOSAIC"
    ],
    "MagneticFieldStrength": 3,
    "Manufacturer": "Siemens",
    "ManufacturersModelName": "Prisma_fit",
    "PhaseEncodingDirection": "j-",
    "ProcedureStepDescription": "Head_64ch_Mosra",
    "ProtocolName": "bold_TR2_32_190_1",
    "RepetitionTime": 2,
    "SequenceName": "_epfid2d1_64",
    "SliceTiming": [
      0,
      0.06,
      0.12,
      0.18,
      0.24,
      0.3,
      0.36,
      0.42,
      0.48,
      0.54,
      0.6,
      0.66,
      0.72,
      0.78,
      0.84,
      0.9,
      0.96,
      1.02,
      1.08,
      1.14,
      1.2,
      1.26,
      1.32,
      1.38,
      1.44,
      1.5,
      1.56,
      1.62,
      1.68,
      1.74,
      1.8,
      1.86,
      1.92
    ],
    "TaskName": "d2-adaptive_tcontrol",
    "dataset": "ds002596",
    "modality": "bold",
    "run_id": 1,
    "subject_id": "14",
    "task_id": "d2"
  },
  "dummy_trs": 2,
  "dvars_nstd": 27.057735585721936,
  "dvars_std": 1.5024078706951873,
  "dvars_vstd": 0.9863057601069517,
  "efc": 0.5059380131463788,
  "fber": 10799.775390625,
  "fd_mean": 0.20218597540398395,
  "fd_num": 93,
  "fd_perc": 49.46808510638298,
  "fwhm_avg": 1.6826752609235827,
  "fwhm_x": 1.6288848685315955,
  "fwhm_y": 1.8258984142391521,
  "fwhm_z": 1.5932425,
  "gcor": 0.0301181,
  "gsr_x": -0.010288501158356667,
  "gsr_y": 0.03611988574266434,
  "provenance": {
    "md5sum": "3a94c7aac8f4f586931e2313c363b1d3",
    "settings": {
      "fd_thres": 0.2,
      "testing": false
    },
    "software": "mriqc",
    "version": "22.0.1",
    "webapi_port": null,
    "webapi_url": "https://mriqc.nimh.nih.gov/api/v1"
  },
  "size_t": 188,
  "size_x": 64,
  "size_y": 64,
  "size_z": 33,
  "snr": 6.089993056288165,
  "spacing_tr": 2.0,
  "spacing_x": 3.203130006790161,
  "spacing_y": 3.203130006790161,
  "spacing_z": 4.0,
  "summary_bg_k": 45.85036797316248,
  "summary_bg_mad": 10.141629478752717,
  "summary_bg_mean": 35.44794464111328,
  "summary_bg_median": 8.074467658996582,
  "summary_bg_n": 79559.0,
  "summary_bg_p05": 0.8297871947288513,
  "summary_bg_p95": 151.3260589599608,
  "summary_bg_stdv": 78.7817611694336,
  "summary_fg_k": 0.8543077264125256,
  "summary_fg_mad": 140.14930001522063,
  "summary_fg_mean": 858.2479248046875,
  "summary_fg_median": 850.4388427734375,
  "summary_fg_n": 25186.0,
  "summary_fg_p05": 654.2672729492188,
  "summary_fg_p95": 1094.5718078613281,
  "summary_fg_stdv": 139.64251708984375,
  "tsnr": 105.50967851048335
}