{
  "aor": 0.0008559574468085107,
  "aqi": 0.0036049800000000007,
  "bids_meta": {
    "AcquisitionDateTime": "2017-05-29T11:03:27.976562",
    "ConversionSoftware": "dcm2niix",
    "ConversionSoftwareVersion": "v1.0.20170314",
    "EchoTime": 0.026,
    "EffectiveEchoSpacing": 0.000489996,
    "FlipAngle": 80,
    "ImageType": [
      "ORIGINAL",
      "PRIMARY",
      "M",
      "ND",
      "NORM",
      "MOSAIC"
    ],
    "MagneticFieldStrength": 3,
    "Manufacturer": "Siemens",
    "ManufacturersModelName": "Prisma_fit",
    "PhaseEncodingDirection": "j-",
    "ProcedureStepDescription": "Head_64ch_Mosra",
    "ProtocolName": "bold_TR2_32_190_4",
    "RepetitionTime": 2,
    "SequenceName": "_epfid2d1_64",
    "SliceTiming": [
      0,
      0.06,
      0.12,
      0.18,
      0.24,
      0.3,
      0.36,
      0.42,
      0.48,
      0.54,
      0.6,
      0.66,
      0.72,
      0.78,
      0.84,
      0.9,
      0.96,
      1.02,
      1.08,
      1.14,
      1.2,
      1.26,
      1.32,
      1.38,
      1.44,
      1.5,
      1.56,
      1.62,
      1.68,
      1.74,
      1.8,
      1.86,
      1.92
    ],
    "TaskName": "d2-adaptive_tcontrol",
    "dataset": "ds002596",
    "modality": "bold",
    "run_id": 4,
    "subject_id": "14",
    "task_id": "d2"
  },
  "dummy_trs": 2,
  "dvars_nstd": 26.13248220240642,
  "dvars_std": 1.4568044125133683,
  "dvars_vstd": 0.9908752706951871,
  "efc": 0.5092217251895418,
  "fber": 9173.7265625,
  "fd_mean": 0.1808018386708453,
  "fd_num": 80,
  "fd_perc": 42.5531914893617,
  "fwhm_avg": 1.7027391588147915,
  "fwhm_x": 1.6468017185746289,
  "fwhm_y": 1.8401157578697453,
  "fwhm_z": 1.6213,
  "gcor": 0.0234898,
  "gsr_x": -0.010187196545302868,
  "gsr_y": 0.035017114132642746,
  "provenance": {
    "md5sum": "655123c65df36a834a2f97186b95b932",
    "settings": {
      "fd_thres": 0.2,
      "testing": false
    },
    "software": "mriqc",
    "version": "22.0.1",
    "webapi_port": null,
    "webapi_url": "https://mriqc.nimh.nih.gov/api/v1"
  },
  "size_t": 188,
  "size_x": 64,
  "size_y": 64,
  "size_z": 33,
  "snr": 5.994924146588359,
  "spacing_tr": 2.0,
  "spacing_x": 3.203130006790161,
  "spacing_y": 3.203130006790161,
  "spacing_z": 4.0,
  "summary_bg_k": 40.24656302446434,
  "summary_bg_mad": 10.942077144887133,
  "summary_bg_mean": 36.755794525146484,
  "summary_bg_median": 8.683509826660156,
  "summary_bg_n": 79432.0,
  "summary_bg_p05": 0.8723403811454773,
  "summary_bg_p95": 157.4906822204589,
  "summary_bg_stdv": 79.21072387695312,
  "summary_fg_k": 0.7249680939581653,
  "summary_fg_mad": 141.24147942661304,
  "summary_fg_mean": 851.1642456054688,
  "summary_fg_median": 842.9095458984375,
  "summary_fg_n": 25268.0,
  "summary_fg_p05": 645.3124755859375,
  "summary_fg_p95": 1092.8432922363281,
  "summary_fg_stdv": 140.60108947753906,
  "tsnr": 101.35402006562799
}