{
  "aor": 0.0014012234042553192,
  "aqi": 0.0061132544680851065,
  "bids_meta": {
    "AcquisitionDateTime": "2017-05-29T11:18:36.421875",
    "ConversionSoftware": "dcm2niix",
    "ConversionSoftwareVersion": "v1.0.20170314",
    "EchoTime": 0.026,
    "EffectiveEchoSpacing": 0.000489996,
    "FlipAngle": 80,
    "ImageType": [
      "ORIGINAL",
      "PRIMARY",
      "M",
      "ND",
      "NORM",
      "MOSAIC"
    ],
    "MagneticFieldStrength": 3,
    "Manufacturer": "Siemens",
    "ManufacturersModelName": "Prisma_fit",
    "PhaseEncodingDirection": "j-",
    "ProcedureStepDescription": "Head_64ch_Mosra",
    "ProtocolName": "bold_TR2_32_190_6",
    "RepetitionTime": 2,
    "SequenceName": "_epfid2d1_64",
    "SliceTiming": [
      0,
      0.06,
      0.12,
      0.18,
      0.24,
      0.3,
      0.36,
      0.42,
      0.48,
      0.54,
      0.6,
      0.66,
      0.72,
      0.78,
      0.84,
      0.9,
      0.96,
      1.02,
      1.08,
      1.14,
      1.2,
      1.26,
      1.32,
      1.38,
      1.44,
      1.5,
      1.56,
      1.62,
      1.68,
      1.74,
      1.8,
      1.86,
      1.92
    ],
    "TaskName": "d2-adaptive_tcontrol",
    "dataset": "ds002596",
    "modality": "bold",
    "run_id": 6,
    "subject_id": "14",
    "task_id": "d2"
  },
  "dummy_trs": 2,
  "dvars_nstd": 26.6861689357754,
  "dvars_std": 1.3952461424598932,
  "dvars_vstd": 0.9616365798395722,
  "efc": 0.5110068828296175,
  "fber": 8930.25,
  "fd_mean": 0.21483124062244816,
  "fd_num": 98,
  "fd_perc": 52.12765957446808,
  "fwhm_avg": 1.701215408586375,
  "fwhm_x": 1.6568699955198778,
  "fwhm_y": 1.8421887302392477,
  "fwhm_z": 1.6045875,
  "gcor": 0.0300496,
  "gsr_x": -0.011321946047246456,
  "gsr_y": 0.03487802669405937,
  "provenance": {
    "md5sum": "9c002866feef0ed0b743b248eba90d7d",
    "settings": {
      "fd_thres": 0.2,
      "testing": false
    },
    "software": "mriqc",
    "version": "22.0.1",
    "webapi_port": null,
    "webapi_url": "https://mriqc.nimh.nih.gov/api/v1"
  },
  "size_t": 188,
  "size_x": 64,
  "size_y": 64,
  "size_z": 33,
  "snr": 5.95882486883354,
  "spacing_tr": 2.0,
  "spacing_x": 3.203130006790161,
  "spacing_y": 3.203130006790161,
  "spacing_z": 4.0,
  "summary_bg_k": 38.937187526011556,
  "summary_bg_mad": 11.20626467478244,
  "summary_bg_mean": 37.40724563598633,
  "summary_bg_median": 8.829787254333496,
  "summary_bg_n": 79429.0,
  "summary_bg_p05": 0.8404254913330078,
  "summary_bg_p95": 160.84893188476534,
  "summary_bg_stdv": 79.61638641357422,
  "summary_fg_k": 0.7227227259678752,
  "summary_fg_mad": 141.21781606722956,
  "summary_fg_mean": 846.614013671875,
  "summary_fg_median": 836.4654541015625,
  "summary_fg_n": 25336.0,
  "summary_fg_p05": 641.7167510986328,
  "summary_fg_p95": 1087.4933471679688,
  "summary_fg_stdv": 140.3714599609375,
  "tsnr": 79.94150330778211
}