{
  "aor": 0.0007422872340425532,
  "aqi": 0.003909341968085107,
  "bids_meta": {
    "AcquisitionDateTime": "2017-05-26T11:13:24.289062",
    "ConversionSoftware": "dcm2niix",
    "ConversionSoftwareVersion": "v1.0.20170314",
    "EchoTime": 0.026,
    "EffectiveEchoSpacing": 0.000489996,
    "FlipAngle": 80,
    "ImageType": [
      "ORIGINAL",
      "PRIMARY",
      "M",
      "ND",
      "NORM",
      "MOSAIC"
    ],
    "MagneticFieldStrength": 3,
    "Manufacturer": "Siemens",
    "ManufacturersModelName": "Prisma_fit",
    "PhaseEncodingDirection": "j-",
    "ProcedureStepDescription": "Head_64ch_Mosra",
    "ProtocolName": "bold_TR2_32_190_4",
    "RepetitionTime": 2,
    "SequenceName": "_epfid2d1_64",
    "SliceTiming": [
      0,
      0.06,
      0.12,
      0.18,
      0.24,
      0.3,
      0.36,
      0.42,
      0.48,
      0.54,
      0.6,
      0.66,
      0.72,
      0.78,
      0.84,
      0.9,
      0.96,
      1.02,
      1.08,
      1.14,
      1.2,
      1.26,
      1.32,
      1.38,
      1.44,
      1.5,
      1.56,
      1.62,
      1.68,
      1.74,
      1.8,
      1.86,
      1.92
    ],
    "TaskName": "d1-decoder_construction",
    "dataset": "ds002596",
    "modality": "bold",
    "run_id": 4,
    "subject_id": "14",
    "task_id": "d1"
  },
  "dummy_trs": 2,
  "dvars_nstd": 27.53495735518716,
  "dvars_std": 1.4412566402139029,
  "dvars_vstd": 0.9846035042780751,
  "efc": 0.5097041561726895,
  "fber": 9242.390625,
  "fd_mean": 0.2455103029069849,
  "fd_num": 118,
  "fd_perc": 62.765957446808514,
  "fwhm_avg": 1.6669833312569626,
  "fwhm_x": 1.6008747659725964,
  "fwhm_y": 1.812542727798292,
  "fwhm_z": 1.5875325,
  "gcor": 0.0243647,
  "gsr_x": -0.00906436052173376,
  "gsr_y": 0.03777172416448593,
  "provenance": {
    "md5sum": "ce1e1c6a546d84dd8a8fc11e2d1194c6",
    "settings": {
      "fd_thres": 0.2,
      "testing": false
    },
    "software": "mriqc",
    "version": "22.0.1",
    "webapi_port": null,
    "webapi_url": "https://mriqc.nimh.nih.gov/api/v1"
  },
  "size_t": 188,
  "size_x": 64,
  "size_y": 64,
  "size_z": 33,
  "snr": 6.236973611717879,
  "spacing_tr": 2.0,
  "spacing_x": 3.203130006790161,
  "spacing_y": 3.203130006790161,
  "spacing_z": 4.0,
  "summary_bg_k": 41.44790018765921,
  "summary_bg_mad": 11.931793686998734,
  "summary_bg_mean": 41.281089782714844,
  "summary_bg_median": 9.64893627166748,
  "summary_bg_n": 79409.0,
  "summary_bg_p05": 1.1329786777496338,
  "summary_bg_p95": 177.7521209716795,
  "summary_bg_stdv": 88.79237365722656,
  "summary_fg_k": 0.9810546070680526,
  "summary_fg_mad": 152.90520808579646,
  "summary_fg_mean": 959.3694458007812,
  "summary_fg_median": 951.4520874023438,
  "summary_fg_n": 25333.0,
  "summary_fg_p05": 734.8829711914062,
  "summary_fg_p95": 1213.0882568359373,
  "summary_fg_stdv": 152.54727172851562,
  "tsnr": 101.57419772818685
}