{
  "aor": 0.01239962765957447,
  "aqi": 0.0061756300000000005,
  "bids_meta": {
    "AcquisitionDateTime": "2017-05-26T10:58:54.906250",
    "ConversionSoftware": "dcm2niix",
    "ConversionSoftwareVersion": "v1.0.20170314",
    "EchoTime": 0.026,
    "EffectiveEchoSpacing": 0.000489996,
    "FlipAngle": 80,
    "ImageType": [
      "ORIGINAL",
      "PRIMARY",
      "M",
      "ND",
      "NORM",
      "MOSAIC"
    ],
    "MagneticFieldStrength": 3,
    "Manufacturer": "Siemens",
    "ManufacturersModelName": "Prisma_fit",
    "PhaseEncodingDirection": "j-",
    "ProcedureStepDescription": "Head_64ch_Mosra",
    "ProtocolName": "bold_TR2_32_190_2",
    "RepetitionTime": 2,
    "SequenceName": "_epfid2d1_64",
    "SliceTiming": [
      0,
      0.06,
      0.12,
      0.18,
      0.24,
      0.3,
      0.36,
      0.42,
      0.48,
      0.54,
      0.6,
      0.66,
      0.72,
      0.78,
      0.84,
      0.9,
      0.96,
      1.02,
      1.08,
      1.14,
      1.2,
      1.26,
      1.32,
      1.38,
      1.44,
      1.5,
      1.56,
      1.62,
      1.68,
      1.74,
      1.8,
      1.86,
      1.92
    ],
    "TaskName": "d1-decoder_construction",
    "dataset": "ds002596",
    "modality": "bold",
    "run_id": 2,
    "subject_id": "14",
    "task_id": "d1"
  },
  "dummy_trs": 2,
  "dvars_nstd": 27.334676915775404,
  "dvars_std": 1.5315409814973258,
  "dvars_vstd": 1.1031155137433153,
  "efc": 0.5089960511364907,
  "fber": 9469.72265625,
  "fd_mean": 0.24607512201584375,
  "fd_num": 109,
  "fd_perc": 57.97872340425532,
  "fwhm_avg": 1.6687335427840146,
  "fwhm_x": 1.6125227477656887,
  "fwhm_y": 1.8162203805863548,
  "fwhm_z": 1.5774575,
  "gcor": 0.0178799,
  "gsr_x": -0.009250889532268047,
  "gsr_y": 0.03783077374100685,
  "provenance": {
    "md5sum": "5f26215d70224db9bc3726d5de533471",
    "settings": {
      "fd_thres": 0.2,
      "testing": false
    },
    "software": "mriqc",
    "version": "22.0.1",
    "webapi_port": null,
    "webapi_url": "https://mriqc.nimh.nih.gov/api/v1"
  },
  "size_t": 188,
  "size_x": 64,
  "size_y": 64,
  "size_z": 33,
  "snr": 6.253323857250299,
  "spacing_tr": 2.0,
  "spacing_x": 3.203130006790161,
  "spacing_y": 3.203130006790161,
  "spacing_z": 4.0,
  "summary_bg_k": 42.415611795247585,
  "summary_bg_mad": 11.813499689535723,
  "summary_bg_mean": 40.92274475097656,
  "summary_bg_median": 9.547871589660645,
  "summary_bg_n": 79446.0,
  "summary_bg_p05": 1.1329786777496338,
  "summary_bg_p95": 175.8218002319336,
  "summary_bg_stdv": 88.21143341064453,
  "summary_fg_k": 1.003090271972117,
  "summary_fg_mad": 153.26395909258756,
  "summary_fg_mean": 961.1266479492188,
  "summary_fg_median": 953.343017578125,
  "summary_fg_n": 25284.0,
  "summary_fg_p05": 736.5278961181641,
  "summary_fg_p95": 1214.400225830078,
  "summary_fg_stdv": 152.45079040527344,
  "tsnr": 81.89031537529081
}