{
  "bids_meta": {
    "AcquisitionDateTime": "2017-05-24T93:62:3.625000",
    "ConversionSoftware": "dcm2niix",
    "ConversionSoftwareVersion": "v1.0.20170314",
    "EchoTime": 0.00306,
    "FlipAngle": 9,
    "ImageType": [
      "ORIGINAL",
      "PRIMARY",
      "M",
      "ND",
      "NORM"
    ],
    "MagneticFieldStrength": 3,
    "Manufacturer": "Siemens",
    "ManufacturersModelName": "Prisma_fit",
    "PhaseEncodingDirection": "i-",
    "ProcedureStepDescription": "Head_64ch_Mosra",
    "ProtocolName": "MPRAGE_iPAT2",
    "RepetitionTime": 2.25,
    "SequenceName": "_tfl3d1_16ns",
    "dataset": "ds002596",
    "modality": "T1w",
    "subject_id": "07"
  },
  "cjv": 0.36582329476592346,
  "cnr": 3.6736131961949985,
  "efc": 0.5423692107481752,
  "fber": -1.0,
  "fwhm_avg": 3.694681875637187,
  "fwhm_x": 3.9238156269115594,
  "fwhm_y": 3.68634,
  "fwhm_z": 3.47389,
  "icvs_csf": 0.19845376571082626,
  "icvs_gm": 0.42840917699692804,
  "icvs_wm": 0.3731370572922457,
  "inu_med": 0.45931272208690643,
  "inu_range": 0.1856248870491981,
  "provenance": {
    "md5sum": "c4af1709f4745bcc86be0808b9d8ab6b",
    "settings": {
      "testing": false
    },
    "software": "mriqc",
    "version": "22.0.1",
    "warnings": {
      "large_rot_frame": true,
      "small_air_mask": false
    },
    "webapi_port": null,
    "webapi_url": "https://mriqc.nimh.nih.gov/api/v1"
  },
  "qi_1": 9.613087859628679e-05,
  "qi_2": 0.015163974912081676,
  "rpve_csf": 28.368390098516702,
  "rpve_gm": 13.831165497527559,
  "rpve_wm": 18.082635504312456,
  "size_x": 208,
  "size_y": 256,
  "size_z": 256,
  "snr_csf": 2.756900112135349,
  "snr_gm": 13.390583990776364,
  "snr_total": 13.269299952260923,
  "snr_wm": 23.66041575387106,
  "snrd_csf": 34.9311112822896,
  "snrd_gm": 83.75438530584383,
  "snrd_total": 77.14167256855757,
  "snrd_wm": 112.73952111753928,
  "spacing_x": 1.0000189542770386,
  "spacing_y": 1.0,
  "spacing_z": 1.0,
  "summary_bg_k": 20.882504690359436,
  "summary_bg_mad": 0.0,
  "summary_bg_mean": 2.995635777815219,
  "summary_bg_median": 0.0,
  "summary_bg_n": 3509028.0,
  "summary_bg_p05": 0.0,
  "summary_bg_p95": 14.45410786382854,
  "summary_bg_stdv": 5.811062635394947,
  "summary_csf_k": 2.5159717950712004,
  "summary_csf_mad": 94.70396551046021,
  "summary_csf_mean": 321.121515426979,
  "summary_csf_median": 309.8391046281904,
  "summary_csf_n": 41913.0,
  "summary_csf_p05": 160.26787524484098,
  "summary_csf_p95": 527.359792027995,
  "summary_csf_stdv": 112.38543138544895,
  "summary_gm_k": 0.30784457005245214,
  "summary_gm_mad": 53.34960106436029,
  "summary_gm_mean": 741.4498888868754,
  "summary_gm_median": 742.9017514539883,
  "summary_gm_n": 27456.0,
  "summary_gm_p05": 648.1546198748983,
  "summary_gm_p95": 831.1945329806767,
  "summary_gm_stdv": 55.47840354771814,
  "summary_wm_k": 0.3419719012292326,
  "summary_wm_mad": 40.70293773836667,
  "summary_wm_mean": 999.6052159148215,
  "summary_wm_median": 1000.0000285413116,
  "summary_wm_n": 232480.0,
  "summary_wm_p05": 929.4870117716491,
  "summary_wm_p95": 1068.0282720513642,
  "summary_wm_stdv": 42.264594511729406,
  "tpm_overlap_csf": 0.15978237070248313,
  "tpm_overlap_gm": 0.4461769970151917,
  "tpm_overlap_wm": 0.4914464668501495,
  "wm2max": 0.6704794798862251
}