{
  "aor": 0.012730423280423281,
  "aqi": 0.025999528677248675,
  "bids_meta": {
    "AcquisitionDateTime": "2017-05-22T14:03:51.078125",
    "ConversionSoftware": "dcm2niix",
    "ConversionSoftwareVersion": "v1.0.20170314",
    "EchoTime": 0.026,
    "EffectiveEchoSpacing": 0.000489996,
    "FlipAngle": 80,
    "ImageType": [
      "ORIGINAL",
      "PRIMARY",
      "M",
      "ND",
      "NORM",
      "MOSAIC"
    ],
    "MagneticFieldStrength": 3,
    "Manufacturer": "Siemens",
    "ManufacturersModelName": "Prisma_fit",
    "PhaseEncodingDirection": "j-",
    "ProcedureStepDescription": "Head_64ch_Mosra",
    "ProtocolName": "bold_TR2_32_190_6",
    "RepetitionTime": 2,
    "SequenceName": "_epfid2d1_64",
    "SliceTiming": [
      0,
      0.06,
      0.12,
      0.18,
      0.24,
      0.3,
      0.36,
      0.42,
      0.48,
      0.54,
      0.6,
      0.66,
      0.72,
      0.78,
      0.84,
      0.9,
      0.96,
      1.02,
      1.08,
      1.14,
      1.2,
      1.26,
      1.32,
      1.38,
      1.44,
      1.5,
      1.56,
      1.62,
      1.68,
      1.74,
      1.8,
      1.86,
      1.92
    ],
    "TaskName": "d1-decoder_construction",
    "dataset": "ds002596",
    "modality": "bold",
    "run_id": 6,
    "subject_id": "06",
    "task_id": "d1"
  },
  "dummy_trs": 1,
  "dvars_nstd": 32.64633545984042,
  "dvars_std": 1.0843882621808512,
  "dvars_vstd": 0.9637887091489357,
  "efc": 0.5416894483916208,
  "fber": 5796.43701171875,
  "fd_mean": 0.46751963109513667,
  "fd_num": 107,
  "fd_perc": 56.613756613756614,
  "fwhm_avg": 1.7796037129587583,
  "fwhm_x": 1.731815439348604,
  "fwhm_y": 1.9398556995276706,
  "fwhm_z": 1.66714,
  "gcor": 0.0904929,
  "gsr_x": -0.0007213718490675092,
  "gsr_y": 0.02019694074988365,
  "provenance": {
    "md5sum": "235905607fff1ab66cabf31b2bbf2c24",
    "settings": {
      "fd_thres": 0.2,
      "testing": false
    },
    "software": "mriqc",
    "version": "22.0.1",
    "webapi_port": null,
    "webapi_url": "https://mriqc.nimh.nih.gov/api/v1"
  },
  "size_t": 189,
  "size_x": 64,
  "size_y": 64,
  "size_z": 33,
  "snr": 6.516549740648528,
  "spacing_tr": 2.0,
  "spacing_x": 3.203130006790161,
  "spacing_y": 3.203130006790161,
  "spacing_z": 4.0,
  "summary_bg_k": 18.338985332089283,
  "summary_bg_mad": 16.44982478317164,
  "summary_bg_mean": 62.99026870727539,
  "summary_bg_median": 13.2380952835083,
  "summary_bg_n": 77225.0,
  "summary_bg_p05": 1.3015872240066528,
  "summary_bg_p95": 303.1682556152348,
  "summary_bg_stdv": 125.6046371459961,
  "summary_fg_k": 1.86608483107692,
  "summary_fg_mad": 155.30059158958443,
  "summary_fg_mean": 1037.3243408203125,
  "summary_fg_median": 1029.4603271484375,
  "summary_fg_n": 26698.0,
  "summary_fg_p05": 810.6031433105469,
  "summary_fg_p95": 1294.2169189453125,
  "summary_fg_stdv": 157.97332763671875,
  "tsnr": 33.87733774096705
}