{
  "aor": 0.018482842105263155,
  "aqi": 0.023226900578947374,
  "bids_meta": {
    "AcquisitionDateTime": "2017-05-23T13:36:30.328125",
    "ConversionSoftware": "dcm2niix",
    "ConversionSoftwareVersion": "v1.0.20170314",
    "EchoTime": 0.026,
    "EffectiveEchoSpacing": 0.000489996,
    "FlipAngle": 80,
    "ImageType": [
      "ORIGINAL",
      "PRIMARY",
      "M",
      "ND",
      "NORM",
      "MOSAIC"
    ],
    "MagneticFieldStrength": 3,
    "Manufacturer": "Siemens",
    "ManufacturersModelName": "Prisma_fit",
    "PhaseEncodingDirection": "j-",
    "ProcedureStepDescription": "Head_64ch_Mosra",
    "ProtocolName": "bold_TR2_32_190_4",
    "RepetitionTime": 2,
    "SequenceName": "_epfid2d1_64",
    "SliceTiming": [
      0,
      0.06,
      0.12,
      0.1775,
      0.2375,
      0.2975,
      0.3575,
      0.4175,
      0.4775,
      0.5375,
      0.5975,
      0.6575,
      0.7175,
      0.7775,
      0.8375,
      0.8975,
      0.9575,
      1.0175,
      1.0775,
      1.1375,
      1.1975,
      1.2575,
      1.3175,
      1.3775,
      1.4375,
      1.4975,
      1.5575,
      1.6175,
      1.6775,
      1.7375,
      1.7975,
      1.8575,
      1.9175
    ],
    "TaskName": "d2-adaptive_tcontrol",
    "dataset": "ds002596",
    "modality": "bold",
    "run_id": 4,
    "subject_id": "06",
    "task_id": "d2"
  },
  "dummy_trs": 0,
  "dvars_nstd": 29.845040653862434,
  "dvars_std": 1.1478964520105817,
  "dvars_vstd": 1.0034236304761908,
  "efc": 0.5399418937257646,
  "fber": 5950.38134765625,
  "fd_mean": 0.4266614326481433,
  "fd_num": 94,
  "fd_perc": 49.473684210526315,
  "fwhm_avg": 1.8081661399677105,
  "fwhm_x": 1.7692850393166277,
  "fwhm_y": 1.9722583805865037,
  "fwhm_z": 1.682955,
  "gcor": 0.0473477,
  "gsr_x": -0.0007355742854997516,
  "gsr_y": 0.021155716851353645,
  "provenance": {
    "md5sum": "c201211940203154936d2431ce4bc8d2",
    "settings": {
      "fd_thres": 0.2,
      "testing": false
    },
    "software": "mriqc",
    "version": "22.0.1",
    "webapi_port": null,
    "webapi_url": "https://mriqc.nimh.nih.gov/api/v1"
  },
  "size_t": 190,
  "size_x": 64,
  "size_y": 64,
  "size_z": 33,
  "snr": 6.416964732600837,
  "spacing_tr": 2.0,
  "spacing_x": 3.203130006790161,
  "spacing_y": 3.203130006790161,
  "spacing_z": 4.0,
  "summary_bg_k": 17.18915687857068,
  "summary_bg_mad": 14.810416753799108,
  "summary_bg_mean": 56.30744171142578,
  "summary_bg_median": 11.989474296569824,
  "summary_bg_n": 77381.0,
  "summary_bg_p05": 1.2842105627059937,
  "summary_bg_p95": 272.95263671875,
  "summary_bg_stdv": 110.88893127441406,
  "summary_fg_k": 1.5534935501886942,
  "summary_fg_mad": 144.01135934649508,
  "summary_fg_mean": 944.0442504882812,
  "summary_fg_median": 936.4974365234375,
  "summary_fg_n": 26558.0,
  "summary_fg_p05": 731.6268585205078,
  "summary_fg_p95": 1181.4821533203124,
  "summary_fg_stdv": 145.93812561035156,
  "tsnr": 37.543862622696906
}