{
  "aor": 0.0009058730158730159,
  "aqi": 0.003983592857142857,
  "bids_meta": {
    "AcquisitionDateTime": "2017-05-19T13:39:37.843750",
    "ConversionSoftware": "dcm2niix",
    "ConversionSoftwareVersion": "v1.0.20170314",
    "EchoTime": 0.026,
    "EffectiveEchoSpacing": 0.000489996,
    "FlipAngle": 80,
    "ImageType": [
      "ORIGINAL",
      "PRIMARY",
      "M",
      "ND",
      "NORM",
      "MOSAIC"
    ],
    "MagneticFieldStrength": 3,
    "Manufacturer": "Siemens",
    "ManufacturersModelName": "Prisma_fit",
    "PhaseEncodingDirection": "j-",
    "ProcedureStepDescription": "Head_64ch_Mosra",
    "ProtocolName": "bold_TR2_32_190_5",
    "RepetitionTime": 2,
    "SequenceName": "_epfid2d1_64",
    "SliceTiming": [
      0,
      0.06,
      0.12,
      0.18,
      0.24,
      0.3,
      0.36,
      0.42,
      0.48,
      0.54,
      0.6,
      0.66,
      0.72,
      0.78,
      0.84,
      0.9,
      0.96,
      1.02,
      1.08,
      1.14,
      1.2,
      1.26,
      1.32,
      1.38,
      1.44,
      1.5,
      1.56,
      1.62,
      1.68,
      1.74,
      1.8,
      1.86,
      1.92
    ],
    "TaskName": "d2-adaptive_tcontrol",
    "dataset": "ds002596",
    "modality": "bold",
    "run_id": 5,
    "subject_id": "01",
    "task_id": "d2"
  },
  "dummy_trs": 1,
  "dvars_nstd": 23.15260719718085,
  "dvars_std": 1.434205579893617,
  "dvars_vstd": 1.0021164380319152,
  "efc": 0.5572615763372255,
  "fber": 4562.16650390625,
  "fd_mean": 0.10187293554113842,
  "fd_num": 3,
  "fd_perc": 1.5873015873015872,
  "fwhm_avg": 1.7261132722512558,
  "fwhm_x": 1.6564391669250111,
  "fwhm_y": 1.9092356498287557,
  "fwhm_z": 1.612665,
  "gcor": 0.0524417,
  "gsr_x": 0.004128019325435162,
  "gsr_y": 0.03334832936525345,
  "provenance": {
    "md5sum": "fb8342b8a4633e7aac3937ee31df1ef4",
    "settings": {
      "fd_thres": 0.2,
      "testing": false
    },
    "software": "mriqc",
    "version": "22.0.1",
    "webapi_port": null,
    "webapi_url": "https://mriqc.nimh.nih.gov/api/v1"
  },
  "size_t": 189,
  "size_x": 64,
  "size_y": 64,
  "size_z": 33,
  "snr": 5.880295038760411,
  "spacing_tr": 2.0,
  "spacing_x": 3.203130006790161,
  "spacing_y": 3.203130006790161,
  "spacing_z": 4.0,
  "summary_bg_k": 16.50051928142409,
  "summary_bg_mad": 16.473357885206713,
  "summary_bg_mean": 63.04290008544922,
  "summary_bg_median": 12.777777671813965,
  "summary_bg_n": 75732.0,
  "summary_bg_p05": 1.1481480598449707,
  "summary_bg_p95": 304.8833358764647,
  "summary_bg_stdv": 113.67799377441406,
  "summary_fg_k": 1.2681924558790687,
  "summary_fg_mad": 148.93872230431722,
  "summary_fg_mean": 898.239990234375,
  "summary_fg_median": 889.288330078125,
  "summary_fg_n": 28262.0,
  "summary_fg_p05": 688.41796875,
  "summary_fg_p95": 1155.8346130371092,
  "summary_fg_stdv": 151.229248046875,
  "tsnr": 99.58285587932914
}