{
  "aor": 0.003416052631578947,
  "aqi": 0.004518415263157894,
  "bids_meta": {
    "AcquisitionDateTime": "2017-05-17T13:49:49.390625",
    "ConversionSoftware": "dcm2niix",
    "ConversionSoftwareVersion": "v1.0.20170314",
    "EchoTime": 0.026,
    "EffectiveEchoSpacing": 0.000489996,
    "FlipAngle": 80,
    "ImageType": [
      "ORIGINAL",
      "PRIMARY",
      "M",
      "ND",
      "NORM",
      "MOSAIC"
    ],
    "MagneticFieldStrength": 3,
    "Manufacturer": "Siemens",
    "ManufacturersModelName": "Prisma_fit",
    "PhaseEncodingDirection": "j-",
    "ProcedureStepDescription": "Head_64ch_Mosra",
    "ProtocolName": "bold_TR2_32_150_2",
    "RepetitionTime": 2,
    "SequenceName": "_epfid2d1_64",
    "SliceTiming": [
      0,
      0.06,
      0.12,
      0.18,
      0.24,
      0.3,
      0.36,
      0.42,
      0.48,
      0.54,
      0.6,
      0.66,
      0.72,
      0.78,
      0.84,
      0.9,
      0.96,
      1.02,
      1.08,
      1.14,
      1.2,
      1.26,
      1.32,
      1.38,
      1.44,
      1.5,
      1.56,
      1.62,
      1.68,
      1.74,
      1.8,
      1.86,
      1.92
    ],
    "TaskName": "d1-decoder_construction",
    "dataset": "ds002596",
    "modality": "bold",
    "run_id": 1,
    "subject_id": "01",
    "task_id": "d1"
  },
  "dummy_trs": 0,
  "dvars_nstd": 19.836071801587316,
  "dvars_std": 1.2836602795767198,
  "dvars_vstd": 0.9990165116402114,
  "efc": 0.5608601641077092,
  "fber": 4216.74560546875,
  "fd_mean": 0.12247007463413673,
  "fd_num": 17,
  "fd_perc": 8.947368421052632,
  "fwhm_avg": 1.7584862722779524,
  "fwhm_x": 1.6782615718388991,
  "fwhm_y": 1.9497772449949577,
  "fwhm_z": 1.64742,
  "gcor": 0.0652854,
  "gsr_x": 0.008335853926837444,
  "gsr_y": 0.03244265913963318,
  "provenance": {
    "md5sum": "b83d091fd8b18d6109c71bd8d46bca69",
    "settings": {
      "fd_thres": 0.2,
      "testing": false
    },
    "software": "mriqc",
    "version": "22.0.1",
    "webapi_port": null,
    "webapi_url": "https://mriqc.nimh.nih.gov/api/v1"
  },
  "size_t": 190,
  "size_x": 64,
  "size_y": 64,
  "size_z": 33,
  "snr": 5.854045054344592,
  "spacing_tr": 2.0,
  "spacing_x": 3.203130006790161,
  "spacing_y": 3.203130006790161,
  "spacing_z": 4.0,
  "summary_bg_k": 11.230687971229973,
  "summary_bg_mad": 18.914884126788678,
  "summary_bg_mean": 73.03094482421875,
  "summary_bg_median": 14.642106056213379,
  "summary_bg_n": 75737.0,
  "summary_bg_p05": 1.2315789461135864,
  "summary_bg_p95": 350.9842346191405,
  "summary_bg_stdv": 128.3773193359375,
  "summary_fg_k": 1.1114303552733853,
  "summary_fg_mad": 162.5011301473803,
  "summary_fg_mean": 978.3856201171875,
  "summary_fg_median": 967.036865234375,
  "summary_fg_n": 28189.0,
  "summary_fg_p05": 747.8358276367187,
  "summary_fg_p95": 1258.4337646484373,
  "summary_fg_stdv": 165.18829345703125,
  "tsnr": 82.40654786117375
}