{
  "aor": 0.002210952380952381,
  "aqi": 0.0037487218518518516,
  "bids_meta": {
    "AcquisitionDateTime": "2017-05-17T13:56:57.468750",
    "ConversionSoftware": "dcm2niix",
    "ConversionSoftwareVersion": "v1.0.20170314",
    "EchoTime": 0.026,
    "EffectiveEchoSpacing": 0.000489996,
    "FlipAngle": 80,
    "ImageType": [
      "ORIGINAL",
      "PRIMARY",
      "M",
      "ND",
      "NORM",
      "MOSAIC"
    ],
    "MagneticFieldStrength": 3,
    "Manufacturer": "Siemens",
    "ManufacturersModelName": "Prisma_fit",
    "PhaseEncodingDirection": "j-",
    "ProcedureStepDescription": "Head_64ch_Mosra",
    "ProtocolName": "bold_TR2_32_190_3",
    "RepetitionTime": 2,
    "SequenceName": "_epfid2d1_64",
    "SliceTiming": [
      0,
      0.06,
      0.12,
      0.18,
      0.24,
      0.3,
      0.36,
      0.42,
      0.48,
      0.54,
      0.6,
      0.66,
      0.72,
      0.78,
      0.84,
      0.9,
      0.96,
      1.02,
      1.08,
      1.14,
      1.2,
      1.26,
      1.32,
      1.38,
      1.44,
      1.5,
      1.56,
      1.62,
      1.68,
      1.74,
      1.8,
      1.86,
      1.92
    ],
    "TaskName": "d1-decoder_construction",
    "dataset": "ds002596",
    "modality": "bold",
    "run_id": 2,
    "subject_id": "01",
    "task_id": "d1"
  },
  "dummy_trs": 1,
  "dvars_nstd": 19.236014487499997,
  "dvars_std": 1.2867960024468088,
  "dvars_vstd": 0.985072586542553,
  "efc": 0.5621265805683058,
  "fber": 4055.07958984375,
  "fd_mean": 0.10536537294868792,
  "fd_num": 8,
  "fd_perc": 4.232804232804233,
  "fwhm_avg": 1.7554209940088754,
  "fwhm_x": 1.6740875295828381,
  "fwhm_y": 1.949692952443788,
  "fwhm_z": 1.6424825,
  "gcor": 0.0505833,
  "gsr_x": 0.008875220082700253,
  "gsr_y": 0.03199605271220207,
  "provenance": {
    "md5sum": "ed927c08596dfbd009ad5d8fa8e17d94",
    "settings": {
      "fd_thres": 0.2,
      "testing": false
    },
    "software": "mriqc",
    "version": "22.0.1",
    "webapi_port": null,
    "webapi_url": "https://mriqc.nimh.nih.gov/api/v1"
  },
  "size_t": 189,
  "size_x": 64,
  "size_y": 64,
  "size_z": 33,
  "snr": 5.829364831065157,
  "spacing_tr": 2.0,
  "spacing_x": 3.203130006790161,
  "spacing_y": 3.203130006790161,
  "spacing_z": 4.0,
  "summary_bg_k": 10.848765616359183,
  "summary_bg_mad": 19.360116999194734,
  "summary_bg_mean": 73.95602416992188,
  "summary_bg_median": 14.910052299499512,
  "summary_bg_n": 75765.0,
  "summary_bg_p05": 1.1058200597763062,
  "summary_bg_p95": 355.97672119140634,
  "summary_bg_stdv": 129.31727600097656,
  "summary_fg_k": 1.1469977655599184,
  "summary_fg_mad": 161.98012903208206,
  "summary_fg_mean": 974.2882080078125,
  "summary_fg_median": 963.351806640625,
  "summary_fg_n": 28220.0,
  "summary_fg_p05": 743.0896423339843,
  "summary_fg_p95": 1255.239892578125,
  "summary_fg_stdv": 165.25552368164062,
  "tsnr": 89.55947043956257
}