{
  "aor": 0.0013386243386243387,
  "aqi": 0.003379132486772486,
  "bids_meta": {
    "AcquisitionDateTime": "2017-05-19T13:17:17.968750",
    "ConversionSoftware": "dcm2niix",
    "ConversionSoftwareVersion": "v1.0.20170314",
    "EchoTime": 0.026,
    "EffectiveEchoSpacing": 0.000489996,
    "FlipAngle": 80,
    "ImageType": [
      "ORIGINAL",
      "PRIMARY",
      "M",
      "ND",
      "NORM",
      "MOSAIC"
    ],
    "MagneticFieldStrength": 3,
    "Manufacturer": "Siemens",
    "ManufacturersModelName": "Prisma_fit",
    "PhaseEncodingDirection": "j-",
    "ProcedureStepDescription": "Head_64ch_Mosra",
    "ProtocolName": "bold_TR2_32_190_2",
    "RepetitionTime": 2,
    "SequenceName": "_epfid2d1_64",
    "SliceTiming": [
      0,
      0.06,
      0.12,
      0.18,
      0.24,
      0.3,
      0.36,
      0.42,
      0.48,
      0.54,
      0.6,
      0.66,
      0.72,
      0.78,
      0.84,
      0.9,
      0.96,
      1.02,
      1.08,
      1.14,
      1.2,
      1.26,
      1.32,
      1.38,
      1.44,
      1.5,
      1.56,
      1.62,
      1.68,
      1.74,
      1.8,
      1.86,
      1.92
    ],
    "TaskName": "d2-adaptive_tcontrol",
    "dataset": "ds002596",
    "modality": "bold",
    "run_id": 2,
    "subject_id": "01",
    "task_id": "d2"
  },
  "dummy_trs": 1,
  "dvars_nstd": 22.24059118095745,
  "dvars_std": 1.3954358008510641,
  "dvars_vstd": 0.9969746198936168,
  "efc": 0.5536090853495871,
  "fber": 5186.4736328125,
  "fd_mean": 0.10702814215426534,
  "fd_num": 5,
  "fd_perc": 2.6455026455026456,
  "fwhm_avg": 1.723739945990608,
  "fwhm_x": 1.6456746959460289,
  "fwhm_y": 1.9142276420257953,
  "fwhm_z": 1.6113175,
  "gcor": 0.0476294,
  "gsr_x": 0.004275862593203783,
  "gsr_y": 0.03298761323094368,
  "provenance": {
    "md5sum": "11a6dd19c6c617ab8a022a57afc330c8",
    "settings": {
      "fd_thres": 0.2,
      "testing": false
    },
    "software": "mriqc",
    "version": "22.0.1",
    "webapi_port": null,
    "webapi_url": "https://mriqc.nimh.nih.gov/api/v1"
  },
  "size_t": 189,
  "size_x": 64,
  "size_y": 64,
  "size_z": 33,
  "snr": 5.93799957347243,
  "spacing_tr": 2.0,
  "spacing_x": 3.203130006790161,
  "spacing_y": 3.203130006790161,
  "spacing_z": 4.0,
  "summary_bg_k": 16.124007157184014,
  "summary_bg_mad": 15.586934006474765,
  "summary_bg_mean": 60.45852279663086,
  "summary_bg_median": 12.100528717041016,
  "summary_bg_n": 75767.0,
  "summary_bg_p05": 1.0899471044540405,
  "summary_bg_p95": 292.47247314453114,
  "summary_bg_stdv": 109.46965026855469,
  "summary_fg_k": 1.3750507716445126,
  "summary_fg_mad": 147.54642996215858,
  "summary_fg_mean": 905.0400390625,
  "summary_fg_median": 894.9047241210938,
  "summary_fg_n": 28213.0,
  "summary_fg_p05": 696.2020751953125,
  "summary_fg_p95": 1158.0380859374998,
  "summary_fg_stdv": 150.7054443359375,
  "tsnr": 100.01722304150462
}