{
  "aor": 0.0022886170212765957,
  "aqi": 0.003940689095744681,
  "bids_meta": {
    "AcquisitionDateTime": "2017-05-17T14:18:35.500000",
    "ConversionSoftware": "dcm2niix",
    "ConversionSoftwareVersion": "v1.0.20170314",
    "EchoTime": 0.026,
    "EffectiveEchoSpacing": 0.000489996,
    "FlipAngle": 80,
    "ImageType": [
      "ORIGINAL",
      "PRIMARY",
      "M",
      "ND",
      "NORM",
      "MOSAIC"
    ],
    "MagneticFieldStrength": 3,
    "Manufacturer": "Siemens",
    "ManufacturersModelName": "Prisma_fit",
    "PhaseEncodingDirection": "j-",
    "ProcedureStepDescription": "Head_64ch_Mosra",
    "ProtocolName": "bold_TR2_32_190_6",
    "RepetitionTime": 2,
    "SequenceName": "_epfid2d1_64",
    "SliceTiming": [
      0,
      0.06,
      0.12,
      0.18,
      0.24,
      0.3,
      0.36,
      0.42,
      0.48,
      0.54,
      0.6,
      0.66,
      0.72,
      0.78,
      0.84,
      0.9,
      0.96,
      1.02,
      1.08,
      1.14,
      1.2,
      1.26,
      1.32,
      1.38,
      1.44,
      1.5,
      1.56,
      1.62,
      1.68,
      1.74,
      1.8,
      1.86,
      1.92
    ],
    "TaskName": "d1-decoder_construction",
    "dataset": "ds002596",
    "modality": "bold",
    "run_id": 5,
    "subject_id": "01",
    "task_id": "d1"
  },
  "dummy_trs": 2,
  "dvars_nstd": 22.11956748320857,
  "dvars_std": 1.3970621924598938,
  "dvars_vstd": 0.9860566739037435,
  "efc": 0.5664956077522819,
  "fber": 3442.950439453125,
  "fd_mean": 0.11763061285189219,
  "fd_num": 17,
  "fd_perc": 9.042553191489361,
  "fwhm_avg": 1.7584812316325094,
  "fwhm_x": 1.6872715089750197,
  "fwhm_y": 1.9485596859225087,
  "fwhm_z": 1.6396125,
  "gcor": 0.0562988,
  "gsr_x": 0.009636021219193935,
  "gsr_y": 0.03289048373699188,
  "provenance": {
    "md5sum": "3fbd87bb8e128b791bd82d9a755a9cfc",
    "settings": {
      "fd_thres": 0.2,
      "testing": false
    },
    "software": "mriqc",
    "version": "22.0.1",
    "webapi_port": null,
    "webapi_url": "https://mriqc.nimh.nih.gov/api/v1"
  },
  "size_t": 188,
  "size_x": 64,
  "size_y": 64,
  "size_z": 33,
  "snr": 5.784052820096926,
  "spacing_tr": 2.0,
  "spacing_x": 3.203130006790161,
  "spacing_y": 3.203130006790161,
  "spacing_z": 4.0,
  "summary_bg_k": 9.011084333522284,
  "summary_bg_mad": 20.787975606631356,
  "summary_bg_mean": 77.3627700805664,
  "summary_bg_median": 16.042552947998047,
  "summary_bg_n": 75744.0,
  "summary_bg_p05": 1.2978723049163818,
  "summary_bg_p95": 371.6236633300779,
  "summary_bg_stdv": 132.81300354003906,
  "summary_fg_k": 1.0182143911205097,
  "summary_fg_mad": 163.31885078626738,
  "summary_fg_mean": 967.8610229492188,
  "summary_fg_median": 956.920166015625,
  "summary_fg_n": 28218.0,
  "summary_fg_p05": 735.7651336669921,
  "summary_fg_p95": 1251.7893737792967,
  "summary_fg_stdv": 165.4381866455078,
  "tsnr": 90.3621337278746
}