{
  "aor": 0.004887724867724868,
  "aqi": 0.004960114603174604,
  "bids_meta": {
    "AcquisitionDateTime": "2017-05-17T14:25:34.312500",
    "ConversionSoftware": "dcm2niix",
    "ConversionSoftwareVersion": "v1.0.20170314",
    "EchoTime": 0.026,
    "EffectiveEchoSpacing": 0.000489996,
    "FlipAngle": 80,
    "ImageType": [
      "ORIGINAL",
      "PRIMARY",
      "M",
      "ND",
      "NORM",
      "MOSAIC"
    ],
    "MagneticFieldStrength": 3,
    "Manufacturer": "Siemens",
    "ManufacturersModelName": "Prisma_fit",
    "PhaseEncodingDirection": "j-",
    "ProcedureStepDescription": "Head_64ch_Mosra",
    "ProtocolName": "bold_TR2_32_190_7",
    "RepetitionTime": 2,
    "SequenceName": "_epfid2d1_64",
    "SliceTiming": [
      0,
      0.06,
      0.12,
      0.18,
      0.24,
      0.3,
      0.36,
      0.42,
      0.48,
      0.54,
      0.6,
      0.66,
      0.72,
      0.78,
      0.84,
      0.9,
      0.96,
      1.02,
      1.08,
      1.14,
      1.2,
      1.26,
      1.32,
      1.38,
      1.44,
      1.5,
      1.56,
      1.62,
      1.68,
      1.74,
      1.8,
      1.86,
      1.92
    ],
    "TaskName": "d1-decoder_construction",
    "dataset": "ds002596",
    "modality": "bold",
    "run_id": 6,
    "subject_id": "01",
    "task_id": "d1"
  },
  "dummy_trs": 1,
  "dvars_nstd": 21.32137477132978,
  "dvars_std": 1.3917820592553192,
  "dvars_vstd": 1.0111081029787232,
  "efc": 0.5674856507835253,
  "fber": 3283.1171875,
  "fd_mean": 0.10940041617223827,
  "fd_num": 14,
  "fd_perc": 7.407407407407407,
  "fwhm_avg": 1.767668676508235,
  "fwhm_x": 1.697236761691061,
  "fwhm_y": 1.9585717678336445,
  "fwhm_z": 1.6471975,
  "gcor": 0.0502778,
  "gsr_x": 0.010233430191874504,
  "gsr_y": 0.03213547170162201,
  "provenance": {
    "md5sum": "3340981d937bb9da77dbf3074ba8b7a2",
    "settings": {
      "fd_thres": 0.2,
      "testing": false
    },
    "software": "mriqc",
    "version": "22.0.1",
    "webapi_port": null,
    "webapi_url": "https://mriqc.nimh.nih.gov/api/v1"
  },
  "size_t": 189,
  "size_x": 64,
  "size_y": 64,
  "size_z": 33,
  "snr": 5.732933572334721,
  "spacing_tr": 2.0,
  "spacing_x": 3.203130006790161,
  "spacing_y": 3.203130006790161,
  "spacing_z": 4.0,
  "summary_bg_k": 8.983608738920443,
  "summary_bg_mad": 21.227099108938454,
  "summary_bg_mean": 77.99346923828125,
  "summary_bg_median": 16.38624382019043,
  "summary_bg_n": 75721.0,
  "summary_bg_p05": 1.3280422687530518,
  "summary_bg_p95": 373.4285583496094,
  "summary_bg_stdv": 133.42945861816406,
  "summary_fg_k": 1.0139857718237213,
  "summary_fg_mad": 163.68244305396485,
  "summary_fg_mean": 965.0357055664062,
  "summary_fg_median": 954.1322021484375,
  "summary_fg_n": 28220.0,
  "summary_fg_p05": 731.791259765625,
  "summary_fg_p95": 1252.7059997558592,
  "summary_fg_stdv": 166.42706298828125,
  "tsnr": 80.39264457998797
}