{
  "aor": 0.0017359788359788363,
  "aqi": 0.005311334761904762,
  "bids_meta": {
    "AcquisitionDateTime": "2017-05-19T13:08:27.296875",
    "ConversionSoftware": "dcm2niix",
    "ConversionSoftwareVersion": "v1.0.20170314",
    "EchoTime": 0.026,
    "EffectiveEchoSpacing": 0.000489996,
    "FlipAngle": 80,
    "ImageType": [
      "ORIGINAL",
      "PRIMARY",
      "M",
      "ND",
      "NORM",
      "MOSAIC"
    ],
    "MagneticFieldStrength": 3,
    "Manufacturer": "Siemens",
    "ManufacturersModelName": "Prisma_fit",
    "PhaseEncodingDirection": "j-",
    "ProcedureStepDescription": "Head_64ch_Mosra",
    "ProtocolName": "bold_TR2_32_190_1",
    "RepetitionTime": 2,
    "SequenceName": "_epfid2d1_64",
    "SliceTiming": [
      0,
      0.06,
      0.12,
      0.18,
      0.24,
      0.3,
      0.36,
      0.42,
      0.48,
      0.54,
      0.6,
      0.66,
      0.72,
      0.78,
      0.84,
      0.9,
      0.96,
      1.02,
      1.08,
      1.14,
      1.2,
      1.26,
      1.32,
      1.38,
      1.44,
      1.5,
      1.56,
      1.62,
      1.68,
      1.74,
      1.8,
      1.86,
      1.92
    ],
    "TaskName": "d2-adaptive_tcontrol",
    "dataset": "ds002596",
    "modality": "bold",
    "run_id": 1,
    "subject_id": "01",
    "task_id": "d2"
  },
  "dummy_trs": 1,
  "dvars_nstd": 22.275214316968075,
  "dvars_std": 1.3547564169148938,
  "dvars_vstd": 0.9615383402659573,
  "efc": 0.5525406325290518,
  "fber": 5282.326171875,
  "fd_mean": 0.114085485037776,
  "fd_num": 8,
  "fd_perc": 4.232804232804233,
  "fwhm_avg": 1.7221539286306735,
  "fwhm_x": 1.6377106108336787,
  "fwhm_y": 1.9086986750583423,
  "fwhm_z": 1.6200525,
  "gcor": 0.0373423,
  "gsr_x": 0.0035552978515625,
  "gsr_y": 0.03324500843882561,
  "provenance": {
    "md5sum": "ef8ba37b24d396eb0cfa003573493690",
    "settings": {
      "fd_thres": 0.2,
      "testing": false
    },
    "software": "mriqc",
    "version": "22.0.1",
    "webapi_port": null,
    "webapi_url": "https://mriqc.nimh.nih.gov/api/v1"
  },
  "size_t": 189,
  "size_x": 64,
  "size_y": 64,
  "size_z": 33,
  "snr": 5.946613494061316,
  "spacing_tr": 2.0,
  "spacing_x": 3.203130006790161,
  "spacing_y": 3.203130006790161,
  "spacing_z": 4.0,
  "summary_bg_k": 16.29124998488537,
  "summary_bg_mad": 15.579089580216422,
  "summary_bg_mean": 59.529991149902344,
  "summary_bg_median": 12.068782806396484,
  "summary_bg_n": 75790.0,
  "summary_bg_p05": 1.0211639404296875,
  "summary_bg_p95": 285.4372863769532,
  "summary_bg_stdv": 107.97551727294922,
  "summary_fg_k": 1.3899184755917693,
  "summary_fg_mad": 148.76226513109418,
  "summary_fg_mean": 908.0659790039062,
  "summary_fg_median": 898.126953125,
  "summary_fg_n": 28220.0,
  "summary_fg_p05": 700.0248413085938,
  "summary_fg_p95": 1160.1902038574217,
  "summary_fg_stdv": 151.02899169921875,
  "tsnr": 79.47205983987078
}