{
  "aor": 0.00287989417989418,
  "aqi": 0.004213715449735449,
  "bids_meta": {
    "AcquisitionDateTime": "2017-05-22T17:23:47.703125",
    "ConversionSoftware": "dcm2niix",
    "ConversionSoftwareVersion": "v1.0.20170314",
    "EchoTime": 0.026,
    "EffectiveEchoSpacing": 0.000489996,
    "FlipAngle": 80,
    "ImageType": [
      "ORIGINAL",
      "PRIMARY",
      "M",
      "ND",
      "NORM",
      "MOSAIC"
    ],
    "MagneticFieldStrength": 3,
    "Manufacturer": "Siemens",
    "ManufacturersModelName": "Prisma_fit",
    "PhaseEncodingDirection": "j-",
    "ProcedureStepDescription": "Head_64ch_Mosra",
    "ProtocolName": "bold_TR2_32_190_6",
    "RepetitionTime": 2,
    "SequenceName": "_epfid2d1_64",
    "SliceTiming": [
      0,
      0.06,
      0.12,
      0.18,
      0.24,
      0.3,
      0.36,
      0.42,
      0.48,
      0.54,
      0.6,
      0.66,
      0.72,
      0.78,
      0.84,
      0.9,
      0.96,
      1.02,
      1.08,
      1.14,
      1.2,
      1.26,
      1.32,
      1.38,
      1.44,
      1.5,
      1.56,
      1.62,
      1.68,
      1.74,
      1.8,
      1.86,
      1.92
    ],
    "TaskName": "d1-decoder_construction",
    "dataset": "ds002596",
    "modality": "bold",
    "run_id": 6,
    "subject_id": "08",
    "task_id": "d1"
  },
  "dummy_trs": 1,
  "dvars_nstd": 22.797747621968078,
  "dvars_std": 1.4687231170744686,
  "dvars_vstd": 1.0162983124999998,
  "efc": 0.5765128939442418,
  "fber": 4914.34716796875,
  "fd_mean": 0.16651452292580496,
  "fd_num": 50,
  "fd_perc": 26.455026455026456,
  "fwhm_avg": 1.659628054655185,
  "fwhm_x": 1.5863889349567966,
  "fwhm_y": 1.8195702290087585,
  "fwhm_z": 1.572925,
  "gcor": 0.0335425,
  "gsr_x": 0.0005513860960491002,
  "gsr_y": 0.03227335587143898,
  "provenance": {
    "md5sum": "a3ddab311908e55c5a3076285e0c16c4",
    "settings": {
      "fd_thres": 0.2,
      "testing": false
    },
    "software": "mriqc",
    "version": "22.0.1",
    "webapi_port": null,
    "webapi_url": "https://mriqc.nimh.nih.gov/api/v1"
  },
  "size_t": 189,
  "size_x": 64,
  "size_y": 64,
  "size_z": 33,
  "snr": 6.152600206101706,
  "spacing_tr": 2.0,
  "spacing_x": 3.203130006790161,
  "spacing_y": 3.203130006790161,
  "spacing_z": 4.0,
  "summary_bg_k": 11.31081112301706,
  "summary_bg_mad": 17.767692282852448,
  "summary_bg_mean": 64.22219848632812,
  "summary_bg_median": 13.687829971313477,
  "summary_bg_n": 70601.0,
  "summary_bg_p05": 1.1534391641616821,
  "summary_bg_p95": 315.8730163574219,
  "summary_bg_stdv": 118.36310577392578,
  "summary_fg_k": 1.8902688303962156,
  "summary_fg_mad": 159.16002668597503,
  "summary_fg_mean": 1017.9132080078125,
  "summary_fg_median": 1007.1798706054688,
  "summary_fg_n": 32148.0,
  "summary_fg_p05": 789.7412719726562,
  "summary_fg_p95": 1290.7703186035155,
  "summary_fg_stdv": 163.69732666015625,
  "tsnr": 95.4571000316646
}