{
  "aor": 0.004573174603174603,
  "aqi": 0.00420497746031746,
  "bids_meta": {
    "AcquisitionDateTime": "2017-05-22T17:16:39.734375",
    "ConversionSoftware": "dcm2niix",
    "ConversionSoftwareVersion": "v1.0.20170314",
    "EchoTime": 0.026,
    "EffectiveEchoSpacing": 0.000489996,
    "FlipAngle": 80,
    "ImageType": [
      "ORIGINAL",
      "PRIMARY",
      "M",
      "ND",
      "NORM",
      "MOSAIC"
    ],
    "MagneticFieldStrength": 3,
    "Manufacturer": "Siemens",
    "ManufacturersModelName": "Prisma_fit",
    "PhaseEncodingDirection": "j-",
    "ProcedureStepDescription": "Head_64ch_Mosra",
    "ProtocolName": "bold_TR2_32_190_5",
    "RepetitionTime": 2,
    "SequenceName": "_epfid2d1_64",
    "SliceTiming": [
      0,
      0.06,
      0.12,
      0.18,
      0.24,
      0.3,
      0.36,
      0.42,
      0.48,
      0.54,
      0.6,
      0.66,
      0.72,
      0.78,
      0.84,
      0.9,
      0.96,
      1.02,
      1.08,
      1.14,
      1.2,
      1.26,
      1.32,
      1.38,
      1.44,
      1.5,
      1.56,
      1.62,
      1.68,
      1.74,
      1.8,
      1.86,
      1.92
    ],
    "TaskName": "d1-decoder_construction",
    "dataset": "ds002596",
    "modality": "bold",
    "run_id": 5,
    "subject_id": "08",
    "task_id": "d1"
  },
  "dummy_trs": 1,
  "dvars_nstd": 22.58970561973405,
  "dvars_std": 1.4958278407446803,
  "dvars_vstd": 1.0311507364361707,
  "efc": 0.5768672275010124,
  "fber": 4906.48291015625,
  "fd_mean": 0.14144747325130463,
  "fd_num": 23,
  "fd_perc": 12.16931216931217,
  "fwhm_avg": 1.6469446539662507,
  "fwhm_x": 1.574082222486046,
  "fwhm_y": 1.8129142394127058,
  "fwhm_z": 1.5538375,
  "gcor": 0.021967,
  "gsr_x": 0.0001114680344471708,
  "gsr_y": 0.03241484984755516,
  "provenance": {
    "md5sum": "4772b76432840d692ae9348a65667deb",
    "settings": {
      "fd_thres": 0.2,
      "testing": false
    },
    "software": "mriqc",
    "version": "22.0.1",
    "webapi_port": null,
    "webapi_url": "https://mriqc.nimh.nih.gov/api/v1"
  },
  "size_t": 189,
  "size_x": 64,
  "size_y": 64,
  "size_z": 33,
  "snr": 6.195837758473997,
  "spacing_tr": 2.0,
  "spacing_x": 3.203130006790161,
  "spacing_y": 3.203130006790161,
  "spacing_z": 4.0,
  "summary_bg_k": 11.283685905742308,
  "summary_bg_mad": 17.948115854193926,
  "summary_bg_mean": 64.27763366699219,
  "summary_bg_median": 13.746031761169434,
  "summary_bg_n": 70581.0,
  "summary_bg_p05": 1.1005290746688843,
  "summary_bg_p95": 315.4973449707031,
  "summary_bg_stdv": 118.35674285888672,
  "summary_fg_k": 1.9877660819118406,
  "summary_fg_mad": 157.9559553285876,
  "summary_fg_mean": 1017.5175170898438,
  "summary_fg_median": 1006.2169189453125,
  "summary_fg_n": 32155.0,
  "summary_fg_p05": 791.4058166503906,
  "summary_fg_p95": 1287.0544311523438,
  "summary_fg_stdv": 162.39955139160156,
  "tsnr": 95.75133856572211
}