{
  "aor": 0.0009813756613756613,
  "aqi": 0.0033673788359788364,
  "bids_meta": {
    "AcquisitionDateTime": "2017-05-22T17:01:22.265625",
    "ConversionSoftware": "dcm2niix",
    "ConversionSoftwareVersion": "v1.0.20170314",
    "EchoTime": 0.026,
    "EffectiveEchoSpacing": 0.000489996,
    "FlipAngle": 80,
    "ImageType": [
      "ORIGINAL",
      "PRIMARY",
      "M",
      "ND",
      "NORM",
      "MOSAIC"
    ],
    "MagneticFieldStrength": 3,
    "Manufacturer": "Siemens",
    "ManufacturersModelName": "Prisma_fit",
    "PhaseEncodingDirection": "j-",
    "ProcedureStepDescription": "Head_64ch_Mosra",
    "ProtocolName": "bold_TR2_32_190_3",
    "RepetitionTime": 2,
    "SequenceName": "_epfid2d1_64",
    "SliceTiming": [
      0,
      0.06,
      0.12,
      0.18,
      0.24,
      0.3,
      0.36,
      0.42,
      0.48,
      0.54,
      0.6,
      0.66,
      0.72,
      0.78,
      0.84,
      0.9,
      0.96,
      1.02,
      1.08,
      1.14,
      1.2,
      1.26,
      1.32,
      1.38,
      1.44,
      1.5,
      1.56,
      1.62,
      1.68,
      1.74,
      1.8,
      1.86,
      1.92
    ],
    "TaskName": "d1-decoder_construction",
    "dataset": "ds002596",
    "modality": "bold",
    "run_id": 3,
    "subject_id": "08",
    "task_id": "d1"
  },
  "dummy_trs": 1,
  "dvars_nstd": 22.404861318297872,
  "dvars_std": 1.5233659162765958,
  "dvars_vstd": 0.9900665685106377,
  "efc": 0.5755914243487946,
  "fber": 5081.1474609375,
  "fd_mean": 0.11961286195961866,
  "fd_num": 9,
  "fd_perc": 4.761904761904762,
  "fwhm_avg": 1.6414671654439434,
  "fwhm_x": 1.5751624159195516,
  "fwhm_y": 1.8054090804122784,
  "fwhm_z": 1.54383,
  "gcor": 0.0287775,
  "gsr_x": -4.243382136337459e-05,
  "gsr_y": 0.031121455132961273,
  "provenance": {
    "md5sum": "487f2df51255b1fb6058d73a44ea2ed4",
    "settings": {
      "fd_thres": 0.2,
      "testing": false
    },
    "software": "mriqc",
    "version": "22.0.1",
    "webapi_port": null,
    "webapi_url": "https://mriqc.nimh.nih.gov/api/v1"
  },
  "size_t": 189,
  "size_x": 64,
  "size_y": 64,
  "size_z": 33,
  "snr": 6.189772072694151,
  "spacing_tr": 2.0,
  "spacing_x": 3.203130006790161,
  "spacing_y": 3.203130006790161,
  "spacing_z": 4.0,
  "summary_bg_k": 11.764932556977014,
  "summary_bg_mad": 17.375469556015602,
  "summary_bg_mean": 63.056861877441406,
  "summary_bg_median": 13.4074068069458,
  "summary_bg_n": 70575.0,
  "summary_bg_p05": 1.1428570747375488,
  "summary_bg_p95": 310.7481414794923,
  "summary_bg_stdv": 117.7054214477539,
  "summary_fg_k": 1.9605807745791024,
  "summary_fg_mad": 158.3482331982911,
  "summary_fg_mean": 1019.8419799804688,
  "summary_fg_median": 1008.7619018554688,
  "summary_fg_n": 32159.0,
  "summary_fg_p05": 793.2645263671875,
  "summary_fg_p95": 1290.3153442382809,
  "summary_fg_stdv": 162.9698486328125,
  "tsnr": 106.06380242248997
}