{
  "aor": 0.0011167724867724867,
  "aqi": 0.002367597354497354,
  "bids_meta": {
    "AcquisitionDateTime": "2017-05-24T13:31:49.015625",
    "ConversionSoftware": "dcm2niix",
    "ConversionSoftwareVersion": "v1.0.20170314",
    "EchoTime": 0.026,
    "EffectiveEchoSpacing": 0.000489996,
    "FlipAngle": 80,
    "ImageType": [
      "ORIGINAL",
      "PRIMARY",
      "M",
      "ND",
      "NORM",
      "MOSAIC"
    ],
    "MagneticFieldStrength": 3,
    "Manufacturer": "Siemens",
    "ManufacturersModelName": "Prisma_fit",
    "PhaseEncodingDirection": "j-",
    "ProcedureStepDescription": "Head_64ch_Mosra",
    "ProtocolName": "bold_TR2_32_190_2",
    "RepetitionTime": 2,
    "SequenceName": "_epfid2d1_64",
    "SliceTiming": [
      0,
      0.06,
      0.12,
      0.18,
      0.24,
      0.2975,
      0.3575,
      0.4175,
      0.4775,
      0.5375,
      0.5975,
      0.6575,
      0.7175,
      0.7775,
      0.8375,
      0.8975,
      0.9575,
      1.0175,
      1.0775,
      1.1375,
      1.1975,
      1.2575,
      1.3175,
      1.3775,
      1.4375,
      1.4975,
      1.5575,
      1.6175,
      1.6775,
      1.7375,
      1.7975,
      1.8575,
      1.9175
    ],
    "TaskName": "d1-decoder_construction",
    "dataset": "ds002596",
    "modality": "bold",
    "run_id": 2,
    "subject_id": "10",
    "task_id": "d1"
  },
  "dummy_trs": 1,
  "dvars_nstd": 19.56882682734042,
  "dvars_std": 1.4291938569680853,
  "dvars_vstd": 1.005065253670212,
  "efc": 0.5442317242121694,
  "fber": 7527.986328125,
  "fd_mean": 0.05720206280003808,
  "fd_num": 3,
  "fd_perc": 1.5873015873015872,
  "fwhm_avg": 1.9259278959917527,
  "fwhm_x": 1.9085987727754747,
  "fwhm_y": 2.1061524151997846,
  "fwhm_z": 1.7630325,
  "gcor": 0.0416254,
  "gsr_x": 0.004662847146391869,
  "gsr_y": 0.040936537086963654,
  "provenance": {
    "md5sum": "ce086a2e09e02442e7c2150233ecbeeb",
    "settings": {
      "fd_thres": 0.2,
      "testing": false
    },
    "software": "mriqc",
    "version": "22.0.1",
    "webapi_port": null,
    "webapi_url": "https://mriqc.nimh.nih.gov/api/v1"
  },
  "size_t": 189,
  "size_x": 64,
  "size_y": 64,
  "size_z": 33,
  "snr": 5.454199885280884,
  "spacing_tr": 2.0,
  "spacing_x": 3.203130006790161,
  "spacing_y": 3.203130006790161,
  "spacing_z": 4.0,
  "summary_bg_k": 11.761814364060266,
  "summary_bg_mad": 13.092396912363759,
  "summary_bg_mean": 58.58123016357422,
  "summary_bg_median": 10.328042030334473,
  "summary_bg_n": 76463.0,
  "summary_bg_p05": 1.0158729553222656,
  "summary_bg_p95": 302.56188964843693,
  "summary_bg_stdv": 111.5849609375,
  "summary_fg_k": 1.3439723955093053,
  "summary_fg_mad": 157.45400253891168,
  "summary_fg_mean": 951.224853515625,
  "summary_fg_median": 935.4126586914062,
  "summary_fg_n": 27439.0,
  "summary_fg_p05": 711.6655700683593,
  "summary_fg_p95": 1262.125927734375,
  "summary_fg_stdv": 171.50006103515625,
  "tsnr": 109.28705725399777
}