{
  "aor": 0.0008619576719576719,
  "aqi": 0.0033619330158730157,
  "bids_meta": {
    "AcquisitionDateTime": "2017-05-25T13:15:59.578125",
    "ConversionSoftware": "dcm2niix",
    "ConversionSoftwareVersion": "v1.0.20170314",
    "EchoTime": 0.026,
    "EffectiveEchoSpacing": 0.000489996,
    "FlipAngle": 80,
    "ImageType": [
      "ORIGINAL",
      "PRIMARY",
      "M",
      "ND",
      "NORM",
      "MOSAIC"
    ],
    "MagneticFieldStrength": 3,
    "Manufacturer": "Siemens",
    "ManufacturersModelName": "Prisma_fit",
    "PhaseEncodingDirection": "j-",
    "ProcedureStepDescription": "Head_64ch_Mosra",
    "ProtocolName": "bold_TR2_32_190_1",
    "RepetitionTime": 2,
    "SequenceName": "_epfid2d1_64",
    "SliceTiming": [
      0,
      0.06,
      0.12,
      0.18,
      0.24,
      0.3,
      0.36,
      0.42,
      0.48,
      0.54,
      0.6,
      0.66,
      0.72,
      0.78,
      0.84,
      0.9,
      0.96,
      1.02,
      1.08,
      1.14,
      1.2,
      1.26,
      1.32,
      1.38,
      1.44,
      1.5,
      1.56,
      1.62,
      1.68,
      1.74,
      1.8,
      1.86,
      1.92
    ],
    "TaskName": "d2-adaptive_tcontrol",
    "dataset": "ds002596",
    "modality": "bold",
    "run_id": 1,
    "subject_id": "10",
    "task_id": "d2"
  },
  "dummy_trs": 1,
  "dvars_nstd": 15.973826874946802,
  "dvars_std": 1.2435191561170214,
  "dvars_vstd": 0.9638920111170212,
  "efc": 0.5439011665269904,
  "fber": 7629.7724609375,
  "fd_mean": 0.07571492017098938,
  "fd_num": 0,
  "fd_perc": 0.0,
  "fwhm_avg": 1.8856910100250583,
  "fwhm_x": 1.851688812950687,
  "fwhm_y": 2.076834217124488,
  "fwhm_z": 1.72855,
  "gcor": 0.0339848,
  "gsr_x": 0.006731023546308279,
  "gsr_y": 0.04176879674196243,
  "provenance": {
    "md5sum": "ba4314d6bf5d68e7298d4fdd3ccdbb0a",
    "settings": {
      "fd_thres": 0.2,
      "testing": false
    },
    "software": "mriqc",
    "version": "22.0.1",
    "webapi_port": null,
    "webapi_url": "https://mriqc.nimh.nih.gov/api/v1"
  },
  "size_t": 189,
  "size_x": 64,
  "size_y": 64,
  "size_z": 33,
  "snr": 5.706680003195546,
  "spacing_tr": 2.0,
  "spacing_x": 3.203130006790161,
  "spacing_y": 3.203130006790161,
  "spacing_z": 4.0,
  "summary_bg_k": 11.408290896019517,
  "summary_bg_mad": 13.021797076038666,
  "summary_bg_mean": 57.96675109863281,
  "summary_bg_median": 10.380951881408691,
  "summary_bg_n": 76587.0,
  "summary_bg_p05": 1.0793650150299072,
  "summary_bg_p95": 297.1359588623047,
  "summary_bg_stdv": 109.30520629882812,
  "summary_fg_k": 1.601516337312984,
  "summary_fg_mad": 146.5657805333289,
  "summary_fg_mean": 947.7537231445312,
  "summary_fg_median": 933.84912109375,
  "summary_fg_n": 27362.0,
  "summary_fg_p05": 717.4666351318359,
  "summary_fg_p95": 1241.0845947265625,
  "summary_fg_stdv": 163.63841247558594,
  "tsnr": 96.70940728485584
}