{
  "aor": 0.0010793617021276594,
  "aqi": 0.002334959468085106,
  "bids_meta": {
    "AcquisitionDateTime": "2017-05-24T14:01:4.046875",
    "ConversionSoftware": "dcm2niix",
    "ConversionSoftwareVersion": "v1.0.20170314",
    "EchoTime": 0.026,
    "EffectiveEchoSpacing": 0.000489996,
    "FlipAngle": 80,
    "ImageType": [
      "ORIGINAL",
      "PRIMARY",
      "M",
      "ND",
      "NORM",
      "MOSAIC"
    ],
    "MagneticFieldStrength": 3,
    "Manufacturer": "Siemens",
    "ManufacturersModelName": "Prisma_fit",
    "PhaseEncodingDirection": "j-",
    "ProcedureStepDescription": "Head_64ch_Mosra",
    "ProtocolName": "bold_TR2_32_190_6",
    "RepetitionTime": 2,
    "SequenceName": "_epfid2d1_64",
    "SliceTiming": [
      0,
      0.06,
      0.12,
      0.18,
      0.24,
      0.3,
      0.36,
      0.42,
      0.48,
      0.54,
      0.6,
      0.66,
      0.72,
      0.78,
      0.84,
      0.9,
      0.96,
      1.02,
      1.08,
      1.14,
      1.2,
      1.26,
      1.32,
      1.38,
      1.44,
      1.5,
      1.56,
      1.62,
      1.68,
      1.74,
      1.8,
      1.86,
      1.92
    ],
    "TaskName": "d1-decoder_construction",
    "dataset": "ds002596",
    "modality": "bold",
    "run_id": 6,
    "subject_id": "10",
    "task_id": "d1"
  },
  "dummy_trs": 2,
  "dvars_nstd": 21.747725318395734,
  "dvars_std": 1.4948800733155074,
  "dvars_vstd": 1.0043585824064167,
  "efc": 0.5468973760094171,
  "fber": 6709.78759765625,
  "fd_mean": 0.0777677211206132,
  "fd_num": 6,
  "fd_perc": 3.1914893617021276,
  "fwhm_avg": 1.941807312303294,
  "fwhm_x": 1.9216547523677323,
  "fwhm_y": 2.121084684542149,
  "fwhm_z": 1.7826825,
  "gcor": 0.0261588,
  "gsr_x": 0.0041441344656050205,
  "gsr_y": 0.0410599485039711,
  "provenance": {
    "md5sum": "07a77131925f03127bee36a491d841de",
    "settings": {
      "fd_thres": 0.2,
      "testing": false
    },
    "software": "mriqc",
    "version": "22.0.1",
    "webapi_port": null,
    "webapi_url": "https://mriqc.nimh.nih.gov/api/v1"
  },
  "size_t": 188,
  "size_x": 64,
  "size_y": 64,
  "size_z": 33,
  "snr": 5.456933245595119,
  "spacing_tr": 2.0,
  "spacing_x": 3.203130006790161,
  "spacing_y": 3.203130006790161,
  "spacing_z": 4.0,
  "summary_bg_k": 10.876430261159113,
  "summary_bg_mad": 13.879679926049565,
  "summary_bg_mean": 60.81338119506836,
  "summary_bg_median": 10.893616676330566,
  "summary_bg_n": 76498.0,
  "summary_bg_p05": 1.0159573554992676,
  "summary_bg_p95": 314.4162063598628,
  "summary_bg_stdv": 113.84724426269531,
  "summary_fg_k": 1.2955072940815313,
  "summary_fg_mad": 157.54616747784894,
  "summary_fg_mean": 945.3113403320312,
  "summary_fg_median": 929.5877685546875,
  "summary_fg_n": 27380.0,
  "summary_fg_p05": 706.3901580810547,
  "summary_fg_p95": 1254.1978393554687,
  "summary_fg_stdv": 170.34674072265625,
  "tsnr": 110.49830845580436
}