{
  "aor": 0.000982010582010582,
  "aqi": 0.0022191671428571425,
  "bids_meta": {
    "AcquisitionDateTime": "2017-05-25T13:23:16.750000",
    "ConversionSoftware": "dcm2niix",
    "ConversionSoftwareVersion": "v1.0.20170314",
    "EchoTime": 0.026,
    "EffectiveEchoSpacing": 0.000489996,
    "FlipAngle": 80,
    "ImageType": [
      "ORIGINAL",
      "PRIMARY",
      "M",
      "ND",
      "NORM",
      "MOSAIC"
    ],
    "MagneticFieldStrength": 3,
    "Manufacturer": "Siemens",
    "ManufacturersModelName": "Prisma_fit",
    "PhaseEncodingDirection": "j-",
    "ProcedureStepDescription": "Head_64ch_Mosra",
    "ProtocolName": "bold_TR2_32_190_2",
    "RepetitionTime": 2,
    "SequenceName": "_epfid2d1_64",
    "SliceTiming": [
      0,
      0.06,
      0.12,
      0.18,
      0.24,
      0.3,
      0.36,
      0.42,
      0.48,
      0.54,
      0.6,
      0.66,
      0.72,
      0.78,
      0.84,
      0.9,
      0.96,
      1.02,
      1.08,
      1.14,
      1.2,
      1.26,
      1.32,
      1.38,
      1.44,
      1.5,
      1.56,
      1.62,
      1.68,
      1.74,
      1.8,
      1.86,
      1.92
    ],
    "TaskName": "d2-adaptive_tcontrol",
    "dataset": "ds002596",
    "modality": "bold",
    "run_id": 2,
    "subject_id": "10",
    "task_id": "d2"
  },
  "dummy_trs": 1,
  "dvars_nstd": 16.584242810691496,
  "dvars_std": 1.31026603143617,
  "dvars_vstd": 1.0049664205319147,
  "efc": 0.5446496287163873,
  "fber": 7252.3857421875,
  "fd_mean": 0.08486489907638488,
  "fd_num": 1,
  "fd_perc": 0.5291005291005291,
  "fwhm_avg": 1.8931713155311554,
  "fwhm_x": 1.860011921892093,
  "fwhm_y": 2.082909524701373,
  "fwhm_z": 1.7365925,
  "gcor": 0.0416682,
  "gsr_x": 0.006987139116972685,
  "gsr_y": 0.040623534470796585,
  "provenance": {
    "md5sum": "8e103c249112938086096a5107e4f046",
    "settings": {
      "fd_thres": 0.2,
      "testing": false
    },
    "software": "mriqc",
    "version": "22.0.1",
    "webapi_port": null,
    "webapi_url": "https://mriqc.nimh.nih.gov/api/v1"
  },
  "size_t": 189,
  "size_x": 64,
  "size_y": 64,
  "size_z": 33,
  "snr": 5.678496574584905,
  "spacing_tr": 2.0,
  "spacing_x": 3.203130006790161,
  "spacing_y": 3.203130006790161,
  "spacing_z": 4.0,
  "summary_bg_k": 11.405361391740726,
  "summary_bg_mad": 13.202219410200444,
  "summary_bg_mean": 58.48552322387695,
  "summary_bg_median": 10.566137313842773,
  "summary_bg_n": 76576.0,
  "summary_bg_p05": 1.1428570747375488,
  "summary_bg_p95": 299.41929626464844,
  "summary_bg_stdv": 110.02725219726562,
  "summary_fg_k": 1.6011040019963758,
  "summary_fg_mad": 146.78155598438033,
  "summary_fg_mean": 945.192138671875,
  "summary_fg_median": 931.58203125,
  "summary_fg_n": 27358.0,
  "summary_fg_p05": 714.2365051269531,
  "summary_fg_p95": 1238.7166137695312,
  "summary_fg_stdv": 164.0513458251953,
  "tsnr": 117.84706745995209
}