{
  "bids_meta": {
    "AcquisitionDateTime": "2017-05-22T10:53:13.531250",
    "ConversionSoftware": "dcm2niix",
    "ConversionSoftwareVersion": "v1.0.20170314",
    "EchoTime": 0.00306,
    "FlipAngle": 9,
    "ImageType": [
      "ORIGINAL",
      "PRIMARY",
      "M",
      "ND",
      "NORM"
    ],
    "MagneticFieldStrength": 3,
    "Manufacturer": "Siemens",
    "ManufacturersModelName": "Prisma_fit",
    "PhaseEncodingDirection": "i-",
    "ProcedureStepDescription": "Head_64ch_Mosra",
    "ProtocolName": "MPRAGE_iPAT2",
    "RepetitionTime": 2.25,
    "SequenceName": "_tfl3d1_16ns",
    "dataset": "ds002596",
    "modality": "T1w",
    "subject_id": "05"
  },
  "cjv": 0.33942906915293986,
  "cnr": 3.9190873903895107,
  "efc": 0.5213820139049002,
  "fber": -1.0,
  "fwhm_avg": 3.732006439142045,
  "fwhm_x": 3.9391393174261355,
  "fwhm_y": 3.7503,
  "fwhm_z": 3.50658,
  "icvs_csf": 0.20763001067516074,
  "icvs_gm": 0.44352133230743873,
  "icvs_wm": 0.3488486570174006,
  "inu_med": 0.4789186418056488,
  "inu_range": 0.19475535303354263,
  "provenance": {
    "md5sum": "9a625b191aff00264746530a02871271",
    "settings": {
      "testing": false
    },
    "software": "mriqc",
    "version": "22.0.1",
    "warnings": {
      "large_rot_frame": true,
      "small_air_mask": false
    },
    "webapi_port": null,
    "webapi_url": "https://mriqc.nimh.nih.gov/api/v1"
  },
  "qi_1": 9.728674562945376e-06,
  "qi_2": 0.01358867316968191,
  "rpve_csf": 29.233083468613845,
  "rpve_gm": 14.296244524812014,
  "rpve_wm": 20.040158913989135,
  "size_x": 208,
  "size_y": 256,
  "size_z": 256,
  "snr_csf": 2.898699743245504,
  "snr_gm": 13.942727007414044,
  "snr_total": 13.09079505659877,
  "snr_wm": 22.430958419136758,
  "snrd_csf": 34.3537922633052,
  "snrd_gm": 81.54717076548785,
  "snrd_total": 75.88975799971848,
  "snrd_wm": 111.76831097036242,
  "spacing_x": 1.0000306367874146,
  "spacing_y": 1.0,
  "spacing_z": 1.0,
  "summary_bg_k": 13.718493639822196,
  "summary_bg_mad": 0.0,
  "summary_bg_mean": 3.358337524067222,
  "summary_bg_median": 0.0,
  "summary_bg_n": 3863933.0,
  "summary_bg_p05": 0.0,
  "summary_bg_p95": 14.58447089791298,
  "summary_bg_stdv": 5.861557596178809,
  "summary_csf_k": 1.7905679728990327,
  "summary_csf_mad": 86.87289711447696,
  "summary_csf_mean": 319.43221632944176,
  "summary_csf_median": 307.36611795425415,
  "summary_csf_n": 40926.0,
  "summary_csf_p05": 167.14317639172077,
  "summary_csf_p95": 511.8057056069374,
  "summary_csf_stdv": 106.03456377386263,
  "summary_gm_k": 0.4282192202348565,
  "summary_gm_mad": 49.05651536617942,
  "summary_gm_mean": 729.6453116769815,
  "summary_gm_median": 729.6090375185013,
  "summary_gm_n": 35122.0,
  "summary_gm_p05": 643.4530425302685,
  "summary_gm_p95": 816.2147739000618,
  "summary_gm_stdv": 52.32826048130347,
  "summary_wm_k": 0.33990778710731506,
  "summary_wm_mad": 42.722033284915476,
  "summary_wm_mean": 999.2930165085229,
  "summary_wm_median": 999.9999880641699,
  "summary_wm_n": 196370.0,
  "summary_wm_p05": 924.9397557370365,
  "summary_wm_p95": 1071.540993988514,
  "summary_wm_stdv": 44.58112859743168,
  "tpm_overlap_csf": 0.16868534310431837,
  "tpm_overlap_gm": 0.474245888678203,
  "tpm_overlap_wm": 0.5110602900518546,
  "wm2max": 0.576671066464297
}