{
  "aor": 0.0010586772486772488,
  "aqi": 0.007356521375661375,
  "bids_meta": {
    "AcquisitionDateTime": "2017-05-24T16:46:12.750000",
    "ConversionSoftware": "dcm2niix",
    "ConversionSoftwareVersion": "v1.0.20170314",
    "EchoTime": 0.026,
    "EffectiveEchoSpacing": 0.000489996,
    "FlipAngle": 80,
    "ImageType": [
      "ORIGINAL",
      "PRIMARY",
      "M",
      "ND",
      "NORM",
      "MOSAIC"
    ],
    "MagneticFieldStrength": 3,
    "Manufacturer": "Siemens",
    "ManufacturersModelName": "Prisma_fit",
    "PhaseEncodingDirection": "j-",
    "ProcedureStepDescription": "Head_64ch_Mosra",
    "ProtocolName": "bold_TR2_32_190_5",
    "RepetitionTime": 2,
    "SequenceName": "_epfid2d1_64",
    "SliceTiming": [
      0,
      0.06,
      0.12,
      0.18,
      0.24,
      0.3,
      0.36,
      0.42,
      0.48,
      0.54,
      0.6,
      0.66,
      0.72,
      0.78,
      0.84,
      0.9,
      0.96,
      1.02,
      1.08,
      1.14,
      1.2,
      1.26,
      1.32,
      1.38,
      1.44,
      1.5,
      1.56,
      1.62,
      1.68,
      1.74,
      1.8,
      1.86,
      1.92
    ],
    "TaskName": "d1-decoder_construction",
    "dataset": "ds002596",
    "modality": "bold",
    "run_id": 5,
    "subject_id": "12",
    "task_id": "d1"
  },
  "dummy_trs": 1,
  "dvars_nstd": 24.138472110691485,
  "dvars_std": 1.3868395370744686,
  "dvars_vstd": 0.9828583247872344,
  "efc": 0.5399934924258147,
  "fber": 5943.9267578125,
  "fd_mean": 0.17501468899277903,
  "fd_num": 46,
  "fd_perc": 24.33862433862434,
  "fwhm_avg": 1.7608932746888744,
  "fwhm_x": 1.752335992638874,
  "fwhm_y": 1.8944813314277493,
  "fwhm_z": 1.6358625,
  "gcor": 0.0232949,
  "gsr_x": 0.009600498713552952,
  "gsr_y": 0.031756412237882614,
  "provenance": {
    "md5sum": "49255a6332bc3ac71a5584b18c7f9b6d",
    "settings": {
      "fd_thres": 0.2,
      "testing": false
    },
    "software": "mriqc",
    "version": "22.0.1",
    "webapi_port": null,
    "webapi_url": "https://mriqc.nimh.nih.gov/api/v1"
  },
  "size_t": 189,
  "size_x": 64,
  "size_y": 64,
  "size_z": 33,
  "snr": 6.793759851113441,
  "spacing_tr": 2.0,
  "spacing_x": 3.203130006790161,
  "spacing_y": 3.203130006790161,
  "spacing_z": 4.0,
  "summary_bg_k": 11.778885601049577,
  "summary_bg_mad": 16.771447320203475,
  "summary_bg_mean": 64.59742736816406,
  "summary_bg_median": 13.02645492553711,
  "summary_bg_n": 77941.0,
  "summary_bg_p05": 1.0952380895614624,
  "summary_bg_p95": 331.89947509765625,
  "summary_bg_stdv": 122.09616088867188,
  "summary_fg_k": 1.895798024932363,
  "summary_fg_mad": 142.59658002610777,
  "summary_fg_mean": 1034.560546875,
  "summary_fg_median": 1026.8094482421875,
  "summary_fg_n": 26389.0,
  "summary_fg_p05": 812.4116088867188,
  "summary_fg_p95": 1287.7364990234373,
  "summary_fg_stdv": 151.13722229003906,
  "tsnr": 85.28592083603144
}