{
  "aor": 0.020941587301587305,
  "aqi": 0.012916213809523812,
  "bids_meta": {
    "AcquisitionDateTime": "2017-05-25T11:14:49.570312",
    "ConversionSoftware": "dcm2niix",
    "ConversionSoftwareVersion": "v1.0.20170314",
    "EchoTime": 0.026,
    "EffectiveEchoSpacing": 0.000489996,
    "FlipAngle": 80,
    "ImageType": [
      "ORIGINAL",
      "PRIMARY",
      "M",
      "ND",
      "NORM",
      "MOSAIC"
    ],
    "MagneticFieldStrength": 3,
    "Manufacturer": "Siemens",
    "ManufacturersModelName": "Prisma_fit",
    "PhaseEncodingDirection": "j-",
    "ProcedureStepDescription": "Head_64ch_Mosra",
    "ProtocolName": "bold_TR2_32_190_6",
    "RepetitionTime": 2,
    "SequenceName": "_epfid2d1_64",
    "SliceTiming": [
      0,
      0.06,
      0.12,
      0.18,
      0.24,
      0.3,
      0.36,
      0.42,
      0.48,
      0.54,
      0.6,
      0.66,
      0.72,
      0.78,
      0.84,
      0.9,
      0.96,
      1.02,
      1.08,
      1.14,
      1.2,
      1.26,
      1.32,
      1.38,
      1.44,
      1.5,
      1.56,
      1.62,
      1.68,
      1.74,
      1.8,
      1.86,
      1.92
    ],
    "TaskName": "d2-adaptive_tcontrol",
    "dataset": "ds002596",
    "modality": "bold",
    "run_id": 6,
    "subject_id": "12",
    "task_id": "d2"
  },
  "dummy_trs": 1,
  "dvars_nstd": 21.420493825957447,
  "dvars_std": 1.3988085471276592,
  "dvars_vstd": 1.0918420159574465,
  "efc": 0.5406367337366782,
  "fber": 6351.5087890625,
  "fd_mean": 0.20476740713214914,
  "fd_num": 75,
  "fd_perc": 39.682539682539684,
  "fwhm_avg": 1.7518001537595997,
  "fwhm_x": 1.7650298264557365,
  "fwhm_y": 1.9188356348230626,
  "fwhm_z": 1.571535,
  "gcor": 0.0124044,
  "gsr_x": 0.00970703735947609,
  "gsr_y": 0.03190905973315239,
  "provenance": {
    "md5sum": "cf81f908054de845839f5f5efd2eb775",
    "settings": {
      "fd_thres": 0.2,
      "testing": false
    },
    "software": "mriqc",
    "version": "22.0.1",
    "webapi_port": null,
    "webapi_url": "https://mriqc.nimh.nih.gov/api/v1"
  },
  "size_t": 189,
  "size_x": 64,
  "size_y": 64,
  "size_z": 33,
  "snr": 6.749090938625692,
  "spacing_tr": 2.0,
  "spacing_x": 3.203130006790161,
  "spacing_y": 3.203130006790161,
  "spacing_z": 4.0,
  "summary_bg_k": 13.97154317639772,
  "summary_bg_mad": 15.50064496415307,
  "summary_bg_mean": 62.10694885253906,
  "summary_bg_median": 12.079364776611328,
  "summary_bg_n": 77790.0,
  "summary_bg_p05": 1.0476189851760864,
  "summary_bg_p95": 308.34204101562506,
  "summary_bg_stdv": 119.34646606445312,
  "summary_fg_k": 1.8264055400427166,
  "summary_fg_mad": 137.5525291068133,
  "summary_fg_mean": 992.484619140625,
  "summary_fg_median": 984.1957397460938,
  "summary_fg_n": 26405.0,
  "summary_fg_p05": 779.1946655273438,
  "summary_fg_p95": 1238.4158447265625,
  "summary_fg_stdv": 145.8236541748047,
  "tsnr": 63.40012744953856
}