{
  "aor": 0.0010152910052910052,
  "aqi": 0.006243653809523809,
  "bids_meta": {
    "AcquisitionDateTime": "2017-05-24T16:38:29.734375",
    "ConversionSoftware": "dcm2niix",
    "ConversionSoftwareVersion": "v1.0.20170314",
    "EchoTime": 0.026,
    "EffectiveEchoSpacing": 0.000489996,
    "FlipAngle": 80,
    "ImageType": [
      "ORIGINAL",
      "PRIMARY",
      "M",
      "ND",
      "NORM",
      "MOSAIC"
    ],
    "MagneticFieldStrength": 3,
    "Manufacturer": "Siemens",
    "ManufacturersModelName": "Prisma_fit",
    "PhaseEncodingDirection": "j-",
    "ProcedureStepDescription": "Head_64ch_Mosra",
    "ProtocolName": "bold_TR2_32_190_4",
    "RepetitionTime": 2,
    "SequenceName": "_epfid2d1_64",
    "SliceTiming": [
      0,
      0.06,
      0.12,
      0.18,
      0.24,
      0.3,
      0.36,
      0.42,
      0.48,
      0.54,
      0.6,
      0.66,
      0.72,
      0.7775,
      0.8375,
      0.8975,
      0.9575,
      1.0175,
      1.0775,
      1.1375,
      1.1975,
      1.2575,
      1.3175,
      1.3775,
      1.4375,
      1.4975,
      1.5575,
      1.6175,
      1.6775,
      1.7375,
      1.7975,
      1.8575,
      1.9175
    ],
    "TaskName": "d1-decoder_construction",
    "dataset": "ds002596",
    "modality": "bold",
    "run_id": 4,
    "subject_id": "12",
    "task_id": "d1"
  },
  "dummy_trs": 1,
  "dvars_nstd": 24.10856173904254,
  "dvars_std": 1.4029077196276596,
  "dvars_vstd": 0.9811909922872346,
  "efc": 0.5385732916042847,
  "fber": 6196.58349609375,
  "fd_mean": 0.17073702285306505,
  "fd_num": 43,
  "fd_perc": 22.75132275132275,
  "fwhm_avg": 1.7658796980630893,
  "fwhm_x": 1.7563320839535772,
  "fwhm_y": 1.8893145102356914,
  "fwhm_z": 1.6519925,
  "gcor": 0.027872,
  "gsr_x": 0.00919204019010067,
  "gsr_y": 0.03171676769852638,
  "provenance": {
    "md5sum": "71b537505baa719a4856f4ec455dfb29",
    "settings": {
      "fd_thres": 0.2,
      "testing": false
    },
    "software": "mriqc",
    "version": "22.0.1",
    "webapi_port": null,
    "webapi_url": "https://mriqc.nimh.nih.gov/api/v1"
  },
  "size_t": 189,
  "size_x": 64,
  "size_y": 64,
  "size_z": 33,
  "snr": 6.797540581645075,
  "spacing_tr": 2.0,
  "spacing_x": 3.203130006790161,
  "spacing_y": 3.203130006790161,
  "spacing_z": 4.0,
  "summary_bg_k": 11.889408384646769,
  "summary_bg_mad": 16.496891163981743,
  "summary_bg_mean": 63.6220588684082,
  "summary_bg_median": 12.79365062713623,
  "summary_bg_n": 77937.0,
  "summary_bg_p05": 1.0687830448150635,
  "summary_bg_p95": 327.0592529296875,
  "summary_bg_stdv": 120.32042694091797,
  "summary_fg_k": 1.726395862412402,
  "summary_fg_mad": 144.1771838438957,
  "summary_fg_mean": 1036.889404296875,
  "summary_fg_median": 1029.8994140625,
  "summary_fg_n": 26364.0,
  "summary_fg_p05": 813.6031494140625,
  "summary_fg_p95": 1290.9023986816405,
  "summary_fg_stdv": 151.50772094726562,
  "tsnr": 89.83990358118899
}