{
  "aor": 0.002923862433862434,
  "aqi": 0.008284516507936508,
  "bids_meta": {
    "AcquisitionDateTime": "2017-05-25T11:07:44.078125",
    "ConversionSoftware": "dcm2niix",
    "ConversionSoftwareVersion": "v1.0.20170314",
    "EchoTime": 0.026,
    "EffectiveEchoSpacing": 0.000489996,
    "FlipAngle": 80,
    "ImageType": [
      "ORIGINAL",
      "PRIMARY",
      "M",
      "ND",
      "NORM",
      "MOSAIC"
    ],
    "MagneticFieldStrength": 3,
    "Manufacturer": "Siemens",
    "ManufacturersModelName": "Prisma_fit",
    "PhaseEncodingDirection": "j-",
    "ProcedureStepDescription": "Head_64ch_Mosra",
    "ProtocolName": "bold_TR2_32_190_5",
    "RepetitionTime": 2,
    "SequenceName": "_epfid2d1_64",
    "SliceTiming": [
      0,
      0.06,
      0.12,
      0.18,
      0.24,
      0.3,
      0.36,
      0.42,
      0.48,
      0.54,
      0.6,
      0.66,
      0.72,
      0.78,
      0.84,
      0.9,
      0.96,
      1.02,
      1.08,
      1.14,
      1.2,
      1.26,
      1.32,
      1.38,
      1.44,
      1.5,
      1.56,
      1.62,
      1.68,
      1.74,
      1.8,
      1.86,
      1.92
    ],
    "TaskName": "d2-adaptive_tcontrol",
    "dataset": "ds002596",
    "modality": "bold",
    "run_id": 5,
    "subject_id": "12",
    "task_id": "d2"
  },
  "dummy_trs": 1,
  "dvars_nstd": 26.786944673776613,
  "dvars_std": 1.3291932354255322,
  "dvars_vstd": 0.9927109507978726,
  "efc": 0.5385816103489551,
  "fber": 6192.154296875,
  "fd_mean": 0.2782815964726683,
  "fd_num": 105,
  "fd_perc": 55.55555555555556,
  "fwhm_avg": 1.7553695075606932,
  "fwhm_x": 1.7434446894636588,
  "fwhm_y": 1.885533833218421,
  "fwhm_z": 1.63713,
  "gcor": 0.021317,
  "gsr_x": 0.01055913232266903,
  "gsr_y": 0.031478166580200195,
  "provenance": {
    "md5sum": "98c95d3611f28c9438f24b48f96fca2a",
    "settings": {
      "fd_thres": 0.2,
      "testing": false
    },
    "software": "mriqc",
    "version": "22.0.1",
    "webapi_port": null,
    "webapi_url": "https://mriqc.nimh.nih.gov/api/v1"
  },
  "size_t": 189,
  "size_x": 64,
  "size_y": 64,
  "size_z": 33,
  "snr": 6.805397385421815,
  "spacing_tr": 2.0,
  "spacing_x": 3.203130006790161,
  "spacing_y": 3.203130006790161,
  "spacing_z": 4.0,
  "summary_bg_k": 13.556891042465825,
  "summary_bg_mad": 15.500644433933198,
  "summary_bg_mean": 61.38117599487305,
  "summary_bg_median": 12.174602508544922,
  "summary_bg_n": 78044.0,
  "summary_bg_p05": 1.0529099702835083,
  "summary_bg_p95": 309.16400146484375,
  "summary_bg_stdv": 118.51319885253906,
  "summary_fg_k": 1.8212669565036057,
  "summary_fg_mad": 137.8976612394659,
  "summary_fg_mean": 995.4177856445312,
  "summary_fg_median": 988.9523315429688,
  "summary_fg_n": 26262.0,
  "summary_fg_p05": 781.4661071777343,
  "summary_fg_p95": 1238.4126770019527,
  "summary_fg_stdv": 145.31605529785156,
  "tsnr": 69.10070986882783
}