{
  "aor": 0.0009190476190476191,
  "aqi": 0.0029035402116402123,
  "bids_meta": {
    "AcquisitionDateTime": "2017-05-24T13:24:31.609375",
    "ConversionSoftware": "dcm2niix",
    "ConversionSoftwareVersion": "v1.0.20170314",
    "EchoTime": 0.026,
    "EffectiveEchoSpacing": 0.000489996,
    "FlipAngle": 80,
    "ImageType": [
      "ORIGINAL",
      "PRIMARY",
      "M",
      "ND",
      "NORM",
      "MOSAIC"
    ],
    "MagneticFieldStrength": 3,
    "Manufacturer": "Siemens",
    "ManufacturersModelName": "Prisma_fit",
    "PhaseEncodingDirection": "j-",
    "ProcedureStepDescription": "Head_64ch_Mosra",
    "ProtocolName": "bold_TR2_32_190_1",
    "RepetitionTime": 2,
    "SequenceName": "_epfid2d1_64",
    "SliceTiming": [
      0,
      0.06,
      0.12,
      0.18,
      0.24,
      0.3,
      0.36,
      0.42,
      0.48,
      0.54,
      0.6,
      0.66,
      0.72,
      0.78,
      0.84,
      0.9,
      0.96,
      1.02,
      1.08,
      1.14,
      1.2,
      1.26,
      1.32,
      1.38,
      1.44,
      1.5,
      1.56,
      1.62,
      1.68,
      1.74,
      1.8,
      1.86,
      1.92
    ],
    "TaskName": "d1-decoder_construction",
    "dataset": "ds002596",
    "modality": "bold",
    "run_id": 1,
    "subject_id": "10",
    "task_id": "d1"
  },
  "dummy_trs": 1,
  "dvars_nstd": 18.61467733287235,
  "dvars_std": 1.3604491398404257,
  "dvars_vstd": 0.9777190845212765,
  "efc": 0.5428858862230644,
  "fber": 7949.43603515625,
  "fd_mean": 0.06458072316099331,
  "fd_num": 2,
  "fd_perc": 1.0582010582010581,
  "fwhm_avg": 1.9229639063323454,
  "fwhm_x": 1.9000321520195795,
  "fwhm_y": 2.102674566977457,
  "fwhm_z": 1.766185,
  "gcor": 0.0579945,
  "gsr_x": 0.00488300621509552,
  "gsr_y": 0.04089662805199623,
  "provenance": {
    "md5sum": "7359298a07e1ed812a78bc0e24e4c766",
    "settings": {
      "fd_thres": 0.2,
      "testing": false
    },
    "software": "mriqc",
    "version": "22.0.1",
    "webapi_port": null,
    "webapi_url": "https://mriqc.nimh.nih.gov/api/v1"
  },
  "size_t": 189,
  "size_x": 64,
  "size_y": 64,
  "size_z": 33,
  "snr": 5.5012233016997065,
  "spacing_tr": 2.0,
  "spacing_x": 3.203130006790161,
  "spacing_y": 3.203130006790161,
  "spacing_z": 4.0,
  "summary_bg_k": 12.313858770128771,
  "summary_bg_mad": 12.833529608658715,
  "summary_bg_mean": 57.768646240234375,
  "summary_bg_median": 10.126983642578125,
  "summary_bg_n": 76489.0,
  "summary_bg_p05": 0.9841269254684448,
  "summary_bg_p95": 299.76401977539047,
  "summary_bg_stdv": 111.13324737548828,
  "summary_fg_k": 1.364830429595039,
  "summary_fg_mad": 156.6146093395185,
  "summary_fg_mean": 956.2236938476562,
  "summary_fg_median": 940.2116088867188,
  "summary_fg_n": 27401.0,
  "summary_fg_p05": 717.74072265625,
  "summary_fg_p95": 1268.5872802734375,
  "summary_fg_stdv": 170.90643310546875,
  "tsnr": 97.65763679519296
}