{
  "aor": 0.001173404255319149,
  "aqi": 0.0024565196276595744,
  "bids_meta": {
    "AcquisitionDateTime": "2017-05-25T13:48:39.218750",
    "ConversionSoftware": "dcm2niix",
    "ConversionSoftwareVersion": "v1.0.20170314",
    "EchoTime": 0.026,
    "EffectiveEchoSpacing": 0.000489996,
    "FlipAngle": 80,
    "ImageType": [
      "ORIGINAL",
      "PRIMARY",
      "M",
      "ND",
      "NORM",
      "MOSAIC"
    ],
    "MagneticFieldStrength": 3,
    "Manufacturer": "Siemens",
    "ManufacturersModelName": "Prisma_fit",
    "PhaseEncodingDirection": "j-",
    "ProcedureStepDescription": "Head_64ch_Mosra",
    "ProtocolName": "bold_TR2_32_190_5",
    "RepetitionTime": 2,
    "SequenceName": "_epfid2d1_64",
    "SliceTiming": [
      0,
      0.06,
      0.12,
      0.18,
      0.24,
      0.3,
      0.36,
      0.42,
      0.48,
      0.54,
      0.6,
      0.66,
      0.72,
      0.78,
      0.84,
      0.9,
      0.96,
      1.02,
      1.08,
      1.14,
      1.2,
      1.26,
      1.32,
      1.38,
      1.44,
      1.5,
      1.56,
      1.62,
      1.68,
      1.74,
      1.8,
      1.86,
      1.92
    ],
    "TaskName": "d2-adaptive_tcontrol",
    "dataset": "ds002596",
    "modality": "bold",
    "run_id": 5,
    "subject_id": "10",
    "task_id": "d2"
  },
  "dummy_trs": 2,
  "dvars_nstd": 15.575306025240632,
  "dvars_std": 1.27416186737968,
  "dvars_vstd": 1.0019031440106958,
  "efc": 0.5479315983197884,
  "fber": 6615.47021484375,
  "fd_mean": 0.07048232411051716,
  "fd_num": 2,
  "fd_perc": 1.0638297872340425,
  "fwhm_avg": 1.8968370303861315,
  "fwhm_x": 1.8569773900499902,
  "fwhm_y": 2.079278701108404,
  "fwhm_z": 1.754255,
  "gcor": 0.0205089,
  "gsr_x": 0.006527318619191647,
  "gsr_y": 0.041410692036151886,
  "provenance": {
    "md5sum": "5c8bac4feface727654ba440f12a514d",
    "settings": {
      "fd_thres": 0.2,
      "testing": false
    },
    "software": "mriqc",
    "version": "22.0.1",
    "webapi_port": null,
    "webapi_url": "https://mriqc.nimh.nih.gov/api/v1"
  },
  "size_t": 188,
  "size_x": 64,
  "size_y": 64,
  "size_z": 33,
  "snr": 5.69931975892806,
  "spacing_tr": 2.0,
  "spacing_x": 3.203130006790161,
  "spacing_y": 3.203130006790161,
  "spacing_z": 4.0,
  "summary_bg_k": 11.105926154009852,
  "summary_bg_mad": 13.856021692124827,
  "summary_bg_mean": 61.03653335571289,
  "summary_bg_median": 11.021276473999023,
  "summary_bg_n": 76529.0,
  "summary_bg_p05": 1.1542552709579468,
  "summary_bg_p95": 310.6627685546872,
  "summary_bg_stdv": 114.01289367675781,
  "summary_fg_k": 1.5715779471295521,
  "summary_fg_mad": 146.73816561793907,
  "summary_fg_mean": 941.0601196289062,
  "summary_fg_median": 927.6861572265625,
  "summary_fg_n": 27306.0,
  "summary_fg_p05": 712.8962707519531,
  "summary_fg_p95": 1231.9360961914062,
  "summary_fg_stdv": 162.76840209960938,
  "tsnr": 115.98982226103544
}