{
  "aor": 0.0013455026455026456,
  "aqi": 0.003652224285714286,
  "bids_meta": {
    "AcquisitionDateTime": "2017-05-24T13:46:15.953125",
    "ConversionSoftware": "dcm2niix",
    "ConversionSoftwareVersion": "v1.0.20170314",
    "EchoTime": 0.026,
    "EffectiveEchoSpacing": 0.000489996,
    "FlipAngle": 80,
    "ImageType": [
      "ORIGINAL",
      "PRIMARY",
      "M",
      "ND",
      "NORM",
      "MOSAIC"
    ],
    "MagneticFieldStrength": 3,
    "Manufacturer": "Siemens",
    "ManufacturersModelName": "Prisma_fit",
    "PhaseEncodingDirection": "j-",
    "ProcedureStepDescription": "Head_64ch_Mosra",
    "ProtocolName": "bold_TR2_32_190_4",
    "RepetitionTime": 2,
    "SequenceName": "_epfid2d1_64",
    "SliceTiming": [
      0,
      0.06,
      0.12,
      0.18,
      0.24,
      0.3,
      0.36,
      0.42,
      0.48,
      0.54,
      0.6,
      0.66,
      0.72,
      0.78,
      0.84,
      0.9,
      0.96,
      1.02,
      1.08,
      1.14,
      1.2,
      1.26,
      1.32,
      1.38,
      1.44,
      1.5,
      1.56,
      1.62,
      1.68,
      1.74,
      1.8,
      1.86,
      1.92
    ],
    "TaskName": "d1-decoder_construction",
    "dataset": "ds002596",
    "modality": "bold",
    "run_id": 4,
    "subject_id": "10",
    "task_id": "d1"
  },
  "dummy_trs": 1,
  "dvars_nstd": 23.879667327606388,
  "dvars_std": 1.5259258096808517,
  "dvars_vstd": 1.0042181231914897,
  "efc": 0.5464531662855658,
  "fber": 6665.9072265625,
  "fd_mean": 0.08408757704861666,
  "fd_num": 3,
  "fd_perc": 1.5873015873015872,
  "fwhm_avg": 1.9411293512881116,
  "fwhm_x": 1.9279173767249942,
  "fwhm_y": 2.12582067713934,
  "fwhm_z": 1.76965,
  "gcor": 0.028108,
  "gsr_x": 0.0037656533531844616,
  "gsr_y": 0.04157283902168274,
  "provenance": {
    "md5sum": "a4b29583c7c038de39e623596a21e768",
    "settings": {
      "fd_thres": 0.2,
      "testing": false
    },
    "software": "mriqc",
    "version": "22.0.1",
    "webapi_port": null,
    "webapi_url": "https://mriqc.nimh.nih.gov/api/v1"
  },
  "size_t": 189,
  "size_x": 64,
  "size_y": 64,
  "size_z": 33,
  "snr": 5.472924217478818,
  "spacing_tr": 2.0,
  "spacing_x": 3.203130006790161,
  "spacing_y": 3.203130006790161,
  "spacing_z": 4.0,
  "summary_bg_k": 11.839067036432995,
  "summary_bg_mad": 14.104332318189035,
  "summary_bg_mean": 60.45041275024414,
  "summary_bg_median": 11.005290985107422,
  "summary_bg_n": 76529.0,
  "summary_bg_p05": 0.9417989253997803,
  "summary_bg_p95": 309.0751220703119,
  "summary_bg_stdv": 114.04090118408203,
  "summary_fg_k": 1.3754115026552807,
  "summary_fg_mad": 158.112866476469,
  "summary_fg_mean": 947.9286499023438,
  "summary_fg_median": 933.2169189453125,
  "summary_fg_n": 27395.0,
  "summary_fg_p05": 708.9682556152344,
  "summary_fg_p95": 1254.3570678710937,
  "summary_fg_stdv": 170.51211547851562,
  "tsnr": 96.0485922191292
}