{
  "aor": 0.0007863297872340426,
  "aqi": 0.0031167182978723397,
  "bids_meta": {
    "AcquisitionDateTime": "2017-05-25T13:30:23.046875",
    "ConversionSoftware": "dcm2niix",
    "ConversionSoftwareVersion": "v1.0.20170314",
    "EchoTime": 0.026,
    "EffectiveEchoSpacing": 0.000489996,
    "FlipAngle": 80,
    "ImageType": [
      "ORIGINAL",
      "PRIMARY",
      "M",
      "ND",
      "NORM",
      "MOSAIC"
    ],
    "MagneticFieldStrength": 3,
    "Manufacturer": "Siemens",
    "ManufacturersModelName": "Prisma_fit",
    "PhaseEncodingDirection": "j-",
    "ProcedureStepDescription": "Head_64ch_Mosra",
    "ProtocolName": "bold_TR2_32_190_3",
    "RepetitionTime": 2,
    "SequenceName": "_epfid2d1_64",
    "SliceTiming": [
      0,
      0.06,
      0.12,
      0.18,
      0.24,
      0.3,
      0.36,
      0.42,
      0.48,
      0.54,
      0.6,
      0.66,
      0.72,
      0.78,
      0.84,
      0.9,
      0.96,
      1.02,
      1.08,
      1.14,
      1.2,
      1.26,
      1.32,
      1.38,
      1.44,
      1.5,
      1.56,
      1.62,
      1.68,
      1.74,
      1.8,
      1.86,
      1.92
    ],
    "TaskName": "d2-adaptive_tcontrol",
    "dataset": "ds002596",
    "modality": "bold",
    "run_id": 3,
    "subject_id": "10",
    "task_id": "d2"
  },
  "dummy_trs": 2,
  "dvars_nstd": 17.353399710320854,
  "dvars_std": 1.2786426500534767,
  "dvars_vstd": 0.9867119968983954,
  "efc": 0.5454048920416297,
  "fber": 7033.72021484375,
  "fd_mean": 0.08226749068500322,
  "fd_num": 2,
  "fd_perc": 1.0638297872340425,
  "fwhm_avg": 1.9013948308903306,
  "fwhm_x": 1.8676794221021802,
  "fwhm_y": 2.0925750705688118,
  "fwhm_z": 1.74393,
  "gcor": 0.0192723,
  "gsr_x": 0.00740388035774231,
  "gsr_y": 0.04108832776546478,
  "provenance": {
    "md5sum": "7c3e4ab52ce95f9474e4885e77e53195",
    "settings": {
      "fd_thres": 0.2,
      "testing": false
    },
    "software": "mriqc",
    "version": "22.0.1",
    "webapi_port": null,
    "webapi_url": "https://mriqc.nimh.nih.gov/api/v1"
  },
  "size_t": 188,
  "size_x": 64,
  "size_y": 64,
  "size_z": 33,
  "snr": 5.6821818913952065,
  "spacing_tr": 2.0,
  "spacing_x": 3.203130006790161,
  "spacing_y": 3.203130006790161,
  "spacing_z": 4.0,
  "summary_bg_k": 11.2937505197227,
  "summary_bg_mad": 13.3670780237352,
  "summary_bg_mean": 59.42971420288086,
  "summary_bg_median": 10.723403930664062,
  "summary_bg_n": 76644.0,
  "summary_bg_p05": 1.1755318641662598,
  "summary_bg_p95": 303.6749877929681,
  "summary_bg_stdv": 111.84122467041016,
  "summary_fg_k": 1.5364777315660758,
  "summary_fg_mad": 147.50313008657537,
  "summary_fg_mean": 945.2462768554688,
  "summary_fg_median": 931.4786987304688,
  "summary_fg_n": 27326.0,
  "summary_fg_p05": 714.6741638183594,
  "summary_fg_p95": 1239.4494323730469,
  "summary_fg_stdv": 163.9267578125,
  "tsnr": 104.45511545613408
}