{
  "aor": 0.0008897340425531913,
  "aqi": 0.003637287765957447,
  "bids_meta": {
    "AcquisitionDateTime": "2017-05-24T13:39:0.421875",
    "ConversionSoftware": "dcm2niix",
    "ConversionSoftwareVersion": "v1.0.20170314",
    "EchoTime": 0.026,
    "EffectiveEchoSpacing": 0.000489996,
    "FlipAngle": 80,
    "ImageType": [
      "ORIGINAL",
      "PRIMARY",
      "M",
      "ND",
      "NORM",
      "MOSAIC"
    ],
    "MagneticFieldStrength": 3,
    "Manufacturer": "Siemens",
    "ManufacturersModelName": "Prisma_fit",
    "PhaseEncodingDirection": "j-",
    "ProcedureStepDescription": "Head_64ch_Mosra",
    "ProtocolName": "bold_TR2_32_190_3",
    "RepetitionTime": 2,
    "SequenceName": "_epfid2d1_64",
    "SliceTiming": [
      0,
      0.06,
      0.12,
      0.18,
      0.24,
      0.3,
      0.36,
      0.42,
      0.48,
      0.54,
      0.6,
      0.66,
      0.72,
      0.78,
      0.84,
      0.9,
      0.96,
      1.02,
      1.08,
      1.14,
      1.2,
      1.26,
      1.32,
      1.38,
      1.44,
      1.5,
      1.56,
      1.62,
      1.68,
      1.74,
      1.8,
      1.86,
      1.92
    ],
    "TaskName": "d1-decoder_construction",
    "dataset": "ds002596",
    "modality": "bold",
    "run_id": 3,
    "subject_id": "10",
    "task_id": "d1"
  },
  "dummy_trs": 2,
  "dvars_nstd": 19.340238403101612,
  "dvars_std": 1.3564851820855617,
  "dvars_vstd": 0.9659595359893051,
  "efc": 0.545563622683178,
  "fber": 6872.65673828125,
  "fd_mean": 0.06208434205934053,
  "fd_num": 2,
  "fd_perc": 1.0638297872340425,
  "fwhm_avg": 1.9314349984540264,
  "fwhm_x": 1.9206526075927168,
  "fwhm_y": 2.1080973877693627,
  "fwhm_z": 1.765555,
  "gcor": 0.0173712,
  "gsr_x": 0.004284662660211325,
  "gsr_y": 0.042074136435985565,
  "provenance": {
    "md5sum": "518d965f71798102c0a78414b14fd8fe",
    "settings": {
      "fd_thres": 0.2,
      "testing": false
    },
    "software": "mriqc",
    "version": "22.0.1",
    "webapi_port": null,
    "webapi_url": "https://mriqc.nimh.nih.gov/api/v1"
  },
  "size_t": 188,
  "size_x": 64,
  "size_y": 64,
  "size_z": 33,
  "snr": 5.45875815307217,
  "spacing_tr": 2.0,
  "spacing_x": 3.203130006790161,
  "spacing_y": 3.203130006790161,
  "spacing_z": 4.0,
  "summary_bg_k": 12.043191696254048,
  "summary_bg_mad": 13.721956304585136,
  "summary_bg_mean": 59.741416931152344,
  "summary_bg_median": 10.803191184997559,
  "summary_bg_n": 76502.0,
  "summary_bg_p05": 0.9946808218955994,
  "summary_bg_p95": 307.1600997924802,
  "summary_bg_stdv": 113.43946075439453,
  "summary_fg_k": 1.3669991568379878,
  "summary_fg_mad": 156.85612943968886,
  "summary_fg_mean": 948.5758666992188,
  "summary_fg_median": 933.0318603515625,
  "summary_fg_n": 27423.0,
  "summary_fg_p05": 710.7749633789062,
  "summary_fg_p95": 1259.177600097656,
  "summary_fg_stdv": 170.92071533203125,
  "tsnr": 96.91073022782803
}