{
  "bids_meta": {
    "AcquisitionDateTime": "2017-05-24T13:17:16.281250",
    "ConversionSoftware": "dcm2niix",
    "ConversionSoftwareVersion": "v1.0.20170314",
    "EchoTime": 0.00306,
    "FlipAngle": 9,
    "ImageType": [
      "ORIGINAL",
      "PRIMARY",
      "M",
      "ND",
      "NORM"
    ],
    "MagneticFieldStrength": 3,
    "Manufacturer": "Siemens",
    "ManufacturersModelName": "Prisma_fit",
    "PhaseEncodingDirection": "i-",
    "ProcedureStepDescription": "Head_64ch_Mosra",
    "ProtocolName": "MPRAGE_iPAT2",
    "RepetitionTime": 2.25,
    "SequenceName": "_tfl3d1_16ns",
    "dataset": "ds002596",
    "modality": "T1w",
    "subject_id": "10"
  },
  "cjv": 0.38914882629906744,
  "cnr": 3.43776596420889,
  "efc": 0.535511084457904,
  "fber": 26896.0,
  "fwhm_avg": 3.8440048762681958,
  "fwhm_x": 4.0553046288045875,
  "fwhm_y": 3.8618,
  "fwhm_z": 3.61491,
  "icvs_csf": 0.2396338373864502,
  "icvs_gm": 0.42569754302500207,
  "icvs_wm": 0.3346686195885477,
  "inu_med": 0.5483489632606506,
  "inu_range": 0.26743531227111816,
  "provenance": {
    "md5sum": "0495deb28a20d626fff4ec6da7931900",
    "settings": {
      "testing": false
    },
    "software": "mriqc",
    "version": "22.0.1",
    "warnings": {
      "large_rot_frame": true,
      "small_air_mask": false
    },
    "webapi_port": null,
    "webapi_url": "https://mriqc.nimh.nih.gov/api/v1"
  },
  "qi_1": 6.498247196277096e-05,
  "qi_2": 0.01078904475430853,
  "rpve_csf": 24.93221692350716,
  "rpve_gm": 14.124095611231038,
  "rpve_wm": 20.09259514667782,
  "size_x": 208,
  "size_y": 256,
  "size_z": 256,
  "snr_csf": 3.073264450168951,
  "snr_gm": 12.737706750828359,
  "snr_total": 12.847757416664086,
  "snr_wm": 22.732301048994948,
  "snrd_csf": 30.40486275489341,
  "snrd_gm": 75.57059249037823,
  "snrd_total": 69.04700419874221,
  "snrd_wm": 101.16555735095501,
  "spacing_x": 0.9995944499969482,
  "spacing_y": 1.0,
  "spacing_z": 1.0,
  "summary_bg_k": 13.324632193678092,
  "summary_bg_mad": 0.0,
  "summary_bg_mean": 4.12493275425646,
  "summary_bg_median": 0.0,
  "summary_bg_n": 3812237.0,
  "summary_bg_p05": 0.0,
  "summary_bg_p95": 16.25160736218095,
  "summary_bg_stdv": 6.476136138228351,
  "summary_csf_k": 1.9208157383709503,
  "summary_csf_mad": 72.51513131285748,
  "summary_csf_mean": 309.9757315054016,
  "summary_csf_median": 300.5573045015335,
  "summary_csf_n": 74103.0,
  "summary_csf_p05": 159.67496528439224,
  "summary_csf_p95": 484.89418138973394,
  "summary_csf_stdv": 97.79675045806283,
  "summary_gm_k": 0.2005381259491119,
  "summary_gm_mad": 56.509799541015624,
  "summary_gm_mean": 745.236992694405,
  "summary_gm_median": 747.028321146965,
  "summary_gm_n": 29144.0,
  "summary_gm_p05": 645.2706549055874,
  "summary_gm_p95": 840.1671793112531,
  "summary_gm_stdv": 58.64599644898144,
  "summary_wm_k": 0.4363535617222829,
  "summary_wm_mad": 41.94899229731835,
  "summary_wm_mean": 1000.0154767798334,
  "summary_wm_median": 1000.0389566272497,
  "summary_wm_n": 186036.0,
  "summary_wm_p05": 927.5497727096081,
  "summary_wm_p95": 1071.8266323134303,
  "summary_wm_stdv": 43.99186279962176,
  "tpm_overlap_csf": 0.1595632818382897,
  "tpm_overlap_gm": 0.4454175966661399,
  "tpm_overlap_wm": 0.4769826209247764,
  "wm2max": 0.5703109372569066
}