{
  "bids_meta": {
    "AcquisitionDateTime": "2016-10-18T10:50:9.359375",
    "ConversionSoftware": "dcm2niix",
    "ConversionSoftwareVersion": "v1.0.20170314",
    "EchoTime": 0.00306,
    "FlipAngle": 9,
    "ImageType": [
      "ORIGINAL",
      "PRIMARY",
      "M",
      "ND",
      "NORM"
    ],
    "MagneticFieldStrength": 3,
    "Manufacturer": "Siemens",
    "ManufacturersModelName": "Prisma_fit",
    "PhaseEncodingDirection": "i-",
    "ProcedureStepDescription": "Head_64ch_Mosra",
    "ProtocolName": "MPRAGE_iPAT2",
    "RepetitionTime": 2.25,
    "SequenceName": "_tfl3d1_16ns",
    "dataset": "ds002596",
    "modality": "T1w",
    "subject_id": "03"
  },
  "cjv": 0.36194329671843206,
  "cnr": 3.690142115922656,
  "efc": 0.5370911926364181,
  "fber": -1.0,
  "fwhm_avg": 4.1206306102792984,
  "fwhm_x": 4.388051830837894,
  "fwhm_y": 4.13426,
  "fwhm_z": 3.83958,
  "icvs_csf": 0.19315391587968672,
  "icvs_gm": 0.4408618889370897,
  "icvs_wm": 0.36598419518322356,
  "inu_med": 0.5306895971298218,
  "inu_range": 0.2881835609674453,
  "provenance": {
    "md5sum": "fc81963b111fdad82d33236f8823f9a5",
    "settings": {
      "testing": false
    },
    "software": "mriqc",
    "version": "22.0.1",
    "warnings": {
      "large_rot_frame": true,
      "small_air_mask": false
    },
    "webapi_port": null,
    "webapi_url": "https://mriqc.nimh.nih.gov/api/v1"
  },
  "qi_1": 1.0014516496867505e-05,
  "qi_2": 0.011614014139420904,
  "rpve_csf": 25.073639076697496,
  "rpve_gm": 11.675950209400934,
  "rpve_wm": 15.672227159132119,
  "size_x": 208,
  "size_y": 256,
  "size_z": 256,
  "snr_csf": 2.3846185156360353,
  "snr_gm": 13.650080589556675,
  "snr_total": 12.655571081139385,
  "snr_wm": 21.932014138225444,
  "snrd_csf": 29.592476280976307,
  "snrd_gm": 74.48077811487788,
  "snrd_total": 68.33494158841273,
  "snrd_wm": 100.93157036938399,
  "spacing_x": 0.9999995827674866,
  "spacing_y": 1.0,
  "spacing_z": 1.0,
  "summary_bg_k": 20.87768990619395,
  "summary_bg_mad": 0.0,
  "summary_bg_mean": 2.719533335289427,
  "summary_bg_median": 0.0,
  "summary_bg_n": 4124868.0,
  "summary_bg_p05": 0.0,
  "summary_bg_p95": 15.514183938503265,
  "summary_bg_stdv": 6.490896537465702,
  "summary_csf_k": 0.4667682225107459,
  "summary_csf_mad": 118.14668629938346,
  "summary_csf_mean": 293.0717141239911,
  "summary_csf_median": 293.19345074892044,
  "summary_csf_n": 45843.0,
  "summary_csf_p05": 92.10007607936859,
  "summary_csf_p95": 499.6503004372121,
  "summary_csf_stdv": 122.95058979432493,
  "summary_gm_k": 0.2348745237626244,
  "summary_gm_mad": 51.91736338619384,
  "summary_gm_mean": 738.1418671476413,
  "summary_gm_median": 737.9333903193474,
  "summary_gm_n": 40427.0,
  "summary_gm_p05": 649.970429956913,
  "summary_gm_p95": 828.6889037907122,
  "summary_gm_stdv": 54.06006643565448,
  "summary_wm_k": 0.5053792680960214,
  "summary_wm_mad": 42.935878580987314,
  "summary_wm_mean": 1000.3556479188319,
  "summary_wm_median": 999.9999704360962,
  "summary_wm_n": 249919.0,
  "summary_wm_p05": 926.024401307106,
  "summary_wm_p95": 1075.5023322701454,
  "summary_wm_stdv": 45.595354967560475,
  "tpm_overlap_csf": 0.15875704605445834,
  "tpm_overlap_gm": 0.4499393741947743,
  "tpm_overlap_wm": 0.49489351196298054,
  "wm2max": 0.47410451594825576
}