{
  "aor": 0.01563624338624339,
  "aqi": 0.008088297142857142,
  "bids_meta": {
    "AcquisitionDateTime": "2017-05-25T15:16:52.843750",
    "ConversionSoftware": "dcm2niix",
    "ConversionSoftwareVersion": "v1.0.20170314",
    "EchoTime": 0.026,
    "EffectiveEchoSpacing": 0.000489996,
    "FlipAngle": 80,
    "ImageType": [
      "ORIGINAL",
      "PRIMARY",
      "M",
      "ND",
      "NORM",
      "MOSAIC"
    ],
    "MagneticFieldStrength": 3,
    "Manufacturer": "Siemens",
    "ManufacturersModelName": "Prisma_fit",
    "PhaseEncodingDirection": "j-",
    "ProcedureStepDescription": "Head_64ch_Mosra",
    "ProtocolName": "bold_TR2_32_190_5",
    "RepetitionTime": 2,
    "SequenceName": "_epfid2d1_64",
    "SliceTiming": [
      0,
      0.06,
      0.12,
      0.18,
      0.24,
      0.3,
      0.36,
      0.42,
      0.48,
      0.54,
      0.6,
      0.6575,
      0.7175,
      0.7775,
      0.8375,
      0.8975,
      0.9575,
      1.0175,
      1.0775,
      1.1375,
      1.1975,
      1.2575,
      1.3175,
      1.3775,
      1.4375,
      1.4975,
      1.5575,
      1.6175,
      1.6775,
      1.7375,
      1.7975,
      1.8575,
      1.9175
    ],
    "TaskName": "d2-adaptive_tcontrol",
    "dataset": "ds002596",
    "modality": "bold",
    "run_id": 5,
    "subject_id": "11",
    "task_id": "d2"
  },
  "dummy_trs": 1,
  "dvars_nstd": 21.213153296595745,
  "dvars_std": 1.390488796968085,
  "dvars_vstd": 1.1267281508510643,
  "efc": 0.5483720421254444,
  "fber": 6772.5400390625,
  "fd_mean": 0.15716982376375413,
  "fd_num": 20,
  "fd_perc": 10.582010582010582,
  "fwhm_avg": 1.68627822002472,
  "fwhm_x": 1.6368551975366248,
  "fwhm_y": 1.8574144625375355,
  "fwhm_z": 1.564565,
  "gcor": 0.0391138,
  "gsr_x": -0.004295427817851305,
  "gsr_y": 0.034079067409038544,
  "provenance": {
    "md5sum": "c7a30659e2ff89273cd07adf9cfce58b",
    "settings": {
      "fd_thres": 0.2,
      "testing": false
    },
    "software": "mriqc",
    "version": "22.0.1",
    "webapi_port": null,
    "webapi_url": "https://mriqc.nimh.nih.gov/api/v1"
  },
  "size_t": 189,
  "size_x": 64,
  "size_y": 64,
  "size_z": 33,
  "snr": 6.481793472800995,
  "spacing_tr": 2.0,
  "spacing_x": 3.203130006790161,
  "spacing_y": 3.203130006790161,
  "spacing_z": 4.0,
  "summary_bg_k": 13.022917329254359,
  "summary_bg_mad": 13.696420562095545,
  "summary_bg_mean": 53.851356506347656,
  "summary_bg_median": 11.015872955322266,
  "summary_bg_n": 75219.0,
  "summary_bg_p05": 1.0423280000686646,
  "summary_bg_p95": 272.0190429687497,
  "summary_bg_stdv": 104.74685668945312,
  "summary_fg_k": 1.9141354788963696,
  "summary_fg_mad": 134.98738475329898,
  "summary_fg_mean": 953.4118041992188,
  "summary_fg_median": 941.8465576171875,
  "summary_fg_n": 28493.0,
  "summary_fg_p05": 751.8084350585938,
  "summary_fg_p95": 1197.929028320312,
  "summary_fg_stdv": 145.30392456054688,
  "tsnr": 66.32978657539934
}