{
  "aor": 0.0018933333333333332,
  "aqi": 0.0038385573015873014,
  "bids_meta": {
    "AcquisitionDateTime": "2017-05-25T15:23:59.953125",
    "ConversionSoftware": "dcm2niix",
    "ConversionSoftwareVersion": "v1.0.20170314",
    "EchoTime": 0.026,
    "EffectiveEchoSpacing": 0.000489996,
    "FlipAngle": 80,
    "ImageType": [
      "ORIGINAL",
      "PRIMARY",
      "M",
      "ND",
      "NORM",
      "MOSAIC"
    ],
    "MagneticFieldStrength": 3,
    "Manufacturer": "Siemens",
    "ManufacturersModelName": "Prisma_fit",
    "PhaseEncodingDirection": "j-",
    "ProcedureStepDescription": "Head_64ch_Mosra",
    "ProtocolName": "bold_TR2_32_190_6",
    "RepetitionTime": 2,
    "SequenceName": "_epfid2d1_64",
    "SliceTiming": [
      0,
      0.06,
      0.12,
      0.18,
      0.24,
      0.2975,
      0.3575,
      0.4175,
      0.4775,
      0.5375,
      0.5975,
      0.6575,
      0.7175,
      0.7775,
      0.8375,
      0.8975,
      0.9575,
      1.0175,
      1.0775,
      1.1375,
      1.1975,
      1.2575,
      1.3175,
      1.3775,
      1.4375,
      1.4975,
      1.5575,
      1.6175,
      1.6775,
      1.7375,
      1.7975,
      1.8575,
      1.9175
    ],
    "TaskName": "d2-adaptive_tcontrol",
    "dataset": "ds002596",
    "modality": "bold",
    "run_id": 6,
    "subject_id": "11",
    "task_id": "d2"
  },
  "dummy_trs": 1,
  "dvars_nstd": 19.398812476117026,
  "dvars_std": 1.3529827185106382,
  "dvars_vstd": 0.9888661178191487,
  "efc": 0.5479314296965857,
  "fber": 6969.5986328125,
  "fd_mean": 0.09700264963377685,
  "fd_num": 6,
  "fd_perc": 3.1746031746031744,
  "fwhm_avg": 1.6797345205155712,
  "fwhm_x": 1.6376856352629618,
  "fwhm_y": 1.8494004262837516,
  "fwhm_z": 1.5521175,
  "gcor": 0.0343459,
  "gsr_x": -0.003910436760634184,
  "gsr_y": 0.03376147896051407,
  "provenance": {
    "md5sum": "c853a2ecfbba9469a4d72f3c20b10be2",
    "settings": {
      "fd_thres": 0.2,
      "testing": false
    },
    "software": "mriqc",
    "version": "22.0.1",
    "webapi_port": null,
    "webapi_url": "https://mriqc.nimh.nih.gov/api/v1"
  },
  "size_t": 189,
  "size_x": 64,
  "size_y": 64,
  "size_z": 33,
  "snr": 6.469064652100183,
  "spacing_tr": 2.0,
  "spacing_x": 3.203130006790161,
  "spacing_y": 3.203130006790161,
  "spacing_z": 4.0,
  "summary_bg_k": 13.022335709831882,
  "summary_bg_mad": 13.39833059687891,
  "summary_bg_mean": 54.029212951660156,
  "summary_bg_median": 10.873015403747559,
  "summary_bg_n": 75322.0,
  "summary_bg_p05": 1.1693121194839478,
  "summary_bg_p95": 273.6425964355467,
  "summary_bg_stdv": 105.73328399658203,
  "summary_fg_k": 1.929475402077097,
  "summary_fg_mad": 134.81486393240172,
  "summary_fg_mean": 951.6414184570312,
  "summary_fg_median": 939.4523315429688,
  "summary_fg_n": 28414.0,
  "summary_fg_p05": 749.9838378906251,
  "summary_fg_p95": 1195.140179443359,
  "summary_fg_stdv": 145.2197265625,
  "tsnr": 96.9552700817585
}