{
  "aor": 0.0007037037037037038,
  "aqi": 0.005502579523809523,
  "bids_meta": {
    "AcquisitionDateTime": "2017-05-25T14:48:28.078125",
    "ConversionSoftware": "dcm2niix",
    "ConversionSoftwareVersion": "v1.0.20170314",
    "EchoTime": 0.026,
    "EffectiveEchoSpacing": 0.000489996,
    "FlipAngle": 80,
    "ImageType": [
      "ORIGINAL",
      "PRIMARY",
      "M",
      "ND",
      "NORM",
      "MOSAIC"
    ],
    "MagneticFieldStrength": 3,
    "Manufacturer": "Siemens",
    "ManufacturersModelName": "Prisma_fit",
    "PhaseEncodingDirection": "j-",
    "ProcedureStepDescription": "Head_64ch_Mosra",
    "ProtocolName": "bold_TR2_32_190_1",
    "RepetitionTime": 2,
    "SequenceName": "_epfid2d1_64",
    "SliceTiming": [
      0,
      0.0575,
      0.1175,
      0.1775,
      0.2375,
      0.2975,
      0.3575,
      0.4175,
      0.4775,
      0.5375,
      0.5975,
      0.6575,
      0.7175,
      0.7775,
      0.8375,
      0.8975,
      0.9575,
      1.0175,
      1.0775,
      1.1375,
      1.1975,
      1.2575,
      1.3175,
      1.3775,
      1.4375,
      1.4975,
      1.5575,
      1.6175,
      1.6775,
      1.7375,
      1.7975,
      1.8575,
      1.9175
    ],
    "TaskName": "d2-adaptive_tcontrol",
    "dataset": "ds002596",
    "modality": "bold",
    "run_id": 1,
    "subject_id": "11",
    "task_id": "d2"
  },
  "dummy_trs": 1,
  "dvars_nstd": 18.465405753457443,
  "dvars_std": 1.2303900528723406,
  "dvars_vstd": 0.9501535169148936,
  "efc": 0.5434453218021474,
  "fber": 8465.6611328125,
  "fd_mean": 0.09994890142520282,
  "fd_num": 4,
  "fd_perc": 2.1164021164021163,
  "fwhm_avg": 1.6638938127165954,
  "fwhm_x": 1.5892205402868247,
  "fwhm_y": 1.8597808978629615,
  "fwhm_z": 1.54268,
  "gcor": 0.0224982,
  "gsr_x": -0.004103395622223616,
  "gsr_y": 0.035172417759895325,
  "provenance": {
    "md5sum": "3b0a69156ff46fc40811d7cdafa98b0f",
    "settings": {
      "fd_thres": 0.2,
      "testing": false
    },
    "software": "mriqc",
    "version": "22.0.1",
    "webapi_port": null,
    "webapi_url": "https://mriqc.nimh.nih.gov/api/v1"
  },
  "size_t": 189,
  "size_x": 64,
  "size_y": 64,
  "size_z": 33,
  "snr": 6.559938346320428,
  "spacing_tr": 2.0,
  "spacing_x": 3.203130006790161,
  "spacing_y": 3.203130006790161,
  "spacing_z": 4.0,
  "summary_bg_k": 14.62207753936892,
  "summary_bg_mad": 12.237350738665189,
  "summary_bg_mean": 51.27332305908203,
  "summary_bg_median": 9.920634269714355,
  "summary_bg_n": 75308.0,
  "summary_bg_p05": 1.1216931343078613,
  "summary_bg_p95": 257.00105438232396,
  "summary_bg_stdv": 103.05001068115234,
  "summary_fg_k": 2.279697773471039,
  "summary_fg_mad": 133.14399548369585,
  "summary_fg_mean": 963.6136474609375,
  "summary_fg_median": 952.1322631835938,
  "summary_fg_n": 28321.0,
  "summary_fg_p05": 762.6719360351562,
  "summary_fg_p95": 1203.629638671875,
  "summary_fg_stdv": 145.1409149169922,
  "tsnr": 84.70895064854994
}