{
  "aor": 0.006141957671957672,
  "aqi": 0.006168450952380952,
  "bids_meta": {
    "AcquisitionDateTime": "2017-05-24T15:24:17.390625",
    "ConversionSoftware": "dcm2niix",
    "ConversionSoftwareVersion": "v1.0.20170314",
    "EchoTime": 0.026,
    "EffectiveEchoSpacing": 0.000489996,
    "FlipAngle": 80,
    "ImageType": [
      "ORIGINAL",
      "PRIMARY",
      "M",
      "ND",
      "NORM",
      "MOSAIC"
    ],
    "MagneticFieldStrength": 3,
    "Manufacturer": "Siemens",
    "ManufacturersModelName": "Prisma_fit",
    "PhaseEncodingDirection": "j-",
    "ProcedureStepDescription": "Head_64ch_Mosra",
    "ProtocolName": "bold_TR2_32_190_4",
    "RepetitionTime": 2,
    "SequenceName": "_epfid2d1_64",
    "SliceTiming": [
      0,
      0.06,
      0.12,
      0.18,
      0.24,
      0.3,
      0.36,
      0.42,
      0.48,
      0.54,
      0.6,
      0.66,
      0.72,
      0.78,
      0.84,
      0.9,
      0.96,
      1.02,
      1.08,
      1.14,
      1.2,
      1.26,
      1.32,
      1.38,
      1.44,
      1.5,
      1.56,
      1.62,
      1.68,
      1.74,
      1.8,
      1.86,
      1.92
    ],
    "TaskName": "d1-decoder_construction",
    "dataset": "ds002596",
    "modality": "bold",
    "run_id": 4,
    "subject_id": "11",
    "task_id": "d1"
  },
  "dummy_trs": 1,
  "dvars_nstd": 20.752928185957455,
  "dvars_std": 1.2099469928191493,
  "dvars_vstd": 0.9766692495744682,
  "efc": 0.5454959485711298,
  "fber": 8104.98388671875,
  "fd_mean": 0.165523769303925,
  "fd_num": 23,
  "fd_perc": 12.16931216931217,
  "fwhm_avg": 1.7403640212873812,
  "fwhm_x": 1.6645156421055876,
  "fwhm_y": 1.931941421756556,
  "fwhm_z": 1.624635,
  "gcor": 0.0255864,
  "gsr_x": -0.004538918845355511,
  "gsr_y": 0.03718551993370056,
  "provenance": {
    "md5sum": "94ae22a6b58563276d56ba5e5449189e",
    "settings": {
      "fd_thres": 0.2,
      "testing": false
    },
    "software": "mriqc",
    "version": "22.0.1",
    "webapi_port": null,
    "webapi_url": "https://mriqc.nimh.nih.gov/api/v1"
  },
  "size_t": 189,
  "size_x": 64,
  "size_y": 64,
  "size_z": 33,
  "snr": 6.172237909443311,
  "spacing_tr": 2.0,
  "spacing_x": 3.203130006790161,
  "spacing_y": 3.2031302452087402,
  "spacing_z": 4.0,
  "summary_bg_k": 13.297858208098646,
  "summary_bg_mad": 11.609795224078029,
  "summary_bg_mean": 49.69490432739258,
  "summary_bg_median": 9.232804298400879,
  "summary_bg_n": 75425.0,
  "summary_bg_p05": 0.8518518209457397,
  "summary_bg_p95": 252.64232177734388,
  "summary_bg_stdv": 99.9850845336914,
  "summary_fg_k": 1.3998643515233793,
  "summary_fg_mad": 135.54046487778058,
  "summary_fg_mean": 880.4662475585938,
  "summary_fg_median": 868.7803955078125,
  "summary_fg_n": 28380.0,
  "summary_fg_p05": 681.2481292724609,
  "summary_fg_p95": 1117.8575866699218,
  "summary_fg_stdv": 140.753662109375,
  "tsnr": 71.57266071322374
}