{
  "aor": 0.013017671957671957,
  "aqi": 0.011611334867724869,
  "bids_meta": {
    "AcquisitionDateTime": "2017-05-25T15:09:48.593750",
    "ConversionSoftware": "dcm2niix",
    "ConversionSoftwareVersion": "v1.0.20170314",
    "EchoTime": 0.026,
    "EffectiveEchoSpacing": 0.000489996,
    "FlipAngle": 80,
    "ImageType": [
      "ORIGINAL",
      "PRIMARY",
      "M",
      "ND",
      "NORM",
      "MOSAIC"
    ],
    "MagneticFieldStrength": 3,
    "Manufacturer": "Siemens",
    "ManufacturersModelName": "Prisma_fit",
    "PhaseEncodingDirection": "j-",
    "ProcedureStepDescription": "Head_64ch_Mosra",
    "ProtocolName": "bold_TR2_32_190_4",
    "RepetitionTime": 2,
    "SequenceName": "_epfid2d1_64",
    "SliceTiming": [
      0,
      0.06,
      0.12,
      0.18,
      0.24,
      0.3,
      0.36,
      0.42,
      0.48,
      0.54,
      0.6,
      0.66,
      0.72,
      0.78,
      0.84,
      0.9,
      0.96,
      1.02,
      1.08,
      1.14,
      1.2,
      1.26,
      1.32,
      1.38,
      1.44,
      1.5,
      1.56,
      1.62,
      1.68,
      1.74,
      1.8,
      1.86,
      1.92
    ],
    "TaskName": "d2-adaptive_tcontrol",
    "dataset": "ds002596",
    "modality": "bold",
    "run_id": 4,
    "subject_id": "11",
    "task_id": "d2"
  },
  "dummy_trs": 1,
  "dvars_nstd": 23.409171510797865,
  "dvars_std": 1.2073158249999996,
  "dvars_vstd": 1.0020526144148934,
  "efc": 0.547638643608829,
  "fber": 7144.58251953125,
  "fd_mean": 0.24035846206842423,
  "fd_num": 49,
  "fd_perc": 25.925925925925927,
  "fwhm_avg": 1.6930548298998136,
  "fwhm_x": 1.6297153062579322,
  "fwhm_y": 1.8877316834415079,
  "fwhm_z": 1.5617175,
  "gcor": 0.0480128,
  "gsr_x": -0.006058318540453911,
  "gsr_y": 0.035665012896060944,
  "provenance": {
    "md5sum": "94061037473bd44babef8ceb9f91d859",
    "settings": {
      "fd_thres": 0.2,
      "testing": false
    },
    "software": "mriqc",
    "version": "22.0.1",
    "webapi_port": null,
    "webapi_url": "https://mriqc.nimh.nih.gov/api/v1"
  },
  "size_t": 189,
  "size_x": 64,
  "size_y": 64,
  "size_z": 33,
  "snr": 6.480949116126576,
  "spacing_tr": 2.0,
  "spacing_x": 3.203130006790161,
  "spacing_y": 3.203130006790161,
  "spacing_z": 4.0,
  "summary_bg_k": 13.289457982961231,
  "summary_bg_mad": 13.398331303838738,
  "summary_bg_mean": 53.053462982177734,
  "summary_bg_median": 10.740740776062012,
  "summary_bg_n": 75259.0,
  "summary_bg_p05": 1.0529099702835083,
  "summary_bg_p95": 264.8761901855466,
  "summary_bg_stdv": 103.0054931640625,
  "summary_fg_k": 1.9091258246768135,
  "summary_fg_mad": 135.39531754144738,
  "summary_fg_mean": 954.7755737304688,
  "summary_fg_median": 942.3756103515625,
  "summary_fg_n": 28429.0,
  "summary_fg_p05": 751.8296142578125,
  "summary_fg_p95": 1199.585107421875,
  "summary_fg_stdv": 145.40447998046875,
  "tsnr": 55.8059119656682
}