{
  "bids_meta": {
    "AcquisitionDateTime": "2017-05-22T92:85:3.453125",
    "ConversionSoftware": "dcm2niix",
    "ConversionSoftwareVersion": "v1.0.20170314",
    "EchoTime": 0.00306,
    "FlipAngle": 9,
    "ImageType": [
      "ORIGINAL",
      "PRIMARY",
      "M",
      "ND",
      "NORM"
    ],
    "MagneticFieldStrength": 3,
    "Manufacturer": "Siemens",
    "ManufacturersModelName": "Prisma_fit",
    "PhaseEncodingDirection": "i-",
    "ProcedureStepDescription": "Head_64ch_Mosra",
    "ProtocolName": "MPRAGE_iPAT2",
    "RepetitionTime": 2.25,
    "SequenceName": "_tfl3d1_16ns",
    "dataset": "ds002596",
    "modality": "T1w",
    "subject_id": "04"
  },
  "cjv": 0.40624439790038264,
  "cnr": 3.290506982807624,
  "efc": 0.5446962731695794,
  "fber": 17818.782636194974,
  "fwhm_avg": 3.93068503262322,
  "fwhm_x": 4.088525097869659,
  "fwhm_y": 4.00207,
  "fwhm_z": 3.70146,
  "icvs_csf": 0.1907896418549767,
  "icvs_gm": 0.44095164336337883,
  "icvs_wm": 0.36825871478164446,
  "inu_med": 0.5879238247871399,
  "inu_range": 0.29512822329997995,
  "provenance": {
    "md5sum": "f9905697a45e96b484956b6e4b7f7ae3",
    "settings": {
      "testing": false
    },
    "software": "mriqc",
    "version": "22.0.1",
    "warnings": {
      "large_rot_frame": true,
      "small_air_mask": false
    },
    "webapi_port": null,
    "webapi_url": "https://mriqc.nimh.nih.gov/api/v1"
  },
  "qi_1": 2.4557168142930276e-05,
  "qi_2": 0.009007085021150312,
  "rpve_csf": 29.622743563966957,
  "rpve_gm": 13.583628722304761,
  "rpve_wm": 17.957980751240367,
  "size_x": 208,
  "size_y": 256,
  "size_z": 256,
  "snr_csf": 2.547935054851724,
  "snr_gm": 13.389643840017934,
  "snr_total": 11.634642112871207,
  "snr_wm": 18.966347443743963,
  "snrd_csf": 23.98504521390457,
  "snrd_gm": 55.40668940279411,
  "snrd_total": 51.223043168371156,
  "snrd_wm": 74.27739488841479,
  "spacing_x": 1.0005539655685425,
  "spacing_y": 1.0,
  "spacing_z": 1.0,
  "summary_bg_k": 28.471149610479955,
  "summary_bg_mad": 0.0,
  "summary_bg_mean": 5.211268089508469,
  "summary_bg_median": 0.0,
  "summary_bg_n": 3983655.0,
  "summary_bg_p05": 0.0,
  "summary_bg_p95": 21.145087480545044,
  "summary_bg_stdv": 8.820450289749541,
  "summary_csf_k": 0.24353720731743156,
  "summary_csf_mad": 124.9167105349252,
  "summary_csf_mean": 323.56239266852117,
  "summary_csf_median": 322.92343854904175,
  "summary_csf_n": 35532.0,
  "summary_csf_p05": 119.42456245422363,
  "summary_csf_p95": 537.4828219413757,
  "summary_csf_stdv": 126.73749033784787,
  "summary_gm_k": 0.15212330614716896,
  "summary_gm_mad": 54.23239427771098,
  "summary_gm_mean": 745.6541243391813,
  "summary_gm_median": 745.9697699546814,
  "summary_gm_n": 29441.0,
  "summary_gm_p05": 653.0398213863373,
  "summary_gm_p95": 836.9840097427368,
  "summary_gm_stdv": 55.71149687525165,
  "summary_wm_k": 0.7732841199897091,
  "summary_wm_mad": 48.98064068164806,
  "summary_wm_mean": 1002.8179587094601,
  "summary_wm_median": 1000.0361287593842,
  "summary_wm_n": 204981.0,
  "summary_wm_p05": 921.7450869083405,
  "summary_wm_p95": 1094.0142953395844,
  "summary_wm_stdv": 52.726741001872526,
  "tpm_overlap_csf": 0.14588826374232886,
  "tpm_overlap_gm": 0.4589687312998248,
  "tpm_overlap_wm": 0.4935237233983038,
  "wm2max": 0.5632761920273627
}