{
  "aor": 0.0011076190476190476,
  "aqi": 0.005165145343915344,
  "bids_meta": {
    "AcquisitionDateTime": "2017-05-25T15:02:46.078125",
    "ConversionSoftware": "dcm2niix",
    "ConversionSoftwareVersion": "v1.0.20170314",
    "EchoTime": 0.026,
    "EffectiveEchoSpacing": 0.000489996,
    "FlipAngle": 80,
    "ImageType": [
      "ORIGINAL",
      "PRIMARY",
      "M",
      "ND",
      "NORM",
      "MOSAIC"
    ],
    "MagneticFieldStrength": 3,
    "Manufacturer": "Siemens",
    "ManufacturersModelName": "Prisma_fit",
    "PhaseEncodingDirection": "j-",
    "ProcedureStepDescription": "Head_64ch_Mosra",
    "ProtocolName": "bold_TR2_32_190_3",
    "RepetitionTime": 2,
    "SequenceName": "_epfid2d1_64",
    "SliceTiming": [
      0,
      0.06,
      0.12,
      0.18,
      0.24,
      0.3,
      0.36,
      0.42,
      0.48,
      0.54,
      0.6,
      0.66,
      0.72,
      0.78,
      0.84,
      0.9,
      0.96,
      1.02,
      1.08,
      1.14,
      1.2,
      1.26,
      1.32,
      1.38,
      1.44,
      1.5,
      1.56,
      1.62,
      1.68,
      1.74,
      1.8,
      1.86,
      1.92
    ],
    "TaskName": "d2-adaptive_tcontrol",
    "dataset": "ds002596",
    "modality": "bold",
    "run_id": 3,
    "subject_id": "11",
    "task_id": "d2"
  },
  "dummy_trs": 1,
  "dvars_nstd": 20.07518851553192,
  "dvars_std": 1.2778602679787234,
  "dvars_vstd": 0.9574485280319147,
  "efc": 0.5460643773876942,
  "fber": 7704.677734375,
  "fd_mean": 0.12355760219673931,
  "fd_num": 16,
  "fd_perc": 8.465608465608465,
  "fwhm_avg": 1.6785648485035356,
  "fwhm_x": 1.608929387528795,
  "fwhm_y": 1.8650101579818117,
  "fwhm_z": 1.561755,
  "gcor": 0.0317433,
  "gsr_x": -0.006370970979332924,
  "gsr_y": 0.03593027591705322,
  "provenance": {
    "md5sum": "bae82d06e94000b6be7bb83470d8ad76",
    "settings": {
      "fd_thres": 0.2,
      "testing": false
    },
    "software": "mriqc",
    "version": "22.0.1",
    "webapi_port": null,
    "webapi_url": "https://mriqc.nimh.nih.gov/api/v1"
  },
  "size_t": 189,
  "size_x": 64,
  "size_y": 64,
  "size_z": 33,
  "snr": 6.526982192536743,
  "spacing_tr": 2.0,
  "spacing_x": 3.203130006790161,
  "spacing_y": 3.203130006790161,
  "spacing_z": 4.0,
  "summary_bg_k": 13.904888647654452,
  "summary_bg_mad": 12.755085522815234,
  "summary_bg_mean": 51.87321090698242,
  "summary_bg_median": 10.301587104797363,
  "summary_bg_n": 75246.0,
  "summary_bg_p05": 1.1216931343078613,
  "summary_bg_p95": 258.48677825927734,
  "summary_bg_stdv": 102.0993423461914,
  "summary_fg_k": 1.9458098703031483,
  "summary_fg_mad": 134.10889950322255,
  "summary_fg_mean": 956.937255859375,
  "summary_fg_median": 944.8465576171875,
  "summary_fg_n": 28483.0,
  "summary_fg_p05": 754.8793334960938,
  "summary_fg_p95": 1199.7788085937498,
  "summary_fg_stdv": 144.75755310058594,
  "tsnr": 86.60258704330772
}