{
  "aor": 0.0023568617021276594,
  "aqi": 0.003254558989361702,
  "bids_meta": {
    "AcquisitionDateTime": "2017-05-25T14:55:37.015625",
    "ConversionSoftware": "dcm2niix",
    "ConversionSoftwareVersion": "v1.0.20170314",
    "EchoTime": 0.026,
    "EffectiveEchoSpacing": 0.000489996,
    "FlipAngle": 80,
    "ImageType": [
      "ORIGINAL",
      "PRIMARY",
      "M",
      "ND",
      "NORM",
      "MOSAIC"
    ],
    "MagneticFieldStrength": 3,
    "Manufacturer": "Siemens",
    "ManufacturersModelName": "Prisma_fit",
    "PhaseEncodingDirection": "j-",
    "ProcedureStepDescription": "Head_64ch_Mosra",
    "ProtocolName": "bold_TR2_32_190_2",
    "RepetitionTime": 2,
    "SequenceName": "_epfid2d1_64",
    "SliceTiming": [
      0,
      0.06,
      0.12,
      0.18,
      0.24,
      0.3,
      0.36,
      0.42,
      0.48,
      0.54,
      0.6,
      0.66,
      0.72,
      0.78,
      0.84,
      0.9,
      0.96,
      1.02,
      1.08,
      1.14,
      1.2,
      1.26,
      1.32,
      1.38,
      1.44,
      1.5,
      1.5575,
      1.6175,
      1.6775,
      1.7375,
      1.7975,
      1.8575,
      1.9175
    ],
    "TaskName": "d2-adaptive_tcontrol",
    "dataset": "ds002596",
    "modality": "bold",
    "run_id": 2,
    "subject_id": "11",
    "task_id": "d2"
  },
  "dummy_trs": 2,
  "dvars_nstd": 19.10070629962566,
  "dvars_std": 1.3832051496791442,
  "dvars_vstd": 1.0253002009090908,
  "efc": 0.5447963309028042,
  "fber": 8077.52587890625,
  "fd_mean": 0.08941677960080852,
  "fd_num": 5,
  "fd_perc": 2.6595744680851063,
  "fwhm_avg": 1.6643325124891752,
  "fwhm_x": 1.5910250252711204,
  "fwhm_y": 1.8568525121964052,
  "fwhm_z": 1.54512,
  "gcor": 0.0344834,
  "gsr_x": -0.005215916782617569,
  "gsr_y": 0.03539470210671425,
  "provenance": {
    "md5sum": "f3e543f2845b350496b0cdc71591e87a",
    "settings": {
      "fd_thres": 0.2,
      "testing": false
    },
    "software": "mriqc",
    "version": "22.0.1",
    "webapi_port": null,
    "webapi_url": "https://mriqc.nimh.nih.gov/api/v1"
  },
  "size_t": 188,
  "size_x": 64,
  "size_y": 64,
  "size_z": 33,
  "snr": 6.520998029314987,
  "spacing_tr": 2.0,
  "spacing_x": 3.203130006790161,
  "spacing_y": 3.203130006790161,
  "spacing_z": 4.0,
  "summary_bg_k": 14.383410940536969,
  "summary_bg_mad": 12.460167686349608,
  "summary_bg_mean": 51.71387481689453,
  "summary_bg_median": 10.090425491333008,
  "summary_bg_n": 75276.0,
  "summary_bg_p05": 1.1382977962493896,
  "summary_bg_p95": 258.4507827758789,
  "summary_bg_stdv": 103.33264923095703,
  "summary_fg_k": 2.045814222697569,
  "summary_fg_mad": 133.87973140517778,
  "summary_fg_mean": 959.6342163085938,
  "summary_fg_median": 947.7020874023438,
  "summary_fg_n": 28416.0,
  "summary_fg_p05": 756.6861419677734,
  "summary_fg_p95": 1202.8882141113281,
  "summary_fg_stdv": 145.32827758789062,
  "tsnr": 102.30221816035919
}