{
  "aor": 0.0010693121693121693,
  "aqi": 0.0024305968253968253,
  "bids_meta": {
    "AcquisitionDateTime": "2017-05-24T15:31:34.406250",
    "ConversionSoftware": "dcm2niix",
    "ConversionSoftwareVersion": "v1.0.20170314",
    "EchoTime": 0.026,
    "EffectiveEchoSpacing": 0.000489996,
    "FlipAngle": 80,
    "ImageType": [
      "ORIGINAL",
      "PRIMARY",
      "M",
      "ND",
      "NORM",
      "MOSAIC"
    ],
    "MagneticFieldStrength": 3,
    "Manufacturer": "Siemens",
    "ManufacturersModelName": "Prisma_fit",
    "PhaseEncodingDirection": "j-",
    "ProcedureStepDescription": "Head_64ch_Mosra",
    "ProtocolName": "bold_TR2_32_190_5",
    "RepetitionTime": 2,
    "SequenceName": "_epfid2d1_64",
    "SliceTiming": [
      0,
      0.06,
      0.12,
      0.18,
      0.24,
      0.3,
      0.36,
      0.42,
      0.48,
      0.54,
      0.6,
      0.66,
      0.72,
      0.78,
      0.84,
      0.9,
      0.96,
      1.02,
      1.08,
      1.14,
      1.2,
      1.26,
      1.32,
      1.38,
      1.44,
      1.5,
      1.56,
      1.62,
      1.68,
      1.74,
      1.8,
      1.86,
      1.92
    ],
    "TaskName": "d1-decoder_construction",
    "dataset": "ds002596",
    "modality": "bold",
    "run_id": 5,
    "subject_id": "11",
    "task_id": "d1"
  },
  "dummy_trs": 1,
  "dvars_nstd": 18.388553330000015,
  "dvars_std": 1.3221301703191493,
  "dvars_vstd": 1.0029478092553192,
  "efc": 0.5455585639870947,
  "fber": 8175.50048828125,
  "fd_mean": 0.10694946776149225,
  "fd_num": 7,
  "fd_perc": 3.7037037037037037,
  "fwhm_avg": 1.7483503092724426,
  "fwhm_x": 1.674249870792498,
  "fwhm_y": 1.9387035570248299,
  "fwhm_z": 1.6320975,
  "gcor": 0.0161435,
  "gsr_x": -0.004587830509990454,
  "gsr_y": 0.03700709715485573,
  "provenance": {
    "md5sum": "250e4c71490075ad824f7ceaae9bf3e0",
    "settings": {
      "fd_thres": 0.2,
      "testing": false
    },
    "software": "mriqc",
    "version": "22.0.1",
    "webapi_port": null,
    "webapi_url": "https://mriqc.nimh.nih.gov/api/v1"
  },
  "size_t": 189,
  "size_x": 64,
  "size_y": 64,
  "size_z": 33,
  "snr": 6.151528848589244,
  "spacing_tr": 2.0,
  "spacing_x": 3.203130006790161,
  "spacing_y": 3.2031302452087402,
  "spacing_z": 4.0,
  "summary_bg_k": 13.160500255747142,
  "summary_bg_mad": 11.594105311121599,
  "summary_bg_mean": 50.071807861328125,
  "summary_bg_median": 9.179893493652344,
  "summary_bg_n": 75451.0,
  "summary_bg_p05": 0.8253967761993408,
  "summary_bg_p95": 255.53173828125,
  "summary_bg_stdv": 100.65780639648438,
  "summary_fg_k": 1.3505419519350337,
  "summary_fg_mad": 136.24249295463397,
  "summary_fg_mean": 879.5965576171875,
  "summary_fg_median": 867.8359375,
  "summary_fg_n": 28337.0,
  "summary_fg_p05": 680.0221923828125,
  "summary_fg_p95": 1118.40947265625,
  "summary_fg_stdv": 141.073974609375,
  "tsnr": 108.70162064116448
}