{
  "aor": 0.014170370370370368,
  "aqi": 0.004502464603174603,
  "bids_meta": {
    "AcquisitionDateTime": "2017-05-24T15:38:47.437500",
    "ConversionSoftware": "dcm2niix",
    "ConversionSoftwareVersion": "v1.0.20170314",
    "EchoTime": 0.026,
    "EffectiveEchoSpacing": 0.000489996,
    "FlipAngle": 80,
    "ImageType": [
      "ORIGINAL",
      "PRIMARY",
      "M",
      "ND",
      "NORM",
      "MOSAIC"
    ],
    "MagneticFieldStrength": 3,
    "Manufacturer": "Siemens",
    "ManufacturersModelName": "Prisma_fit",
    "PhaseEncodingDirection": "j-",
    "ProcedureStepDescription": "Head_64ch_Mosra",
    "ProtocolName": "bold_TR2_32_190_6",
    "RepetitionTime": 2,
    "SequenceName": "_epfid2d1_64",
    "SliceTiming": [
      0,
      0.06,
      0.12,
      0.18,
      0.24,
      0.3,
      0.36,
      0.42,
      0.48,
      0.54,
      0.6,
      0.66,
      0.72,
      0.78,
      0.84,
      0.9,
      0.96,
      1.02,
      1.08,
      1.14,
      1.2,
      1.26,
      1.32,
      1.38,
      1.44,
      1.5,
      1.56,
      1.62,
      1.68,
      1.74,
      1.8,
      1.86,
      1.92
    ],
    "TaskName": "d1-decoder_construction",
    "dataset": "ds002596",
    "modality": "bold",
    "run_id": 6,
    "subject_id": "11",
    "task_id": "d1"
  },
  "dummy_trs": 1,
  "dvars_nstd": 18.752557632819155,
  "dvars_std": 1.4637048985106382,
  "dvars_vstd": 1.1593038538829785,
  "efc": 0.5460472340287451,
  "fber": 8018.841796875,
  "fd_mean": 0.11966034339077865,
  "fd_num": 15,
  "fd_perc": 7.936507936507937,
  "fwhm_avg": 1.743528718650304,
  "fwhm_x": 1.6724922150032964,
  "fwhm_y": 1.9351164409476154,
  "fwhm_z": 1.6229775,
  "gcor": 0.0301304,
  "gsr_x": -0.005190580151975155,
  "gsr_y": 0.03731362894177437,
  "provenance": {
    "md5sum": "884554bfcabc85938ba1b61b7a2d1290",
    "settings": {
      "fd_thres": 0.2,
      "testing": false
    },
    "software": "mriqc",
    "version": "22.0.1",
    "webapi_port": null,
    "webapi_url": "https://mriqc.nimh.nih.gov/api/v1"
  },
  "size_t": 189,
  "size_x": 64,
  "size_y": 64,
  "size_z": 33,
  "snr": 6.167853673319359,
  "spacing_tr": 2.0,
  "spacing_x": 3.203130006790161,
  "spacing_y": 3.2031302452087402,
  "spacing_z": 4.0,
  "summary_bg_k": 13.081345926410716,
  "summary_bg_mad": 11.868662174303159,
  "summary_bg_mean": 50.20667266845703,
  "summary_bg_median": 9.259259223937988,
  "summary_bg_n": 75459.0,
  "summary_bg_p05": 0.6925925731658941,
  "summary_bg_p95": 256.3428558349606,
  "summary_bg_stdv": 100.35221862792969,
  "summary_fg_k": 1.4023171895916384,
  "summary_fg_mad": 135.16782352427677,
  "summary_fg_mean": 878.2230224609375,
  "summary_fg_median": 866.174560546875,
  "summary_fg_n": 28323.0,
  "summary_fg_p05": 678.7809448242188,
  "summary_fg_p95": 1114.8306518554687,
  "summary_fg_stdv": 140.4312286376953,
  "tsnr": 85.06384907034226
}