{
  "aor": 0.0016329629629629628,
  "aqi": 0.0028402111111111112,
  "bids_meta": {
    "AcquisitionDateTime": "2017-05-24T15:02:39.484375",
    "ConversionSoftware": "dcm2niix",
    "ConversionSoftwareVersion": "v1.0.20170314",
    "EchoTime": 0.026,
    "EffectiveEchoSpacing": 0.000489996,
    "FlipAngle": 80,
    "ImageType": [
      "ORIGINAL",
      "PRIMARY",
      "M",
      "ND",
      "NORM",
      "MOSAIC"
    ],
    "MagneticFieldStrength": 3,
    "Manufacturer": "Siemens",
    "ManufacturersModelName": "Prisma_fit",
    "PhaseEncodingDirection": "j-",
    "ProcedureStepDescription": "Head_64ch_Mosra",
    "ProtocolName": "bold_TR2_32_190_1",
    "RepetitionTime": 2,
    "SequenceName": "_epfid2d1_64",
    "SliceTiming": [
      0,
      0.06,
      0.12,
      0.18,
      0.24,
      0.3,
      0.36,
      0.42,
      0.48,
      0.54,
      0.6,
      0.66,
      0.72,
      0.78,
      0.84,
      0.9,
      0.96,
      1.02,
      1.08,
      1.14,
      1.2,
      1.26,
      1.32,
      1.38,
      1.44,
      1.5,
      1.56,
      1.62,
      1.68,
      1.74,
      1.8,
      1.86,
      1.92
    ],
    "TaskName": "d1-decoder_construction",
    "dataset": "ds002596",
    "modality": "bold",
    "run_id": 1,
    "subject_id": "11",
    "task_id": "d1"
  },
  "dummy_trs": 1,
  "dvars_nstd": 18.49882900946808,
  "dvars_std": 1.331391813989362,
  "dvars_vstd": 1.0108327471276597,
  "efc": 0.5421569843251898,
  "fber": 9529.9169921875,
  "fd_mean": 0.09803380783386619,
  "fd_num": 6,
  "fd_perc": 3.1746031746031744,
  "fwhm_avg": 1.7261209264074713,
  "fwhm_x": 1.6624707672531416,
  "fwhm_y": 1.9140870119692723,
  "fwhm_z": 1.601805,
  "gcor": 0.0450518,
  "gsr_x": -0.0037636631168425083,
  "gsr_y": 0.035992950201034546,
  "provenance": {
    "md5sum": "1bdc602a914f862c1d0b6f662d102be5",
    "settings": {
      "fd_thres": 0.2,
      "testing": false
    },
    "software": "mriqc",
    "version": "22.0.1",
    "webapi_port": null,
    "webapi_url": "https://mriqc.nimh.nih.gov/api/v1"
  },
  "size_t": 189,
  "size_x": 64,
  "size_y": 64,
  "size_z": 33,
  "snr": 6.2508422800325105,
  "spacing_tr": 2.0,
  "spacing_x": 3.203130006790161,
  "spacing_y": 3.2031302452087402,
  "spacing_z": 4.0,
  "summary_bg_k": 14.358672964430234,
  "summary_bg_mad": 10.927326958282892,
  "summary_bg_mean": 47.70358657836914,
  "summary_bg_median": 8.592592239379883,
  "summary_bg_n": 75389.0,
  "summary_bg_p05": 0.714285671710968,
  "summary_bg_p95": 244.72380676269495,
  "summary_bg_stdv": 97.9357681274414,
  "summary_fg_k": 1.5786178026403643,
  "summary_fg_mad": 133.99117089688247,
  "summary_fg_mean": 888.3693237304688,
  "summary_fg_median": 876.544921875,
  "summary_fg_n": 28331.0,
  "summary_fg_p05": 689.2169189453125,
  "summary_fg_p95": 1124.4470825195312,
  "summary_fg_stdv": 140.22581481933594,
  "tsnr": 103.59682692820206
}