{
  "aor": 0.008911789473684211,
  "aqi": 0.013644565052631577,
  "bids_meta": {
    "AcquisitionDateTime": "2017-05-25T94:80:5.992188",
    "ConversionSoftware": "dcm2niix",
    "ConversionSoftwareVersion": "v1.0.20170314",
    "EchoTime": 0.026,
    "EffectiveEchoSpacing": 0.000489996,
    "FlipAngle": 80,
    "ImageType": [
      "ORIGINAL",
      "PRIMARY",
      "M",
      "ND",
      "NORM",
      "MOSAIC"
    ],
    "MagneticFieldStrength": 3,
    "Manufacturer": "Siemens",
    "ManufacturersModelName": "Prisma_fit",
    "PhaseEncodingDirection": "j-",
    "ProcedureStepDescription": "Head_64ch_Mosra",
    "ProtocolName": "bold_TR2_32_190_4",
    "RepetitionTime": 2,
    "SequenceName": "_epfid2d1_64",
    "SliceTiming": [
      0,
      0.06,
      0.12,
      0.18,
      0.24,
      0.3,
      0.36,
      0.42,
      0.48,
      0.54,
      0.6,
      0.66,
      0.72,
      0.78,
      0.84,
      0.9,
      0.96,
      1.02,
      1.08,
      1.14,
      1.2,
      1.26,
      1.32,
      1.38,
      1.44,
      1.5,
      1.56,
      1.62,
      1.68,
      1.74,
      1.8,
      1.86,
      1.92
    ],
    "TaskName": "d2-adaptive_tcontrol",
    "dataset": "ds002596",
    "modality": "bold",
    "run_id": 4,
    "subject_id": "07",
    "task_id": "d2"
  },
  "dummy_trs": 0,
  "dvars_nstd": 30.193841873650786,
  "dvars_std": 1.1700528760317461,
  "dvars_vstd": 0.9589836369841264,
  "efc": 0.5647959982837488,
  "fber": 4505.15234375,
  "fd_mean": 0.2877164447638148,
  "fd_num": 78,
  "fd_perc": 41.05263157894737,
  "fwhm_avg": 1.7682525952140127,
  "fwhm_x": 1.736120603350929,
  "fwhm_y": 1.9274771822911088,
  "fwhm_z": 1.64116,
  "gcor": 0.0675492,
  "gsr_x": 0.01424587331712246,
  "gsr_y": 0.02377808652818203,
  "provenance": {
    "md5sum": "604ad9586f114867ff3d8e7d6a38ebd0",
    "settings": {
      "fd_thres": 0.2,
      "testing": false
    },
    "software": "mriqc",
    "version": "22.0.1",
    "webapi_port": null,
    "webapi_url": "https://mriqc.nimh.nih.gov/api/v1"
  },
  "size_t": 190,
  "size_x": 64,
  "size_y": 64,
  "size_z": 33,
  "snr": 6.43311090525668,
  "spacing_tr": 2.0,
  "spacing_x": 3.203130006790161,
  "spacing_y": 3.203130006790161,
  "spacing_z": 4.0,
  "summary_bg_k": 9.349444093913457,
  "summary_bg_mad": 18.946096049742245,
  "summary_bg_mean": 78.08394622802734,
  "summary_bg_median": 15.12631607055664,
  "summary_bg_n": 75361.0,
  "summary_bg_p05": 1.4421052932739258,
  "summary_bg_p95": 409.05792236328125,
  "summary_bg_stdv": 142.85035705566406,
  "summary_fg_k": 2.3170831686821165,
  "summary_fg_mad": 145.51744394266805,
  "summary_fg_mean": 1038.4610595703125,
  "summary_fg_median": 1026.036865234375,
  "summary_fg_n": 28488.0,
  "summary_fg_p05": 812.0389862060547,
  "summary_fg_p95": 1300.5050659179688,
  "summary_fg_stdv": 159.4903106689453,
  "tsnr": 49.3874438572675
}