{
  "aor": 0.021671263157894735,
  "aqi": 0.01113962152631579,
  "bids_meta": {
    "AcquisitionDateTime": "2017-05-25T94:04:5.507812",
    "ConversionSoftware": "dcm2niix",
    "ConversionSoftwareVersion": "v1.0.20170314",
    "EchoTime": 0.026,
    "EffectiveEchoSpacing": 0.000489996,
    "FlipAngle": 80,
    "ImageType": [
      "ORIGINAL",
      "PRIMARY",
      "M",
      "ND",
      "NORM",
      "MOSAIC"
    ],
    "MagneticFieldStrength": 3,
    "Manufacturer": "Siemens",
    "ManufacturersModelName": "Prisma_fit",
    "PhaseEncodingDirection": "j-",
    "ProcedureStepDescription": "Head_64ch_Mosra",
    "ProtocolName": "bold_TR2_32_190_3",
    "RepetitionTime": 2,
    "SequenceName": "_epfid2d1_64",
    "SliceTiming": [
      0,
      0.06,
      0.12,
      0.18,
      0.24,
      0.3,
      0.36,
      0.42,
      0.48,
      0.54,
      0.6,
      0.66,
      0.72,
      0.78,
      0.84,
      0.9,
      0.96,
      1.02,
      1.08,
      1.14,
      1.2,
      1.26,
      1.32,
      1.38,
      1.44,
      1.5,
      1.56,
      1.62,
      1.68,
      1.74,
      1.8,
      1.86,
      1.92
    ],
    "TaskName": "d2-adaptive_tcontrol",
    "dataset": "ds002596",
    "modality": "bold",
    "run_id": 3,
    "subject_id": "07",
    "task_id": "d2"
  },
  "dummy_trs": 0,
  "dvars_nstd": 28.269388688306883,
  "dvars_std": 1.3996509337037037,
  "dvars_vstd": 1.1308973990476199,
  "efc": 0.5639676086962352,
  "fber": 4716.72900390625,
  "fd_mean": 0.29362951692701633,
  "fd_num": 65,
  "fd_perc": 34.21052631578947,
  "fwhm_avg": 1.7509789671153264,
  "fwhm_x": 1.7159278544263183,
  "fwhm_y": 1.920459046919661,
  "fwhm_z": 1.61655,
  "gcor": 0.0870786,
  "gsr_x": 0.014023800380527973,
  "gsr_y": 0.023342642933130264,
  "provenance": {
    "md5sum": "e01af6d8340c6c7651b6ff614830df5a",
    "settings": {
      "fd_thres": 0.2,
      "testing": false
    },
    "software": "mriqc",
    "version": "22.0.1",
    "webapi_port": null,
    "webapi_url": "https://mriqc.nimh.nih.gov/api/v1"
  },
  "size_t": 190,
  "size_x": 64,
  "size_y": 64,
  "size_z": 33,
  "snr": 6.405954824812601,
  "spacing_tr": 2.0,
  "spacing_x": 3.203130006790161,
  "spacing_y": 3.203130006790161,
  "spacing_z": 4.0,
  "summary_bg_k": 9.63936728864147,
  "summary_bg_mad": 18.743213778565234,
  "summary_bg_mean": 77.5528564453125,
  "summary_bg_median": 14.86842155456543,
  "summary_bg_n": 75381.0,
  "summary_bg_p05": 1.3315789699554443,
  "summary_bg_p95": 406.76318359375,
  "summary_bg_stdv": 142.24990844726562,
  "summary_fg_k": 2.378903056197519,
  "summary_fg_mad": 146.52791010922948,
  "summary_fg_mean": 1040.6572265625,
  "summary_fg_median": 1028.8763427734375,
  "summary_fg_n": 28446.0,
  "summary_fg_p05": 812.9513549804688,
  "summary_fg_p95": 1303.4316101074219,
  "summary_fg_stdv": 160.6096649169922,
  "tsnr": 53.702179845422506
}