{
  "aor": 0.005063068783068783,
  "aqi": 0.004109867407407408,
  "bids_meta": {
    "AcquisitionDateTime": "2017-05-24T10:00:16.328125",
    "ConversionSoftware": "dcm2niix",
    "ConversionSoftwareVersion": "v1.0.20170314",
    "EchoTime": 0.026,
    "EffectiveEchoSpacing": 0.000489996,
    "FlipAngle": 80,
    "ImageType": [
      "ORIGINAL",
      "PRIMARY",
      "M",
      "ND",
      "NORM",
      "MOSAIC"
    ],
    "MagneticFieldStrength": 3,
    "Manufacturer": "Siemens",
    "ManufacturersModelName": "Prisma_fit",
    "PhaseEncodingDirection": "j-",
    "ProcedureStepDescription": "Head_64ch_Mosra",
    "ProtocolName": "bold_TR2_32_190_3",
    "RepetitionTime": 2,
    "SequenceName": "_epfid2d1_64",
    "SliceTiming": [
      0,
      0.06,
      0.12,
      0.18,
      0.24,
      0.3,
      0.36,
      0.42,
      0.48,
      0.54,
      0.6,
      0.66,
      0.72,
      0.78,
      0.84,
      0.9,
      0.96,
      1.02,
      1.08,
      1.14,
      1.2,
      1.26,
      1.32,
      1.38,
      1.44,
      1.5,
      1.56,
      1.62,
      1.68,
      1.74,
      1.8,
      1.86,
      1.92
    ],
    "TaskName": "d1-decoder_construction",
    "dataset": "ds002596",
    "modality": "bold",
    "run_id": 3,
    "subject_id": "07",
    "task_id": "d1"
  },
  "dummy_trs": 1,
  "dvars_nstd": 21.002645375797872,
  "dvars_std": 1.4218046637234036,
  "dvars_vstd": 1.0416449870744684,
  "efc": 0.5635415540705496,
  "fber": 4776.6240234375,
  "fd_mean": 0.11822530291488867,
  "fd_num": 13,
  "fd_perc": 6.878306878306878,
  "fwhm_avg": 1.7105177257168969,
  "fwhm_x": 1.6683056849618765,
  "fwhm_y": 1.8696524921888147,
  "fwhm_z": 1.593595,
  "gcor": 0.0688651,
  "gsr_x": 0.014333534985780716,
  "gsr_y": 0.0209843460470438,
  "provenance": {
    "md5sum": "30325a86fd590724acd3b35e465a24ce",
    "settings": {
      "fd_thres": 0.2,
      "testing": false
    },
    "software": "mriqc",
    "version": "22.0.1",
    "webapi_port": null,
    "webapi_url": "https://mriqc.nimh.nih.gov/api/v1"
  },
  "size_t": 189,
  "size_x": 64,
  "size_y": 64,
  "size_z": 33,
  "snr": 6.504437227172112,
  "spacing_tr": 2.0,
  "spacing_x": 3.203130006790161,
  "spacing_y": 3.203130006790161,
  "spacing_z": 4.0,
  "summary_bg_k": 10.259057780941601,
  "summary_bg_mad": 18.026560823737192,
  "summary_bg_mean": 75.2740249633789,
  "summary_bg_median": 14.359787940979004,
  "summary_bg_n": 75315.0,
  "summary_bg_p05": 1.343915343284607,
  "summary_bg_p95": 401.98252258300795,
  "summary_bg_stdv": 141.57733154296875,
  "summary_fg_k": 2.640051236282188,
  "summary_fg_mad": 139.63915780289,
  "summary_fg_mean": 1020.1574096679688,
  "summary_fg_median": 1007.8624267578125,
  "summary_fg_n": 28529.0,
  "summary_fg_p05": 804.1523559570312,
  "summary_fg_p95": 1276.2423095703125,
  "summary_fg_stdv": 154.947265625,
  "tsnr": 96.77071526576765
}