{
  "bids_meta": {
    "AcquisitionDateTime": "2017-05-17T13:30:16.343750",
    "ConversionSoftware": "dcm2niix",
    "ConversionSoftwareVersion": "v1.0.20170314",
    "EchoTime": 0.00306,
    "FlipAngle": 9,
    "ImageType": [
      "ORIGINAL",
      "PRIMARY",
      "M",
      "ND",
      "NORM"
    ],
    "MagneticFieldStrength": 3,
    "Manufacturer": "Siemens",
    "ManufacturersModelName": "Prisma_fit",
    "PhaseEncodingDirection": "i-",
    "ProcedureStepDescription": "Head_64ch_Mosra",
    "ProtocolName": "MPRAGE_iPAT2",
    "RepetitionTime": 2.25,
    "SequenceName": "_tfl3d1_16ns",
    "dataset": "ds002596",
    "modality": "T1w",
    "subject_id": "01"
  },
  "cjv": 0.3813413995232135,
  "cnr": 3.525369397624003,
  "efc": 0.545302970121103,
  "fber": 23761.740783691406,
  "fwhm_avg": 3.765653333333333,
  "fwhm_x": 3.88848,
  "fwhm_y": 3.86308,
  "fwhm_z": 3.5454,
  "icvs_csf": 0.21960297039810303,
  "icvs_gm": 0.4328884852266195,
  "icvs_wm": 0.3475085443752775,
  "inu_med": 0.5462266206741333,
  "inu_range": 0.266322262585163,
  "provenance": {
    "md5sum": "4ec80250a3887d50d63b437f49ca7c9a",
    "settings": {
      "testing": false
    },
    "software": "mriqc",
    "version": "22.0.1",
    "warnings": {
      "large_rot_frame": true,
      "small_air_mask": false
    },
    "webapi_port": null,
    "webapi_url": "https://mriqc.nimh.nih.gov/api/v1"
  },
  "qi_1": 0.00012200808478860696,
  "qi_2": 0.007698939507805212,
  "rpve_csf": 26.524504412829494,
  "rpve_gm": 13.796064512494302,
  "rpve_wm": 18.925645487006406,
  "size_x": 208,
  "size_y": 256,
  "size_z": 256,
  "snr_csf": 2.6959905917506055,
  "snr_gm": 13.907490017855018,
  "snr_total": 11.90474120542874,
  "snr_wm": 19.110743006680597,
  "snrd_csf": 29.64835092946979,
  "snrd_gm": 72.00519928253394,
  "snrd_total": 66.47401486125149,
  "snrd_wm": 97.76849437175078,
  "spacing_x": 1.0,
  "spacing_y": 1.0,
  "spacing_z": 1.0,
  "summary_bg_k": 16.309515102235032,
  "summary_bg_mad": 0.0,
  "summary_bg_mean": 4.186186520397998,
  "summary_bg_median": 0.0,
  "summary_bg_n": 4018809.0,
  "summary_bg_p05": 0.0,
  "summary_bg_p95": 16.419451758265495,
  "summary_bg_stdv": 6.701141815072521,
  "summary_csf_k": 3.2559437616321167,
  "summary_csf_mad": 94.03708611759724,
  "summary_csf_mean": 311.0242555546981,
  "summary_csf_median": 303.2617393285036,
  "summary_csf_n": 49328.0,
  "summary_csf_p05": 132.57323633134365,
  "summary_csf_p95": 508.04366575181484,
  "summary_csf_stdv": 112.48506070823532,
  "summary_gm_k": 0.3308796754962322,
  "summary_gm_mad": 50.382871619724874,
  "summary_gm_mean": 735.6273380078463,
  "summary_gm_median": 736.5138798803091,
  "summary_gm_n": 30600.0,
  "summary_gm_p05": 645.8932652324438,
  "summary_gm_p95": 820.4209681294858,
  "summary_gm_stdv": 52.957208259428064,
  "summary_wm_k": 0.3595386578916355,
  "summary_wm_mad": 50.1093489724951,
  "summary_wm_mean": 1000.5720043554005,
  "summary_wm_median": 1000.0368561893702,
  "summary_wm_n": 194914.0,
  "summary_wm_p05": 915.1722740679979,
  "summary_wm_p95": 1087.5580687075853,
  "summary_wm_stdv": 52.32838359597281,
  "tpm_overlap_csf": 0.1665228967805747,
  "tpm_overlap_gm": 0.4639511147079203,
  "tpm_overlap_wm": 0.5035675397878128,
  "wm2max": 0.5611705915428121
}