{
  "bids_meta": {
    "AcquisitionDateTime": "2017-05-26T10:44:8.187500",
    "ConversionSoftware": "dcm2niix",
    "ConversionSoftwareVersion": "v1.0.20170314",
    "EchoTime": 0.00306,
    "FlipAngle": 9,
    "ImageType": [
      "ORIGINAL",
      "PRIMARY",
      "M",
      "ND",
      "NORM"
    ],
    "MagneticFieldStrength": 3,
    "Manufacturer": "Siemens",
    "ManufacturersModelName": "Prisma_fit",
    "PhaseEncodingDirection": "i-",
    "ProcedureStepDescription": "Head_64ch_Mosra",
    "ProtocolName": "MPRAGE_iPAT2",
    "RepetitionTime": 2.25,
    "SequenceName": "_tfl3d1_16ns",
    "dataset": "ds002596",
    "modality": "T1w",
    "subject_id": "14"
  },
  "cjv": 0.3787214857603287,
  "cnr": 3.5697984418754367,
  "efc": 0.515676225266983,
  "fber": -1.0,
  "fwhm_avg": 4.014379540250395,
  "fwhm_x": 4.252268620751182,
  "fwhm_y": 4.01264,
  "fwhm_z": 3.77823,
  "icvs_csf": 0.21726492149060234,
  "icvs_gm": 0.4284386584801873,
  "icvs_wm": 0.35429642002921036,
  "inu_med": 0.46316197514533997,
  "inu_range": 0.19819436669349666,
  "provenance": {
    "md5sum": "fb277cbd34bb4679496e259f29c08866",
    "settings": {
      "testing": false
    },
    "software": "mriqc",
    "version": "22.0.1",
    "warnings": {
      "large_rot_frame": true,
      "small_air_mask": false
    },
    "webapi_port": null,
    "webapi_url": "https://mriqc.nimh.nih.gov/api/v1"
  },
  "qi_1": 2.731726562390459e-05,
  "qi_2": 0.008737764722759262,
  "rpve_csf": 29.58743826244786,
  "rpve_gm": 15.392808643595473,
  "rpve_wm": 20.947724305239003,
  "size_x": 208,
  "size_y": 256,
  "size_z": 256,
  "snr_csf": 2.5012813484663323,
  "snr_gm": 12.348726972059215,
  "snr_total": 12.64871021112578,
  "snr_wm": 23.096122312851787,
  "snrd_csf": 30.410545246549216,
  "snrd_gm": 77.3954002704763,
  "snrd_total": 70.98433333370663,
  "snrd_wm": 105.1470544840944,
  "spacing_x": 1.0001531839370728,
  "spacing_y": 1.0,
  "spacing_z": 1.0,
  "summary_bg_k": 17.372277490404905,
  "summary_bg_mad": 0.0,
  "summary_bg_mean": 2.7881411433197005,
  "summary_bg_median": 0.0,
  "summary_bg_n": 3890891.0,
  "summary_bg_p05": 0.0,
  "summary_bg_p95": 14.902894049882889,
  "summary_bg_stdv": 6.230668396973598,
  "summary_csf_k": 0.8055884917759286,
  "summary_csf_mad": 106.18558577495246,
  "summary_csf_mean": 301.6388020593655,
  "summary_csf_median": 289.2191964946687,
  "summary_csf_n": 49069.0,
  "summary_csf_p05": 134.68094144016504,
  "summary_csf_p95": 514.054719865322,
  "summary_csf_stdv": 115.62723625258998,
  "summary_gm_k": 0.007497335609438771,
  "summary_gm_mad": 59.23357524136805,
  "summary_gm_mean": 737.1155843421562,
  "summary_gm_median": 736.0682058520615,
  "summary_gm_n": 33299.0,
  "summary_gm_p05": 640.3052209746093,
  "summary_gm_p95": 838.0539417024701,
  "summary_gm_stdv": 59.60591363202464,
  "summary_wm_k": 0.3996433863389002,
  "summary_wm_mad": 40.72308297844054,
  "summary_wm_mean": 1000.8092753572291,
  "summary_wm_median": 1000.0000448897481,
  "summary_wm_n": 200358.0,
  "summary_wm_p05": 930.7570770569146,
  "summary_wm_p95": 1073.9992555044591,
  "summary_wm_stdv": 43.29720529740527,
  "tpm_overlap_csf": 0.14340091811908973,
  "tpm_overlap_gm": 0.4529940296399643,
  "tpm_overlap_wm": 0.5014614320464574,
  "wm2max": 0.4912765791728328
}