{
  "bids_meta": {
    "AcquisitionDateTime": "2016-10-04T93:02:4.343750",
    "ConversionSoftware": "dcm2niix",
    "ConversionSoftwareVersion": "v1.0.20170314",
    "EchoTime": 0.00306,
    "FlipAngle": 9,
    "ImageType": [
      "ORIGINAL",
      "PRIMARY",
      "M",
      "ND",
      "NORM"
    ],
    "MagneticFieldStrength": 3,
    "Manufacturer": "Siemens",
    "ManufacturersModelName": "Prisma_fit",
    "PhaseEncodingDirection": "i-",
    "ProcedureStepDescription": "Head_64ch_Mosra",
    "ProtocolName": "MPRAGE_iPAT2",
    "RepetitionTime": 2.25,
    "SequenceName": "_tfl3d1_16ns",
    "dataset": "ds002596",
    "modality": "T1w",
    "subject_id": "02"
  },
  "cjv": 0.3413028567527559,
  "cnr": 3.8623662572183823,
  "efc": 0.5254689924756984,
  "fber": -1.0,
  "fwhm_avg": 3.958128530234953,
  "fwhm_x": 4.263475590704858,
  "fwhm_y": 3.94477,
  "fwhm_z": 3.66614,
  "icvs_csf": 0.21694281082498923,
  "icvs_gm": 0.4393673615579483,
  "icvs_wm": 0.34368982761706246,
  "inu_med": 0.4541144371032715,
  "inu_range": 0.19484353363513945,
  "provenance": {
    "md5sum": "5e13a7158e912203a5e50ec8a2c9be59",
    "settings": {
      "testing": false
    },
    "software": "mriqc",
    "version": "22.0.1",
    "warnings": {
      "large_rot_frame": true,
      "small_air_mask": false
    },
    "webapi_port": null,
    "webapi_url": "https://mriqc.nimh.nih.gov/api/v1"
  },
  "qi_1": 6.700268126246914e-06,
  "qi_2": 0.011780137591265638,
  "rpve_csf": 27.977308184407114,
  "rpve_gm": 14.397457678700905,
  "rpve_wm": 20.57292518761904,
  "size_x": 208,
  "size_y": 256,
  "size_z": 256,
  "snr_csf": 2.678184618516507,
  "snr_gm": 13.240596055931993,
  "snr_total": 13.220834514572564,
  "snr_wm": 23.74372286926919,
  "snrd_csf": 32.09119393499075,
  "snrd_gm": 80.82442135213445,
  "snrd_total": 74.50122448129311,
  "snrd_wm": 110.58805815675414,
  "spacing_x": 0.9999986886978149,
  "spacing_y": 1.0,
  "spacing_z": 1.0,
  "summary_bg_k": 24.134089325352832,
  "summary_bg_mad": 0.0,
  "summary_bg_mean": 2.7029222300436846,
  "summary_bg_median": 0.0,
  "summary_bg_n": 4070625.0,
  "summary_bg_p05": 0.0,
  "summary_bg_p95": 12.990003246814013,
  "summary_bg_stdv": 5.924115514669648,
  "summary_csf_k": 1.3815115138936989,
  "summary_csf_mad": 92.83329248496,
  "summary_csf_mean": 299.775884061887,
  "summary_csf_median": 290.1868067085743,
  "summary_csf_n": 51063.0,
  "summary_csf_p05": 140.35780723392963,
  "summary_csf_p95": 495.81033658459705,
  "summary_csf_stdv": 108.35099388956411,
  "summary_gm_k": 0.346503954320712,
  "summary_gm_mad": 51.779914190665714,
  "summary_gm_mean": 730.7973486170903,
  "summary_gm_median": 730.8603345751762,
  "summary_gm_n": 37357.0,
  "summary_gm_p05": 639.3054762482643,
  "summary_gm_p95": 822.1849903129041,
  "summary_gm_stdv": 55.19770781583386,
  "summary_wm_k": 0.34032955704765566,
  "summary_wm_mad": 40.07823866735143,
  "summary_wm_mean": 1000.3226946702657,
  "summary_wm_median": 1000.0000474154949,
  "summary_wm_n": 206941.0,
  "summary_wm_p05": 931.3996758386493,
  "summary_wm_p95": 1070.6393562108278,
  "summary_wm_stdv": 42.11629476854835,
  "tpm_overlap_csf": 0.1608786636554963,
  "tpm_overlap_gm": 0.46418993940508035,
  "tpm_overlap_wm": 0.5174932514284366,
  "wm2max": 0.6626387594664975
}