{
  "aor": 0.0018911111111111114,
  "aqi": 0.003221394021164021,
  "bids_meta": {
    "AcquisitionDateTime": "2017-05-24T95:21:3.851562",
    "ConversionSoftware": "dcm2niix",
    "ConversionSoftwareVersion": "v1.0.20170314",
    "EchoTime": 0.026,
    "EffectiveEchoSpacing": 0.000489996,
    "FlipAngle": 80,
    "ImageType": [
      "ORIGINAL",
      "PRIMARY",
      "M",
      "ND",
      "NORM",
      "MOSAIC"
    ],
    "MagneticFieldStrength": 3,
    "Manufacturer": "Siemens",
    "ManufacturersModelName": "Prisma_fit",
    "PhaseEncodingDirection": "j-",
    "ProcedureStepDescription": "Head_64ch_Mosra",
    "ProtocolName": "bold_TR2_32_190_2",
    "RepetitionTime": 2,
    "SequenceName": "_epfid2d1_64",
    "SliceTiming": [
      0,
      0.06,
      0.12,
      0.18,
      0.24,
      0.3,
      0.36,
      0.42,
      0.48,
      0.54,
      0.6,
      0.66,
      0.72,
      0.78,
      0.84,
      0.9,
      0.96,
      1.02,
      1.08,
      1.14,
      1.2,
      1.26,
      1.32,
      1.38,
      1.44,
      1.5,
      1.56,
      1.62,
      1.68,
      1.74,
      1.8,
      1.86,
      1.92
    ],
    "TaskName": "d1-decoder_construction",
    "dataset": "ds002596",
    "modality": "bold",
    "run_id": 2,
    "subject_id": "07",
    "task_id": "d1"
  },
  "dummy_trs": 1,
  "dvars_nstd": 18.25826027031916,
  "dvars_std": 1.393707628776595,
  "dvars_vstd": 1.0200140253723398,
  "efc": 0.561939352605488,
  "fber": 5075.30078125,
  "fd_mean": 0.07154658331996203,
  "fd_num": 5,
  "fd_perc": 2.6455026455026456,
  "fwhm_avg": 1.713602277583276,
  "fwhm_x": 1.677178256459054,
  "fwhm_y": 1.870461076290774,
  "fwhm_z": 1.5931675,
  "gcor": 0.0412084,
  "gsr_x": 0.013303530402481556,
  "gsr_y": 0.02141186036169529,
  "provenance": {
    "md5sum": "2e326882dc30184607e7b11402cfeafa",
    "settings": {
      "fd_thres": 0.2,
      "testing": false
    },
    "software": "mriqc",
    "version": "22.0.1",
    "webapi_port": null,
    "webapi_url": "https://mriqc.nimh.nih.gov/api/v1"
  },
  "size_t": 189,
  "size_x": 64,
  "size_y": 64,
  "size_z": 33,
  "snr": 6.529897715210092,
  "spacing_tr": 2.0,
  "spacing_x": 3.203130006790161,
  "spacing_y": 3.203130006790161,
  "spacing_z": 4.0,
  "summary_bg_k": 10.655873446147723,
  "summary_bg_mad": 17.48529187711233,
  "summary_bg_mean": 73.6788330078125,
  "summary_bg_median": 13.952380180358887,
  "summary_bg_n": 75306.0,
  "summary_bg_p05": 1.3227512836456299,
  "summary_bg_p95": 393.90077209472656,
  "summary_bg_stdv": 139.21487426757812,
  "summary_fg_k": 2.677279581639807,
  "summary_fg_mad": 140.258839198906,
  "summary_fg_mean": 1021.8751831054688,
  "summary_fg_median": 1009.7354125976562,
  "summary_fg_n": 28531.0,
  "summary_fg_p05": 807.5158386230469,
  "summary_fg_p95": 1275.5343627929688,
  "summary_fg_stdv": 154.62994384765625,
  "tsnr": 112.03567983396351
}