{
  "aor": 0.01976560846560847,
  "aqi": 0.00957813095238095,
  "bids_meta": {
    "AcquisitionDateTime": "2017-05-24T10:07:51.976562",
    "ConversionSoftware": "dcm2niix",
    "ConversionSoftwareVersion": "v1.0.20170314",
    "EchoTime": 0.026,
    "EffectiveEchoSpacing": 0.000489996,
    "FlipAngle": 80,
    "ImageType": [
      "ORIGINAL",
      "PRIMARY",
      "M",
      "ND",
      "NORM",
      "MOSAIC"
    ],
    "MagneticFieldStrength": 3,
    "Manufacturer": "Siemens",
    "ManufacturersModelName": "Prisma_fit",
    "PhaseEncodingDirection": "j-",
    "ProcedureStepDescription": "Head_64ch_Mosra",
    "ProtocolName": "bold_TR2_32_190_4",
    "RepetitionTime": 2,
    "SequenceName": "_epfid2d1_64",
    "SliceTiming": [
      0,
      0.06,
      0.12,
      0.18,
      0.24,
      0.3,
      0.36,
      0.42,
      0.48,
      0.54,
      0.6,
      0.66,
      0.72,
      0.78,
      0.84,
      0.9,
      0.96,
      1.02,
      1.08,
      1.14,
      1.2,
      1.26,
      1.32,
      1.38,
      1.44,
      1.5,
      1.56,
      1.62,
      1.68,
      1.74,
      1.8,
      1.86,
      1.92
    ],
    "TaskName": "d1-decoder_construction",
    "dataset": "ds002596",
    "modality": "bold",
    "run_id": 4,
    "subject_id": "07",
    "task_id": "d1"
  },
  "dummy_trs": 1,
  "dvars_nstd": 21.737557233457444,
  "dvars_std": 1.294903588829788,
  "dvars_vstd": 1.065552286223404,
  "efc": 0.5631194901939964,
  "fber": 4829.2275390625,
  "fd_mean": 0.1548741863527186,
  "fd_num": 26,
  "fd_perc": 13.756613756613756,
  "fwhm_avg": 1.7282021319546133,
  "fwhm_x": 1.684468001162048,
  "fwhm_y": 1.8930108947017918,
  "fwhm_z": 1.6071275,
  "gcor": 0.0718047,
  "gsr_x": 0.01587875746190548,
  "gsr_y": 0.0202647652477026,
  "provenance": {
    "md5sum": "68a8c7b9186658a958a51e6e8e0beaf2",
    "settings": {
      "fd_thres": 0.2,
      "testing": false
    },
    "software": "mriqc",
    "version": "22.0.1",
    "webapi_port": null,
    "webapi_url": "https://mriqc.nimh.nih.gov/api/v1"
  },
  "size_t": 189,
  "size_x": 64,
  "size_y": 64,
  "size_z": 33,
  "snr": 6.536669507786844,
  "spacing_tr": 2.0,
  "spacing_x": 3.203130006790161,
  "spacing_y": 3.203130006790161,
  "spacing_z": 4.0,
  "summary_bg_k": 9.69485545381976,
  "summary_bg_mad": 17.78338078188922,
  "summary_bg_mean": 75.47718811035156,
  "summary_bg_median": 14.232803344726562,
  "summary_bg_n": 75384.0,
  "summary_bg_p05": 1.3809523582458496,
  "summary_bg_p95": 403.0899353027344,
  "summary_bg_stdv": 141.50811767578125,
  "summary_fg_k": 2.759368456318268,
  "summary_fg_mad": 139.16064214545239,
  "summary_fg_mean": 1020.5455932617188,
  "summary_fg_median": 1008.6824951171875,
  "summary_fg_n": 28467.0,
  "summary_fg_p05": 805.2237670898437,
  "summary_fg_p95": 1271.8649902343748,
  "summary_fg_stdv": 154.3086700439453,
  "tsnr": 60.84465392678976
}