{
  "aor": 0.004386263157894737,
  "aqi": 0.004817369842105264,
  "bids_meta": {
    "AcquisitionDateTime": "2017-05-24T94:44:2.648438",
    "ConversionSoftware": "dcm2niix",
    "ConversionSoftwareVersion": "v1.0.20170314",
    "EchoTime": 0.026,
    "EffectiveEchoSpacing": 0.000489996,
    "FlipAngle": 80,
    "ImageType": [
      "ORIGINAL",
      "PRIMARY",
      "M",
      "ND",
      "NORM",
      "MOSAIC"
    ],
    "MagneticFieldStrength": 3,
    "Manufacturer": "Siemens",
    "ManufacturersModelName": "Prisma_fit",
    "PhaseEncodingDirection": "j-",
    "ProcedureStepDescription": "Head_64ch_Mosra",
    "ProtocolName": "bold_TR2_32_190_1",
    "RepetitionTime": 2,
    "SequenceName": "_epfid2d1_64",
    "SliceTiming": [
      0,
      0.06,
      0.12,
      0.18,
      0.24,
      0.3,
      0.36,
      0.42,
      0.48,
      0.54,
      0.6,
      0.66,
      0.72,
      0.78,
      0.84,
      0.9,
      0.96,
      1.02,
      1.08,
      1.14,
      1.2,
      1.26,
      1.32,
      1.38,
      1.44,
      1.5,
      1.56,
      1.62,
      1.68,
      1.74,
      1.8,
      1.86,
      1.92
    ],
    "TaskName": "d1-decoder_construction",
    "dataset": "ds002596",
    "modality": "bold",
    "run_id": 1,
    "subject_id": "07",
    "task_id": "d1"
  },
  "dummy_trs": 0,
  "dvars_nstd": 17.640809705185188,
  "dvars_std": 1.2937148082539678,
  "dvars_vstd": 0.9904854264550268,
  "efc": 0.5609227233159398,
  "fber": 5209.36572265625,
  "fd_mean": 0.08406009829230948,
  "fd_num": 4,
  "fd_perc": 2.1052631578947367,
  "fwhm_avg": 1.710677008457673,
  "fwhm_x": 1.6701944624973417,
  "fwhm_y": 1.8712415628756773,
  "fwhm_z": 1.590595,
  "gcor": 0.0484201,
  "gsr_x": 0.013960152864456177,
  "gsr_y": 0.021053165197372437,
  "provenance": {
    "md5sum": "6d137e052815fd418ffc3f3a5f14c378",
    "settings": {
      "fd_thres": 0.2,
      "testing": false
    },
    "software": "mriqc",
    "version": "22.0.1",
    "webapi_port": null,
    "webapi_url": "https://mriqc.nimh.nih.gov/api/v1"
  },
  "size_t": 190,
  "size_x": 64,
  "size_y": 64,
  "size_z": 33,
  "snr": 6.563349571695144,
  "spacing_tr": 2.0,
  "spacing_x": 3.203130006790161,
  "spacing_y": 3.203130006790161,
  "spacing_z": 4.0,
  "summary_bg_k": 10.568320223266621,
  "summary_bg_mad": 17.25670984876549,
  "summary_bg_mean": 72.92155456542969,
  "summary_bg_median": 13.776315689086914,
  "summary_bg_n": 75338.0,
  "summary_bg_p05": 1.3315789699554443,
  "summary_bg_p95": 389.78369903564436,
  "summary_bg_stdv": 137.935302734375,
  "summary_fg_k": 2.751852506835931,
  "summary_fg_mad": 139.29049652677293,
  "summary_fg_mean": 1025.4053955078125,
  "summary_fg_median": 1012.9868774414062,
  "summary_fg_n": 28526.0,
  "summary_fg_p05": 810.5276794433594,
  "summary_fg_p95": 1278.536865234375,
  "summary_fg_stdv": 154.33721923828125,
  "tsnr": 89.63056669384241
}