{
  "aor": 0.006360846560846562,
  "aqi": 0.004496676613756614,
  "bids_meta": {
    "AcquisitionDateTime": "2017-05-25T93:31:7.085938",
    "ConversionSoftware": "dcm2niix",
    "ConversionSoftwareVersion": "v1.0.20170314",
    "EchoTime": 0.026,
    "EffectiveEchoSpacing": 0.000489996,
    "FlipAngle": 80,
    "ImageType": [
      "ORIGINAL",
      "PRIMARY",
      "M",
      "ND",
      "NORM",
      "MOSAIC"
    ],
    "MagneticFieldStrength": 3,
    "Manufacturer": "Siemens",
    "ManufacturersModelName": "Prisma_fit",
    "PhaseEncodingDirection": "j-",
    "ProcedureStepDescription": "Head_64ch_Mosra",
    "ProtocolName": "bold_TR2_32_190_2",
    "RepetitionTime": 2,
    "SequenceName": "_epfid2d1_64",
    "SliceTiming": [
      0,
      0.06,
      0.12,
      0.18,
      0.24,
      0.3,
      0.36,
      0.42,
      0.48,
      0.54,
      0.6,
      0.66,
      0.72,
      0.78,
      0.84,
      0.9,
      0.96,
      1.02,
      1.08,
      1.14,
      1.2,
      1.26,
      1.32,
      1.38,
      1.44,
      1.5,
      1.56,
      1.62,
      1.68,
      1.74,
      1.8,
      1.86,
      1.92
    ],
    "TaskName": "d2-adaptive_tcontrol",
    "dataset": "ds002596",
    "modality": "bold",
    "run_id": 2,
    "subject_id": "07",
    "task_id": "d2"
  },
  "dummy_trs": 1,
  "dvars_nstd": 23.755915053031913,
  "dvars_std": 1.4412465244148942,
  "dvars_vstd": 1.0563029391489362,
  "efc": 0.5626455465787219,
  "fber": 4947.34375,
  "fd_mean": 0.1645869011617623,
  "fd_num": 49,
  "fd_perc": 25.925925925925927,
  "fwhm_avg": 1.7411160879178913,
  "fwhm_x": 1.7163337074504679,
  "fwhm_y": 1.8988520563032063,
  "fwhm_z": 1.6081625,
  "gcor": 0.0776415,
  "gsr_x": 0.013026978820562363,
  "gsr_y": 0.024601593613624573,
  "provenance": {
    "md5sum": "2c984dc4b1927c7d3c862fb4b27e6512",
    "settings": {
      "fd_thres": 0.2,
      "testing": false
    },
    "software": "mriqc",
    "version": "22.0.1",
    "webapi_port": null,
    "webapi_url": "https://mriqc.nimh.nih.gov/api/v1"
  },
  "size_t": 189,
  "size_x": 64,
  "size_y": 64,
  "size_z": 33,
  "snr": 6.381670980583255,
  "spacing_tr": 2.0,
  "spacing_x": 3.203130006790161,
  "spacing_y": 3.203130006790161,
  "spacing_z": 4.0,
  "summary_bg_k": 10.137949918665777,
  "summary_bg_mad": 18.254049538709076,
  "summary_bg_mean": 76.42079162597656,
  "summary_bg_median": 14.518518447875977,
  "summary_bg_n": 75380.0,
  "summary_bg_p05": 1.3544973134994507,
  "summary_bg_p95": 400.0087188720705,
  "summary_bg_stdv": 141.1433563232422,
  "summary_fg_k": 2.4811221621837127,
  "summary_fg_mad": 146.73056438586178,
  "summary_fg_mean": 1041.0904541015625,
  "summary_fg_median": 1028.915283203125,
  "summary_fg_n": 28469.0,
  "summary_fg_p05": 813.7756225585938,
  "summary_fg_p95": 1306.6031249999999,
  "summary_fg_stdv": 161.2269287109375,
  "tsnr": 86.4402294838801
}