{
  "bids_meta": {
    "AcquisitionDateTime": "2017-05-26T16:19:19.750000",
    "ConversionSoftware": "dcm2niix",
    "ConversionSoftwareVersion": "v1.0.20170314",
    "EchoTime": 0.00306,
    "FlipAngle": 9,
    "ImageType": [
      "ORIGINAL",
      "PRIMARY",
      "M",
      "ND",
      "NORM"
    ],
    "MagneticFieldStrength": 3,
    "Manufacturer": "Siemens",
    "ManufacturersModelName": "Prisma_fit",
    "PhaseEncodingDirection": "i-",
    "ProcedureStepDescription": "Head_64ch_Mosra",
    "ProtocolName": "MPRAGE_iPAT2",
    "RepetitionTime": 2.25,
    "SequenceName": "_tfl3d1_16ns",
    "dataset": "ds002596",
    "modality": "T1w",
    "subject_id": "17"
  },
  "cjv": 0.35079427491427184,
  "cnr": 3.8054282459135167,
  "efc": 0.5234219727463174,
  "fber": -1.0,
  "fwhm_avg": 3.702150331673868,
  "fwhm_x": 3.8621209950216033,
  "fwhm_y": 3.83499,
  "fwhm_z": 3.40934,
  "icvs_csf": 0.18912931977961026,
  "icvs_gm": 0.46342403228975865,
  "icvs_wm": 0.34744664793063107,
  "inu_med": 0.49211832880973816,
  "inu_range": 0.20783177614212034,
  "provenance": {
    "md5sum": "1afe460b1d7cda75d19ebf8ef9bc19cb",
    "settings": {
      "testing": false
    },
    "software": "mriqc",
    "version": "22.0.1",
    "warnings": {
      "large_rot_frame": true,
      "small_air_mask": false
    },
    "webapi_port": null,
    "webapi_url": "https://mriqc.nimh.nih.gov/api/v1"
  },
  "qi_1": 0.00020082187011911706,
  "qi_2": 0.013712750075439597,
  "rpve_csf": 35.21138909944241,
  "rpve_gm": 15.563619327203574,
  "rpve_wm": 22.729444300956967,
  "size_x": 208,
  "size_y": 256,
  "size_z": 256,
  "snr_csf": 2.354686652946867,
  "snr_gm": 13.141398902276892,
  "snr_total": 12.666024577821473,
  "snr_wm": 22.501988178240655,
  "snrd_csf": 30.220767137821547,
  "snrd_gm": 71.06991701519564,
  "snrd_total": 66.28517343424711,
  "snrd_wm": 97.56483614972413,
  "spacing_x": 1.0005072355270386,
  "spacing_y": 1.0,
  "spacing_z": 1.0,
  "summary_bg_k": 26.940779217542932,
  "summary_bg_mad": 0.0,
  "summary_bg_mean": 3.199233052699302,
  "summary_bg_median": 0.0,
  "summary_bg_n": 3172779.0,
  "summary_bg_p05": 0.0,
  "summary_bg_p95": 15.803602244704962,
  "summary_bg_stdv": 6.714882341485638,
  "summary_csf_k": 0.42070430704341,
  "summary_csf_mad": 116.12519027073658,
  "summary_csf_mean": 314.7090380163346,
  "summary_csf_median": 309.75060399621725,
  "summary_csf_n": 22633.0,
  "summary_csf_p05": 86.2313814535737,
  "summary_csf_p95": 540.8901936486362,
  "summary_csf_stdv": 131.54351583696354,
  "summary_gm_k": 0.06804072631030511,
  "summary_gm_mad": 54.499882001025625,
  "summary_gm_mean": 728.924046278228,
  "summary_gm_median": 728.4378196299076,
  "summary_gm_n": 30297.0,
  "summary_gm_p05": 638.5867637991905,
  "summary_gm_p95": 820.6182831339538,
  "summary_gm_stdv": 55.42985212846514,
  "summary_wm_k": 0.6758997002541491,
  "summary_wm_mad": 40.762573699235894,
  "summary_wm_mean": 999.1631195731635,
  "summary_wm_median": 999.9999929964542,
  "summary_wm_n": 157063.0,
  "summary_wm_p05": 924.4024874642491,
  "summary_wm_p95": 1070.574983842671,
  "summary_wm_stdv": 44.440375740773725,
  "tpm_overlap_csf": 0.15711580831158176,
  "tpm_overlap_gm": 0.4702986130378271,
  "tpm_overlap_wm": 0.5014820959636238,
  "wm2max": 0.5028193237977053
}