{
  "aor": 0.0025407978723404256,
  "aqi": 0.006739095159574468,
  "bids_meta": {
    "AcquisitionDateTime": "2017-05-19T16:27:15.718750",
    "ConversionSoftware": "dcm2niix",
    "ConversionSoftwareVersion": "v1.0.20170314",
    "EchoTime": 0.026,
    "EffectiveEchoSpacing": 0.000489996,
    "FlipAngle": 80,
    "ImageType": [
      "ORIGINAL",
      "PRIMARY",
      "M",
      "ND",
      "NORM",
      "MOSAIC"
    ],
    "MagneticFieldStrength": 3,
    "Manufacturer": "Siemens",
    "ManufacturersModelName": "Prisma_fit",
    "PhaseEncodingDirection": "j-",
    "ProcedureStepDescription": "Head_64ch_Mosra",
    "ProtocolName": "bold_TR2_32_190_3",
    "RepetitionTime": 2,
    "SequenceName": "_epfid2d1_64",
    "SliceTiming": [
      0,
      0.06,
      0.12,
      0.18,
      0.24,
      0.3,
      0.36,
      0.42,
      0.48,
      0.54,
      0.6,
      0.66,
      0.72,
      0.78,
      0.84,
      0.9,
      0.96,
      1.02,
      1.08,
      1.14,
      1.2,
      1.26,
      1.32,
      1.38,
      1.44,
      1.5,
      1.56,
      1.62,
      1.68,
      1.74,
      1.8,
      1.86,
      1.92
    ],
    "TaskName": "d2-adaptive_tcontrol",
    "dataset": "ds002596",
    "modality": "bold",
    "run_id": 3,
    "subject_id": "03",
    "task_id": "d2"
  },
  "dummy_trs": 2,
  "dvars_nstd": 14.839716049465233,
  "dvars_std": 1.126581906631016,
  "dvars_vstd": 0.9676709081283423,
  "efc": 0.5841607993062347,
  "fber": 3961.182861328125,
  "fd_mean": 0.09976519409969571,
  "fd_num": 5,
  "fd_perc": 2.6595744680851063,
  "fwhm_avg": 1.7685824484282266,
  "fwhm_x": 1.7083446467674008,
  "fwhm_y": 1.9327001985172798,
  "fwhm_z": 1.6647025,
  "gcor": 0.0200416,
  "gsr_x": 0.024961186572909355,
  "gsr_y": 0.0350944846868515,
  "provenance": {
    "md5sum": "3f80e2fe8792afdb8bd623a679049c6d",
    "settings": {
      "fd_thres": 0.2,
      "testing": false
    },
    "software": "mriqc",
    "version": "22.0.1",
    "webapi_port": null,
    "webapi_url": "https://mriqc.nimh.nih.gov/api/v1"
  },
  "size_t": 188,
  "size_x": 64,
  "size_y": 64,
  "size_z": 33,
  "snr": 6.032960690681282,
  "spacing_tr": 2.0,
  "spacing_x": 3.203130006790161,
  "spacing_y": 3.203130006790161,
  "spacing_z": 4.0,
  "summary_bg_k": 13.172718575177143,
  "summary_bg_mad": 22.538707716516555,
  "summary_bg_mean": 76.6067123413086,
  "summary_bg_median": 16.904254913330078,
  "summary_bg_n": 69714.0,
  "summary_bg_p05": 0.9946808218955994,
  "summary_bg_p95": 373.6885406494128,
  "summary_bg_stdv": 140.52444458007812,
  "summary_fg_k": 1.2898773508462291,
  "summary_fg_mad": 182.6558874911973,
  "summary_fg_mean": 1121.621337890625,
  "summary_fg_median": 1108.79248046875,
  "summary_fg_n": 32702.0,
  "summary_fg_p05": 855.1598114013672,
  "summary_fg_p95": 1425.0714660644526,
  "summary_fg_stdv": 183.7863006591797,
  "tsnr": 79.89840847626328
}