{
  "aor": 0.0009602645502645501,
  "aqi": 0.0030065792592592596,
  "bids_meta": {
    "AcquisitionDateTime": "2017-05-17T16:22:50.218750",
    "ConversionSoftware": "dcm2niix",
    "ConversionSoftwareVersion": "v1.0.20170314",
    "EchoTime": 0.026,
    "EffectiveEchoSpacing": 0.000489996,
    "FlipAngle": 80,
    "ImageType": [
      "ORIGINAL",
      "PRIMARY",
      "M",
      "ND",
      "NORM",
      "MOSAIC"
    ],
    "MagneticFieldStrength": 3,
    "Manufacturer": "Siemens",
    "ManufacturersModelName": "Prisma_fit",
    "PhaseEncodingDirection": "j-",
    "ProcedureStepDescription": "Head_64ch_Mosra",
    "ProtocolName": "bold_TR2_32_190_1",
    "RepetitionTime": 2,
    "SequenceName": "_epfid2d1_64",
    "SliceTiming": [
      0,
      0.06,
      0.12,
      0.18,
      0.24,
      0.3,
      0.36,
      0.42,
      0.48,
      0.54,
      0.6,
      0.66,
      0.72,
      0.78,
      0.84,
      0.9,
      0.96,
      1.02,
      1.08,
      1.14,
      1.2,
      1.26,
      1.32,
      1.38,
      1.44,
      1.5,
      1.56,
      1.62,
      1.68,
      1.74,
      1.8,
      1.86,
      1.92
    ],
    "TaskName": "d1-decoder_construction",
    "dataset": "ds002596",
    "modality": "bold",
    "run_id": 1,
    "subject_id": "03",
    "task_id": "d1"
  },
  "dummy_trs": 1,
  "dvars_nstd": 14.835604424148938,
  "dvars_std": 1.2018383203723406,
  "dvars_vstd": 0.9889711722872335,
  "efc": 0.5846769549299379,
  "fber": 4110.51611328125,
  "fd_mean": 0.07551715030422619,
  "fd_num": 2,
  "fd_perc": 1.0582010582010581,
  "fwhm_avg": 1.680351518031283,
  "fwhm_x": 1.6193161030006846,
  "fwhm_y": 1.833528451093164,
  "fwhm_z": 1.58821,
  "gcor": 0.0490159,
  "gsr_x": 0.021761642768979073,
  "gsr_y": 0.03481119126081467,
  "provenance": {
    "md5sum": "3cd72ffd47202b10761221381b9d802b",
    "settings": {
      "fd_thres": 0.2,
      "testing": false
    },
    "software": "mriqc",
    "version": "22.0.1",
    "webapi_port": null,
    "webapi_url": "https://mriqc.nimh.nih.gov/api/v1"
  },
  "size_t": 189,
  "size_x": 64,
  "size_y": 64,
  "size_z": 33,
  "snr": 6.212613802675836,
  "spacing_tr": 2.0,
  "spacing_x": 3.203130006790161,
  "spacing_y": 3.203130006790161,
  "spacing_z": 4.0,
  "summary_bg_k": 14.65948527521397,
  "summary_bg_mad": 22.380233833934003,
  "summary_bg_mean": 76.34166717529297,
  "summary_bg_median": 16.94709014892578,
  "summary_bg_n": 69135.0,
  "summary_bg_p05": 1.0793650150299072,
  "summary_bg_p95": 360.6513153076176,
  "summary_bg_stdv": 143.58531188964844,
  "summary_fg_k": 1.7823935604173986,
  "summary_fg_mad": 177.62984425265734,
  "summary_fg_mean": 1149.6126708984375,
  "summary_fg_median": 1135.96826171875,
  "summary_fg_n": 32850.0,
  "summary_fg_p05": 888.9018035888672,
  "summary_fg_p95": 1452.5605895996093,
  "summary_fg_stdv": 182.8459014892578,
  "tsnr": 109.11603261111304
}