{
  "aor": 0.002892804232804232,
  "aqi": 0.0040679317989417985,
  "bids_meta": {
    "AcquisitionDateTime": "2017-05-24T16:24:3.281250",
    "ConversionSoftware": "dcm2niix",
    "ConversionSoftwareVersion": "v1.0.20170314",
    "EchoTime": 0.026,
    "EffectiveEchoSpacing": 0.000489996,
    "FlipAngle": 80,
    "ImageType": [
      "ORIGINAL",
      "PRIMARY",
      "M",
      "ND",
      "NORM",
      "MOSAIC"
    ],
    "MagneticFieldStrength": 3,
    "Manufacturer": "Siemens",
    "ManufacturersModelName": "Prisma_fit",
    "PhaseEncodingDirection": "j-",
    "ProcedureStepDescription": "Head_64ch_Mosra",
    "ProtocolName": "bold_TR2_32_190_2",
    "RepetitionTime": 2,
    "SequenceName": "_epfid2d1_64",
    "SliceTiming": [
      0,
      0.06,
      0.12,
      0.18,
      0.24,
      0.3,
      0.36,
      0.42,
      0.48,
      0.54,
      0.6,
      0.66,
      0.72,
      0.78,
      0.84,
      0.9,
      0.96,
      1.02,
      1.08,
      1.14,
      1.2,
      1.26,
      1.32,
      1.38,
      1.44,
      1.5,
      1.56,
      1.62,
      1.68,
      1.74,
      1.8,
      1.86,
      1.92
    ],
    "TaskName": "d1-decoder_construction",
    "dataset": "ds002596",
    "modality": "bold",
    "run_id": 2,
    "subject_id": "12",
    "task_id": "d1"
  },
  "dummy_trs": 1,
  "dvars_nstd": 19.837901176595743,
  "dvars_std": 1.424369360904256,
  "dvars_vstd": 1.0277862438829788,
  "efc": 0.5348205822264619,
  "fber": 7283.6787109375,
  "fd_mean": 0.12783795058950564,
  "fd_num": 12,
  "fd_perc": 6.349206349206349,
  "fwhm_avg": 1.787876402197344,
  "fwhm_x": 1.7839706748981627,
  "fwhm_y": 1.9145960316938695,
  "fwhm_z": 1.6650625,
  "gcor": 0.019159,
  "gsr_x": 0.01105059590190649,
  "gsr_y": 0.033100102096796036,
  "provenance": {
    "md5sum": "335d12eb508d23f5f821dc1d8a4d2ca4",
    "settings": {
      "fd_thres": 0.2,
      "testing": false
    },
    "software": "mriqc",
    "version": "22.0.1",
    "webapi_port": null,
    "webapi_url": "https://mriqc.nimh.nih.gov/api/v1"
  },
  "size_t": 189,
  "size_x": 64,
  "size_y": 64,
  "size_z": 33,
  "snr": 6.806985151709292,
  "spacing_tr": 2.0,
  "spacing_x": 3.203130006790161,
  "spacing_y": 3.203130006790161,
  "spacing_z": 4.0,
  "summary_bg_k": 13.687429506491352,
  "summary_bg_mad": 15.171177647382974,
  "summary_bg_mean": 61.264923095703125,
  "summary_bg_median": 11.873015403747559,
  "summary_bg_n": 77991.0,
  "summary_bg_p05": 1.0423280000686646,
  "summary_bg_p95": 314.09523010253906,
  "summary_bg_stdv": 119.72525787353516,
  "summary_fg_k": 1.7496195622699675,
  "summary_fg_mad": 144.45182359811716,
  "summary_fg_mean": 1038.9534912109375,
  "summary_fg_median": 1032.671875,
  "summary_fg_n": 26298.0,
  "summary_fg_p05": 814.756039428711,
  "summary_fg_p95": 1289.107611083984,
  "summary_fg_stdv": 151.7047882080078,
  "tsnr": 105.80497011728585
}