{
  "aor": 0.003279047619047619,
  "aqi": 0.008084877037037037,
  "bids_meta": {
    "AcquisitionDateTime": "2017-05-24T16:53:21.187500",
    "ConversionSoftware": "dcm2niix",
    "ConversionSoftwareVersion": "v1.0.20170314",
    "EchoTime": 0.026,
    "EffectiveEchoSpacing": 0.000489996,
    "FlipAngle": 80,
    "ImageType": [
      "ORIGINAL",
      "PRIMARY",
      "M",
      "ND",
      "NORM",
      "MOSAIC"
    ],
    "MagneticFieldStrength": 3,
    "Manufacturer": "Siemens",
    "ManufacturersModelName": "Prisma_fit",
    "PhaseEncodingDirection": "j-",
    "ProcedureStepDescription": "Head_64ch_Mosra",
    "ProtocolName": "bold_TR2_32_190_6",
    "RepetitionTime": 2,
    "SequenceName": "_epfid2d1_64",
    "SliceTiming": [
      0,
      0.06,
      0.12,
      0.1775,
      0.2375,
      0.2975,
      0.3575,
      0.4175,
      0.4775,
      0.5375,
      0.5975,
      0.6575,
      0.7175,
      0.7775,
      0.8375,
      0.8975,
      0.9575,
      1.0175,
      1.0775,
      1.1375,
      1.1975,
      1.2575,
      1.3175,
      1.3775,
      1.4375,
      1.4975,
      1.5575,
      1.6175,
      1.6775,
      1.7375,
      1.7975,
      1.8575,
      1.9175
    ],
    "TaskName": "d1-decoder_construction",
    "dataset": "ds002596",
    "modality": "bold",
    "run_id": 6,
    "subject_id": "12",
    "task_id": "d1"
  },
  "dummy_trs": 1,
  "dvars_nstd": 25.291659344893613,
  "dvars_std": 1.3595783876595744,
  "dvars_vstd": 0.9960403431382976,
  "efc": 0.5397818140985942,
  "fber": 6055.92236328125,
  "fd_mean": 0.21959244449217735,
  "fd_num": 76,
  "fd_perc": 40.21164021164021,
  "fwhm_avg": 1.7620866124272148,
  "fwhm_x": 1.7606591015802795,
  "fwhm_y": 1.8855057357013647,
  "fwhm_z": 1.640095,
  "gcor": 0.0230824,
  "gsr_x": 0.01037147268652916,
  "gsr_y": 0.032521024346351624,
  "provenance": {
    "md5sum": "ae50fd475f8dfe7ecc1b59bcb808e908",
    "settings": {
      "fd_thres": 0.2,
      "testing": false
    },
    "software": "mriqc",
    "version": "22.0.1",
    "webapi_port": null,
    "webapi_url": "https://mriqc.nimh.nih.gov/api/v1"
  },
  "size_t": 189,
  "size_x": 64,
  "size_y": 64,
  "size_z": 33,
  "snr": 6.82361927737098,
  "spacing_tr": 2.0,
  "spacing_x": 3.203130006790161,
  "spacing_y": 3.203130006790161,
  "spacing_z": 4.0,
  "summary_bg_k": 11.587867321441948,
  "summary_bg_mad": 16.740069261690188,
  "summary_bg_mean": 64.82186126708984,
  "summary_bg_median": 12.957671165466309,
  "summary_bg_n": 78127.0,
  "summary_bg_p05": 1.0317460298538208,
  "summary_bg_p95": 330.4222137451171,
  "summary_bg_stdv": 121.83104705810547,
  "summary_fg_k": 1.7563343745589322,
  "summary_fg_mad": 142.09435576385764,
  "summary_fg_mean": 1034.1219482421875,
  "summary_fg_median": 1026.671875,
  "summary_fg_n": 26273.0,
  "summary_fg_p05": 812.6528686523437,
  "summary_fg_p95": 1286.3364501953124,
  "summary_fg_stdv": 150.4556884765625,
  "tsnr": 79.85089955572039
}