{
  "aor": 0.003815478723404256,
  "aqi": 0.005169923510638297,
  "bids_meta": {
    "AcquisitionDateTime": "2017-05-24T16:16:47.546875",
    "ConversionSoftware": "dcm2niix",
    "ConversionSoftwareVersion": "v1.0.20170314",
    "EchoTime": 0.026,
    "EffectiveEchoSpacing": 0.000489996,
    "FlipAngle": 80,
    "ImageType": [
      "ORIGINAL",
      "PRIMARY",
      "M",
      "ND",
      "NORM",
      "MOSAIC"
    ],
    "MagneticFieldStrength": 3,
    "Manufacturer": "Siemens",
    "ManufacturersModelName": "Prisma_fit",
    "PhaseEncodingDirection": "j-",
    "ProcedureStepDescription": "Head_64ch_Mosra",
    "ProtocolName": "bold_TR2_32_190_1",
    "RepetitionTime": 2,
    "SequenceName": "_epfid2d1_64",
    "SliceTiming": [
      0,
      0.06,
      0.12,
      0.18,
      0.24,
      0.3,
      0.36,
      0.42,
      0.48,
      0.54,
      0.6,
      0.66,
      0.72,
      0.78,
      0.84,
      0.9,
      0.96,
      1.02,
      1.08,
      1.14,
      1.2,
      1.26,
      1.32,
      1.38,
      1.44,
      1.5,
      1.56,
      1.62,
      1.68,
      1.74,
      1.8,
      1.86,
      1.92
    ],
    "TaskName": "d1-decoder_construction",
    "dataset": "ds002596",
    "modality": "bold",
    "run_id": 1,
    "subject_id": "12",
    "task_id": "d1"
  },
  "dummy_trs": 2,
  "dvars_nstd": 21.206300929358285,
  "dvars_std": 1.4405242764705881,
  "dvars_vstd": 1.011782600213904,
  "efc": 0.5332839751872809,
  "fber": 8215.1533203125,
  "fd_mean": 0.143597311073459,
  "fd_num": 18,
  "fd_perc": 9.574468085106384,
  "fwhm_avg": 1.7772308064709594,
  "fwhm_x": 1.7723351808904284,
  "fwhm_y": 1.8993047385224497,
  "fwhm_z": 1.6600525,
  "gcor": 0.0259351,
  "gsr_x": 0.011708946898579597,
  "gsr_y": 0.03316252678632736,
  "provenance": {
    "md5sum": "18e0cc4b8b093e5ea925cd61783b3c7b",
    "settings": {
      "fd_thres": 0.2,
      "testing": false
    },
    "software": "mriqc",
    "version": "22.0.1",
    "webapi_port": null,
    "webapi_url": "https://mriqc.nimh.nih.gov/api/v1"
  },
  "size_t": 188,
  "size_x": 64,
  "size_y": 64,
  "size_z": 33,
  "snr": 6.895879611193169,
  "spacing_tr": 2.0,
  "spacing_x": 3.203130006790161,
  "spacing_y": 3.203130006790161,
  "spacing_z": 4.0,
  "summary_bg_k": 14.132129556322361,
  "summary_bg_mad": 14.392282181843846,
  "summary_bg_mean": 60.00833511352539,
  "summary_bg_median": 11.25,
  "summary_bg_n": 77939.0,
  "summary_bg_p05": 1.0053191184997559,
  "summary_bg_p95": 307.43722229003896,
  "summary_bg_stdv": 118.2624740600586,
  "summary_fg_k": 1.7592301439655458,
  "summary_fg_mad": 141.78569144700444,
  "summary_fg_mean": 1042.223876953125,
  "summary_fg_median": 1035.60107421875,
  "summary_fg_n": 26287.0,
  "summary_fg_p05": 820.2116638183594,
  "summary_fg_p95": 1289.9706787109374,
  "summary_fg_stdv": 150.17393493652344,
  "tsnr": 91.3406145926565
}