{
  "aor": 0.005331382978723404,
  "aqi": 0.014201237819148935,
  "bids_meta": {
    "AcquisitionDateTime": "2017-05-25T10:46:4.218750",
    "ConversionSoftware": "dcm2niix",
    "ConversionSoftwareVersion": "v1.0.20170314",
    "EchoTime": 0.026,
    "EffectiveEchoSpacing": 0.000489996,
    "FlipAngle": 80,
    "ImageType": [
      "ORIGINAL",
      "PRIMARY",
      "M",
      "ND",
      "NORM",
      "MOSAIC"
    ],
    "MagneticFieldStrength": 3,
    "Manufacturer": "Siemens",
    "ManufacturersModelName": "Prisma_fit",
    "PhaseEncodingDirection": "j-",
    "ProcedureStepDescription": "Head_64ch_Mosra",
    "ProtocolName": "bold_TR2_32_190_2",
    "RepetitionTime": 2,
    "SequenceName": "_epfid2d1_64",
    "SliceTiming": [
      0,
      0.06,
      0.12,
      0.18,
      0.24,
      0.3,
      0.36,
      0.42,
      0.48,
      0.54,
      0.6,
      0.66,
      0.72,
      0.78,
      0.84,
      0.9,
      0.96,
      1.02,
      1.08,
      1.14,
      1.2,
      1.26,
      1.32,
      1.38,
      1.44,
      1.5,
      1.56,
      1.62,
      1.68,
      1.74,
      1.8,
      1.86,
      1.92
    ],
    "TaskName": "d2-adaptive_tcontrol",
    "dataset": "ds002596",
    "modality": "bold",
    "run_id": 2,
    "subject_id": "12",
    "task_id": "d2"
  },
  "dummy_trs": 2,
  "dvars_nstd": 25.363839114171125,
  "dvars_std": 1.2647480122459887,
  "dvars_vstd": 0.9299133784491976,
  "efc": 0.5344928911357302,
  "fber": 7232.16064453125,
  "fd_mean": 0.21919753941052703,
  "fd_num": 63,
  "fd_perc": 33.51063829787234,
  "fwhm_avg": 1.7704194100536481,
  "fwhm_x": 1.760615394331525,
  "fwhm_y": 1.891665335829419,
  "fwhm_z": 1.6589775,
  "gcor": 0.0190101,
  "gsr_x": 0.010197305120527744,
  "gsr_y": 0.03444014489650726,
  "provenance": {
    "md5sum": "5c754bddeff6288a800f6f0dd34de44b",
    "settings": {
      "fd_thres": 0.2,
      "testing": false
    },
    "software": "mriqc",
    "version": "22.0.1",
    "webapi_port": null,
    "webapi_url": "https://mriqc.nimh.nih.gov/api/v1"
  },
  "size_t": 188,
  "size_x": 64,
  "size_y": 64,
  "size_z": 33,
  "snr": 6.973734558905085,
  "spacing_tr": 2.0,
  "spacing_x": 3.203130006790161,
  "spacing_y": 3.203130006790161,
  "spacing_z": 4.0,
  "summary_bg_k": 15.229224013879424,
  "summary_bg_mad": 14.486916354722505,
  "summary_bg_mean": 58.784671783447266,
  "summary_bg_median": 11.430850982666016,
  "summary_bg_n": 78108.0,
  "summary_bg_p05": 1.079787254333496,
  "summary_bg_p95": 294.7760589599608,
  "summary_bg_stdv": 116.45654296875,
  "summary_fg_k": 1.6404707163305376,
  "summary_fg_mad": 134.97987401207976,
  "summary_fg_mean": 1001.1524658203125,
  "summary_fg_median": 994.5425415039062,
  "summary_fg_n": 26177.0,
  "summary_fg_p05": 791.4850708007813,
  "summary_fg_p95": 1236.675537109375,
  "summary_fg_stdv": 142.60989379882812,
  "tsnr": 57.01220867689699
}