{
  "aor": 0.007130423280423281,
  "aqi": 0.014973525343915342,
  "bids_meta": {
    "AcquisitionDateTime": "2017-05-25T10:53:18.218750",
    "ConversionSoftware": "dcm2niix",
    "ConversionSoftwareVersion": "v1.0.20170314",
    "EchoTime": 0.026,
    "EffectiveEchoSpacing": 0.000489996,
    "FlipAngle": 80,
    "ImageType": [
      "ORIGINAL",
      "PRIMARY",
      "M",
      "ND",
      "NORM",
      "MOSAIC"
    ],
    "MagneticFieldStrength": 3,
    "Manufacturer": "Siemens",
    "ManufacturersModelName": "Prisma_fit",
    "PhaseEncodingDirection": "j-",
    "ProcedureStepDescription": "Head_64ch_Mosra",
    "ProtocolName": "bold_TR2_32_190_3",
    "RepetitionTime": 2,
    "SequenceName": "_epfid2d1_64",
    "SliceTiming": [
      0,
      0.06,
      0.12,
      0.18,
      0.24,
      0.3,
      0.36,
      0.42,
      0.48,
      0.54,
      0.6,
      0.66,
      0.72,
      0.78,
      0.84,
      0.9,
      0.96,
      1.02,
      1.08,
      1.14,
      1.2,
      1.26,
      1.32,
      1.38,
      1.44,
      1.5,
      1.56,
      1.62,
      1.68,
      1.74,
      1.8,
      1.86,
      1.92
    ],
    "TaskName": "d2-adaptive_tcontrol",
    "dataset": "ds002596",
    "modality": "bold",
    "run_id": 3,
    "subject_id": "12",
    "task_id": "d2"
  },
  "dummy_trs": 1,
  "dvars_nstd": 28.385147962446798,
  "dvars_std": 1.3405067676063822,
  "dvars_vstd": 1.0345558309042548,
  "efc": 0.5365620664570181,
  "fber": 6420.58203125,
  "fd_mean": 0.35248871017106104,
  "fd_num": 128,
  "fd_perc": 67.72486772486772,
  "fwhm_avg": 1.7648623998330912,
  "fwhm_x": 1.7559605723391636,
  "fwhm_y": 1.8769266271601108,
  "fwhm_z": 1.6617,
  "gcor": 0.019162,
  "gsr_x": 0.010225318372249603,
  "gsr_y": 0.03212043270468712,
  "provenance": {
    "md5sum": "4edf13511fd5834f15e9e197a50532ab",
    "settings": {
      "fd_thres": 0.2,
      "testing": false
    },
    "software": "mriqc",
    "version": "22.0.1",
    "webapi_port": null,
    "webapi_url": "https://mriqc.nimh.nih.gov/api/v1"
  },
  "size_t": 189,
  "size_x": 64,
  "size_y": 64,
  "size_z": 33,
  "snr": 6.916691796071108,
  "spacing_tr": 2.0,
  "spacing_x": 3.203130006790161,
  "spacing_y": 3.203130006790161,
  "spacing_z": 4.0,
  "summary_bg_k": 14.037792464537798,
  "summary_bg_mad": 15.226089338151208,
  "summary_bg_mean": 60.073516845703125,
  "summary_bg_median": 12.037036895751953,
  "summary_bg_n": 78077.0,
  "summary_bg_p05": 1.111111044883728,
  "summary_bg_p95": 302.8846435546874,
  "summary_bg_stdv": 117.3120346069336,
  "summary_fg_k": 1.7392560278179783,
  "summary_fg_mad": 135.27767942596537,
  "summary_fg_mean": 999.1100463867188,
  "summary_fg_median": 993.3121337890625,
  "summary_fg_n": 26283.0,
  "summary_fg_p05": 787.9883422851562,
  "summary_fg_p95": 1233.803137207031,
  "summary_fg_stdv": 143.60813903808594,
  "tsnr": 52.65293055400252
}