{
  "bids_meta": {
    "AcquisitionDateTime": "2017-05-30T92:01:9.906250",
    "ConversionSoftware": "dcm2niix",
    "ConversionSoftwareVersion": "v1.0.20170314",
    "EchoTime": 0.00306,
    "FlipAngle": 9,
    "ImageType": [
      "ORIGINAL",
      "PRIMARY",
      "M",
      "ND",
      "NORM"
    ],
    "MagneticFieldStrength": 3,
    "Manufacturer": "Siemens",
    "ManufacturersModelName": "Prisma_fit",
    "PhaseEncodingDirection": "i-",
    "ProcedureStepDescription": "Head_64ch_Mosra",
    "ProtocolName": "MPRAGE_iPAT2",
    "RepetitionTime": 2.25,
    "SequenceName": "_tfl3d1_16ns",
    "dataset": "ds002596",
    "modality": "T1w",
    "subject_id": "18"
  },
  "cjv": 0.35775171757319607,
  "cnr": 3.802609970004479,
  "efc": 0.5303293024665393,
  "fber": -1.0,
  "fwhm_avg": 4.051669664617909,
  "fwhm_x": 4.172218993853726,
  "fwhm_y": 4.10566,
  "fwhm_z": 3.87713,
  "icvs_csf": 0.18356493978883345,
  "icvs_gm": 0.43807574306085156,
  "icvs_wm": 0.37835931715031496,
  "inu_med": 0.43488307297229767,
  "inu_range": 0.17270031273365022,
  "provenance": {
    "md5sum": "587586871bc78df7a328f492a5973c4b",
    "settings": {
      "testing": false
    },
    "software": "mriqc",
    "version": "22.0.1",
    "warnings": {
      "large_rot_frame": true,
      "small_air_mask": false
    },
    "webapi_port": null,
    "webapi_url": "https://mriqc.nimh.nih.gov/api/v1"
  },
  "qi_1": 0.0004313612679746576,
  "qi_2": 0.014090514250468695,
  "rpve_csf": 33.9142540646239,
  "rpve_gm": 15.342089873527176,
  "rpve_wm": 20.203305844260388,
  "size_x": 208,
  "size_y": 256,
  "size_z": 256,
  "snr_csf": 2.4178861001452825,
  "snr_gm": 12.808836209888351,
  "snr_total": 13.69491845595033,
  "snr_wm": 25.85803305781735,
  "snrd_csf": 37.08625676045198,
  "snrd_gm": 88.65046954683423,
  "snrd_total": 82.07004816902158,
  "snrd_wm": 120.47341819977851,
  "spacing_x": 0.9999091625213623,
  "spacing_y": 1.0,
  "spacing_z": 1.0,
  "summary_bg_k": 16.161670153172828,
  "summary_bg_mad": 0.0,
  "summary_bg_mean": 2.7511683883781166,
  "summary_bg_median": 0.0,
  "summary_bg_n": 3366755.0,
  "summary_bg_p05": 0.0,
  "summary_bg_p95": 13.581038028001785,
  "summary_bg_stdv": 5.438190477850305,
  "summary_csf_k": 0.5925311911480597,
  "summary_csf_mad": 116.39519857647332,
  "summary_csf_mean": 308.9983522779799,
  "summary_csf_median": 307.84753888472915,
  "summary_csf_n": 27302.0,
  "summary_csf_p05": 96.57431298661977,
  "summary_csf_p95": 526.0410083346069,
  "summary_csf_stdv": 127.31861149055808,
  "summary_gm_k": -0.020490748927525892,
  "summary_gm_mad": 57.793943968816,
  "summary_gm_mean": 738.1891954331566,
  "summary_gm_median": 735.8744520172477,
  "summary_gm_n": 42101.0,
  "summary_gm_p05": 647.7258278355002,
  "summary_gm_p95": 835.361961722374,
  "summary_gm_stdv": 57.449849503367524,
  "summary_wm_k": 0.5700273375331819,
  "summary_wm_mad": 36.70888963672537,
  "summary_wm_mean": 1000.2699276528554,
  "summary_wm_median": 1000.0320478118956,
  "summary_wm_n": 212293.0,
  "summary_wm_p05": 937.6041159331799,
  "summary_wm_p95": 1063.4849636927247,
  "summary_wm_stdv": 38.67385002804233,
  "tpm_overlap_csf": 0.15182606307258686,
  "tpm_overlap_gm": 0.468911242968807,
  "tpm_overlap_wm": 0.5164035760654457,
  "wm2max": 0.631199078098781
}