{
  "aor": 0.0010713227513227514,
  "aqi": 0.0044158794179894175,
  "bids_meta": {
    "AcquisitionDateTime": "2017-05-23T11:10:32.789062",
    "ConversionSoftware": "dcm2niix",
    "ConversionSoftwareVersion": "v1.0.20170314",
    "EchoTime": 0.026,
    "EffectiveEchoSpacing": 0.000489996,
    "FlipAngle": 80,
    "ImageType": [
      "ORIGINAL",
      "PRIMARY",
      "M",
      "ND",
      "NORM",
      "MOSAIC"
    ],
    "MagneticFieldStrength": 3,
    "Manufacturer": "Siemens",
    "ManufacturersModelName": "Prisma_fit",
    "PhaseEncodingDirection": "j-",
    "ProcedureStepDescription": "Head_64ch_Mosra",
    "ProtocolName": "bold_TR2_32_190_3",
    "RepetitionTime": 2,
    "SequenceName": "_epfid2d1_64",
    "SliceTiming": [
      0,
      0.06,
      0.12,
      0.18,
      0.24,
      0.3,
      0.36,
      0.42,
      0.48,
      0.54,
      0.6,
      0.66,
      0.72,
      0.78,
      0.84,
      0.9,
      0.96,
      1.02,
      1.08,
      1.14,
      1.2,
      1.26,
      1.32,
      1.38,
      1.44,
      1.5,
      1.56,
      1.62,
      1.68,
      1.74,
      1.8,
      1.86,
      1.92
    ],
    "TaskName": "d2-adaptive_tcontrol",
    "dataset": "ds002596",
    "modality": "bold",
    "run_id": 3,
    "subject_id": "05",
    "task_id": "d2"
  },
  "dummy_trs": 1,
  "dvars_nstd": 20.410153124893615,
  "dvars_std": 1.3930993007446808,
  "dvars_vstd": 1.0066803157446802,
  "efc": 0.5447900918443014,
  "fber": 6872.1953125,
  "fd_mean": 0.11984429370931081,
  "fd_num": 12,
  "fd_perc": 6.349206349206349,
  "fwhm_avg": 1.7002662626809333,
  "fwhm_x": 1.687711703408905,
  "fwhm_y": 1.8183120846338952,
  "fwhm_z": 1.594775,
  "gcor": 0.0494467,
  "gsr_x": 0.005993271712213755,
  "gsr_y": 0.03069685585796833,
  "provenance": {
    "md5sum": "7bfa751358989990336f9926f7d33097",
    "settings": {
      "fd_thres": 0.2,
      "testing": false
    },
    "software": "mriqc",
    "version": "22.0.1",
    "webapi_port": null,
    "webapi_url": "https://mriqc.nimh.nih.gov/api/v1"
  },
  "size_t": 189,
  "size_x": 64,
  "size_y": 64,
  "size_z": 33,
  "snr": 6.4730419019859315,
  "spacing_tr": 2.0,
  "spacing_x": 3.203130006790161,
  "spacing_y": 3.203130006790161,
  "spacing_z": 4.0,
  "summary_bg_k": 15.272700964927854,
  "summary_bg_mad": 14.582843026907835,
  "summary_bg_mean": 62.46607208251953,
  "summary_bg_median": 11.708993911743164,
  "summary_bg_n": 77042.0,
  "summary_bg_p05": 1.3121693134307861,
  "summary_bg_p95": 319.173533630371,
  "summary_bg_stdv": 121.95092010498047,
  "summary_fg_k": 1.4138615459889081,
  "summary_fg_mad": 150.79396587632658,
  "summary_fg_mean": 999.873291015625,
  "summary_fg_median": 992.8809204101562,
  "summary_fg_n": 27036.0,
  "summary_fg_p05": 777.2790679931641,
  "summary_fg_p95": 1253.2962951660156,
  "summary_fg_stdv": 153.3842315673828,
  "tsnr": 102.49760890007019
}