{
  "aor": 0.0009629100529100528,
  "aqi": 0.0042309323809523805,
  "bids_meta": {
    "AcquisitionDateTime": "2017-05-23T11:32:43.843750",
    "ConversionSoftware": "dcm2niix",
    "ConversionSoftwareVersion": "v1.0.20170314",
    "EchoTime": 0.026,
    "EffectiveEchoSpacing": 0.000489996,
    "FlipAngle": 80,
    "ImageType": [
      "ORIGINAL",
      "PRIMARY",
      "M",
      "ND",
      "NORM",
      "MOSAIC"
    ],
    "MagneticFieldStrength": 3,
    "Manufacturer": "Siemens",
    "ManufacturersModelName": "Prisma_fit",
    "PhaseEncodingDirection": "j-",
    "ProcedureStepDescription": "Head_64ch_Mosra",
    "ProtocolName": "bold_TR2_32_190_6",
    "RepetitionTime": 2,
    "SequenceName": "_epfid2d1_64",
    "SliceTiming": [
      0,
      0.06,
      0.12,
      0.18,
      0.24,
      0.3,
      0.36,
      0.42,
      0.48,
      0.54,
      0.6,
      0.66,
      0.72,
      0.78,
      0.84,
      0.9,
      0.96,
      1.02,
      1.08,
      1.14,
      1.2,
      1.26,
      1.32,
      1.38,
      1.44,
      1.5,
      1.56,
      1.62,
      1.68,
      1.74,
      1.8,
      1.86,
      1.92
    ],
    "TaskName": "d2-adaptive_tcontrol",
    "dataset": "ds002596",
    "modality": "bold",
    "run_id": 6,
    "subject_id": "05",
    "task_id": "d2"
  },
  "dummy_trs": 1,
  "dvars_nstd": 20.106578547765942,
  "dvars_std": 1.3866449974999993,
  "dvars_vstd": 1.0076727804255323,
  "efc": 0.5465258428859631,
  "fber": 6454.1220703125,
  "fd_mean": 0.11911868978366612,
  "fd_num": 7,
  "fd_perc": 3.7037037037037037,
  "fwhm_avg": 1.702060846382741,
  "fwhm_x": 1.6809839090470409,
  "fwhm_y": 1.828233630101182,
  "fwhm_z": 1.596965,
  "gcor": 0.0553994,
  "gsr_x": 0.0074921599589288235,
  "gsr_y": 0.029728354886174202,
  "provenance": {
    "md5sum": "6c586c7d06b45c5fbacc1d1020855bbb",
    "settings": {
      "fd_thres": 0.2,
      "testing": false
    },
    "software": "mriqc",
    "version": "22.0.1",
    "webapi_port": null,
    "webapi_url": "https://mriqc.nimh.nih.gov/api/v1"
  },
  "size_t": 189,
  "size_x": 64,
  "size_y": 64,
  "size_z": 33,
  "snr": 6.427948385182549,
  "spacing_tr": 2.0,
  "spacing_x": 3.203130006790161,
  "spacing_y": 3.203130006790161,
  "spacing_z": 4.0,
  "summary_bg_k": 14.164919165536975,
  "summary_bg_mad": 14.896621314421285,
  "summary_bg_mean": 63.665489196777344,
  "summary_bg_median": 11.947089195251465,
  "summary_bg_n": 77023.0,
  "summary_bg_p05": 1.3333332538604736,
  "summary_bg_p95": 326.25554199218726,
  "summary_bg_stdv": 123.22315979003906,
  "summary_fg_k": 1.4323779598885773,
  "summary_fg_mad": 150.00959111863577,
  "summary_fg_mean": 990.7219848632812,
  "summary_fg_median": 983.529052734375,
  "summary_fg_n": 26978.0,
  "summary_fg_p05": 768.4859588623046,
  "summary_fg_p95": 1243.2216796875,
  "summary_fg_stdv": 153.00540161132812,
  "tsnr": 107.76535618351772
}