{
  "bids_meta": {
    "AcquisitionDateTime": "2017-05-22T13:18:22.812500",
    "ConversionSoftware": "dcm2niix",
    "ConversionSoftwareVersion": "v1.0.20170314",
    "EchoTime": 0.00306,
    "FlipAngle": 9,
    "ImageType": [
      "ORIGINAL",
      "PRIMARY",
      "M",
      "ND",
      "NORM"
    ],
    "MagneticFieldStrength": 3,
    "Manufacturer": "Siemens",
    "ManufacturersModelName": "Prisma_fit",
    "PhaseEncodingDirection": "i-",
    "ProcedureStepDescription": "Head_64ch_Mosra",
    "ProtocolName": "MPRAGE_iPAT2",
    "RepetitionTime": 2.25,
    "SequenceName": "_tfl3d1_16ns",
    "dataset": "ds002596",
    "modality": "T1w",
    "subject_id": "06"
  },
  "cjv": 0.34753514585089285,
  "cnr": 3.832293022679264,
  "efc": 0.5405065459467534,
  "fber": 34720.11111111111,
  "fwhm_avg": 3.5589903286861815,
  "fwhm_x": 3.7976309860585435,
  "fwhm_y": 3.53672,
  "fwhm_z": 3.34262,
  "icvs_csf": 0.18017723422153278,
  "icvs_gm": 0.4526799852657513,
  "icvs_wm": 0.36714278051271587,
  "inu_med": 0.4592486172914505,
  "inu_range": 0.18756979852914812,
  "provenance": {
    "md5sum": "b4c1ae4d4894b3236495f636bfafd315",
    "settings": {
      "testing": false
    },
    "software": "mriqc",
    "version": "22.0.1",
    "warnings": {
      "large_rot_frame": true,
      "small_air_mask": false
    },
    "webapi_port": null,
    "webapi_url": "https://mriqc.nimh.nih.gov/api/v1"
  },
  "qi_1": 5.765369238954788e-06,
  "qi_2": 0.011925923226123984,
  "rpve_csf": 31.29258198320057,
  "rpve_gm": 13.680424105624313,
  "rpve_wm": 18.87103869744557,
  "size_x": 208,
  "size_y": 256,
  "size_z": 256,
  "snr_csf": 2.372758159392794,
  "snr_gm": 12.771754142119875,
  "snr_total": 12.70048535169054,
  "snr_wm": 22.95694375355895,
  "snrd_csf": 34.153351478744725,
  "snrd_gm": 76.51028127047668,
  "snrd_total": 72.07438894857177,
  "snrd_wm": 105.55953409649388,
  "spacing_x": 1.0000050067901611,
  "spacing_y": 1.0,
  "spacing_z": 1.0,
  "summary_bg_k": 18.31147785643112,
  "summary_bg_mad": 0.0,
  "summary_bg_mean": 3.436002427918302,
  "summary_bg_median": 0.0,
  "summary_bg_n": 3402683.0,
  "summary_bg_p05": 0.0,
  "summary_bg_p95": 15.334103990346193,
  "summary_bg_stdv": 6.206321280944118,
  "summary_csf_k": 14.639001910808162,
  "summary_csf_mad": 102.77487034864323,
  "summary_csf_mean": 330.99756493060806,
  "summary_csf_median": 323.5458632707596,
  "summary_csf_n": 23644.0,
  "summary_csf_p05": 134.61739005539567,
  "summary_csf_p95": 543.4727313775568,
  "summary_csf_stdv": 136.35566688022521,
  "summary_gm_k": 0.1604965546453636,
  "summary_gm_mad": 55.3700996872938,
  "summary_gm_mean": 725.1304545393413,
  "summary_gm_median": 724.8069056458771,
  "summary_gm_n": 37430.0,
  "summary_gm_p05": 632.0187873393297,
  "summary_gm_p95": 818.4904460832477,
  "summary_gm_stdv": 56.75001376870023,
  "summary_wm_k": 0.6528440564244722,
  "summary_wm_mad": 40.26916340894095,
  "summary_wm_mean": 1000.5863407525496,
  "summary_wm_median": 999.9999738521874,
  "summary_wm_n": 214483.0,
  "summary_wm_p05": 930.0824291370809,
  "summary_wm_p95": 1072.6784034706652,
  "summary_wm_stdv": 43.55970260664237,
  "tpm_overlap_csf": 0.14953034743606958,
  "tpm_overlap_gm": 0.44318114571514267,
  "tpm_overlap_wm": 0.47878225525790363,
  "wm2max": 0.5504684398522336
}