{
  "aor": 0.0008591005291005291,
  "aqi": 0.004885744285714286,
  "bids_meta": {
    "AcquisitionDateTime": "2017-05-23T10:53:58.273438",
    "ConversionSoftware": "dcm2niix",
    "ConversionSoftwareVersion": "v1.0.20170314",
    "EchoTime": 0.026,
    "EffectiveEchoSpacing": 0.000489996,
    "FlipAngle": 80,
    "ImageType": [
      "ORIGINAL",
      "PRIMARY",
      "M",
      "ND",
      "NORM",
      "MOSAIC"
    ],
    "MagneticFieldStrength": 3,
    "Manufacturer": "Siemens",
    "ManufacturersModelName": "Prisma_fit",
    "PhaseEncodingDirection": "j-",
    "ProcedureStepDescription": "Head_64ch_Mosra",
    "ProtocolName": "bold_TR2_32_190_1",
    "RepetitionTime": 2,
    "SequenceName": "_epfid2d1_64",
    "SliceTiming": [
      0,
      0.06,
      0.12,
      0.18,
      0.24,
      0.3,
      0.36,
      0.42,
      0.48,
      0.54,
      0.6,
      0.66,
      0.72,
      0.78,
      0.84,
      0.9,
      0.96,
      1.02,
      1.08,
      1.14,
      1.2,
      1.26,
      1.32,
      1.38,
      1.44,
      1.5,
      1.56,
      1.62,
      1.68,
      1.74,
      1.8,
      1.86,
      1.92
    ],
    "TaskName": "d2-adaptive_tcontrol",
    "dataset": "ds002596",
    "modality": "bold",
    "run_id": 1,
    "subject_id": "05",
    "task_id": "d2"
  },
  "dummy_trs": 1,
  "dvars_nstd": 20.695259281914897,
  "dvars_std": 1.4120486051063834,
  "dvars_vstd": 0.9804232198404249,
  "efc": 0.542541782473929,
  "fber": 7429.37451171875,
  "fd_mean": 0.100657671600729,
  "fd_num": 2,
  "fd_perc": 1.0582010582010581,
  "fwhm_avg": 1.692739110026254,
  "fwhm_x": 1.6803782514571561,
  "fwhm_y": 1.8143565786216065,
  "fwhm_z": 1.5834825,
  "gcor": 0.0464002,
  "gsr_x": 0.004760371055454016,
  "gsr_y": 0.03219630569219589,
  "provenance": {
    "md5sum": "2363da779ebcc18f22dc98ebdbdd41df",
    "settings": {
      "fd_thres": 0.2,
      "testing": false
    },
    "software": "mriqc",
    "version": "22.0.1",
    "webapi_port": null,
    "webapi_url": "https://mriqc.nimh.nih.gov/api/v1"
  },
  "size_t": 189,
  "size_x": 64,
  "size_y": 64,
  "size_z": 33,
  "snr": 6.513334526254073,
  "spacing_tr": 2.0,
  "spacing_x": 3.203130006790161,
  "spacing_y": 3.203130006790161,
  "spacing_z": 4.0,
  "summary_bg_k": 14.971291887567677,
  "summary_bg_mad": 14.15924277177757,
  "summary_bg_mean": 60.26951217651367,
  "summary_bg_median": 11.365078926086426,
  "summary_bg_n": 77024.0,
  "summary_bg_p05": 1.269841194152832,
  "summary_bg_p95": 309.1441619873035,
  "summary_bg_stdv": 117.72217559814453,
  "summary_fg_k": 1.5271205941636987,
  "summary_fg_mad": 150.69981013851196,
  "summary_fg_mean": 1005.3648681640625,
  "summary_fg_median": 998.8756103515625,
  "summary_fg_n": 27068.0,
  "summary_fg_p05": 783.1843811035156,
  "summary_fg_p95": 1257.7282653808593,
  "summary_fg_stdv": 153.35572814941406,
  "tsnr": 93.8612778391689
}