{
  "aor": 0.0010238297872340425,
  "aqi": 0.0052090022340425535,
  "bids_meta": {
    "AcquisitionDateTime": "2017-05-22T11:31:5.046875",
    "ConversionSoftware": "dcm2niix",
    "ConversionSoftwareVersion": "v1.0.20170314",
    "EchoTime": 0.026,
    "EffectiveEchoSpacing": 0.000489996,
    "FlipAngle": 80,
    "ImageType": [
      "ORIGINAL",
      "PRIMARY",
      "M",
      "ND",
      "NORM",
      "MOSAIC"
    ],
    "MagneticFieldStrength": 3,
    "Manufacturer": "Siemens",
    "ManufacturersModelName": "Prisma_fit",
    "PhaseEncodingDirection": "j-",
    "ProcedureStepDescription": "Head_64ch_Mosra",
    "ProtocolName": "bold_TR2_32_190_5",
    "RepetitionTime": 2,
    "SequenceName": "_epfid2d1_64",
    "SliceTiming": [
      0,
      0.06,
      0.12,
      0.18,
      0.24,
      0.3,
      0.36,
      0.42,
      0.48,
      0.54,
      0.6,
      0.66,
      0.72,
      0.78,
      0.8375,
      0.8975,
      0.9575,
      1.0175,
      1.0775,
      1.1375,
      1.1975,
      1.2575,
      1.3175,
      1.3775,
      1.4375,
      1.4975,
      1.5575,
      1.6175,
      1.6775,
      1.7375,
      1.7975,
      1.8575,
      1.9175
    ],
    "TaskName": "d1-decoder_construction",
    "dataset": "ds002596",
    "modality": "bold",
    "run_id": 5,
    "subject_id": "05",
    "task_id": "d1"
  },
  "dummy_trs": 2,
  "dvars_nstd": 21.36806079529412,
  "dvars_std": 1.346393904866311,
  "dvars_vstd": 0.9862909501604277,
  "efc": 0.5474835102622733,
  "fber": 6175.40966796875,
  "fd_mean": 0.14119675969499332,
  "fd_num": 23,
  "fd_perc": 12.23404255319149,
  "fwhm_avg": 1.6953082419263825,
  "fwhm_x": 1.6789359122482554,
  "fwhm_y": 1.8357138135308924,
  "fwhm_z": 1.571275,
  "gcor": 0.0438692,
  "gsr_x": 0.004190736450254917,
  "gsr_y": 0.032663095742464066,
  "provenance": {
    "md5sum": "62f9e333f6c0ac6b3cfdceae19d4afad",
    "settings": {
      "fd_thres": 0.2,
      "testing": false
    },
    "software": "mriqc",
    "version": "22.0.1",
    "webapi_port": null,
    "webapi_url": "https://mriqc.nimh.nih.gov/api/v1"
  },
  "size_t": 188,
  "size_x": 64,
  "size_y": 64,
  "size_z": 33,
  "snr": 6.442365715912301,
  "spacing_tr": 2.0,
  "spacing_x": 3.203130006790161,
  "spacing_y": 3.203130006790161,
  "spacing_z": 4.0,
  "summary_bg_k": 13.497076385908738,
  "summary_bg_mad": 16.111469213956244,
  "summary_bg_mean": 68.93700408935547,
  "summary_bg_median": 12.925531387329102,
  "summary_bg_n": 77192.0,
  "summary_bg_p05": 1.4734041690826416,
  "summary_bg_p95": 357.69281311035115,
  "summary_bg_stdv": 133.04129028320312,
  "summary_fg_k": 1.535346698244883,
  "summary_fg_mad": 155.62192462656643,
  "summary_fg_mean": 1039.24169921875,
  "summary_fg_median": 1031.26318359375,
  "summary_fg_n": 26848.0,
  "summary_fg_p05": 809.1529083251953,
  "summary_fg_p95": 1303.8010375976562,
  "summary_fg_stdv": 160.07225036621094,
  "tsnr": 90.9340030644089
}