{
  "aor": 0.0008894179894179893,
  "aqi": 0.004647944867724868,
  "bids_meta": {
    "AcquisitionDateTime": "2017-05-22T11:00:40.718750",
    "ConversionSoftware": "dcm2niix",
    "ConversionSoftwareVersion": "v1.0.20170314",
    "EchoTime": 0.026,
    "EffectiveEchoSpacing": 0.000489996,
    "FlipAngle": 80,
    "ImageType": [
      "ORIGINAL",
      "PRIMARY",
      "M",
      "ND",
      "NORM",
      "MOSAIC"
    ],
    "MagneticFieldStrength": 3,
    "Manufacturer": "Siemens",
    "ManufacturersModelName": "Prisma_fit",
    "PhaseEncodingDirection": "j-",
    "ProcedureStepDescription": "Head_64ch_Mosra",
    "ProtocolName": "bold_TR2_32_190_1",
    "RepetitionTime": 2,
    "SequenceName": "_epfid2d1_64",
    "SliceTiming": [
      0,
      0.06,
      0.12,
      0.18,
      0.24,
      0.3,
      0.36,
      0.42,
      0.48,
      0.54,
      0.6,
      0.66,
      0.7175,
      0.7775,
      0.8375,
      0.8975,
      0.9575,
      1.0175,
      1.0775,
      1.1375,
      1.1975,
      1.2575,
      1.3175,
      1.3775,
      1.4375,
      1.4975,
      1.5575,
      1.6175,
      1.6775,
      1.7375,
      1.7975,
      1.8575,
      1.9175
    ],
    "TaskName": "d1-decoder_construction",
    "dataset": "ds002596",
    "modality": "bold",
    "run_id": 1,
    "subject_id": "05",
    "task_id": "d1"
  },
  "dummy_trs": 1,
  "dvars_nstd": 20.052209879414896,
  "dvars_std": 1.372135978244681,
  "dvars_vstd": 0.9951050738829792,
  "efc": 0.5441003105294712,
  "fber": 6910.3349609375,
  "fd_mean": 0.1181052868668591,
  "fd_num": 10,
  "fd_perc": 5.291005291005291,
  "fwhm_avg": 1.707967421087807,
  "fwhm_x": 1.688813750466788,
  "fwhm_y": 1.8564685127966332,
  "fwhm_z": 1.57862,
  "gcor": 0.0349386,
  "gsr_x": 0.003431204939261079,
  "gsr_y": 0.033860012888908386,
  "provenance": {
    "md5sum": "4b8b1169180db4560bdd219d546b803d",
    "settings": {
      "fd_thres": 0.2,
      "testing": false
    },
    "software": "mriqc",
    "version": "22.0.1",
    "webapi_port": null,
    "webapi_url": "https://mriqc.nimh.nih.gov/api/v1"
  },
  "size_t": 189,
  "size_x": 64,
  "size_y": 64,
  "size_z": 33,
  "snr": 6.4762146344775156,
  "spacing_tr": 2.0,
  "spacing_x": 3.203130006790161,
  "spacing_y": 3.203130006790161,
  "spacing_z": 4.0,
  "summary_bg_k": 14.551518132909425,
  "summary_bg_mad": 15.288844924957916,
  "summary_bg_mean": 65.84577941894531,
  "summary_bg_median": 12.296296119689941,
  "summary_bg_n": 77151.0,
  "summary_bg_p05": 1.4126983880996704,
  "summary_bg_p95": 338.0687713623047,
  "summary_bg_stdv": 128.8836669921875,
  "summary_fg_k": 1.6958674815717893,
  "summary_fg_mad": 155.6340504015469,
  "summary_fg_mean": 1047.1693115234375,
  "summary_fg_median": 1040.7513427734375,
  "summary_fg_n": 26931.0,
  "summary_fg_p05": 817.3544616699219,
  "summary_fg_p95": 1310.1560668945312,
  "summary_fg_stdv": 160.70066833496094,
  "tsnr": 94.14704676205292
}