{
  "aor": 0.0010893157894736843,
  "aqi": 0.004531433263157894,
  "bids_meta": {
    "AcquisitionDateTime": "2017-05-23T11:02:55.578125",
    "ConversionSoftware": "dcm2niix",
    "ConversionSoftwareVersion": "v1.0.20170314",
    "EchoTime": 0.026,
    "EffectiveEchoSpacing": 0.000489996,
    "FlipAngle": 80,
    "ImageType": [
      "ORIGINAL",
      "PRIMARY",
      "M",
      "ND",
      "NORM",
      "MOSAIC"
    ],
    "MagneticFieldStrength": 3,
    "Manufacturer": "Siemens",
    "ManufacturersModelName": "Prisma_fit",
    "PhaseEncodingDirection": "j-",
    "ProcedureStepDescription": "Head_64ch_Mosra",
    "ProtocolName": "bold_TR2_32_190_2",
    "RepetitionTime": 2,
    "SequenceName": "_epfid2d1_64",
    "SliceTiming": [
      0,
      0.06,
      0.12,
      0.18,
      0.24,
      0.3,
      0.36,
      0.42,
      0.48,
      0.54,
      0.6,
      0.66,
      0.72,
      0.78,
      0.84,
      0.9,
      0.96,
      1.02,
      1.08,
      1.14,
      1.2,
      1.26,
      1.32,
      1.38,
      1.44,
      1.5,
      1.56,
      1.62,
      1.68,
      1.74,
      1.8,
      1.86,
      1.92
    ],
    "TaskName": "d2-adaptive_tcontrol",
    "dataset": "ds002596",
    "modality": "bold",
    "run_id": 2,
    "subject_id": "05",
    "task_id": "d2"
  },
  "dummy_trs": 0,
  "dvars_nstd": 20.501773536613754,
  "dvars_std": 1.4038518479894178,
  "dvars_vstd": 1.0072090285714284,
  "efc": 0.5438345603618931,
  "fber": 7095.86376953125,
  "fd_mean": 0.11697691139019056,
  "fd_num": 3,
  "fd_perc": 1.5789473684210527,
  "fwhm_avg": 1.7115206500881548,
  "fwhm_x": 1.6901218459830856,
  "fwhm_y": 1.8369501042813787,
  "fwhm_z": 1.60749,
  "gcor": 0.0453427,
  "gsr_x": 0.0048728641122579575,
  "gsr_y": 0.03169800341129303,
  "provenance": {
    "md5sum": "e22109c5546ff3e1c88a86cb77bc7fe9",
    "settings": {
      "fd_thres": 0.2,
      "testing": false
    },
    "software": "mriqc",
    "version": "22.0.1",
    "webapi_port": null,
    "webapi_url": "https://mriqc.nimh.nih.gov/api/v1"
  },
  "size_t": 190,
  "size_x": 64,
  "size_y": 64,
  "size_z": 33,
  "snr": 6.460549039016427,
  "spacing_tr": 2.0,
  "spacing_x": 3.203130006790161,
  "spacing_y": 3.203130006790161,
  "spacing_z": 4.0,
  "summary_bg_k": 15.096503838513296,
  "summary_bg_mad": 14.404651857965174,
  "summary_bg_mean": 61.65312576293945,
  "summary_bg_median": 11.547369003295898,
  "summary_bg_n": 77005.0,
  "summary_bg_p05": 1.2947368621826172,
  "summary_bg_p95": 314.79053344726566,
  "summary_bg_stdv": 120.3148422241211,
  "summary_fg_k": 1.3911473310491216,
  "summary_fg_mad": 151.59607684219782,
  "summary_fg_mean": 1001.9750366210938,
  "summary_fg_median": 995.4052734375,
  "summary_fg_n": 27078.0,
  "summary_fg_p05": 777.7968902587891,
  "summary_fg_p95": 1256.3210815429686,
  "summary_fg_stdv": 154.07156372070312,
  "tsnr": 101.58511909190565
}