{
  "aor": 0.020340634920634922,
  "aqi": 0.007269067089947089,
  "bids_meta": {
    "AcquisitionDateTime": "2017-05-19T16:42:27.531250",
    "ConversionSoftware": "dcm2niix",
    "ConversionSoftwareVersion": "v1.0.20170314",
    "EchoTime": 0.026,
    "EffectiveEchoSpacing": 0.000489996,
    "FlipAngle": 80,
    "ImageType": [
      "ORIGINAL",
      "PRIMARY",
      "M",
      "ND",
      "NORM",
      "MOSAIC"
    ],
    "MagneticFieldStrength": 3,
    "Manufacturer": "Siemens",
    "ManufacturersModelName": "Prisma_fit",
    "PhaseEncodingDirection": "j-",
    "ProcedureStepDescription": "Head_64ch_Mosra",
    "ProtocolName": "bold_TR2_32_190_5",
    "RepetitionTime": 2,
    "SequenceName": "_epfid2d1_64",
    "SliceTiming": [
      0,
      0.06,
      0.12,
      0.18,
      0.24,
      0.3,
      0.36,
      0.42,
      0.48,
      0.54,
      0.6,
      0.66,
      0.72,
      0.78,
      0.84,
      0.9,
      0.96,
      1.02,
      1.08,
      1.14,
      1.2,
      1.26,
      1.32,
      1.38,
      1.44,
      1.5,
      1.56,
      1.62,
      1.68,
      1.74,
      1.8,
      1.86,
      1.92
    ],
    "TaskName": "d2-adaptive_tcontrol",
    "dataset": "ds002596",
    "modality": "bold",
    "run_id": 5,
    "subject_id": "03",
    "task_id": "d2"
  },
  "dummy_trs": 1,
  "dvars_nstd": 16.733143558031927,
  "dvars_std": 1.299516769521277,
  "dvars_vstd": 1.1521690736702133,
  "efc": 0.5844670190424794,
  "fber": 3838.12939453125,
  "fd_mean": 0.13390250837644885,
  "fd_num": 20,
  "fd_perc": 10.582010582010582,
  "fwhm_avg": 1.7941241503516352,
  "fwhm_x": 1.7327051940553937,
  "fwhm_y": 1.9420972569995119,
  "fwhm_z": 1.70757,
  "gcor": 0.0545955,
  "gsr_x": 0.027824020013213158,
  "gsr_y": 0.03420466184616089,
  "provenance": {
    "md5sum": "cf7207e4091dd9b8787ffc625249fe58",
    "settings": {
      "fd_thres": 0.2,
      "testing": false
    },
    "software": "mriqc",
    "version": "22.0.1",
    "webapi_port": null,
    "webapi_url": "https://mriqc.nimh.nih.gov/api/v1"
  },
  "size_t": 189,
  "size_x": 64,
  "size_y": 64,
  "size_z": 33,
  "snr": 5.983636350598079,
  "spacing_tr": 2.0,
  "spacing_x": 3.203130006790161,
  "spacing_y": 3.203130006790161,
  "spacing_z": 4.0,
  "summary_bg_k": 13.03583377901828,
  "summary_bg_mad": 22.733233369039386,
  "summary_bg_mean": 77.15921783447266,
  "summary_bg_median": 17.126983642578125,
  "summary_bg_n": 69673.0,
  "summary_bg_p05": 1.0740740299224854,
  "summary_bg_p95": 373.77988891601495,
  "summary_bg_stdv": 141.42762756347656,
  "summary_fg_k": 1.2946490655333864,
  "summary_fg_mad": 183.37990484656,
  "summary_fg_mean": 1115.7291259765625,
  "summary_fg_median": 1103.1534423828125,
  "summary_fg_n": 32803.0,
  "summary_fg_p05": 849.3095092773438,
  "summary_fg_p95": 1420.705810546875,
  "summary_fg_stdv": 184.35890197753906,
  "tsnr": 68.65408234577626
}