{
  "aor": 0.0027214361702127656,
  "aqi": 0.00424193335106383,
  "bids_meta": {
    "AcquisitionDateTime": "2017-05-19T16:49:38.609375",
    "ConversionSoftware": "dcm2niix",
    "ConversionSoftwareVersion": "v1.0.20170314",
    "EchoTime": 0.026,
    "EffectiveEchoSpacing": 0.000489996,
    "FlipAngle": 80,
    "ImageType": [
      "ORIGINAL",
      "PRIMARY",
      "M",
      "ND",
      "NORM",
      "MOSAIC"
    ],
    "MagneticFieldStrength": 3,
    "Manufacturer": "Siemens",
    "ManufacturersModelName": "Prisma_fit",
    "PhaseEncodingDirection": "j-",
    "ProcedureStepDescription": "Head_64ch_Mosra",
    "ProtocolName": "bold_TR2_32_190_6",
    "RepetitionTime": 2,
    "SequenceName": "_epfid2d1_64",
    "SliceTiming": [
      0,
      0.06,
      0.12,
      0.18,
      0.24,
      0.3,
      0.36,
      0.42,
      0.48,
      0.54,
      0.6,
      0.66,
      0.72,
      0.78,
      0.84,
      0.9,
      0.96,
      1.02,
      1.08,
      1.14,
      1.2,
      1.26,
      1.32,
      1.38,
      1.44,
      1.5,
      1.56,
      1.62,
      1.68,
      1.74,
      1.8,
      1.86,
      1.92
    ],
    "TaskName": "d2-adaptive_tcontrol",
    "dataset": "ds002596",
    "modality": "bold",
    "run_id": 6,
    "subject_id": "03",
    "task_id": "d2"
  },
  "dummy_trs": 2,
  "dvars_nstd": 15.649603252085557,
  "dvars_std": 1.1532712346524066,
  "dvars_vstd": 0.9600360720320853,
  "efc": 0.5850077936537882,
  "fber": 3762.63720703125,
  "fd_mean": 0.09529559336322799,
  "fd_num": 6,
  "fd_perc": 3.1914893617021276,
  "fwhm_avg": 1.7849856152316146,
  "fwhm_x": 1.7188156547904594,
  "fwhm_y": 1.929768690904384,
  "fwhm_z": 1.7063725,
  "gcor": 0.0345302,
  "gsr_x": 0.02586551010608673,
  "gsr_y": 0.03525146096944809,
  "provenance": {
    "md5sum": "9b806c4da064438310266ac23d2087ad",
    "settings": {
      "fd_thres": 0.2,
      "testing": false
    },
    "software": "mriqc",
    "version": "22.0.1",
    "webapi_port": null,
    "webapi_url": "https://mriqc.nimh.nih.gov/api/v1"
  },
  "size_t": 188,
  "size_x": 64,
  "size_y": 64,
  "size_z": 33,
  "snr": 5.950787093570987,
  "spacing_tr": 2.0,
  "spacing_x": 3.203130006790161,
  "spacing_y": 3.203130006790161,
  "spacing_z": 4.0,
  "summary_bg_k": 12.967087418041253,
  "summary_bg_mad": 22.933017212027522,
  "summary_bg_mean": 76.91743469238281,
  "summary_bg_median": 17.271276473999023,
  "summary_bg_n": 69600.0,
  "summary_bg_p05": 1.106382966041565,
  "summary_bg_p95": 372.3773681640628,
  "summary_bg_stdv": 139.6348876953125,
  "summary_fg_k": 1.315061449460388,
  "summary_fg_mad": 183.77566661429893,
  "summary_fg_mean": 1111.860595703125,
  "summary_fg_median": 1099.616943359375,
  "summary_fg_n": 32904.0,
  "summary_fg_p05": 843.2143615722656,
  "summary_fg_p95": 1418.1558105468748,
  "summary_fg_stdv": 184.78231811523438,
  "tsnr": 89.81448761490174
}