{
  "aor": 0.001468994708994709,
  "aqi": 0.002927772857142857,
  "bids_meta": {
    "AcquisitionDateTime": "2017-05-17T16:45:49.484375",
    "ConversionSoftware": "dcm2niix",
    "ConversionSoftwareVersion": "v1.0.20170314",
    "EchoTime": 0.026,
    "EffectiveEchoSpacing": 0.000489996,
    "FlipAngle": 80,
    "ImageType": [
      "ORIGINAL",
      "PRIMARY",
      "M",
      "ND",
      "NORM",
      "MOSAIC"
    ],
    "MagneticFieldStrength": 3,
    "Manufacturer": "Siemens",
    "ManufacturersModelName": "Prisma_fit",
    "PhaseEncodingDirection": "j-",
    "ProcedureStepDescription": "Head_64ch_Mosra",
    "ProtocolName": "bold_TR2_32_190_4",
    "RepetitionTime": 2,
    "SequenceName": "_epfid2d1_64",
    "SliceTiming": [
      0,
      0.06,
      0.12,
      0.18,
      0.24,
      0.3,
      0.36,
      0.42,
      0.48,
      0.54,
      0.6,
      0.66,
      0.72,
      0.78,
      0.84,
      0.9,
      0.96,
      1.02,
      1.08,
      1.14,
      1.2,
      1.26,
      1.32,
      1.38,
      1.44,
      1.5,
      1.56,
      1.62,
      1.68,
      1.74,
      1.8,
      1.86,
      1.92
    ],
    "TaskName": "d1-decoder_construction",
    "dataset": "ds002596",
    "modality": "bold",
    "run_id": 4,
    "subject_id": "03",
    "task_id": "d1"
  },
  "dummy_trs": 1,
  "dvars_nstd": 15.682042040904255,
  "dvars_std": 1.2353331946276596,
  "dvars_vstd": 0.983828313670213,
  "efc": 0.5879619035432547,
  "fber": 3626.635498046875,
  "fd_mean": 0.07376642655598598,
  "fd_num": 1,
  "fd_perc": 0.5291005291005291,
  "fwhm_avg": 1.7022750041693644,
  "fwhm_x": 1.6476071807302488,
  "fwhm_y": 1.8552478317778447,
  "fwhm_z": 1.60397,
  "gcor": 0.038352,
  "gsr_x": 0.023511802777647972,
  "gsr_y": 0.03405590355396271,
  "provenance": {
    "md5sum": "2faac775235fe58714e35159996db141",
    "settings": {
      "fd_thres": 0.2,
      "testing": false
    },
    "software": "mriqc",
    "version": "22.0.1",
    "webapi_port": null,
    "webapi_url": "https://mriqc.nimh.nih.gov/api/v1"
  },
  "size_t": 189,
  "size_x": 64,
  "size_y": 64,
  "size_z": 33,
  "snr": 6.119224565860387,
  "spacing_tr": 2.0,
  "spacing_x": 3.203130006790161,
  "spacing_y": 3.203130006790161,
  "spacing_z": 4.0,
  "summary_bg_k": 13.170393552341679,
  "summary_bg_mad": 23.572588569341786,
  "summary_bg_mean": 78.93831634521484,
  "summary_bg_median": 17.830686569213867,
  "summary_bg_n": 69015.0,
  "summary_bg_p05": 1.1269841194152832,
  "summary_bg_p95": 374.7275115966798,
  "summary_bg_stdv": 145.02772521972656,
  "summary_fg_k": 1.7692786458660406,
  "summary_fg_mad": 177.99072179461294,
  "summary_fg_mean": 1137.697998046875,
  "summary_fg_median": 1123.8359375,
  "summary_fg_n": 32976.0,
  "summary_fg_p05": 876.38623046875,
  "summary_fg_p95": 1442.3028564453125,
  "summary_fg_stdv": 183.65380859375,
  "tsnr": 106.84500651620328
}