{
  "aor": 0.003424947368421053,
  "aqi": 0.003133972842105264,
  "bids_meta": {
    "AcquisitionDateTime": "2017-05-17T16:53:5.500000",
    "ConversionSoftware": "dcm2niix",
    "ConversionSoftwareVersion": "v1.0.20170314",
    "EchoTime": 0.026,
    "EffectiveEchoSpacing": 0.000489996,
    "FlipAngle": 80,
    "ImageType": [
      "ORIGINAL",
      "PRIMARY",
      "M",
      "ND",
      "NORM",
      "MOSAIC"
    ],
    "MagneticFieldStrength": 3,
    "Manufacturer": "Siemens",
    "ManufacturersModelName": "Prisma_fit",
    "PhaseEncodingDirection": "j-",
    "ProcedureStepDescription": "Head_64ch_Mosra",
    "ProtocolName": "bold_TR2_32_190_5",
    "RepetitionTime": 2,
    "SequenceName": "_epfid2d1_64",
    "SliceTiming": [
      0,
      0.06,
      0.12,
      0.18,
      0.24,
      0.3,
      0.36,
      0.42,
      0.48,
      0.54,
      0.6,
      0.66,
      0.72,
      0.78,
      0.84,
      0.9,
      0.96,
      1.02,
      1.08,
      1.14,
      1.2,
      1.26,
      1.32,
      1.38,
      1.44,
      1.5,
      1.56,
      1.62,
      1.68,
      1.74,
      1.8,
      1.86,
      1.92
    ],
    "TaskName": "d1-decoder_construction",
    "dataset": "ds002596",
    "modality": "bold",
    "run_id": 5,
    "subject_id": "03",
    "task_id": "d1"
  },
  "dummy_trs": 0,
  "dvars_nstd": 15.531300585026461,
  "dvars_std": 1.2852241756613758,
  "dvars_vstd": 1.0431273418518519,
  "efc": 0.5880230575581289,
  "fber": 3568.92822265625,
  "fd_mean": 0.080669121842951,
  "fd_num": 7,
  "fd_perc": 3.6842105263157894,
  "fwhm_avg": 1.7097206869955102,
  "fwhm_x": 1.6484469842956044,
  "fwhm_y": 1.870205076690926,
  "fwhm_z": 1.61051,
  "gcor": 0.069241,
  "gsr_x": 0.023708967491984367,
  "gsr_y": 0.03386244177818298,
  "provenance": {
    "md5sum": "aedaac4004717c57fea27f94800c1d62",
    "settings": {
      "fd_thres": 0.2,
      "testing": false
    },
    "software": "mriqc",
    "version": "22.0.1",
    "webapi_port": null,
    "webapi_url": "https://mriqc.nimh.nih.gov/api/v1"
  },
  "size_t": 190,
  "size_x": 64,
  "size_y": 64,
  "size_z": 33,
  "snr": 6.099350589355549,
  "spacing_tr": 2.0,
  "spacing_x": 3.203130006790161,
  "spacing_y": 3.203130006790161,
  "spacing_z": 4.0,
  "summary_bg_k": 13.437722212180844,
  "summary_bg_mad": 23.667015072770788,
  "summary_bg_mean": 78.58909606933594,
  "summary_bg_median": 17.952632904052734,
  "summary_bg_n": 68989.0,
  "summary_bg_p05": 1.1526316404342651,
  "summary_bg_p95": 374.7031616210933,
  "summary_bg_stdv": 143.99208068847656,
  "summary_fg_k": 1.7129685104608043,
  "summary_fg_mad": 179.7148441132889,
  "summary_fg_mean": 1135.238037109375,
  "summary_fg_median": 1121.847412109375,
  "summary_fg_n": 33027.0,
  "summary_fg_p05": 873.3415954589843,
  "summary_fg_p95": 1440.1921630859372,
  "summary_fg_stdv": 183.92620849609375,
  "tsnr": 104.13115936145186
}