{
  "aor": 0.001281837837837838,
  "aqi": 0.003274698108108108,
  "bids_meta": {
    "AcquisitionDateTime": "2017-05-19T16:35:17.703125",
    "ConversionSoftware": "dcm2niix",
    "ConversionSoftwareVersion": "v1.0.20170314",
    "EchoTime": 0.026,
    "EffectiveEchoSpacing": 0.000489996,
    "FlipAngle": 80,
    "ImageType": [
      "ORIGINAL",
      "PRIMARY",
      "M",
      "ND",
      "NORM",
      "MOSAIC"
    ],
    "MagneticFieldStrength": 3,
    "Manufacturer": "Siemens",
    "ManufacturersModelName": "Prisma_fit",
    "PhaseEncodingDirection": "j-",
    "ProcedureStepDescription": "Head_64ch_Mosra",
    "ProtocolName": "bold_TR2_32_190_4",
    "RepetitionTime": 2,
    "SequenceName": "_epfid2d1_64",
    "SliceTiming": [
      0,
      0.06,
      0.12,
      0.18,
      0.24,
      0.3,
      0.36,
      0.42,
      0.48,
      0.54,
      0.6,
      0.66,
      0.72,
      0.78,
      0.84,
      0.9,
      0.96,
      1.02,
      1.08,
      1.14,
      1.2,
      1.26,
      1.32,
      1.38,
      1.44,
      1.5,
      1.56,
      1.62,
      1.68,
      1.74,
      1.8,
      1.86,
      1.92
    ],
    "TaskName": "d2-adaptive_tcontrol",
    "dataset": "ds002596",
    "modality": "bold",
    "run_id": 4,
    "subject_id": "03",
    "task_id": "d2"
  },
  "dummy_trs": 5,
  "dvars_nstd": 14.291161008641298,
  "dvars_std": 1.1579019000543476,
  "dvars_vstd": 0.9839505410869569,
  "efc": 0.5829166973161392,
  "fber": 4100.2421875,
  "fd_mean": 0.088926009767667,
  "fd_num": 3,
  "fd_perc": 1.6216216216216217,
  "fwhm_avg": 1.7659694755852067,
  "fwhm_x": 1.7039052390724727,
  "fwhm_y": 1.9162256876831472,
  "fwhm_z": 1.6777775,
  "gcor": 0.0258906,
  "gsr_x": 0.025919096544384956,
  "gsr_y": 0.03501443937420845,
  "provenance": {
    "md5sum": "00d89fa5f92afe6dafa96a8753538717",
    "settings": {
      "fd_thres": 0.2,
      "testing": false
    },
    "software": "mriqc",
    "version": "22.0.1",
    "webapi_port": null,
    "webapi_url": "https://mriqc.nimh.nih.gov/api/v1"
  },
  "size_t": 185,
  "size_x": 64,
  "size_y": 64,
  "size_z": 33,
  "snr": 6.018590637928473,
  "spacing_tr": 2.0,
  "spacing_x": 3.203130006790161,
  "spacing_y": 3.203130006790161,
  "spacing_z": 4.0,
  "summary_bg_k": 13.17239404615911,
  "summary_bg_mad": 22.070738485802277,
  "summary_bg_mean": 76.45420837402344,
  "summary_bg_median": 16.610811233520508,
  "summary_bg_n": 69957.0,
  "summary_bg_p05": 1.0540540218353271,
  "summary_bg_p95": 370.96648559570303,
  "summary_bg_stdv": 140.65806579589844,
  "summary_fg_k": 1.4020444737779139,
  "summary_fg_mad": 182.4641373629616,
  "summary_fg_mean": 1121.1776123046875,
  "summary_fg_median": 1108.9730224609375,
  "summary_fg_n": 32571.0,
  "summary_fg_p05": 854.9324645996094,
  "summary_fg_p95": 1425.8162841796875,
  "summary_fg_stdv": 184.25509643554688,
  "tsnr": 100.43314627790824
}