{
  "bids_meta": {
    "AcquisitionDateTime": "2017-05-24T11:00:52.703125",
    "ConversionSoftware": "dcm2niix",
    "ConversionSoftwareVersion": "v1.0.20170314",
    "EchoTime": 0.00306,
    "FlipAngle": 9,
    "ImageType": [
      "ORIGINAL",
      "PRIMARY",
      "M",
      "ND",
      "NORM"
    ],
    "MagneticFieldStrength": 3,
    "Manufacturer": "Siemens",
    "ManufacturersModelName": "Prisma_fit",
    "PhaseEncodingDirection": "i-",
    "ProcedureStepDescription": "Head_64ch_Mosra",
    "ProtocolName": "MPRAGE_iPAT2",
    "RepetitionTime": 2.25,
    "SequenceName": "_tfl3d1_16ns",
    "dataset": "ds002596",
    "modality": "T1w",
    "subject_id": "09"
  },
  "cjv": 0.37460696508653907,
  "cnr": 3.592693935062806,
  "efc": 0.5475236316879368,
  "fber": 48408.627835447915,
  "fwhm_avg": 3.9564103281129395,
  "fwhm_x": 4.226470984338818,
  "fwhm_y": 3.93935,
  "fwhm_z": 3.70341,
  "icvs_csf": 0.20094036721000103,
  "icvs_gm": 0.432656789557118,
  "icvs_wm": 0.36640284323288097,
  "inu_med": 0.5147239565849304,
  "inu_range": 0.2398216217756271,
  "provenance": {
    "md5sum": "f9c1df5afd710fe5435a442f50aa80c4",
    "settings": {
      "testing": false
    },
    "software": "mriqc",
    "version": "22.0.1",
    "warnings": {
      "large_rot_frame": true,
      "small_air_mask": false
    },
    "webapi_port": null,
    "webapi_url": "https://mriqc.nimh.nih.gov/api/v1"
  },
  "qi_1": 1.4557224879153627e-05,
  "qi_2": 0.01452597312824926,
  "rpve_csf": 29.569680307156297,
  "rpve_gm": 14.225593909851103,
  "rpve_wm": 18.643083771629776,
  "size_x": 208,
  "size_y": 256,
  "size_z": 256,
  "snr_csf": 2.7185117647841257,
  "snr_gm": 14.069625257164205,
  "snr_total": 13.200172167473172,
  "snr_wm": 22.812379480471186,
  "snrd_csf": 26.87387384051668,
  "snrd_gm": 69.09538477277812,
  "snrd_total": 62.67365383928131,
  "snrd_wm": 92.05170290454912,
  "spacing_x": 1.0001559257507324,
  "spacing_y": 1.0,
  "spacing_z": 1.0,
  "summary_bg_k": 21.389690961038454,
  "summary_bg_mad": 0.0,
  "summary_bg_mean": 3.5789506730945355,
  "summary_bg_median": 0.0,
  "summary_bg_n": 3264485.0,
  "summary_bg_p05": 0.0,
  "summary_bg_p95": 16.241534620523453,
  "summary_bg_stdv": 7.117048468406178,
  "summary_csf_k": 2.228921101932565,
  "summary_csf_mad": 94.8701602891173,
  "summary_csf_mean": 296.78217617999917,
  "summary_csf_median": 291.94326961040497,
  "summary_csf_n": 54316.0,
  "summary_csf_p05": 130.53038327023387,
  "summary_csf_p95": 477.65106562152505,
  "summary_csf_stdv": 107.38985423127858,
  "summary_gm_k": 0.17667459677028052,
  "summary_gm_mad": 52.20606503534891,
  "summary_gm_mean": 750.4720259709908,
  "summary_gm_median": 750.6149900555611,
  "summary_gm_n": 36285.0,
  "summary_gm_p05": 661.926776111126,
  "summary_gm_p95": 837.887966543436,
  "summary_gm_stdv": 53.34929914203222,
  "summary_wm_k": 0.7046436785233725,
  "summary_wm_mad": 41.215314501591244,
  "summary_wm_mean": 1000.6259736510066,
  "summary_wm_median": 1000.0000475794077,
  "summary_wm_n": 216547.0,
  "summary_wm_p05": 930.2153625190258,
  "summary_wm_p95": 1072.9521688520908,
  "summary_wm_stdv": 43.83574889524892,
  "tpm_overlap_csf": 0.1554045701338683,
  "tpm_overlap_gm": 0.45161203212059264,
  "tpm_overlap_wm": 0.4935608050246842,
  "wm2max": 0.6460474200809095
}